STORAGE: NONE
RESTRICTION: || (== net20) (== net35) (== net40) (== net45) (== net46) (== netstandard1.0) (== netstandard1.1) (== netstandard1.2) (== netstandard1.3) (== netstandard1.4) (== netstandard1.5) (== netstandard1.6) (== netstandard2.0)

GROUP net20
STORAGE: NONE
RESTRICTION: == net20
NUGET
  remote: https://api.nuget.org/v3/index.json
    LinqBridge (1.3)

GROUP net35
STORAGE: NONE
RESTRICTION: == net35
NUGET
  remote: https://api.nuget.org/v3/index.json
    System.Threading.Tasks.Unofficial (3.1)

GROUP test
STORAGE: NONE
RESTRICTION: || (== net20) (== net35) (== net40) (== net45) (== net46) (== netstandard1.0) (== netstandard1.1) (== netstandard1.2) (== netstandard1.3) (== netstandard1.4) (== netstandard1.5) (== netstandard1.6) (== netstandard2.0)
NUGET
  remote: https://api.nuget.org/v3/index.json
    Microsoft.NETCore.Platforms (2.2.2) - restriction: || (&& (== net20) (>= net461)) (&& (== net20) (>= netcoreapp2.0)) (&& (== net20) (>= netstandard1.4)) (&& (== net20) (>= netstandard1.5)) (&& (== net20) (>= netstandard1.6)) (&& (== net20) (>= netstandard2.0)) (&& (== net20) (>= uap10.0)) (&& (== net35) (== net45) (>= netstandard1.4) (>= win8)) (&& (== net35) (== net45) (>= netstandard2.0) (>= win8)) (&& (== net35) (== net46) (>= netstandard1.4) (>= win8)) (&& (== net35) (== net46) (>= netstandard1.4) (>= wpa81)) (&& (== net35) (== net46) (>= netstandard2.0) (>= win8)) (&& (== net35) (== net46) (>= netstandard2.0) (>= wpa81)) (&& (== net40) (< net35) (>= net461)) (&& (== net40) (< net35) (>= netstandard1.4)) (&& (== net40) (< net35) (>= netstandard1.5)) (&& (== net40) (< net35) (>= netstandard1.6)) (&& (== net40) (< net35) (>= netstandard2.0)) (&& (== net40) (>= netcoreapp2.0)) (&& (== net40) (>= netstandard1.4) (>= win8)) (&& (== net40) (>= netstandard1.4) (>= wp8)) (&& (== net40) (>= netstandard1.4) (>= wpa81)) (&& (== net40) (>= netstandard2.0) (>= win8)) (&& (== net40) (>= netstandard2.0) (>= wp8)) (&& (== net40) (>= netstandard2.0) (>= wpa81)) (&& (== net40) (>= uap10.0)) (&& (== net45) (< net35) (>= net461)) (&& (== net45) (< net35) (>= netstandard1.4)) (&& (== net45) (< net35) (>= netstandard1.5)) (&& (== net45) (< net35) (>= netstandard1.6)) (&& (== net45) (< net35) (>= netstandard2.0)) (&& (== net45) (>= netcoreapp2.0)) (&& (== net45) (< netstandard1.0) (>= netstandard1.4) (>= win8)) (&& (== net45) (< netstandard1.0) (>= netstandard2.0) (>= win8)) (&& (== net45) (>= netstandard1.4) (>= wp8)) (&& (== net45) (>= netstandard1.4) (>= wpa81)) (&& (== net45) (>= netstandard2.0) (>= wp8)) (&& (== net45) (>= netstandard2.0) (>= wpa81)) (&& (== net45) (>= uap10.0)) (&& (== net46) (< net35) (>= net461)) (&& (== net46) (< net35) (>= netstandard1.4)) (&& (== net46) (< net35) (>= netstandard1.5)) (&& (== net46) (< net35) (>= netstandard1.6)) (&& (== net46) (< net35) (>= netstandard2.0)) (&& (== net46) (>= netcoreapp2.0)) (&& (== net46) (< netstandard1.0) (>= netstandard1.4) (>= win8)) (&& (== net46) (< netstandard1.0) (>= netstandard2.0) (>= win8)) (&& (== net46) (< netstandard1.3) (>= netstandard1.4) (>= wpa81)) (&& (== net46) (< netstandard1.3) (>= netstandard2.0) (>= wpa81)) (&& (== net46) (>= netstandard1.4) (>= wp8)) (&& (== net46) (>= netstandard2.0) (>= wp8)) (&& (== net46) (>= uap10.0)) (&& (== netstandard1.0) (>= net461)) (&& (== netstandard1.0) (>= netcoreapp2.0)) (&& (== netstandard1.0) (>= netstandard1.4)) (&& (== netstandard1.0) (>= netstandard1.5)) (&& (== netstandard1.0) (>= netstandard1.6)) (&& (== netstandard1.0) (>= netstandard2.0)) (&& (== netstandard1.0) (>= uap10.0)) (&& (== netstandard1.1) (>= net461)) (&& (== netstandard1.1) (>= netcoreapp2.0)) (&& (== netstandard1.1) (>= netstandard1.4)) (&& (== netstandard1.1) (>= netstandard1.5)) (&& (== netstandard1.1) (>= netstandard1.6)) (&& (== netstandard1.1) (>= netstandard2.0)) (&& (== netstandard1.1) (>= uap10.0)) (&& (== netstandard1.2) (>= net461)) (&& (== netstandard1.2) (>= netcoreapp2.0)) (&& (== netstandard1.2) (>= netstandard1.4)) (&& (== netstandard1.2) (>= netstandard1.5)) (&& (== netstandard1.2) (>= netstandard1.6)) (&& (== netstandard1.2) (>= netstandard2.0)) (&& (== netstandard1.2) (>= uap10.0)) (&& (== netstandard1.3) (>= net461)) (&& (== netstandard1.3) (>= netcoreapp2.0)) (&& (== netstandard1.3) (>= netstandard1.4)) (&& (== netstandard1.3) (>= netstandard1.5)) (&& (== netstandard1.3) (>= netstandard1.6)) (&& (== netstandard1.3) (>= netstandard2.0)) (&& (== netstandard1.3) (>= uap10.0)) (== netstandard1.4) (== netstandard1.5) (== netstandard1.6) (== netstandard2.0)
    Microsoft.NETCore.Targets (2.1) - restriction: || (&& (== net20) (== netstandard2.0)) (&& (== net20) (>= netstandard1.4)) (&& (== net20) (>= netstandard1.5)) (&& (== net20) (>= netstandard1.6)) (&& (== net20) (>= netstandard2.0)) (&& (== net20) (>= uap10.0)) (&& (== net35) (== netstandard2.0)) (&& (== net40) (== netstandard2.0)) (&& (== net40) (< net35) (>= netstandard1.4)) (&& (== net40) (< net35) (>= netstandard1.5)) (&& (== net40) (< net35) (>= netstandard1.6)) (&& (== net40) (< net35) (>= netstandard2.0)) (&& (== net40) (>= uap10.0)) (&& (== net45) (== netstandard2.0)) (&& (== net45) (< net35) (>= netstandard1.4)) (&& (== net45) (< net35) (>= netstandard1.5)) (&& (== net45) (< net35) (>= netstandard1.6)) (&& (== net45) (< net35) (>= netstandard2.0)) (&& (== net45) (>= uap10.0)) (&& (== net46) (== netstandard2.0)) (&& (== net46) (< net35) (>= netstandard1.4)) (&& (== net46) (< net35) (>= netstandard1.5)) (&& (== net46) (< net35) (>= netstandard1.6)) (&& (== net46) (< net35) (>= netstandard2.0)) (&& (== net46) (>= uap10.0)) (&& (== netstandard1.0) (== netstandard2.0)) (&& (== netstandard1.0) (>= netstandard1.4)) (&& (== netstandard1.0) (>= netstandard1.5)) (&& (== netstandard1.0) (>= netstandard1.6)) (&& (== netstandard1.0) (>= netstandard2.0)) (&& (== netstandard1.0) (>= uap10.0)) (&& (== netstandard1.1) (== netstandard2.0)) (&& (== netstandard1.1) (>= netstandard1.4)) (&& (== netstandard1.1) (>= netstandard1.5)) (&& (== netstandard1.1) (>= netstandard1.6)) (&& (== netstandard1.1) (>= netstandard2.0)) (&& (== netstandard1.1) (>= uap10.0)) (&& (== netstandard1.2) (== netstandard2.0)) (&& (== netstandard1.2) (>= netstandard1.4)) (&& (== netstandard1.2) (>= netstandard1.5)) (&& (== netstandard1.2) (>= netstandard1.6)) (&& (== netstandard1.2) (>= netstandard2.0)) (&& (== netstandard1.2) (>= uap10.0)) (&& (== netstandard1.3) (== netstandard2.0)) (&& (== netstandard1.3) (>= netstandard1.4)) (&& (== netstandard1.3) (>= netstandard1.5)) (&& (== netstandard1.3) (>= netstandard1.6)) (&& (== netstandard1.3) (>= netstandard2.0)) (&& (== netstandard1.3) (>= uap10.0)) (== netstandard1.4) (== netstandard1.5) (== netstandard1.6) (&& (== netstandard2.0) (< netstandard1.1)) (&& (== netstandard2.0) (< netstandard1.2)) (&& (== netstandard2.0) (< netstandard1.3)) (&& (== netstandard2.0) (< netstandard1.4)) (&& (== netstandard2.0) (< netstandard1.5)) (&& (== netstandard2.0) (< netstandard1.6)) (&& (== netstandard2.0) (< portable-net45+win8+wpa81)) (&& (== netstandard2.0) (>= uap10.0))
    Microsoft.Win32.Primitives (4.3) - restriction: || (&& (== net20) (== netstandard2.0)) (&& (== net20) (>= netstandard1.4)) (&& (== net20) (>= netstandard1.5)) (&& (== net20) (>= netstandard1.6)) (&& (== net20) (>= netstandard2.0)) (&& (== net20) (>= uap10.0)) (&& (== net35) (== netstandard2.0)) (&& (== net40) (== netstandard2.0)) (&& (== net40) (< net35) (>= netstandard1.4)) (&& (== net40) (< net35) (>= netstandard1.5)) (&& (== net40) (< net35) (>= netstandard1.6)) (&& (== net40) (< net35) (>= netstandard2.0)) (&& (== net40) (>= uap10.0)) (&& (== net45) (== netstandard2.0)) (&& (== net45) (< net35) (>= netstandard1.4)) (&& (== net45) (< net35) (>= netstandard1.5)) (&& (== net45) (< net35) (>= netstandard1.6)) (&& (== net45) (< net35) (>= netstandard2.0)) (&& (== net45) (>= uap10.0)) (&& (== net46) (== netstandard2.0)) (&& (== net46) (< net35) (>= netstandard1.4)) (&& (== net46) (< net35) (>= netstandard1.5)) (&& (== net46) (< net35) (>= netstandard1.6)) (&& (== net46) (< net35) (>= netstandard2.0)) (&& (== net46) (>= uap10.0)) (&& (== netstandard1.0) (== netstandard2.0)) (&& (== netstandard1.0) (>= netstandard1.4)) (&& (== netstandard1.0) (>= netstandard1.5)) (&& (== netstandard1.0) (>= netstandard1.6)) (&& (== netstandard1.0) (>= netstandard2.0)) (&& (== netstandard1.0) (>= uap10.0)) (&& (== netstandard1.1) (== netstandard2.0)) (&& (== netstandard1.1) (>= netstandard1.4)) (&& (== netstandard1.1) (>= netstandard1.5)) (&& (== netstandard1.1) (>= netstandard1.6)) (&& (== netstandard1.1) (>= netstandard2.0)) (&& (== netstandard1.1) (>= uap10.0)) (&& (== netstandard1.2) (== netstandard2.0)) (&& (== netstandard1.2) (>= netstandard1.4)) (&& (== netstandard1.2) (>= netstandard1.5)) (&& (== netstandard1.2) (>= netstandard1.6)) (&& (== netstandard1.2) (>= netstandard2.0)) (&& (== netstandard1.2) (>= uap10.0)) (&& (== netstandard1.3) (== netstandard2.0)) (&& (== netstandard1.3) (>= netstandard1.4)) (&& (== netstandard1.3) (>= netstandard1.5)) (&& (== netstandard1.3) (>= netstandard1.6)) (&& (== netstandard1.3) (>= netstandard2.0)) (&& (== netstandard1.3) (>= uap10.0)) (== netstandard1.4) (== netstandard1.5) (== netstandard1.6) (&& (== netstandard2.0) (< netstandard1.2)) (&& (== netstandard2.0) (< netstandard1.3)) (&& (== netstandard2.0) (< netstandard1.4)) (&& (== netstandard2.0) (< netstandard1.5)) (&& (== netstandard2.0) (< netstandard1.6)) (&& (== netstandard2.0) (>= uap10.0))
      Microsoft.NETCore.Platforms (>= 1.1) - restriction: || (&& (== net20) (>= netstandard1.3)) (&& (== net35) (>= netstandard1.3)) (&& (== net40) (>= netstandard1.3)) (&& (== net45) (>= netstandard1.3)) (&& (== netstandard1.0) (>= netstandard1.3)) (&& (== netstandard1.1) (>= netstandard1.3)) (&& (== netstandard1.2) (>= netstandard1.3)) (== netstandard1.3) (== netstandard1.4) (== netstandard1.5) (== netstandard1.6) (== netstandard2.0)
      Microsoft.NETCore.Targets (>= 1.1) - restriction: || (&& (== net20) (>= netstandard1.3)) (&& (== net35) (>= netstandard1.3)) (&& (== net40) (>= netstandard1.3)) (&& (== net45) (>= netstandard1.3)) (&& (== netstandard1.0) (>= netstandard1.3)) (&& (== netstandard1.1) (>= netstandard1.3)) (&& (== netstandard1.2) (>= netstandard1.3)) (== netstandard1.3) (== netstandard1.4) (== netstandard1.5) (== netstandard1.6) (== netstandard2.0)
      System.Runtime (>= 4.3) - restriction: || (&& (== net20) (>= netstandard1.3)) (&& (== net35) (>= netstandard1.3)) (&& (== net40) (>= netstandard1.3)) (&& (== net45) (>= netstandard1.3)) (&& (== netstandard1.0) (>= netstandard1.3)) (&& (== netstandard1.1) (>= netstandard1.3)) (&& (== netstandard1.2) (>= netstandard1.3)) (== netstandard1.3) (== netstandard1.4) (== netstandard1.5) (== netstandard1.6) (== netstandard2.0)
    NETStandard.Library (2.0.3) - restriction: || (&& (== net20) (>= netstandard1.4)) (&& (== net20) (>= netstandard2.0)) (&& (== net40) (< net35) (>= netstandard1.4)) (&& (== net40) (< net35) (>= netstandard2.0)) (&& (== net45) (< net35) (>= netstandard1.4)) (&& (== net45) (< net35) (>= netstandard2.0)) (&& (== net46) (< net35) (>= netstandard1.4)) (&& (== net46) (< net35) (>= netstandard2.0)) (&& (== netstandard1.0) (>= netstandard1.4)) (&& (== netstandard1.0) (>= netstandard2.0)) (&& (== netstandard1.1) (>= netstandard1.4)) (&& (== netstandard1.1) (>= netstandard2.0)) (&& (== netstandard1.2) (>= netstandard1.4)) (&& (== netstandard1.2) (>= netstandard2.0)) (&& (== netstandard1.3) (>= netstandard1.4)) (&& (== netstandard1.3) (>= netstandard2.0)) (== netstandard1.4) (== netstandard1.5) (== netstandard1.6) (== netstandard2.0)
      Microsoft.NETCore.Platforms (>= 1.1) - restriction: || (&& (== net20) (>= net45)) (&& (== net20) (>= net46)) (&& (== net20) (>= net461)) (&& (== net20) (>= netcoreapp2.0)) (&& (== net20) (>= netstandard1.0)) (&& (== net20) (>= netstandard1.1)) (&& (== net20) (>= netstandard1.2)) (&& (== net20) (>= netstandard1.3)) (&& (== net20) (>= netstandard1.4)) (&& (== net20) (>= netstandard1.5)) (&& (== net20) (>= netstandard1.6)) (&& (== net20) (>= netstandard2.0)) (&& (== net20) (>= portable-net45+win8)) (&& (== net20) (>= portable-net45+win8+wp8+wpa81)) (&& (== net20) (>= portable-net45+win8+wpa81)) (&& (== net20) (>= uap10.0)) (&& (== net20) (>= win8)) (&& (== net20) (>= wp8)) (&& (== net20) (>= wpa81)) (&& (== net35) (>= net45)) (&& (== net35) (>= net46)) (&& (== net35) (>= net461)) (&& (== net35) (>= netcoreapp2.0)) (&& (== net35) (>= netstandard1.0)) (&& (== net35) (>= netstandard1.1)) (&& (== net35) (>= netstandard1.2)) (&& (== net35) (>= netstandard1.3)) (&& (== net35) (>= netstandard1.4)) (&& (== net35) (>= netstandard1.5)) (&& (== net35) (>= netstandard1.6)) (&& (== net35) (>= netstandard2.0)) (&& (== net35) (>= portable-net45+win8)) (&& (== net35) (>= portable-net45+win8+wp8+wpa81)) (&& (== net35) (>= portable-net45+win8+wpa81)) (&& (== net35) (>= uap10.0)) (&& (== net35) (>= win8)) (&& (== net35) (>= wp8)) (&& (== net35) (>= wpa81)) (&& (== net40) (>= net45)) (&& (== net40) (>= net46)) (&& (== net40) (>= net461)) (&& (== net40) (>= netcoreapp2.0)) (&& (== net40) (>= netstandard1.0)) (&& (== net40) (>= netstandard1.1)) (&& (== net40) (>= netstandard1.2)) (&& (== net40) (>= netstandard1.3)) (&& (== net40) (>= netstandard1.4)) (&& (== net40) (>= netstandard1.5)) (&& (== net40) (>= netstandard1.6)) (&& (== net40) (>= netstandard2.0)) (&& (== net40) (>= portable-net45+win8)) (&& (== net40) (>= portable-net45+win8+wp8+wpa81)) (&& (== net40) (>= portable-net45+win8+wpa81)) (&& (== net40) (>= uap10.0)) (&& (== net40) (>= win8)) (&& (== net40) (>= wp8)) (&& (== net40) (>= wpa81)) (== net45) (== net46) (== netstandard1.0) (== netstandard1.1) (== netstandard1.2) (== netstandard1.3) (== netstandard1.4) (== netstandard1.5) (== netstandard1.6) (== netstandard2.0)
      Microsoft.Win32.Primitives (>= 4.3) - restriction: || (&& (== net20) (>= net46)) (&& (== net20) (>= netstandard1.3)) (&& (== net20) (>= netstandard1.4)) (&& (== net20) (>= netstandard1.5)) (&& (== net20) (>= netstandard1.6)) (&& (== net20) (>= uap10.0)) (&& (== net35) (>= net46)) (&& (== net35) (>= netstandard1.3)) (&& (== net35) (>= netstandard1.4)) (&& (== net35) (>= netstandard1.5)) (&& (== net35) (>= netstandard1.6)) (&& (== net35) (>= uap10.0)) (&& (== net40) (>= net46)) (&& (== net40) (>= netstandard1.3)) (&& (== net40) (>= netstandard1.4)) (&& (== net40) (>= netstandard1.5)) (&& (== net40) (>= netstandard1.6)) (&& (== net40) (>= uap10.0)) (&& (== net45) (>= net46)) (&& (== net45) (>= uap10.0)) (== net46) (&& (== netstandard1.0) (>= net46)) (&& (== netstandard1.0) (>= netstandard1.3)) (&& (== netstandard1.0) (>= netstandard1.4)) (&& (== netstandard1.0) (>= netstandard1.5)) (&& (== netstandard1.0) (>= netstandard1.6)) (&& (== netstandard1.0) (>= uap10.0)) (&& (== netstandard1.1) (>= net46)) (&& (== netstandard1.1) (>= netstandard1.3)) (&& (== netstandard1.1) (>= netstandard1.4)) (&& (== netstandard1.1) (>= netstandard1.5)) (&& (== netstandard1.1) (>= netstandard1.6)) (&& (== netstandard1.1) (>= uap10.0)) (&& (== netstandard1.2) (>= net46)) (&& (== netstandard1.2) (>= netstandard1.3)) (&& (== netstandard1.2) (>= netstandard1.4)) (&& (== netstandard1.2) (>= netstandard1.5)) (&& (== netstandard1.2) (>= netstandard1.6)) (&& (== netstandard1.2) (>= uap10.0)) (== netstandard1.3) (== netstandard1.4) (== netstandard1.5) (== netstandard1.6) (&& (== netstandard2.0) (< netstandard1.4)) (&& (== netstandard2.0) (< netstandard1.5)) (&& (== netstandard2.0) (< netstandard1.6)) (&& (== netstandard2.0) (>= uap10.0))
      System.AppContext (>= 4.3) - restriction: || (&& (== net20) (>= net46)) (&& (== net20) (>= netstandard1.3)) (&& (== net20) (>= netstandard1.4)) (&& (== net20) (>= netstandard1.5)) (&& (== net20) (>= netstandard1.6)) (&& (== net20) (>= uap10.0)) (&& (== net35) (>= net46)) (&& (== net35) (>= netstandard1.3)) (&& (== net35) (>= netstandard1.4)) (&& (== net35) (>= netstandard1.5)) (&& (== net35) (>= netstandard1.6)) (&& (== net35) (>= uap10.0)) (&& (== net40) (>= net46)) (&& (== net40) (>= netstandard1.3)) (&& (== net40) (>= netstandard1.4)) (&& (== net40) (>= netstandard1.5)) (&& (== net40) (>= netstandard1.6)) (&& (== net40) (>= uap10.0)) (&& (== net45) (>= net46)) (&& (== net45) (>= uap10.0)) (== net46) (&& (== netstandard1.0) (>= net46)) (&& (== netstandard1.0) (>= netstandard1.3)) (&& (== netstandard1.0) (>= netstandard1.4)) (&& (== netstandard1.0) (>= netstandard1.5)) (&& (== netstandard1.0) (>= netstandard1.6)) (&& (== netstandard1.0) (>= uap10.0)) (&& (== netstandard1.1) (>= net46)) (&& (== netstandard1.1) (>= netstandard1.3)) (&& (== netstandard1.1) (>= netstandard1.4)) (&& (== netstandard1.1) (>= netstandard1.5)) (&& (== netstandard1.1) (>= netstandard1.6)) (&& (== netstandard1.1) (>= uap10.0)) (&& (== netstandard1.2) (>= net46)) (&& (== netstandard1.2) (>= netstandard1.3)) (&& (== netstandard1.2) (>= netstandard1.4)) (&& (== netstandard1.2) (>= netstandard1.5)) (&& (== netstandard1.2) (>= netstandard1.6)) (&& (== netstandard1.2) (>= uap10.0)) (== netstandard1.3) (== netstandard1.4) (== netstandard1.5) (== netstandard1.6) (&& (== netstandard2.0) (< netstandard1.4)) (&& (== netstandard2.0) (< netstandard1.5)) (&& (== netstandard2.0) (< netstandard1.6)) (&& (== netstandard2.0) (>= uap10.0))
      System.Collections (>= 4.3) - restriction: || (&& (== net20) (>= netstandard1.0)) (&& (== net20) (>= netstandard1.1)) (&& (== net20) (>= netstandard1.2)) (&& (== net20) (>= netstandard1.3)) (&& (== net20) (>= netstandard1.4)) (&& (== net20) (>= netstandard1.5)) (&& (== net20) (>= netstandard1.6)) (&& (== net20) (>= uap10.0)) (&& (== net35) (>= netstandard1.0)) (&& (== net35) (>= netstandard1.1)) (&& (== net35) (>= netstandard1.2)) (&& (== net35) (>= netstandard1.3)) (&& (== net35) (>= netstandard1.4)) (&& (== net35) (>= netstandard1.5)) (&& (== net35) (>= netstandard1.6)) (&& (== net35) (>= uap10.0)) (&& (== net40) (>= netstandard1.0)) (&& (== net40) (>= netstandard1.1)) (&& (== net40) (>= netstandard1.2)) (&& (== net40) (>= netstandard1.3)) (&& (== net40) (>= netstandard1.4)) (&& (== net40) (>= netstandard1.5)) (&& (== net40) (>= netstandard1.6)) (&& (== net40) (>= uap10.0)) (&& (== net45) (< portable-net45+win8+wpa81)) (&& (== net45) (>= uap10.0)) (&& (== net46) (< net45)) (&& (== net46) (< portable-net45+win8+wpa81)) (&& (== net46) (>= uap10.0)) (== netstandard1.0) (== netstandard1.1) (== netstandard1.2) (== netstandard1.3) (== netstandard1.4) (== netstandard1.5) (== netstandard1.6) (&& (== netstandard2.0) (< netstandard1.2)) (&& (== netstandard2.0) (< netstandard1.3)) (&& (== netstandard2.0) (< netstandard1.4)) (&& (== netstandard2.0) (< netstandard1.5)) (&& (== netstandard2.0) (< netstandard1.6)) (&& (== netstandard2.0) (< portable-net45+win8+wpa81)) (&& (== netstandard2.0) (>= uap10.0))
      System.Collections.Concurrent (>= 4.3) - restriction: || (&& (== net20) (>= netstandard1.1)) (&& (== net20) (>= netstandard1.2)) (&& (== net20) (>= netstandard1.3)) (&& (== net20) (>= netstandard1.4)) (&& (== net20) (>= netstandard1.5)) (&& (== net20) (>= netstandard1.6)) (&& (== net20) (>= uap10.0)) (&& (== net35) (>= netstandard1.1)) (&& (== net35) (>= netstandard1.2)) (&& (== net35) (>= netstandard1.3)) (&& (== net35) (>= netstandard1.4)) (&& (== net35) (>= netstandard1.5)) (&& (== net35) (>= netstandard1.6)) (&& (== net35) (>= uap10.0)) (&& (== net40) (>= netstandard1.1)) (&& (== net40) (>= netstandard1.2)) (&& (== net40) (>= netstandard1.3)) (&& (== net40) (>= netstandard1.4)) (&& (== net40) (>= netstandard1.5)) (&& (== net40) (>= netstandard1.6)) (&& (== net40) (>= uap10.0)) (&& (== net45) (>= uap10.0)) (&& (== net46) (< net45)) (&& (== net46) (>= uap10.0)) (&& (== netstandard1.0) (>= netstandard1.1)) (&& (== netstandard1.0) (>= netstandard1.2)) (&& (== netstandard1.0) (>= netstandard1.3)) (&& (== netstandard1.0) (>= netstandard1.4)) (&& (== netstandard1.0) (>= netstandard1.5)) (&& (== netstandard1.0) (>= netstandard1.6)) (&& (== netstandard1.0) (>= uap10.0)) (== netstandard1.1) (== netstandard1.2) (== netstandard1.3) (== netstandard1.4) (== netstandard1.5) (== netstandard1.6) (&& (== netstandard2.0) (< netstandard1.2)) (&& (== netstandard2.0) (< netstandard1.3)) (&& (== netstandard2.0) (< netstandard1.4)) (&& (== netstandard2.0) (< netstandard1.5)) (&& (== netstandard2.0) (< netstandard1.6)) (&& (== netstandard2.0) (>= uap10.0))
      System.Console (>= 4.3) - restriction: || (&& (== net20) (>= net46)) (&& (== net20) (>= netstandard1.3)) (&& (== net20) (>= netstandard1.4)) (&& (== net20) (>= netstandard1.5)) (&& (== net20) (>= netstandard1.6)) (&& (== net20) (>= uap10.0)) (&& (== net35) (>= net46)) (&& (== net35) (>= netstandard1.3)) (&& (== net35) (>= netstandard1.4)) (&& (== net35) (>= netstandard1.5)) (&& (== net35) (>= netstandard1.6)) (&& (== net35) (>= uap10.0)) (&& (== net40) (>= net46)) (&& (== net40) (>= netstandard1.3)) (&& (== net40) (>= netstandard1.4)) (&& (== net40) (>= netstandard1.5)) (&& (== net40) (>= netstandard1.6)) (&& (== net40) (>= uap10.0)) (&& (== net45) (>= net46)) (&& (== net45) (>= uap10.0)) (== net46) (&& (== netstandard1.0) (>= net46)) (&& (== netstandard1.0) (>= netstandard1.3)) (&& (== netstandard1.0) (>= netstandard1.4)) (&& (== netstandard1.0) (>= netstandard1.5)) (&& (== netstandard1.0) (>= netstandard1.6)) (&& (== netstandard1.0) (>= uap10.0)) (&& (== netstandard1.1) (>= net46)) (&& (== netstandard1.1) (>= netstandard1.3)) (&& (== netstandard1.1) (>= netstandard1.4)) (&& (== netstandard1.1) (>= netstandard1.5)) (&& (== netstandard1.1) (>= netstandard1.6)) (&& (== netstandard1.1) (>= uap10.0)) (&& (== netstandard1.2) (>= net46)) (&& (== netstandard1.2) (>= netstandard1.3)) (&& (== netstandard1.2) (>= netstandard1.4)) (&& (== netstandard1.2) (>= netstandard1.5)) (&& (== netstandard1.2) (>= netstandard1.6)) (&& (== netstandard1.2) (>= uap10.0)) (== netstandard1.3) (== netstandard1.4) (== netstandard1.5) (== netstandard1.6) (&& (== netstandard2.0) (< netstandard1.4)) (&& (== netstandard2.0) (< netstandard1.5)) (&& (== netstandard2.0) (< netstandard1.6)) (&& (== netstandard2.0) (>= uap10.0))
      System.Diagnostics.Debug (>= 4.3) - restriction: || (&& (== net20) (>= netstandard1.0)) (&& (== net20) (>= netstandard1.1)) (&& (== net20) (>= netstandard1.2)) (&& (== net20) (>= netstandard1.3)) (&& (== net20) (>= netstandard1.4)) (&& (== net20) (>= netstandard1.5)) (&& (== net20) (>= netstandard1.6)) (&& (== net20) (>= uap10.0)) (&& (== net35) (>= netstandard1.0)) (&& (== net35) (>= netstandard1.1)) (&& (== net35) (>= netstandard1.2)) (&& (== net35) (>= netstandard1.3)) (&& (== net35) (>= netstandard1.4)) (&& (== net35) (>= netstandard1.5)) (&& (== net35) (>= netstandard1.6)) (&& (== net35) (>= uap10.0)) (&& (== net40) (>= netstandard1.0)) (&& (== net40) (>= netstandard1.1)) (&& (== net40) (>= netstandard1.2)) (&& (== net40) (>= netstandard1.3)) (&& (== net40) (>= netstandard1.4)) (&& (== net40) (>= netstandard1.5)) (&& (== net40) (>= netstandard1.6)) (&& (== net40) (>= uap10.0)) (&& (== net45) (< portable-net45+win8+wpa81)) (&& (== net45) (>= uap10.0)) (&& (== net46) (< net45)) (&& (== net46) (< portable-net45+win8+wpa81)) (&& (== net46) (>= uap10.0)) (== netstandard1.0) (== netstandard1.1) (== netstandard1.2) (== netstandard1.3) (== netstandard1.4) (== netstandard1.5) (== netstandard1.6) (&& (== netstandard2.0) (< netstandard1.2)) (&& (== netstandard2.0) (< netstandard1.3)) (&& (== netstandard2.0) (< netstandard1.4)) (&& (== netstandard2.0) (< netstandard1.5)) (&& (== netstandard2.0) (< netstandard1.6)) (&& (== netstandard2.0) (< portable-net45+win8+wpa81)) (&& (== netstandard2.0) (>= uap10.0))
      System.Diagnostics.Tools (>= 4.3) - restriction: || (&& (== net20) (>= netstandard1.0)) (&& (== net20) (>= netstandard1.1)) (&& (== net20) (>= netstandard1.2)) (&& (== net20) (>= netstandard1.3)) (&& (== net20) (>= netstandard1.4)) (&& (== net20) (>= netstandard1.5)) (&& (== net20) (>= netstandard1.6)) (&& (== net20) (>= uap10.0)) (&& (== net35) (>= netstandard1.0)) (&& (== net35) (>= netstandard1.1)) (&& (== net35) (>= netstandard1.2)) (&& (== net35) (>= netstandard1.3)) (&& (== net35) (>= netstandard1.4)) (&& (== net35) (>= netstandard1.5)) (&& (== net35) (>= netstandard1.6)) (&& (== net35) (>= uap10.0)) (&& (== net40) (>= netstandard1.0)) (&& (== net40) (>= netstandard1.1)) (&& (== net40) (>= netstandard1.2)) (&& (== net40) (>= netstandard1.3)) (&& (== net40) (>= netstandard1.4)) (&& (== net40) (>= netstandard1.5)) (&& (== net40) (>= netstandard1.6)) (&& (== net40) (>= uap10.0)) (&& (== net45) (< portable-net45+win8+wpa81)) (&& (== net45) (>= uap10.0)) (&& (== net46) (< net45)) (&& (== net46) (< portable-net45+win8+wpa81)) (&& (== net46) (>= uap10.0)) (== netstandard1.0) (== netstandard1.1) (== netstandard1.2) (== netstandard1.3) (== netstandard1.4) (== netstandard1.5) (== netstandard1.6) (&& (== netstandard2.0) (< netstandard1.2)) (&& (== netstandard2.0) (< netstandard1.3)) (&& (== netstandard2.0) (< netstandard1.4)) (&& (== netstandard2.0) (< netstandard1.5)) (&& (== netstandard2.0) (< netstandard1.6)) (&& (== netstandard2.0) (< portable-net45+win8+wpa81)) (&& (== netstandard2.0) (>= uap10.0))
      System.Diagnostics.Tracing (>= 4.3) - restriction: || (&& (== net20) (>= netstandard1.1)) (&& (== net20) (>= netstandard1.2)) (&& (== net20) (>= netstandard1.3)) (&& (== net20) (>= netstandard1.4)) (&& (== net20) (>= netstandard1.5)) (&& (== net20) (>= netstandard1.6)) (&& (== net20) (>= uap10.0)) (&& (== net35) (>= netstandard1.1)) (&& (== net35) (>= netstandard1.2)) (&& (== net35) (>= netstandard1.3)) (&& (== net35) (>= netstandard1.4)) (&& (== net35) (>= netstandard1.5)) (&& (== net35) (>= netstandard1.6)) (&& (== net35) (>= uap10.0)) (&& (== net40) (>= netstandard1.1)) (&& (== net40) (>= netstandard1.2)) (&& (== net40) (>= netstandard1.3)) (&& (== net40) (>= netstandard1.4)) (&& (== net40) (>= netstandard1.5)) (&& (== net40) (>= netstandard1.6)) (&& (== net40) (>= uap10.0)) (&& (== net45) (>= uap10.0)) (&& (== net46) (< net45)) (&& (== net46) (>= uap10.0)) (&& (== netstandard1.0) (>= netstandard1.1)) (&& (== netstandard1.0) (>= netstandard1.2)) (&& (== netstandard1.0) (>= netstandard1.3)) (&& (== netstandard1.0) (>= netstandard1.4)) (&& (== netstandard1.0) (>= netstandard1.5)) (&& (== netstandard1.0) (>= netstandard1.6)) (&& (== netstandard1.0) (>= uap10.0)) (== netstandard1.1) (== netstandard1.2) (== netstandard1.3) (== netstandard1.4) (== netstandard1.5) (== netstandard1.6) (&& (== netstandard2.0) (< netstandard1.2)) (&& (== netstandard2.0) (< netstandard1.3)) (&& (== netstandard2.0) (< netstandard1.4)) (&& (== netstandard2.0) (< netstandard1.5)) (&& (== netstandard2.0) (< netstandard1.6)) (&& (== netstandard2.0) (>= uap10.0))
      System.Globalization (>= 4.3) - restriction: || (&& (== net20) (>= netstandard1.0)) (&& (== net20) (>= netstandard1.1)) (&& (== net20) (>= netstandard1.2)) (&& (== net20) (>= netstandard1.3)) (&& (== net20) (>= netstandard1.4)) (&& (== net20) (>= netstandard1.5)) (&& (== net20) (>= netstandard1.6)) (&& (== net20) (>= uap10.0)) (&& (== net35) (>= netstandard1.0)) (&& (== net35) (>= netstandard1.1)) (&& (== net35) (>= netstandard1.2)) (&& (== net35) (>= netstandard1.3)) (&& (== net35) (>= netstandard1.4)) (&& (== net35) (>= netstandard1.5)) (&& (== net35) (>= netstandard1.6)) (&& (== net35) (>= uap10.0)) (&& (== net40) (>= netstandard1.0)) (&& (== net40) (>= netstandard1.1)) (&& (== net40) (>= netstandard1.2)) (&& (== net40) (>= netstandard1.3)) (&& (== net40) (>= netstandard1.4)) (&& (== net40) (>= netstandard1.5)) (&& (== net40) (>= netstandard1.6)) (&& (== net40) (>= uap10.0)) (&& (== net45) (< portable-net45+win8+wpa81)) (&& (== net45) (>= uap10.0)) (&& (== net46) (< net45)) (&& (== net46) (< portable-net45+win8+wpa81)) (&& (== net46) (>= uap10.0)) (== netstandard1.0) (== netstandard1.1) (== netstandard1.2) (== netstandard1.3) (== netstandard1.4) (== netstandard1.5) (== netstandard1.6) (&& (== netstandard2.0) (< netstandard1.2)) (&& (== netstandard2.0) (< netstandard1.3)) (&& (== netstandard2.0) (< netstandard1.4)) (&& (== netstandard2.0) (< netstandard1.5)) (&& (== netstandard2.0) (< netstandard1.6)) (&& (== netstandard2.0) (< portable-net45+win8+wpa81)) (&& (== netstandard2.0) (>= uap10.0))
      System.Globalization.Calendars (>= 4.3) - restriction: || (&& (== net20) (>= net46)) (&& (== net20) (>= netstandard1.3)) (&& (== net20) (>= netstandard1.4)) (&& (== net20) (>= netstandard1.5)) (&& (== net20) (>= netstandard1.6)) (&& (== net20) (>= uap10.0)) (&& (== net35) (>= net46)) (&& (== net35) (>= netstandard1.3)) (&& (== net35) (>= netstandard1.4)) (&& (== net35) (>= netstandard1.5)) (&& (== net35) (>= netstandard1.6)) (&& (== net35) (>= uap10.0)) (&& (== net40) (>= net46)) (&& (== net40) (>= netstandard1.3)) (&& (== net40) (>= netstandard1.4)) (&& (== net40) (>= netstandard1.5)) (&& (== net40) (>= netstandard1.6)) (&& (== net40) (>= uap10.0)) (&& (== net45) (>= net46)) (&& (== net45) (>= uap10.0)) (== net46) (&& (== netstandard1.0) (>= net46)) (&& (== netstandard1.0) (>= netstandard1.3)) (&& (== netstandard1.0) (>= netstandard1.4)) (&& (== netstandard1.0) (>= netstandard1.5)) (&& (== netstandard1.0) (>= netstandard1.6)) (&& (== netstandard1.0) (>= uap10.0)) (&& (== netstandard1.1) (>= net46)) (&& (== netstandard1.1) (>= netstandard1.3)) (&& (== netstandard1.1) (>= netstandard1.4)) (&& (== netstandard1.1) (>= netstandard1.5)) (&& (== netstandard1.1) (>= netstandard1.6)) (&& (== netstandard1.1) (>= uap10.0)) (&& (== netstandard1.2) (>= net46)) (&& (== netstandard1.2) (>= netstandard1.3)) (&& (== netstandard1.2) (>= netstandard1.4)) (&& (== netstandard1.2) (>= netstandard1.5)) (&& (== netstandard1.2) (>= netstandard1.6)) (&& (== netstandard1.2) (>= uap10.0)) (== netstandard1.3) (== netstandard1.4) (== netstandard1.5) (== netstandard1.6) (&& (== netstandard2.0) (< netstandard1.4)) (&& (== netstandard2.0) (< netstandard1.5)) (&& (== netstandard2.0) (< netstandard1.6)) (&& (== netstandard2.0) (>= uap10.0))
      System.IO (>= 4.3) - restriction: || (&& (== net20) (>= netstandard1.0)) (&& (== net20) (>= netstandard1.1)) (&& (== net20) (>= netstandard1.2)) (&& (== net20) (>= netstandard1.3)) (&& (== net20) (>= netstandard1.4)) (&& (== net20) (>= netstandard1.5)) (&& (== net20) (>= netstandard1.6)) (&& (== net20) (>= uap10.0)) (&& (== net35) (>= netstandard1.0)) (&& (== net35) (>= netstandard1.1)) (&& (== net35) (>= netstandard1.2)) (&& (== net35) (>= netstandard1.3)) (&& (== net35) (>= netstandard1.4)) (&& (== net35) (>= netstandard1.5)) (&& (== net35) (>= netstandard1.6)) (&& (== net35) (>= uap10.0)) (&& (== net40) (>= netstandard1.0)) (&& (== net40) (>= netstandard1.1)) (&& (== net40) (>= netstandard1.2)) (&& (== net40) (>= netstandard1.3)) (&& (== net40) (>= netstandard1.4)) (&& (== net40) (>= netstandard1.5)) (&& (== net40) (>= netstandard1.6)) (&& (== net40) (>= uap10.0)) (&& (== net45) (< portable-net45+win8+wpa81)) (&& (== net45) (>= uap10.0)) (&& (== net46) (< net45)) (&& (== net46) (< portable-net45+win8+wpa81)) (&& (== net46) (>= uap10.0)) (== netstandard1.0) (== netstandard1.1) (== netstandard1.2) (== netstandard1.3) (== netstandard1.4) (== netstandard1.5) (== netstandard1.6) (&& (== netstandard2.0) (< netstandard1.2)) (&& (== netstandard2.0) (< netstandard1.3)) (&& (== netstandard2.0) (< netstandard1.4)) (&& (== netstandard2.0) (< netstandard1.5)) (&& (== netstandard2.0) (< netstandard1.6)) (&& (== netstandard2.0) (< portable-net45+win8+wpa81)) (&& (== netstandard2.0) (>= uap10.0))
      System.IO.Compression (>= 4.3) - restriction: || (&& (== net20) (>= net46)) (&& (== net20) (>= netstandard1.1)) (&& (== net20) (>= netstandard1.2)) (&& (== net20) (>= netstandard1.3)) (&& (== net20) (>= netstandard1.4)) (&& (== net20) (>= netstandard1.5)) (&& (== net20) (>= netstandard1.6)) (&& (== net20) (>= uap10.0)) (&& (== net35) (>= net46)) (&& (== net35) (>= netstandard1.1)) (&& (== net35) (>= netstandard1.2)) (&& (== net35) (>= netstandard1.3)) (&& (== net35) (>= netstandard1.4)) (&& (== net35) (>= netstandard1.5)) (&& (== net35) (>= netstandard1.6)) (&& (== net35) (>= uap10.0)) (&& (== net40) (>= net46)) (&& (== net40) (>= netstandard1.1)) (&& (== net40) (>= netstandard1.2)) (&& (== net40) (>= netstandard1.3)) (&& (== net40) (>= netstandard1.4)) (&& (== net40) (>= netstandard1.5)) (&& (== net40) (>= netstandard1.6)) (&& (== net40) (>= uap10.0)) (&& (== net45) (>= net46)) (&& (== net45) (>= uap10.0)) (== net46) (&& (== netstandard1.0) (>= net46)) (&& (== netstandard1.0) (>= netstandard1.1)) (&& (== netstandard1.0) (>= netstandard1.2)) (&& (== netstandard1.0) (>= netstandard1.3)) (&& (== netstandard1.0) (>= netstandard1.4)) (&& (== netstandard1.0) (>= netstandard1.5)) (&& (== netstandard1.0) (>= netstandard1.6)) (&& (== netstandard1.0) (>= uap10.0)) (== netstandard1.1) (== netstandard1.2) (== netstandard1.3) (== netstandard1.4) (== netstandard1.5) (== netstandard1.6) (&& (== netstandard2.0) (< netstandard1.2)) (&& (== netstandard2.0) (< netstandard1.3)) (&& (== netstandard2.0) (< netstandard1.4)) (&& (== netstandard2.0) (< netstandard1.5)) (&& (== netstandard2.0) (< netstandard1.6)) (&& (== netstandard2.0) (>= uap10.0))
      System.IO.Compression.ZipFile (>= 4.3) - restriction: || (&& (== net20) (>= net46)) (&& (== net20) (>= netstandard1.3)) (&& (== net20) (>= netstandard1.4)) (&& (== net20) (>= netstandard1.5)) (&& (== net20) (>= netstandard1.6)) (&& (== net20) (>= uap10.0)) (&& (== net35) (>= net46)) (&& (== net35) (>= netstandard1.3)) (&& (== net35) (>= netstandard1.4)) (&& (== net35) (>= netstandard1.5)) (&& (== net35) (>= netstandard1.6)) (&& (== net35) (>= uap10.0)) (&& (== net40) (>= net46)) (&& (== net40) (>= netstandard1.3)) (&& (== net40) (>= netstandard1.4)) (&& (== net40) (>= netstandard1.5)) (&& (== net40) (>= netstandard1.6)) (&& (== net40) (>= uap10.0)) (&& (== net45) (>= net46)) (&& (== net45) (>= uap10.0)) (== net46) (&& (== netstandard1.0) (>= net46)) (&& (== netstandard1.0) (>= netstandard1.3)) (&& (== netstandard1.0) (>= netstandard1.4)) (&& (== netstandard1.0) (>= netstandard1.5)) (&& (== netstandard1.0) (>= netstandard1.6)) (&& (== netstandard1.0) (>= uap10.0)) (&& (== netstandard1.1) (>= net46)) (&& (== netstandard1.1) (>= netstandard1.3)) (&& (== netstandard1.1) (>= netstandard1.4)) (&& (== netstandard1.1) (>= netstandard1.5)) (&& (== netstandard1.1) (>= netstandard1.6)) (&& (== netstandard1.1) (>= uap10.0)) (&& (== netstandard1.2) (>= net46)) (&& (== netstandard1.2) (>= netstandard1.3)) (&& (== netstandard1.2) (>= netstandard1.4)) (&& (== netstandard1.2) (>= netstandard1.5)) (&& (== netstandard1.2) (>= netstandard1.6)) (&& (== netstandard1.2) (>= uap10.0)) (== netstandard1.3) (== netstandard1.4) (== netstandard1.5) (== netstandard1.6) (&& (== netstandard2.0) (< netstandard1.4)) (&& (== netstandard2.0) (< netstandard1.5)) (&& (== netstandard2.0) (< netstandard1.6)) (&& (== netstandard2.0) (>= uap10.0))
      System.IO.FileSystem (>= 4.3) - restriction: || (&& (== net20) (>= net46)) (&& (== net20) (>= netstandard1.3)) (&& (== net20) (>= netstandard1.4)) (&& (== net20) (>= netstandard1.5)) (&& (== net20) (>= netstandard1.6)) (&& (== net20) (>= uap10.0)) (&& (== net35) (>= net46)) (&& (== net35) (>= netstandard1.3)) (&& (== net35) (>= netstandard1.4)) (&& (== net35) (>= netstandard1.5)) (&& (== net35) (>= netstandard1.6)) (&& (== net35) (>= uap10.0)) (&& (== net40) (>= net46)) (&& (== net40) (>= netstandard1.3)) (&& (== net40) (>= netstandard1.4)) (&& (== net40) (>= netstandard1.5)) (&& (== net40) (>= netstandard1.6)) (&& (== net40) (>= uap10.0)) (&& (== net45) (>= net46)) (&& (== net45) (>= uap10.0)) (== net46) (&& (== netstandard1.0) (>= net46)) (&& (== netstandard1.0) (>= netstandard1.3)) (&& (== netstandard1.0) (>= netstandard1.4)) (&& (== netstandard1.0) (>= netstandard1.5)) (&& (== netstandard1.0) (>= netstandard1.6)) (&& (== netstandard1.0) (>= uap10.0)) (&& (== netstandard1.1) (>= net46)) (&& (== netstandard1.1) (>= netstandard1.3)) (&& (== netstandard1.1) (>= netstandard1.4)) (&& (== netstandard1.1) (>= netstandard1.5)) (&& (== netstandard1.1) (>= netstandard1.6)) (&& (== netstandard1.1) (>= uap10.0)) (&& (== netstandard1.2) (>= net46)) (&& (== netstandard1.2) (>= netstandard1.3)) (&& (== netstandard1.2) (>= netstandard1.4)) (&& (== netstandard1.2) (>= netstandard1.5)) (&& (== netstandard1.2) (>= netstandard1.6)) (&& (== netstandard1.2) (>= uap10.0)) (== netstandard1.3) (== netstandard1.4) (== netstandard1.5) (== netstandard1.6) (&& (== netstandard2.0) (< netstandard1.4)) (&& (== netstandard2.0) (< netstandard1.5)) (&& (== netstandard2.0) (< netstandard1.6)) (&& (== netstandard2.0) (>= uap10.0))
      System.IO.FileSystem.Primitives (>= 4.3) - restriction: || (&& (== net20) (>= net46)) (&& (== net20) (>= netstandard1.3)) (&& (== net20) (>= netstandard1.4)) (&& (== net20) (>= netstandard1.5)) (&& (== net20) (>= netstandard1.6)) (&& (== net20) (>= uap10.0)) (&& (== net35) (>= net46)) (&& (== net35) (>= netstandard1.3)) (&& (== net35) (>= netstandard1.4)) (&& (== net35) (>= netstandard1.5)) (&& (== net35) (>= netstandard1.6)) (&& (== net35) (>= uap10.0)) (&& (== net40) (>= net46)) (&& (== net40) (>= netstandard1.3)) (&& (== net40) (>= netstandard1.4)) (&& (== net40) (>= netstandard1.5)) (&& (== net40) (>= netstandard1.6)) (&& (== net40) (>= uap10.0)) (&& (== net45) (>= net46)) (&& (== net45) (>= uap10.0)) (== net46) (&& (== netstandard1.0) (>= net46)) (&& (== netstandard1.0) (>= netstandard1.3)) (&& (== netstandard1.0) (>= netstandard1.4)) (&& (== netstandard1.0) (>= netstandard1.5)) (&& (== netstandard1.0) (>= netstandard1.6)) (&& (== netstandard1.0) (>= uap10.0)) (&& (== netstandard1.1) (>= net46)) (&& (== netstandard1.1) (>= netstandard1.3)) (&& (== netstandard1.1) (>= netstandard1.4)) (&& (== netstandard1.1) (>= netstandard1.5)) (&& (== netstandard1.1) (>= netstandard1.6)) (&& (== netstandard1.1) (>= uap10.0)) (&& (== netstandard1.2) (>= net46)) (&& (== netstandard1.2) (>= netstandard1.3)) (&& (== netstandard1.2) (>= netstandard1.4)) (&& (== netstandard1.2) (>= netstandard1.5)) (&& (== netstandard1.2) (>= netstandard1.6)) (&& (== netstandard1.2) (>= uap10.0)) (== netstandard1.3) (== netstandard1.4) (== netstandard1.5) (== netstandard1.6) (&& (== netstandard2.0) (< netstandard1.4)) (&& (== netstandard2.0) (< netstandard1.5)) (&& (== netstandard2.0) (< netstandard1.6)) (&& (== netstandard2.0) (>= uap10.0))
      System.Linq (>= 4.3) - restriction: || (&& (== net20) (>= netstandard1.0)) (&& (== net20) (>= netstandard1.1)) (&& (== net20) (>= netstandard1.2)) (&& (== net20) (>= netstandard1.3)) (&& (== net20) (>= netstandard1.4)) (&& (== net20) (>= netstandard1.5)) (&& (== net20) (>= netstandard1.6)) (&& (== net20) (>= uap10.0)) (&& (== net35) (>= netstandard1.0)) (&& (== net35) (>= netstandard1.1)) (&& (== net35) (>= netstandard1.2)) (&& (== net35) (>= netstandard1.3)) (&& (== net35) (>= netstandard1.4)) (&& (== net35) (>= netstandard1.5)) (&& (== net35) (>= netstandard1.6)) (&& (== net35) (>= uap10.0)) (&& (== net40) (>= netstandard1.0)) (&& (== net40) (>= netstandard1.1)) (&& (== net40) (>= netstandard1.2)) (&& (== net40) (>= netstandard1.3)) (&& (== net40) (>= netstandard1.4)) (&& (== net40) (>= netstandard1.5)) (&& (== net40) (>= netstandard1.6)) (&& (== net40) (>= uap10.0)) (&& (== net45) (< portable-net45+win8+wpa81)) (&& (== net45) (>= uap10.0)) (&& (== net46) (< net45)) (&& (== net46) (< portable-net45+win8+wpa81)) (&& (== net46) (>= uap10.0)) (== netstandard1.0) (== netstandard1.1) (== netstandard1.2) (== netstandard1.3) (== netstandard1.4) (== netstandard1.5) (== netstandard1.6) (&& (== netstandard2.0) (< netstandard1.2)) (&& (== netstandard2.0) (< netstandard1.3)) (&& (== netstandard2.0) (< netstandard1.4)) (&& (== netstandard2.0) (< netstandard1.5)) (&& (== netstandard2.0) (< netstandard1.6)) (&& (== netstandard2.0) (< portable-net45+win8+wpa81)) (&& (== netstandard2.0) (>= uap10.0))
      System.Linq.Expressions (>= 4.3) - restriction: || (&& (== net20) (>= netstandard1.0)) (&& (== net20) (>= netstandard1.1)) (&& (== net20) (>= netstandard1.2)) (&& (== net20) (>= netstandard1.3)) (&& (== net20) (>= netstandard1.4)) (&& (== net20) (>= netstandard1.5)) (&& (== net20) (>= netstandard1.6)) (&& (== net20) (>= uap10.0)) (&& (== net35) (>= netstandard1.0)) (&& (== net35) (>= netstandard1.1)) (&& (== net35) (>= netstandard1.2)) (&& (== net35) (>= netstandard1.3)) (&& (== net35) (>= netstandard1.4)) (&& (== net35) (>= netstandard1.5)) (&& (== net35) (>= netstandard1.6)) (&& (== net35) (>= uap10.0)) (&& (== net40) (>= netstandard1.0)) (&& (== net40) (>= netstandard1.1)) (&& (== net40) (>= netstandard1.2)) (&& (== net40) (>= netstandard1.3)) (&& (== net40) (>= netstandard1.4)) (&& (== net40) (>= netstandard1.5)) (&& (== net40) (>= netstandard1.6)) (&& (== net40) (>= uap10.0)) (&& (== net45) (< portable-net45+win8+wpa81)) (&& (== net45) (>= uap10.0)) (&& (== net46) (< net45)) (&& (== net46) (< portable-net45+win8+wpa81)) (&& (== net46) (>= uap10.0)) (== netstandard1.0) (== netstandard1.1) (== netstandard1.2) (== netstandard1.3) (== netstandard1.4) (== netstandard1.5) (== netstandard1.6) (&& (== netstandard2.0) (< netstandard1.2)) (&& (== netstandard2.0) (< netstandard1.3)) (&& (== netstandard2.0) (< netstandard1.4)) (&& (== netstandard2.0) (< netstandard1.5)) (&& (== netstandard2.0) (< netstandard1.6)) (&& (== netstandard2.0) (< portable-net45+win8+wpa81)) (&& (== netstandard2.0) (>= uap10.0))
      System.Net.Http (>= 4.3.2) - restriction: || (&& (== net20) (>= net46)) (&& (== net20) (>= netstandard1.1)) (&& (== net20) (>= netstandard1.2)) (&& (== net20) (>= netstandard1.3)) (&& (== net20) (>= netstandard1.4)) (&& (== net20) (>= netstandard1.5)) (&& (== net20) (>= netstandard1.6)) (&& (== net20) (>= uap10.0)) (&& (== net35) (>= net46)) (&& (== net35) (>= netstandard1.1)) (&& (== net35) (>= netstandard1.2)) (&& (== net35) (>= netstandard1.3)) (&& (== net35) (>= netstandard1.4)) (&& (== net35) (>= netstandard1.5)) (&& (== net35) (>= netstandard1.6)) (&& (== net35) (>= uap10.0)) (&& (== net40) (>= net46)) (&& (== net40) (>= netstandard1.1)) (&& (== net40) (>= netstandard1.2)) (&& (== net40) (>= netstandard1.3)) (&& (== net40) (>= netstandard1.4)) (&& (== net40) (>= netstandard1.5)) (&& (== net40) (>= netstandard1.6)) (&& (== net40) (>= uap10.0)) (&& (== net45) (>= net46)) (&& (== net45) (>= uap10.0)) (== net46) (&& (== netstandard1.0) (>= net46)) (&& (== netstandard1.0) (>= netstandard1.1)) (&& (== netstandard1.0) (>= netstandard1.2)) (&& (== netstandard1.0) (>= netstandard1.3)) (&& (== netstandard1.0) (>= netstandard1.4)) (&& (== netstandard1.0) (>= netstandard1.5)) (&& (== netstandard1.0) (>= netstandard1.6)) (&& (== netstandard1.0) (>= uap10.0)) (== netstandard1.1) (== netstandard1.2) (== netstandard1.3) (== netstandard1.4) (== netstandard1.5) (== netstandard1.6) (&& (== netstandard2.0) (< netstandard1.2)) (&& (== netstandard2.0) (< netstandard1.3)) (&& (== netstandard2.0) (< netstandard1.4)) (&& (== netstandard2.0) (< netstandard1.5)) (&& (== netstandard2.0) (< netstandard1.6)) (&& (== netstandard2.0) (>= uap10.0))
      System.Net.Primitives (>= 4.3) - restriction: || (&& (== net20) (>= netstandard1.0)) (&& (== net20) (>= netstandard1.1)) (&& (== net20) (>= netstandard1.2)) (&& (== net20) (>= netstandard1.3)) (&& (== net20) (>= netstandard1.4)) (&& (== net20) (>= netstandard1.5)) (&& (== net20) (>= netstandard1.6)) (&& (== net20) (>= uap10.0)) (&& (== net35) (>= netstandard1.0)) (&& (== net35) (>= netstandard1.1)) (&& (== net35) (>= netstandard1.2)) (&& (== net35) (>= netstandard1.3)) (&& (== net35) (>= netstandard1.4)) (&& (== net35) (>= netstandard1.5)) (&& (== net35) (>= netstandard1.6)) (&& (== net35) (>= uap10.0)) (&& (== net40) (>= netstandard1.0)) (&& (== net40) (>= netstandard1.1)) (&& (== net40) (>= netstandard1.2)) (&& (== net40) (>= netstandard1.3)) (&& (== net40) (>= netstandard1.4)) (&& (== net40) (>= netstandard1.5)) (&& (== net40) (>= netstandard1.6)) (&& (== net40) (>= uap10.0)) (&& (== net45) (< portable-net45+win8+wpa81)) (&& (== net45) (>= uap10.0)) (&& (== net46) (< net45)) (&& (== net46) (< portable-net45+win8+wpa81)) (&& (== net46) (>= uap10.0)) (== netstandard1.0) (== netstandard1.1) (== netstandard1.2) (== netstandard1.3) (== netstandard1.4) (== netstandard1.5) (== netstandard1.6) (&& (== netstandard2.0) (< netstandard1.2)) (&& (== netstandard2.0) (< netstandard1.3)) (&& (== netstandard2.0) (< netstandard1.4)) (&& (== netstandard2.0) (< netstandard1.5)) (&& (== netstandard2.0) (< netstandard1.6)) (&& (== netstandard2.0) (< portable-net45+win8+wpa81)) (&& (== netstandard2.0) (>= uap10.0))
      System.Net.Sockets (>= 4.3) - restriction: || (&& (== net20) (>= net46)) (&& (== net20) (>= netstandard1.3)) (&& (== net20) (>= netstandard1.4)) (&& (== net20) (>= netstandard1.5)) (&& (== net20) (>= netstandard1.6)) (&& (== net20) (>= uap10.0)) (&& (== net35) (>= net46)) (&& (== net35) (>= netstandard1.3)) (&& (== net35) (>= netstandard1.4)) (&& (== net35) (>= netstandard1.5)) (&& (== net35) (>= netstandard1.6)) (&& (== net35) (>= uap10.0)) (&& (== net40) (>= net46)) (&& (== net40) (>= netstandard1.3)) (&& (== net40) (>= netstandard1.4)) (&& (== net40) (>= netstandard1.5)) (&& (== net40) (>= netstandard1.6)) (&& (== net40) (>= uap10.0)) (&& (== net45) (>= net46)) (&& (== net45) (>= uap10.0)) (== net46) (&& (== netstandard1.0) (>= net46)) (&& (== netstandard1.0) (>= netstandard1.3)) (&& (== netstandard1.0) (>= netstandard1.4)) (&& (== netstandard1.0) (>= netstandard1.5)) (&& (== netstandard1.0) (>= netstandard1.6)) (&& (== netstandard1.0) (>= uap10.0)) (&& (== netstandard1.1) (>= net46)) (&& (== netstandard1.1) (>= netstandard1.3)) (&& (== netstandard1.1) (>= netstandard1.4)) (&& (== netstandard1.1) (>= netstandard1.5)) (&& (== netstandard1.1) (>= netstandard1.6)) (&& (== netstandard1.1) (>= uap10.0)) (&& (== netstandard1.2) (>= net46)) (&& (== netstandard1.2) (>= netstandard1.3)) (&& (== netstandard1.2) (>= netstandard1.4)) (&& (== netstandard1.2) (>= netstandard1.5)) (&& (== netstandard1.2) (>= netstandard1.6)) (&& (== netstandard1.2) (>= uap10.0)) (== netstandard1.3) (== netstandard1.4) (== netstandard1.5) (== netstandard1.6) (&& (== netstandard2.0) (< netstandard1.4)) (&& (== netstandard2.0) (< netstandard1.5)) (&& (== netstandard2.0) (< netstandard1.6)) (&& (== netstandard2.0) (>= uap10.0))
      System.ObjectModel (>= 4.3) - restriction: || (&& (== net20) (>= netstandard1.0)) (&& (== net20) (>= netstandard1.1)) (&& (== net20) (>= netstandard1.2)) (&& (== net20) (>= netstandard1.3)) (&& (== net20) (>= netstandard1.4)) (&& (== net20) (>= netstandard1.5)) (&& (== net20) (>= netstandard1.6)) (&& (== net20) (>= uap10.0)) (&& (== net35) (>= netstandard1.0)) (&& (== net35) (>= netstandard1.1)) (&& (== net35) (>= netstandard1.2)) (&& (== net35) (>= netstandard1.3)) (&& (== net35) (>= netstandard1.4)) (&& (== net35) (>= netstandard1.5)) (&& (== net35) (>= netstandard1.6)) (&& (== net35) (>= uap10.0)) (&& (== net40) (>= netstandard1.0)) (&& (== net40) (>= netstandard1.1)) (&& (== net40) (>= netstandard1.2)) (&& (== net40) (>= netstandard1.3)) (&& (== net40) (>= netstandard1.4)) (&& (== net40) (>= netstandard1.5)) (&& (== net40) (>= netstandard1.6)) (&& (== net40) (>= uap10.0)) (&& (== net45) (< portable-net45+win8+wpa81)) (&& (== net45) (>= uap10.0)) (&& (== net46) (< net45)) (&& (== net46) (< portable-net45+win8+wpa81)) (&& (== net46) (>= uap10.0)) (== netstandard1.0) (== netstandard1.1) (== netstandard1.2) (== netstandard1.3) (== netstandard1.4) (== netstandard1.5) (== netstandard1.6) (&& (== netstandard2.0) (< netstandard1.2)) (&& (== netstandard2.0) (< netstandard1.3)) (&& (== netstandard2.0) (< netstandard1.4)) (&& (== netstandard2.0) (< netstandard1.5)) (&& (== netstandard2.0) (< netstandard1.6)) (&& (== netstandard2.0) (< portable-net45+win8+wpa81)) (&& (== netstandard2.0) (>= uap10.0))
      System.Reflection (>= 4.3) - restriction: || (&& (== net20) (>= netstandard1.0)) (&& (== net20) (>= netstandard1.1)) (&& (== net20) (>= netstandard1.2)) (&& (== net20) (>= netstandard1.3)) (&& (== net20) (>= netstandard1.4)) (&& (== net20) (>= netstandard1.5)) (&& (== net20) (>= netstandard1.6)) (&& (== net20) (>= uap10.0)) (&& (== net35) (>= netstandard1.0)) (&& (== net35) (>= netstandard1.1)) (&& (== net35) (>= netstandard1.2)) (&& (== net35) (>= netstandard1.3)) (&& (== net35) (>= netstandard1.4)) (&& (== net35) (>= netstandard1.5)) (&& (== net35) (>= netstandard1.6)) (&& (== net35) (>= uap10.0)) (&& (== net40) (>= netstandard1.0)) (&& (== net40) (>= netstandard1.1)) (&& (== net40) (>= netstandard1.2)) (&& (== net40) (>= netstandard1.3)) (&& (== net40) (>= netstandard1.4)) (&& (== net40) (>= netstandard1.5)) (&& (== net40) (>= netstandard1.6)) (&& (== net40) (>= uap10.0)) (&& (== net45) (< portable-net45+win8+wpa81)) (&& (== net45) (>= uap10.0)) (&& (== net46) (< net45)) (&& (== net46) (< portable-net45+win8+wpa81)) (&& (== net46) (>= uap10.0)) (== netstandard1.0) (== netstandard1.1) (== netstandard1.2) (== netstandard1.3) (== netstandard1.4) (== netstandard1.5) (== netstandard1.6) (&& (== netstandard2.0) (< netstandard1.2)) (&& (== netstandard2.0) (< netstandard1.3)) (&& (== netstandard2.0) (< netstandard1.4)) (&& (== netstandard2.0) (< netstandard1.5)) (&& (== netstandard2.0) (< netstandard1.6)) (&& (== netstandard2.0) (< portable-net45+win8+wpa81)) (&& (== netstandard2.0) (>= uap10.0))
      System.Reflection.Extensions (>= 4.3) - restriction: || (&& (== net20) (>= netstandard1.0)) (&& (== net20) (>= netstandard1.1)) (&& (== net20) (>= netstandard1.2)) (&& (== net20) (>= netstandard1.3)) (&& (== net20) (>= netstandard1.4)) (&& (== net20) (>= netstandard1.5)) (&& (== net20) (>= netstandard1.6)) (&& (== net20) (>= uap10.0)) (&& (== net35) (>= netstandard1.0)) (&& (== net35) (>= netstandard1.1)) (&& (== net35) (>= netstandard1.2)) (&& (== net35) (>= netstandard1.3)) (&& (== net35) (>= netstandard1.4)) (&& (== net35) (>= netstandard1.5)) (&& (== net35) (>= netstandard1.6)) (&& (== net35) (>= uap10.0)) (&& (== net40) (>= netstandard1.0)) (&& (== net40) (>= netstandard1.1)) (&& (== net40) (>= netstandard1.2)) (&& (== net40) (>= netstandard1.3)) (&& (== net40) (>= netstandard1.4)) (&& (== net40) (>= netstandard1.5)) (&& (== net40) (>= netstandard1.6)) (&& (== net40) (>= uap10.0)) (&& (== net45) (< portable-net45+win8+wpa81)) (&& (== net45) (>= uap10.0)) (&& (== net46) (< net45)) (&& (== net46) (< portable-net45+win8+wpa81)) (&& (== net46) (>= uap10.0)) (== netstandard1.0) (== netstandard1.1) (== netstandard1.2) (== netstandard1.3) (== netstandard1.4) (== netstandard1.5) (== netstandard1.6) (&& (== netstandard2.0) (< netstandard1.2)) (&& (== netstandard2.0) (< netstandard1.3)) (&& (== netstandard2.0) (< netstandard1.4)) (&& (== netstandard2.0) (< netstandard1.5)) (&& (== netstandard2.0) (< netstandard1.6)) (&& (== netstandard2.0) (< portable-net45+win8+wpa81)) (&& (== netstandard2.0) (>= uap10.0))
      System.Reflection.Primitives (>= 4.3) - restriction: || (&& (== net20) (>= netstandard1.0)) (&& (== net20) (>= netstandard1.1)) (&& (== net20) (>= netstandard1.2)) (&& (== net20) (>= netstandard1.3)) (&& (== net20) (>= netstandard1.4)) (&& (== net20) (>= netstandard1.5)) (&& (== net20) (>= netstandard1.6)) (&& (== net20) (>= uap10.0)) (&& (== net35) (>= netstandard1.0)) (&& (== net35) (>= netstandard1.1)) (&& (== net35) (>= netstandard1.2)) (&& (== net35) (>= netstandard1.3)) (&& (== net35) (>= netstandard1.4)) (&& (== net35) (>= netstandard1.5)) (&& (== net35) (>= netstandard1.6)) (&& (== net35) (>= uap10.0)) (&& (== net40) (>= netstandard1.0)) (&& (== net40) (>= netstandard1.1)) (&& (== net40) (>= netstandard1.2)) (&& (== net40) (>= netstandard1.3)) (&& (== net40) (>= netstandard1.4)) (&& (== net40) (>= netstandard1.5)) (&& (== net40) (>= netstandard1.6)) (&& (== net40) (>= uap10.0)) (&& (== net45) (< portable-net45+win8+wpa81)) (&& (== net45) (>= uap10.0)) (&& (== net46) (< net45)) (&& (== net46) (< portable-net45+win8+wpa81)) (&& (== net46) (>= uap10.0)) (== netstandard1.0) (== netstandard1.1) (== netstandard1.2) (== netstandard1.3) (== netstandard1.4) (== netstandard1.5) (== netstandard1.6) (&& (== netstandard2.0) (< netstandard1.2)) (&& (== netstandard2.0) (< netstandard1.3)) (&& (== netstandard2.0) (< netstandard1.4)) (&& (== netstandard2.0) (< netstandard1.5)) (&& (== netstandard2.0) (< netstandard1.6)) (&& (== netstandard2.0) (< portable-net45+win8+wpa81)) (&& (== netstandard2.0) (>= uap10.0))
      System.Resources.ResourceManager (>= 4.3) - restriction: || (&& (== net20) (>= netstandard1.0)) (&& (== net20) (>= netstandard1.1)) (&& (== net20) (>= netstandard1.2)) (&& (== net20) (>= netstandard1.3)) (&& (== net20) (>= netstandard1.4)) (&& (== net20) (>= netstandard1.5)) (&& (== net20) (>= netstandard1.6)) (&& (== net20) (>= uap10.0)) (&& (== net35) (>= netstandard1.0)) (&& (== net35) (>= netstandard1.1)) (&& (== net35) (>= netstandard1.2)) (&& (== net35) (>= netstandard1.3)) (&& (== net35) (>= netstandard1.4)) (&& (== net35) (>= netstandard1.5)) (&& (== net35) (>= netstandard1.6)) (&& (== net35) (>= uap10.0)) (&& (== net40) (>= netstandard1.0)) (&& (== net40) (>= netstandard1.1)) (&& (== net40) (>= netstandard1.2)) (&& (== net40) (>= netstandard1.3)) (&& (== net40) (>= netstandard1.4)) (&& (== net40) (>= netstandard1.5)) (&& (== net40) (>= netstandard1.6)) (&& (== net40) (>= uap10.0)) (&& (== net45) (< portable-net45+win8+wpa81)) (&& (== net45) (>= uap10.0)) (&& (== net46) (< net45)) (&& (== net46) (< portable-net45+win8+wpa81)) (&& (== net46) (>= uap10.0)) (== netstandard1.0) (== netstandard1.1) (== netstandard1.2) (== netstandard1.3) (== netstandard1.4) (== netstandard1.5) (== netstandard1.6) (&& (== netstandard2.0) (< netstandard1.2)) (&& (== netstandard2.0) (< netstandard1.3)) (&& (== netstandard2.0) (< netstandard1.4)) (&& (== netstandard2.0) (< netstandard1.5)) (&& (== netstandard2.0) (< netstandard1.6)) (&& (== netstandard2.0) (< portable-net45+win8+wpa81)) (&& (== netstandard2.0) (>= uap10.0))
      System.Runtime (>= 4.3) - restriction: || (&& (== net20) (>= netstandard1.0)) (&& (== net20) (>= netstandard1.1)) (&& (== net20) (>= netstandard1.2)) (&& (== net20) (>= netstandard1.3)) (&& (== net20) (>= netstandard1.4)) (&& (== net20) (>= netstandard1.5)) (&& (== net20) (>= netstandard1.6)) (&& (== net20) (>= uap10.0)) (&& (== net35) (>= netstandard1.0)) (&& (== net35) (>= netstandard1.1)) (&& (== net35) (>= netstandard1.2)) (&& (== net35) (>= netstandard1.3)) (&& (== net35) (>= netstandard1.4)) (&& (== net35) (>= netstandard1.5)) (&& (== net35) (>= netstandard1.6)) (&& (== net35) (>= uap10.0)) (&& (== net40) (>= netstandard1.0)) (&& (== net40) (>= netstandard1.1)) (&& (== net40) (>= netstandard1.2)) (&& (== net40) (>= netstandard1.3)) (&& (== net40) (>= netstandard1.4)) (&& (== net40) (>= netstandard1.5)) (&& (== net40) (>= netstandard1.6)) (&& (== net40) (>= uap10.0)) (&& (== net45) (< portable-net45+win8+wpa81)) (&& (== net45) (>= uap10.0)) (&& (== net46) (< net45)) (&& (== net46) (< portable-net45+win8+wpa81)) (&& (== net46) (>= uap10.0)) (== netstandard1.0) (== netstandard1.1) (== netstandard1.2) (== netstandard1.3) (== netstandard1.4) (== netstandard1.5) (== netstandard1.6) (&& (== netstandard2.0) (< netstandard1.2)) (&& (== netstandard2.0) (< netstandard1.3)) (&& (== netstandard2.0) (< netstandard1.4)) (&& (== netstandard2.0) (< netstandard1.5)) (&& (== netstandard2.0) (< netstandard1.6)) (&& (== netstandard2.0) (< portable-net45+win8+wpa81)) (&& (== netstandard2.0) (>= uap10.0))
      System.Runtime.Extensions (>= 4.3) - restriction: || (&& (== net20) (>= netstandard1.0)) (&& (== net20) (>= netstandard1.1)) (&& (== net20) (>= netstandard1.2)) (&& (== net20) (>= netstandard1.3)) (&& (== net20) (>= netstandard1.4)) (&& (== net20) (>= netstandard1.5)) (&& (== net20) (>= netstandard1.6)) (&& (== net20) (>= uap10.0)) (&& (== net35) (>= netstandard1.0)) (&& (== net35) (>= netstandard1.1)) (&& (== net35) (>= netstandard1.2)) (&& (== net35) (>= netstandard1.3)) (&& (== net35) (>= netstandard1.4)) (&& (== net35) (>= netstandard1.5)) (&& (== net35) (>= netstandard1.6)) (&& (== net35) (>= uap10.0)) (&& (== net40) (>= netstandard1.0)) (&& (== net40) (>= netstandard1.1)) (&& (== net40) (>= netstandard1.2)) (&& (== net40) (>= netstandard1.3)) (&& (== net40) (>= netstandard1.4)) (&& (== net40) (>= netstandard1.5)) (&& (== net40) (>= netstandard1.6)) (&& (== net40) (>= uap10.0)) (&& (== net45) (< portable-net45+win8+wpa81)) (&& (== net45) (>= uap10.0)) (&& (== net46) (< net45)) (&& (== net46) (< portable-net45+win8+wpa81)) (&& (== net46) (>= uap10.0)) (== netstandard1.0) (== netstandard1.1) (== netstandard1.2) (== netstandard1.3) (== netstandard1.4) (== netstandard1.5) (== netstandard1.6) (&& (== netstandard2.0) (< netstandard1.2)) (&& (== netstandard2.0) (< netstandard1.3)) (&& (== netstandard2.0) (< netstandard1.4)) (&& (== netstandard2.0) (< netstandard1.5)) (&& (== netstandard2.0) (< netstandard1.6)) (&& (== netstandard2.0) (< portable-net45+win8+wpa81)) (&& (== netstandard2.0) (>= uap10.0))
      System.Runtime.Handles (>= 4.3) - restriction: || (&& (== net20) (>= netstandard1.3)) (&& (== net20) (>= netstandard1.4)) (&& (== net20) (>= netstandard1.5)) (&& (== net20) (>= netstandard1.6)) (&& (== net20) (>= uap10.0)) (&& (== net35) (>= netstandard1.3)) (&& (== net35) (>= netstandard1.4)) (&& (== net35) (>= netstandard1.5)) (&& (== net35) (>= netstandard1.6)) (&& (== net35) (>= uap10.0)) (&& (== net40) (>= netstandard1.3)) (&& (== net40) (>= netstandard1.4)) (&& (== net40) (>= netstandard1.5)) (&& (== net40) (>= netstandard1.6)) (&& (== net40) (>= uap10.0)) (&& (== net45) (>= uap10.0)) (&& (== net46) (< net45)) (&& (== net46) (>= uap10.0)) (&& (== netstandard1.0) (>= netstandard1.3)) (&& (== netstandard1.0) (>= netstandard1.4)) (&& (== netstandard1.0) (>= netstandard1.5)) (&& (== netstandard1.0) (>= netstandard1.6)) (&& (== netstandard1.0) (>= uap10.0)) (&& (== netstandard1.1) (>= netstandard1.3)) (&& (== netstandard1.1) (>= netstandard1.4)) (&& (== netstandard1.1) (>= netstandard1.5)) (&& (== netstandard1.1) (>= netstandard1.6)) (&& (== netstandard1.1) (>= uap10.0)) (&& (== netstandard1.2) (>= netstandard1.3)) (&& (== netstandard1.2) (>= netstandard1.4)) (&& (== netstandard1.2) (>= netstandard1.5)) (&& (== netstandard1.2) (>= netstandard1.6)) (&& (== netstandard1.2) (>= uap10.0)) (== netstandard1.3) (== netstandard1.4) (== netstandard1.5) (== netstandard1.6) (&& (== netstandard2.0) (< netstandard1.4)) (&& (== netstandard2.0) (< netstandard1.5)) (&& (== netstandard2.0) (< netstandard1.6)) (&& (== netstandard2.0) (>= uap10.0))
      System.Runtime.InteropServices (>= 4.3) - restriction: || (&& (== net20) (>= netstandard1.1)) (&& (== net20) (>= netstandard1.2)) (&& (== net20) (>= netstandard1.3)) (&& (== net20) (>= netstandard1.4)) (&& (== net20) (>= netstandard1.5)) (&& (== net20) (>= netstandard1.6)) (&& (== net20) (>= uap10.0)) (&& (== net35) (>= netstandard1.1)) (&& (== net35) (>= netstandard1.2)) (&& (== net35) (>= netstandard1.3)) (&& (== net35) (>= netstandard1.4)) (&& (== net35) (>= netstandard1.5)) (&& (== net35) (>= netstandard1.6)) (&& (== net35) (>= uap10.0)) (&& (== net40) (>= netstandard1.1)) (&& (== net40) (>= netstandard1.2)) (&& (== net40) (>= netstandard1.3)) (&& (== net40) (>= netstandard1.4)) (&& (== net40) (>= netstandard1.5)) (&& (== net40) (>= netstandard1.6)) (&& (== net40) (>= uap10.0)) (&& (== net45) (>= uap10.0)) (&& (== net46) (< net45)) (&& (== net46) (>= uap10.0)) (&& (== netstandard1.0) (>= netstandard1.1)) (&& (== netstandard1.0) (>= netstandard1.2)) (&& (== netstandard1.0) (>= netstandard1.3)) (&& (== netstandard1.0) (>= netstandard1.4)) (&& (== netstandard1.0) (>= netstandard1.5)) (&& (== netstandard1.0) (>= netstandard1.6)) (&& (== netstandard1.0) (>= uap10.0)) (== netstandard1.1) (== netstandard1.2) (== netstandard1.3) (== netstandard1.4) (== netstandard1.5) (== netstandard1.6) (&& (== netstandard2.0) (< netstandard1.2)) (&& (== netstandard2.0) (< netstandard1.3)) (&& (== netstandard2.0) (< netstandard1.4)) (&& (== netstandard2.0) (< netstandard1.5)) (&& (== netstandard2.0) (< netstandard1.6)) (&& (== netstandard2.0) (>= uap10.0))
      System.Runtime.InteropServices.RuntimeInformation (>= 4.3) - restriction: || (&& (== net20) (>= net45)) (&& (== net20) (>= net46)) (&& (== net20) (>= netstandard1.1)) (&& (== net20) (>= netstandard1.2)) (&& (== net20) (>= netstandard1.3)) (&& (== net20) (>= netstandard1.4)) (&& (== net20) (>= netstandard1.5)) (&& (== net20) (>= netstandard1.6)) (&& (== net20) (>= portable-net45+win8)) (&& (== net20) (>= portable-net45+win8+wpa81)) (&& (== net20) (>= uap10.0)) (&& (== net20) (>= win8)) (&& (== net20) (>= wpa81)) (&& (== net35) (>= net45)) (&& (== net35) (>= net46)) (&& (== net35) (>= netstandard1.1)) (&& (== net35) (>= netstandard1.2)) (&& (== net35) (>= netstandard1.3)) (&& (== net35) (>= netstandard1.4)) (&& (== net35) (>= netstandard1.5)) (&& (== net35) (>= netstandard1.6)) (&& (== net35) (>= portable-net45+win8)) (&& (== net35) (>= portable-net45+win8+wpa81)) (&& (== net35) (>= uap10.0)) (&& (== net35) (>= win8)) (&& (== net35) (>= wpa81)) (&& (== net40) (>= net45)) (&& (== net40) (>= net46)) (&& (== net40) (>= netstandard1.1)) (&& (== net40) (>= netstandard1.2)) (&& (== net40) (>= netstandard1.3)) (&& (== net40) (>= netstandard1.4)) (&& (== net40) (>= netstandard1.5)) (&& (== net40) (>= netstandard1.6)) (&& (== net40) (>= portable-net45+win8)) (&& (== net40) (>= portable-net45+win8+wpa81)) (&& (== net40) (>= uap10.0)) (&& (== net40) (>= win8)) (&& (== net40) (>= wpa81)) (== net45) (== net46) (&& (== netstandard1.0) (>= net45)) (&& (== netstandard1.0) (>= net46)) (&& (== netstandard1.0) (>= netstandard1.1)) (&& (== netstandard1.0) (>= netstandard1.2)) (&& (== netstandard1.0) (>= netstandard1.3)) (&& (== netstandard1.0) (>= netstandard1.4)) (&& (== netstandard1.0) (>= netstandard1.5)) (&& (== netstandard1.0) (>= netstandard1.6)) (&& (== netstandard1.0) (>= uap10.0)) (&& (== netstandard1.0) (>= wpa81)) (== netstandard1.1) (== netstandard1.2) (== netstandard1.3) (== netstandard1.4) (== netstandard1.5) (== netstandard1.6) (&& (== netstandard2.0) (< netstandard1.0)) (&& (== netstandard2.0) (< netstandard1.2)) (&& (== netstandard2.0) (< netstandard1.3)) (&& (== netstandard2.0) (< netstandard1.4)) (&& (== netstandard2.0) (< netstandard1.5)) (&& (== netstandard2.0) (< netstandard1.6)) (&& (== netstandard2.0) (>= uap10.0))
      System.Runtime.Numerics (>= 4.3) - restriction: || (&& (== net20) (>= netstandard1.1)) (&& (== net20) (>= netstandard1.2)) (&& (== net20) (>= netstandard1.3)) (&& (== net20) (>= netstandard1.4)) (&& (== net20) (>= netstandard1.5)) (&& (== net20) (>= netstandard1.6)) (&& (== net20) (>= uap10.0)) (&& (== net35) (>= netstandard1.1)) (&& (== net35) (>= netstandard1.2)) (&& (== net35) (>= netstandard1.3)) (&& (== net35) (>= netstandard1.4)) (&& (== net35) (>= netstandard1.5)) (&& (== net35) (>= netstandard1.6)) (&& (== net35) (>= uap10.0)) (&& (== net40) (>= netstandard1.1)) (&& (== net40) (>= netstandard1.2)) (&& (== net40) (>= netstandard1.3)) (&& (== net40) (>= netstandard1.4)) (&& (== net40) (>= netstandard1.5)) (&& (== net40) (>= netstandard1.6)) (&& (== net40) (>= uap10.0)) (&& (== net45) (>= uap10.0)) (&& (== net46) (< net45)) (&& (== net46) (>= uap10.0)) (&& (== netstandard1.0) (>= netstandard1.1)) (&& (== netstandard1.0) (>= netstandard1.2)) (&& (== netstandard1.0) (>= netstandard1.3)) (&& (== netstandard1.0) (>= netstandard1.4)) (&& (== netstandard1.0) (>= netstandard1.5)) (&& (== netstandard1.0) (>= netstandard1.6)) (&& (== netstandard1.0) (>= uap10.0)) (== netstandard1.1) (== netstandard1.2) (== netstandard1.3) (== netstandard1.4) (== netstandard1.5) (== netstandard1.6) (&& (== netstandard2.0) (< netstandard1.2)) (&& (== netstandard2.0) (< netstandard1.3)) (&& (== netstandard2.0) (< netstandard1.4)) (&& (== netstandard2.0) (< netstandard1.5)) (&& (== netstandard2.0) (< netstandard1.6)) (&& (== netstandard2.0) (>= uap10.0))
      System.Security.Cryptography.Algorithms (>= 4.3) - restriction: || (&& (== net20) (>= net46)) (&& (== net20) (>= netstandard1.3)) (&& (== net20) (>= netstandard1.4)) (&& (== net20) (>= netstandard1.5)) (&& (== net20) (>= netstandard1.6)) (&& (== net20) (>= uap10.0)) (&& (== net35) (>= net46)) (&& (== net35) (>= netstandard1.3)) (&& (== net35) (>= netstandard1.4)) (&& (== net35) (>= netstandard1.5)) (&& (== net35) (>= netstandard1.6)) (&& (== net35) (>= uap10.0)) (&& (== net40) (>= net46)) (&& (== net40) (>= netstandard1.3)) (&& (== net40) (>= netstandard1.4)) (&& (== net40) (>= netstandard1.5)) (&& (== net40) (>= netstandard1.6)) (&& (== net40) (>= uap10.0)) (&& (== net45) (>= net46)) (&& (== net45) (>= uap10.0)) (== net46) (&& (== netstandard1.0) (>= net46)) (&& (== netstandard1.0) (>= netstandard1.3)) (&& (== netstandard1.0) (>= netstandard1.4)) (&& (== netstandard1.0) (>= netstandard1.5)) (&& (== netstandard1.0) (>= netstandard1.6)) (&& (== netstandard1.0) (>= uap10.0)) (&& (== netstandard1.1) (>= net46)) (&& (== netstandard1.1) (>= netstandard1.3)) (&& (== netstandard1.1) (>= netstandard1.4)) (&& (== netstandard1.1) (>= netstandard1.5)) (&& (== netstandard1.1) (>= netstandard1.6)) (&& (== netstandard1.1) (>= uap10.0)) (&& (== netstandard1.2) (>= net46)) (&& (== netstandard1.2) (>= netstandard1.3)) (&& (== netstandard1.2) (>= netstandard1.4)) (&& (== netstandard1.2) (>= netstandard1.5)) (&& (== netstandard1.2) (>= netstandard1.6)) (&& (== netstandard1.2) (>= uap10.0)) (== netstandard1.3) (== netstandard1.4) (== netstandard1.5) (== netstandard1.6) (&& (== netstandard2.0) (< netstandard1.4)) (&& (== netstandard2.0) (< netstandard1.5)) (&& (== netstandard2.0) (< netstandard1.6)) (&& (== netstandard2.0) (>= uap10.0))
      System.Security.Cryptography.Encoding (>= 4.3) - restriction: || (&& (== net20) (>= net46)) (&& (== net20) (>= netstandard1.3)) (&& (== net20) (>= netstandard1.4)) (&& (== net20) (>= netstandard1.5)) (&& (== net20) (>= netstandard1.6)) (&& (== net20) (>= uap10.0)) (&& (== net35) (>= net46)) (&& (== net35) (>= netstandard1.3)) (&& (== net35) (>= netstandard1.4)) (&& (== net35) (>= netstandard1.5)) (&& (== net35) (>= netstandard1.6)) (&& (== net35) (>= uap10.0)) (&& (== net40) (>= net46)) (&& (== net40) (>= netstandard1.3)) (&& (== net40) (>= netstandard1.4)) (&& (== net40) (>= netstandard1.5)) (&& (== net40) (>= netstandard1.6)) (&& (== net40) (>= uap10.0)) (&& (== net45) (>= net46)) (&& (== net45) (>= uap10.0)) (== net46) (&& (== netstandard1.0) (>= net46)) (&& (== netstandard1.0) (>= netstandard1.3)) (&& (== netstandard1.0) (>= netstandard1.4)) (&& (== netstandard1.0) (>= netstandard1.5)) (&& (== netstandard1.0) (>= netstandard1.6)) (&& (== netstandard1.0) (>= uap10.0)) (&& (== netstandard1.1) (>= net46)) (&& (== netstandard1.1) (>= netstandard1.3)) (&& (== netstandard1.1) (>= netstandard1.4)) (&& (== netstandard1.1) (>= netstandard1.5)) (&& (== netstandard1.1) (>= netstandard1.6)) (&& (== netstandard1.1) (>= uap10.0)) (&& (== netstandard1.2) (>= net46)) (&& (== netstandard1.2) (>= netstandard1.3)) (&& (== netstandard1.2) (>= netstandard1.4)) (&& (== netstandard1.2) (>= netstandard1.5)) (&& (== netstandard1.2) (>= netstandard1.6)) (&& (== netstandard1.2) (>= uap10.0)) (== netstandard1.3) (== netstandard1.4) (== netstandard1.5) (== netstandard1.6) (&& (== netstandard2.0) (< netstandard1.4)) (&& (== netstandard2.0) (< netstandard1.5)) (&& (== netstandard2.0) (< netstandard1.6)) (&& (== netstandard2.0) (>= uap10.0))
      System.Security.Cryptography.Primitives (>= 4.3) - restriction: || (&& (== net20) (>= net46)) (&& (== net20) (>= netstandard1.3)) (&& (== net20) (>= netstandard1.4)) (&& (== net20) (>= netstandard1.5)) (&& (== net20) (>= netstandard1.6)) (&& (== net20) (>= uap10.0)) (&& (== net35) (>= net46)) (&& (== net35) (>= netstandard1.3)) (&& (== net35) (>= netstandard1.4)) (&& (== net35) (>= netstandard1.5)) (&& (== net35) (>= netstandard1.6)) (&& (== net35) (>= uap10.0)) (&& (== net40) (>= net46)) (&& (== net40) (>= netstandard1.3)) (&& (== net40) (>= netstandard1.4)) (&& (== net40) (>= netstandard1.5)) (&& (== net40) (>= netstandard1.6)) (&& (== net40) (>= uap10.0)) (&& (== net45) (>= net46)) (&& (== net45) (>= uap10.0)) (== net46) (&& (== netstandard1.0) (>= net46)) (&& (== netstandard1.0) (>= netstandard1.3)) (&& (== netstandard1.0) (>= netstandard1.4)) (&& (== netstandard1.0) (>= netstandard1.5)) (&& (== netstandard1.0) (>= netstandard1.6)) (&& (== netstandard1.0) (>= uap10.0)) (&& (== netstandard1.1) (>= net46)) (&& (== netstandard1.1) (>= netstandard1.3)) (&& (== netstandard1.1) (>= netstandard1.4)) (&& (== netstandard1.1) (>= netstandard1.5)) (&& (== netstandard1.1) (>= netstandard1.6)) (&& (== netstandard1.1) (>= uap10.0)) (&& (== netstandard1.2) (>= net46)) (&& (== netstandard1.2) (>= netstandard1.3)) (&& (== netstandard1.2) (>= netstandard1.4)) (&& (== netstandard1.2) (>= netstandard1.5)) (&& (== netstandard1.2) (>= netstandard1.6)) (&& (== netstandard1.2) (>= uap10.0)) (== netstandard1.3) (== netstandard1.4) (== netstandard1.5) (== netstandard1.6) (&& (== netstandard2.0) (< netstandard1.4)) (&& (== netstandard2.0) (< netstandard1.5)) (&& (== netstandard2.0) (< netstandard1.6)) (&& (== netstandard2.0) (>= uap10.0))
      System.Security.Cryptography.X509Certificates (>= 4.3) - restriction: || (&& (== net20) (>= net46)) (&& (== net20) (>= netstandard1.3)) (&& (== net20) (>= netstandard1.4)) (&& (== net20) (>= netstandard1.5)) (&& (== net20) (>= netstandard1.6)) (&& (== net20) (>= uap10.0)) (&& (== net35) (>= net46)) (&& (== net35) (>= netstandard1.3)) (&& (== net35) (>= netstandard1.4)) (&& (== net35) (>= netstandard1.5)) (&& (== net35) (>= netstandard1.6)) (&& (== net35) (>= uap10.0)) (&& (== net40) (>= net46)) (&& (== net40) (>= netstandard1.3)) (&& (== net40) (>= netstandard1.4)) (&& (== net40) (>= netstandard1.5)) (&& (== net40) (>= netstandard1.6)) (&& (== net40) (>= uap10.0)) (&& (== net45) (>= net46)) (&& (== net45) (>= uap10.0)) (== net46) (&& (== netstandard1.0) (>= net46)) (&& (== netstandard1.0) (>= netstandard1.3)) (&& (== netstandard1.0) (>= netstandard1.4)) (&& (== netstandard1.0) (>= netstandard1.5)) (&& (== netstandard1.0) (>= netstandard1.6)) (&& (== netstandard1.0) (>= uap10.0)) (&& (== netstandard1.1) (>= net46)) (&& (== netstandard1.1) (>= netstandard1.3)) (&& (== netstandard1.1) (>= netstandard1.4)) (&& (== netstandard1.1) (>= netstandard1.5)) (&& (== netstandard1.1) (>= netstandard1.6)) (&& (== netstandard1.1) (>= uap10.0)) (&& (== netstandard1.2) (>= net46)) (&& (== netstandard1.2) (>= netstandard1.3)) (&& (== netstandard1.2) (>= netstandard1.4)) (&& (== netstandard1.2) (>= netstandard1.5)) (&& (== netstandard1.2) (>= netstandard1.6)) (&& (== netstandard1.2) (>= uap10.0)) (== netstandard1.3) (== netstandard1.4) (== netstandard1.5) (== netstandard1.6) (&& (== netstandard2.0) (< netstandard1.4)) (&& (== netstandard2.0) (< netstandard1.5)) (&& (== netstandard2.0) (< netstandard1.6)) (&& (== netstandard2.0) (>= uap10.0))
      System.Text.Encoding (>= 4.3) - restriction: || (&& (== net20) (>= netstandard1.0)) (&& (== net20) (>= netstandard1.1)) (&& (== net20) (>= netstandard1.2)) (&& (== net20) (>= netstandard1.3)) (&& (== net20) (>= netstandard1.4)) (&& (== net20) (>= netstandard1.5)) (&& (== net20) (>= netstandard1.6)) (&& (== net20) (>= uap10.0)) (&& (== net35) (>= netstandard1.0)) (&& (== net35) (>= netstandard1.1)) (&& (== net35) (>= netstandard1.2)) (&& (== net35) (>= netstandard1.3)) (&& (== net35) (>= netstandard1.4)) (&& (== net35) (>= netstandard1.5)) (&& (== net35) (>= netstandard1.6)) (&& (== net35) (>= uap10.0)) (&& (== net40) (>= netstandard1.0)) (&& (== net40) (>= netstandard1.1)) (&& (== net40) (>= netstandard1.2)) (&& (== net40) (>= netstandard1.3)) (&& (== net40) (>= netstandard1.4)) (&& (== net40) (>= netstandard1.5)) (&& (== net40) (>= netstandard1.6)) (&& (== net40) (>= uap10.0)) (&& (== net45) (< portable-net45+win8+wpa81)) (&& (== net45) (>= uap10.0)) (&& (== net46) (< net45)) (&& (== net46) (< portable-net45+win8+wpa81)) (&& (== net46) (>= uap10.0)) (== netstandard1.0) (== netstandard1.1) (== netstandard1.2) (== netstandard1.3) (== netstandard1.4) (== netstandard1.5) (== netstandard1.6) (&& (== netstandard2.0) (< netstandard1.2)) (&& (== netstandard2.0) (< netstandard1.3)) (&& (== netstandard2.0) (< netstandard1.4)) (&& (== netstandard2.0) (< netstandard1.5)) (&& (== netstandard2.0) (< netstandard1.6)) (&& (== netstandard2.0) (< portable-net45+win8+wpa81)) (&& (== netstandard2.0) (>= uap10.0))
      System.Text.Encoding.Extensions (>= 4.3) - restriction: || (&& (== net20) (>= netstandard1.0)) (&& (== net20) (>= netstandard1.1)) (&& (== net20) (>= netstandard1.2)) (&& (== net20) (>= netstandard1.3)) (&& (== net20) (>= netstandard1.4)) (&& (== net20) (>= netstandard1.5)) (&& (== net20) (>= netstandard1.6)) (&& (== net20) (>= uap10.0)) (&& (== net35) (>= netstandard1.0)) (&& (== net35) (>= netstandard1.1)) (&& (== net35) (>= netstandard1.2)) (&& (== net35) (>= netstandard1.3)) (&& (== net35) (>= netstandard1.4)) (&& (== net35) (>= netstandard1.5)) (&& (== net35) (>= netstandard1.6)) (&& (== net35) (>= uap10.0)) (&& (== net40) (>= netstandard1.0)) (&& (== net40) (>= netstandard1.1)) (&& (== net40) (>= netstandard1.2)) (&& (== net40) (>= netstandard1.3)) (&& (== net40) (>= netstandard1.4)) (&& (== net40) (>= netstandard1.5)) (&& (== net40) (>= netstandard1.6)) (&& (== net40) (>= uap10.0)) (&& (== net45) (< portable-net45+win8+wpa81)) (&& (== net45) (>= uap10.0)) (&& (== net46) (< net45)) (&& (== net46) (< portable-net45+win8+wpa81)) (&& (== net46) (>= uap10.0)) (== netstandard1.0) (== netstandard1.1) (== netstandard1.2) (== netstandard1.3) (== netstandard1.4) (== netstandard1.5) (== netstandard1.6) (&& (== netstandard2.0) (< netstandard1.2)) (&& (== netstandard2.0) (< netstandard1.3)) (&& (== netstandard2.0) (< netstandard1.4)) (&& (== netstandard2.0) (< netstandard1.5)) (&& (== netstandard2.0) (< netstandard1.6)) (&& (== netstandard2.0) (< portable-net45+win8+wpa81)) (&& (== netstandard2.0) (>= uap10.0))
      System.Text.RegularExpressions (>= 4.3) - restriction: || (&& (== net20) (>= netstandard1.0)) (&& (== net20) (>= netstandard1.1)) (&& (== net20) (>= netstandard1.2)) (&& (== net20) (>= netstandard1.3)) (&& (== net20) (>= netstandard1.4)) (&& (== net20) (>= netstandard1.5)) (&& (== net20) (>= netstandard1.6)) (&& (== net20) (>= uap10.0)) (&& (== net35) (>= netstandard1.0)) (&& (== net35) (>= netstandard1.1)) (&& (== net35) (>= netstandard1.2)) (&& (== net35) (>= netstandard1.3)) (&& (== net35) (>= netstandard1.4)) (&& (== net35) (>= netstandard1.5)) (&& (== net35) (>= netstandard1.6)) (&& (== net35) (>= uap10.0)) (&& (== net40) (>= netstandard1.0)) (&& (== net40) (>= netstandard1.1)) (&& (== net40) (>= netstandard1.2)) (&& (== net40) (>= netstandard1.3)) (&& (== net40) (>= netstandard1.4)) (&& (== net40) (>= netstandard1.5)) (&& (== net40) (>= netstandard1.6)) (&& (== net40) (>= uap10.0)) (&& (== net45) (< portable-net45+win8+wpa81)) (&& (== net45) (>= uap10.0)) (&& (== net46) (< net45)) (&& (== net46) (< portable-net45+win8+wpa81)) (&& (== net46) (>= uap10.0)) (== netstandard1.0) (== netstandard1.1) (== netstandard1.2) (== netstandard1.3) (== netstandard1.4) (== netstandard1.5) (== netstandard1.6) (&& (== netstandard2.0) (< netstandard1.2)) (&& (== netstandard2.0) (< netstandard1.3)) (&& (== netstandard2.0) (< netstandard1.4)) (&& (== netstandard2.0) (< netstandard1.5)) (&& (== netstandard2.0) (< netstandard1.6)) (&& (== netstandard2.0) (< portable-net45+win8+wpa81)) (&& (== netstandard2.0) (>= uap10.0))
      System.Threading (>= 4.3) - restriction: || (&& (== net20) (>= netstandard1.0)) (&& (== net20) (>= netstandard1.1)) (&& (== net20) (>= netstandard1.2)) (&& (== net20) (>= netstandard1.3)) (&& (== net20) (>= netstandard1.4)) (&& (== net20) (>= netstandard1.5)) (&& (== net20) (>= netstandard1.6)) (&& (== net20) (>= uap10.0)) (&& (== net35) (>= netstandard1.0)) (&& (== net35) (>= netstandard1.1)) (&& (== net35) (>= netstandard1.2)) (&& (== net35) (>= netstandard1.3)) (&& (== net35) (>= netstandard1.4)) (&& (== net35) (>= netstandard1.5)) (&& (== net35) (>= netstandard1.6)) (&& (== net35) (>= uap10.0)) (&& (== net40) (>= netstandard1.0)) (&& (== net40) (>= netstandard1.1)) (&& (== net40) (>= netstandard1.2)) (&& (== net40) (>= netstandard1.3)) (&& (== net40) (>= netstandard1.4)) (&& (== net40) (>= netstandard1.5)) (&& (== net40) (>= netstandard1.6)) (&& (== net40) (>= uap10.0)) (&& (== net45) (< portable-net45+win8+wpa81)) (&& (== net45) (>= uap10.0)) (&& (== net46) (< net45)) (&& (== net46) (< portable-net45+win8+wpa81)) (&& (== net46) (>= uap10.0)) (== netstandard1.0) (== netstandard1.1) (== netstandard1.2) (== netstandard1.3) (== netstandard1.4) (== netstandard1.5) (== netstandard1.6) (&& (== netstandard2.0) (< netstandard1.2)) (&& (== netstandard2.0) (< netstandard1.3)) (&& (== netstandard2.0) (< netstandard1.4)) (&& (== netstandard2.0) (< netstandard1.5)) (&& (== netstandard2.0) (< netstandard1.6)) (&& (== netstandard2.0) (< portable-net45+win8+wpa81)) (&& (== netstandard2.0) (>= uap10.0))
      System.Threading.Tasks (>= 4.3) - restriction: || (&& (== net20) (>= netstandard1.0)) (&& (== net20) (>= netstandard1.1)) (&& (== net20) (>= netstandard1.2)) (&& (== net20) (>= netstandard1.3)) (&& (== net20) (>= netstandard1.4)) (&& (== net20) (>= netstandard1.5)) (&& (== net20) (>= netstandard1.6)) (&& (== net20) (>= uap10.0)) (&& (== net35) (>= netstandard1.0)) (&& (== net35) (>= netstandard1.1)) (&& (== net35) (>= netstandard1.2)) (&& (== net35) (>= netstandard1.3)) (&& (== net35) (>= netstandard1.4)) (&& (== net35) (>= netstandard1.5)) (&& (== net35) (>= netstandard1.6)) (&& (== net35) (>= uap10.0)) (&& (== net40) (>= netstandard1.0)) (&& (== net40) (>= netstandard1.1)) (&& (== net40) (>= netstandard1.2)) (&& (== net40) (>= netstandard1.3)) (&& (== net40) (>= netstandard1.4)) (&& (== net40) (>= netstandard1.5)) (&& (== net40) (>= netstandard1.6)) (&& (== net40) (>= uap10.0)) (&& (== net45) (< portable-net45+win8+wpa81)) (&& (== net45) (>= uap10.0)) (&& (== net46) (< net45)) (&& (== net46) (< portable-net45+win8+wpa81)) (&& (== net46) (>= uap10.0)) (== netstandard1.0) (== netstandard1.1) (== netstandard1.2) (== netstandard1.3) (== netstandard1.4) (== netstandard1.5) (== netstandard1.6) (&& (== netstandard2.0) (< netstandard1.2)) (&& (== netstandard2.0) (< netstandard1.3)) (&& (== netstandard2.0) (< netstandard1.4)) (&& (== netstandard2.0) (< netstandard1.5)) (&& (== netstandard2.0) (< netstandard1.6)) (&& (== netstandard2.0) (< portable-net45+win8+wpa81)) (&& (== netstandard2.0) (>= uap10.0))
      System.Threading.Timer (>= 4.3) - restriction: || (&& (== net20) (>= netstandard1.2)) (&& (== net20) (>= netstandard1.3)) (&& (== net20) (>= netstandard1.4)) (&& (== net20) (>= netstandard1.5)) (&& (== net20) (>= netstandard1.6)) (&& (== net20) (>= uap10.0)) (&& (== net35) (>= netstandard1.2)) (&& (== net35) (>= netstandard1.3)) (&& (== net35) (>= netstandard1.4)) (&& (== net35) (>= netstandard1.5)) (&& (== net35) (>= netstandard1.6)) (&& (== net35) (>= uap10.0)) (&& (== net40) (>= netstandard1.2)) (&& (== net40) (>= netstandard1.3)) (&& (== net40) (>= netstandard1.4)) (&& (== net40) (>= netstandard1.5)) (&& (== net40) (>= netstandard1.6)) (&& (== net40) (>= uap10.0)) (&& (== net45) (>= uap10.0)) (&& (== net46) (< net45)) (&& (== net46) (>= uap10.0)) (&& (== netstandard1.0) (>= netstandard1.2)) (&& (== netstandard1.0) (>= netstandard1.3)) (&& (== netstandard1.0) (>= netstandard1.4)) (&& (== netstandard1.0) (>= netstandard1.5)) (&& (== netstandard1.0) (>= netstandard1.6)) (&& (== netstandard1.0) (>= uap10.0)) (&& (== netstandard1.1) (>= netstandard1.2)) (&& (== netstandard1.1) (>= netstandard1.3)) (&& (== netstandard1.1) (>= netstandard1.4)) (&& (== netstandard1.1) (>= netstandard1.5)) (&& (== netstandard1.1) (>= netstandard1.6)) (&& (== netstandard1.1) (>= uap10.0)) (== netstandard1.2) (== netstandard1.3) (== netstandard1.4) (== netstandard1.5) (== netstandard1.6) (&& (== netstandard2.0) (< netstandard1.3)) (&& (== netstandard2.0) (< netstandard1.4)) (&& (== netstandard2.0) (< netstandard1.5)) (&& (== netstandard2.0) (< netstandard1.6)) (&& (== netstandard2.0) (>= uap10.0))
      System.Xml.ReaderWriter (>= 4.3) - restriction: || (&& (== net20) (>= net46)) (&& (== net20) (>= netstandard1.0)) (&& (== net20) (>= netstandard1.1)) (&& (== net20) (>= netstandard1.2)) (&& (== net20) (>= netstandard1.3)) (&& (== net20) (>= netstandard1.4)) (&& (== net20) (>= netstandard1.5)) (&& (== net20) (>= netstandard1.6)) (&& (== net20) (>= uap10.0)) (&& (== net35) (>= net46)) (&& (== net35) (>= netstandard1.0)) (&& (== net35) (>= netstandard1.1)) (&& (== net35) (>= netstandard1.2)) (&& (== net35) (>= netstandard1.3)) (&& (== net35) (>= netstandard1.4)) (&& (== net35) (>= netstandard1.5)) (&& (== net35) (>= netstandard1.6)) (&& (== net35) (>= uap10.0)) (&& (== net40) (>= net46)) (&& (== net40) (>= netstandard1.0)) (&& (== net40) (>= netstandard1.1)) (&& (== net40) (>= netstandard1.2)) (&& (== net40) (>= netstandard1.3)) (&& (== net40) (>= netstandard1.4)) (&& (== net40) (>= netstandard1.5)) (&& (== net40) (>= netstandard1.6)) (&& (== net40) (>= uap10.0)) (&& (== net45) (>= net46)) (&& (== net45) (< portable-net45+win8+wpa81)) (&& (== net45) (>= uap10.0)) (== net46) (== netstandard1.0) (== netstandard1.1) (== netstandard1.2) (== netstandard1.3) (== netstandard1.4) (== netstandard1.5) (== netstandard1.6) (&& (== netstandard2.0) (< netstandard1.2)) (&& (== netstandard2.0) (< netstandard1.3)) (&& (== netstandard2.0) (< netstandard1.4)) (&& (== netstandard2.0) (< netstandard1.5)) (&& (== netstandard2.0) (< netstandard1.6)) (&& (== netstandard2.0) (< portable-net45+win8+wpa81)) (&& (== netstandard2.0) (>= uap10.0))
      System.Xml.XDocument (>= 4.3) - restriction: || (&& (== net20) (>= netstandard1.0)) (&& (== net20) (>= netstandard1.1)) (&& (== net20) (>= netstandard1.2)) (&& (== net20) (>= netstandard1.3)) (&& (== net20) (>= netstandard1.4)) (&& (== net20) (>= netstandard1.5)) (&& (== net20) (>= netstandard1.6)) (&& (== net20) (>= uap10.0)) (&& (== net35) (>= netstandard1.0)) (&& (== net35) (>= netstandard1.1)) (&& (== net35) (>= netstandard1.2)) (&& (== net35) (>= netstandard1.3)) (&& (== net35) (>= netstandard1.4)) (&& (== net35) (>= netstandard1.5)) (&& (== net35) (>= netstandard1.6)) (&& (== net35) (>= uap10.0)) (&& (== net40) (>= netstandard1.0)) (&& (== net40) (>= netstandard1.1)) (&& (== net40) (>= netstandard1.2)) (&& (== net40) (>= netstandard1.3)) (&& (== net40) (>= netstandard1.4)) (&& (== net40) (>= netstandard1.5)) (&& (== net40) (>= netstandard1.6)) (&& (== net40) (>= uap10.0)) (&& (== net45) (< portable-net45+win8+wpa81)) (&& (== net45) (>= uap10.0)) (&& (== net46) (< net45)) (&& (== net46) (< portable-net45+win8+wpa81)) (&& (== net46) (>= uap10.0)) (== netstandard1.0) (== netstandard1.1) (== netstandard1.2) (== netstandard1.3) (== netstandard1.4) (== netstandard1.5) (== netstandard1.6) (&& (== netstandard2.0) (< netstandard1.2)) (&& (== netstandard2.0) (< netstandard1.3)) (&& (== netstandard2.0) (< netstandard1.4)) (&& (== netstandard2.0) (< netstandard1.5)) (&& (== netstandard2.0) (< netstandard1.6)) (&& (== netstandard2.0) (< portable-net45+win8+wpa81)) (&& (== netstandard2.0) (>= uap10.0))
    NUnit (3.12)
      NETStandard.Library (>= 1.6.1) - restriction: || (&& (== net20) (>= netstandard1.4)) (&& (== net40) (< net35) (>= netstandard1.4)) (&& (== net45) (< net35) (>= netstandard1.4)) (&& (== net46) (< net35) (>= netstandard1.4)) (&& (== netstandard1.0) (>= netstandard1.4)) (&& (== netstandard1.1) (>= netstandard1.4)) (&& (== netstandard1.2) (>= netstandard1.4)) (&& (== netstandard1.3) (>= netstandard1.4)) (== netstandard1.4) (== netstandard1.5) (== netstandard1.6)
      NETStandard.Library (>= 2.0) - restriction: || (&& (== net20) (>= netstandard2.0)) (&& (== net40) (< net35) (>= netstandard2.0)) (&& (== net45) (< net35) (>= netstandard2.0)) (&& (== net46) (< net35) (>= netstandard2.0)) (&& (== netstandard1.0) (>= netstandard2.0)) (&& (== netstandard1.1) (>= netstandard2.0)) (&& (== netstandard1.2) (>= netstandard2.0)) (&& (== netstandard1.3) (>= netstandard2.0)) (&& (== netstandard1.4) (>= netstandard2.0)) (&& (== netstandard1.5) (>= netstandard2.0)) (&& (== netstandard1.6) (>= netstandard2.0)) (== netstandard2.0)
      System.ComponentModel.TypeConverter (>= 4.3) - restriction: || (&& (== net20) (>= netstandard1.4)) (&& (== net40) (< net35) (>= netstandard1.4)) (&& (== net45) (< net35) (>= netstandard1.4)) (&& (== net46) (< net35) (>= netstandard1.4)) (&& (== netstandard1.0) (>= netstandard1.4)) (&& (== netstandard1.1) (>= netstandard1.4)) (&& (== netstandard1.2) (>= netstandard1.4)) (&& (== netstandard1.3) (>= netstandard1.4)) (== netstandard1.4) (== netstandard1.5) (== netstandard1.6)
      System.Reflection.TypeExtensions (>= 4.4) - restriction: || (&& (== net20) (>= netstandard1.4)) (&& (== net40) (< net35) (>= netstandard1.4)) (&& (== net45) (< net35) (>= netstandard1.4)) (&& (== net46) (< net35) (>= netstandard1.4)) (&& (== netstandard1.0) (>= netstandard1.4)) (&& (== netstandard1.1) (>= netstandard1.4)) (&& (== netstandard1.2) (>= netstandard1.4)) (&& (== netstandard1.3) (>= netstandard1.4)) (== netstandard1.4) (== netstandard1.5) (== netstandard1.6)
    NUnit3TestAdapter (3.13)
    runtime.debian.8-x64.runtime.native.System.Security.Cryptography.OpenSsl (4.3.3) - restriction: || (&& (== net20) (== netstandard2.0)) (&& (== net20) (>= netstandard1.6)) (&& (== net20) (>= netstandard2.0)) (&& (== net35) (== netstandard2.0)) (&& (== net40) (== netstandard1.4) (>= netstandard2.0)) (&& (== net40) (== netstandard1.5) (>= netstandard2.0)) (&& (== net40) (== netstandard2.0)) (&& (== net40) (< net35) (>= netstandard1.6)) (&& (== net40) (< net35) (>= netstandard2.0)) (&& (== net40) (>= netstandard1.6) (>= uap10.0)) (&& (== net45) (== netstandard1.4) (>= netstandard2.0)) (&& (== net45) (== netstandard1.5) (>= netstandard2.0)) (&& (== net45) (== netstandard2.0)) (&& (== net45) (< net35) (>= netstandard1.6)) (&& (== net45) (< net35) (>= netstandard2.0)) (&& (== net45) (>= netstandard1.6) (>= uap10.0)) (&& (== net46) (== netstandard1.4) (>= netstandard2.0)) (&& (== net46) (== netstandard1.5) (>= netstandard2.0)) (&& (== net46) (== netstandard2.0)) (&& (== net46) (< net35) (>= netstandard1.6)) (&& (== net46) (< net35) (>= netstandard2.0)) (&& (== net46) (>= netstandard1.6) (>= uap10.0)) (&& (== netstandard1.0) (== netstandard2.0)) (&& (== netstandard1.0) (>= netstandard1.6)) (&& (== netstandard1.0) (>= netstandard2.0)) (&& (== netstandard1.1) (== netstandard2.0)) (&& (== netstandard1.1) (>= netstandard1.6)) (&& (== netstandard1.1) (>= netstandard2.0)) (&& (== netstandard1.2) (== netstandard2.0)) (&& (== netstandard1.2) (>= netstandard1.6)) (&& (== netstandard1.2) (>= netstandard2.0)) (&& (== netstandard1.3) (== netstandard2.0)) (&& (== netstandard1.3) (>= netstandard1.6)) (&& (== netstandard1.3) (>= netstandard2.0)) (&& (== netstandard1.4) (== netstandard2.0)) (&& (== netstandard1.4) (>= netstandard1.6)) (&& (== netstandard1.5) (== netstandard2.0)) (&& (== netstandard1.5) (>= netstandard1.6)) (== netstandard1.6) (&& (== netstandard2.0) (< netstandard1.2)) (&& (== netstandard2.0) (< netstandard1.3)) (&& (== netstandard2.0) (< netstandard1.4)) (&& (== netstandard2.0) (< netstandard1.5)) (&& (== netstandard2.0) (< netstandard1.6)) (&& (== netstandard2.0) (>= uap10.0))
    runtime.debian.9-x64.runtime.native.System.Security.Cryptography.OpenSsl (4.3.3) - restriction: || (&& (== net20) (== netstandard2.0)) (&& (== net20) (>= netstandard1.6)) (&& (== net20) (>= netstandard2.0)) (&& (== net35) (== netstandard2.0)) (&& (== net40) (== netstandard1.4) (>= netstandard2.0)) (&& (== net40) (== netstandard1.5) (>= netstandard2.0)) (&& (== net40) (== netstandard2.0)) (&& (== net40) (< net35) (>= netstandard1.6)) (&& (== net40) (< net35) (>= netstandard2.0)) (&& (== net40) (>= netstandard1.6) (>= uap10.0)) (&& (== net45) (== netstandard1.4) (>= netstandard2.0)) (&& (== net45) (== netstandard1.5) (>= netstandard2.0)) (&& (== net45) (== netstandard2.0)) (&& (== net45) (< net35) (>= netstandard1.6)) (&& (== net45) (< net35) (>= netstandard2.0)) (&& (== net45) (>= netstandard1.6) (>= uap10.0)) (&& (== net46) (== netstandard1.4) (>= netstandard2.0)) (&& (== net46) (== netstandard1.5) (>= netstandard2.0)) (&& (== net46) (== netstandard2.0)) (&& (== net46) (< net35) (>= netstandard1.6)) (&& (== net46) (< net35) (>= netstandard2.0)) (&& (== net46) (>= netstandard1.6) (>= uap10.0)) (&& (== netstandard1.0) (== netstandard2.0)) (&& (== netstandard1.0) (>= netstandard1.6)) (&& (== netstandard1.0) (>= netstandard2.0)) (&& (== netstandard1.1) (== netstandard2.0)) (&& (== netstandard1.1) (>= netstandard1.6)) (&& (== netstandard1.1) (>= netstandard2.0)) (&& (== netstandard1.2) (== netstandard2.0)) (&& (== netstandard1.2) (>= netstandard1.6)) (&& (== netstandard1.2) (>= netstandard2.0)) (&& (== netstandard1.3) (== netstandard2.0)) (&& (== netstandard1.3) (>= netstandard1.6)) (&& (== netstandard1.3) (>= netstandard2.0)) (&& (== netstandard1.4) (== netstandard2.0)) (&& (== netstandard1.4) (>= netstandard1.6)) (&& (== netstandard1.5) (== netstandard2.0)) (&& (== netstandard1.5) (>= netstandard1.6)) (== netstandard1.6) (&& (== netstandard2.0) (< netstandard1.2)) (&& (== netstandard2.0) (< netstandard1.3)) (&& (== netstandard2.0) (< netstandard1.4)) (&& (== netstandard2.0) (< netstandard1.5)) (&& (== netstandard2.0) (< netstandard1.6)) (&& (== netstandard2.0) (>= uap10.0))
    runtime.fedora.23-x64.runtime.native.System.Security.Cryptography.OpenSsl (4.3.3) - restriction: || (&& (== net20) (== netstandard2.0)) (&& (== net20) (>= netstandard1.6)) (&& (== net20) (>= netstandard2.0)) (&& (== net35) (== netstandard2.0)) (&& (== net40) (== netstandard1.4) (>= netstandard2.0)) (&& (== net40) (== netstandard1.5) (>= netstandard2.0)) (&& (== net40) (== netstandard2.0)) (&& (== net40) (< net35) (>= netstandard1.6)) (&& (== net40) (< net35) (>= netstandard2.0)) (&& (== net40) (>= netstandard1.6) (>= uap10.0)) (&& (== net45) (== netstandard1.4) (>= netstandard2.0)) (&& (== net45) (== netstandard1.5) (>= netstandard2.0)) (&& (== net45) (== netstandard2.0)) (&& (== net45) (< net35) (>= netstandard1.6)) (&& (== net45) (< net35) (>= netstandard2.0)) (&& (== net45) (>= netstandard1.6) (>= uap10.0)) (&& (== net46) (== netstandard1.4) (>= netstandard2.0)) (&& (== net46) (== netstandard1.5) (>= netstandard2.0)) (&& (== net46) (== netstandard2.0)) (&& (== net46) (< net35) (>= netstandard1.6)) (&& (== net46) (< net35) (>= netstandard2.0)) (&& (== net46) (>= netstandard1.6) (>= uap10.0)) (&& (== netstandard1.0) (== netstandard2.0)) (&& (== netstandard1.0) (>= netstandard1.6)) (&& (== netstandard1.0) (>= netstandard2.0)) (&& (== netstandard1.1) (== netstandard2.0)) (&& (== netstandard1.1) (>= netstandard1.6)) (&& (== netstandard1.1) (>= netstandard2.0)) (&& (== netstandard1.2) (== netstandard2.0)) (&& (== netstandard1.2) (>= netstandard1.6)) (&& (== netstandard1.2) (>= netstandard2.0)) (&& (== netstandard1.3) (== netstandard2.0)) (&& (== netstandard1.3) (>= netstandard1.6)) (&& (== netstandard1.3) (>= netstandard2.0)) (&& (== netstandard1.4) (== netstandard2.0)) (&& (== netstandard1.4) (>= netstandard1.6)) (&& (== netstandard1.5) (== netstandard2.0)) (&& (== netstandard1.5) (>= netstandard1.6)) (== netstandard1.6) (&& (== netstandard2.0) (< netstandard1.2)) (&& (== netstandard2.0) (< netstandard1.3)) (&& (== netstandard2.0) (< netstandard1.4)) (&& (== netstandard2.0) (< netstandard1.5)) (&& (== netstandard2.0) (< netstandard1.6)) (&& (== netstandard2.0) (>= uap10.0))
    runtime.fedora.24-x64.runtime.native.System.Security.Cryptography.OpenSsl (4.3.3) - restriction: || (&& (== net20) (== netstandard2.0)) (&& (== net20) (>= netstandard1.6)) (&& (== net20) (>= netstandard2.0)) (&& (== net35) (== netstandard2.0)) (&& (== net40) (== netstandard1.4) (>= netstandard2.0)) (&& (== net40) (== netstandard1.5) (>= netstandard2.0)) (&& (== net40) (== netstandard2.0)) (&& (== net40) (< net35) (>= netstandard1.6)) (&& (== net40) (< net35) (>= netstandard2.0)) (&& (== net40) (>= netstandard1.6) (>= uap10.0)) (&& (== net45) (== netstandard1.4) (>= netstandard2.0)) (&& (== net45) (== netstandard1.5) (>= netstandard2.0)) (&& (== net45) (== netstandard2.0)) (&& (== net45) (< net35) (>= netstandard1.6)) (&& (== net45) (< net35) (>= netstandard2.0)) (&& (== net45) (>= netstandard1.6) (>= uap10.0)) (&& (== net46) (== netstandard1.4) (>= netstandard2.0)) (&& (== net46) (== netstandard1.5) (>= netstandard2.0)) (&& (== net46) (== netstandard2.0)) (&& (== net46) (< net35) (>= netstandard1.6)) (&& (== net46) (< net35) (>= netstandard2.0)) (&& (== net46) (>= netstandard1.6) (>= uap10.0)) (&& (== netstandard1.0) (== netstandard2.0)) (&& (== netstandard1.0) (>= netstandard1.6)) (&& (== netstandard1.0) (>= netstandard2.0)) (&& (== netstandard1.1) (== netstandard2.0)) (&& (== netstandard1.1) (>= netstandard1.6)) (&& (== netstandard1.1) (>= netstandard2.0)) (&& (== netstandard1.2) (== netstandard2.0)) (&& (== netstandard1.2) (>= netstandard1.6)) (&& (== netstandard1.2) (>= netstandard2.0)) (&& (== netstandard1.3) (== netstandard2.0)) (&& (== netstandard1.3) (>= netstandard1.6)) (&& (== netstandard1.3) (>= netstandard2.0)) (&& (== netstandard1.4) (== netstandard2.0)) (&& (== netstandard1.4) (>= netstandard1.6)) (&& (== netstandard1.5) (== netstandard2.0)) (&& (== netstandard1.5) (>= netstandard1.6)) (== netstandard1.6) (&& (== netstandard2.0) (< netstandard1.2)) (&& (== netstandard2.0) (< netstandard1.3)) (&& (== netstandard2.0) (< netstandard1.4)) (&& (== netstandard2.0) (< netstandard1.5)) (&& (== netstandard2.0) (< netstandard1.6)) (&& (== netstandard2.0) (>= uap10.0))
    runtime.fedora.27-x64.runtime.native.System.Security.Cryptography.OpenSsl (4.3.3) - restriction: || (&& (== net20) (== netstandard2.0)) (&& (== net20) (>= netstandard1.6)) (&& (== net20) (>= netstandard2.0)) (&& (== net35) (== netstandard2.0)) (&& (== net40) (== netstandard1.4) (>= netstandard2.0)) (&& (== net40) (== netstandard1.5) (>= netstandard2.0)) (&& (== net40) (== netstandard2.0)) (&& (== net40) (< net35) (>= netstandard1.6)) (&& (== net40) (< net35) (>= netstandard2.0)) (&& (== net40) (>= netstandard1.6) (>= uap10.0)) (&& (== net45) (== netstandard1.4) (>= netstandard2.0)) (&& (== net45) (== netstandard1.5) (>= netstandard2.0)) (&& (== net45) (== netstandard2.0)) (&& (== net45) (< net35) (>= netstandard1.6)) (&& (== net45) (< net35) (>= netstandard2.0)) (&& (== net45) (>= netstandard1.6) (>= uap10.0)) (&& (== net46) (== netstandard1.4) (>= netstandard2.0)) (&& (== net46) (== netstandard1.5) (>= netstandard2.0)) (&& (== net46) (== netstandard2.0)) (&& (== net46) (< net35) (>= netstandard1.6)) (&& (== net46) (< net35) (>= netstandard2.0)) (&& (== net46) (>= netstandard1.6) (>= uap10.0)) (&& (== netstandard1.0) (== netstandard2.0)) (&& (== netstandard1.0) (>= netstandard1.6)) (&& (== netstandard1.0) (>= netstandard2.0)) (&& (== netstandard1.1) (== netstandard2.0)) (&& (== netstandard1.1) (>= netstandard1.6)) (&& (== netstandard1.1) (>= netstandard2.0)) (&& (== netstandard1.2) (== netstandard2.0)) (&& (== netstandard1.2) (>= netstandard1.6)) (&& (== netstandard1.2) (>= netstandard2.0)) (&& (== netstandard1.3) (== netstandard2.0)) (&& (== netstandard1.3) (>= netstandard1.6)) (&& (== netstandard1.3) (>= netstandard2.0)) (&& (== netstandard1.4) (== netstandard2.0)) (&& (== netstandard1.4) (>= netstandard1.6)) (&& (== netstandard1.5) (== netstandard2.0)) (&& (== netstandard1.5) (>= netstandard1.6)) (== netstandard1.6) (&& (== netstandard2.0) (< netstandard1.2)) (&& (== netstandard2.0) (< netstandard1.3)) (&& (== netstandard2.0) (< netstandard1.4)) (&& (== netstandard2.0) (< netstandard1.5)) (&& (== netstandard2.0) (< netstandard1.6)) (&& (== netstandard2.0) (>= uap10.0))
    runtime.fedora.28-x64.runtime.native.System.Security.Cryptography.OpenSsl (4.3.3) - restriction: || (&& (== net20) (== netstandard2.0)) (&& (== net20) (>= netstandard1.6)) (&& (== net20) (>= netstandard2.0)) (&& (== net35) (== netstandard2.0)) (&& (== net40) (== netstandard1.4) (>= netstandard2.0)) (&& (== net40) (== netstandard1.5) (>= netstandard2.0)) (&& (== net40) (== netstandard2.0)) (&& (== net40) (< net35) (>= netstandard1.6)) (&& (== net40) (< net35) (>= netstandard2.0)) (&& (== net40) (>= netstandard1.6) (>= uap10.0)) (&& (== net45) (== netstandard1.4) (>= netstandard2.0)) (&& (== net45) (== netstandard1.5) (>= netstandard2.0)) (&& (== net45) (== netstandard2.0)) (&& (== net45) (< net35) (>= netstandard1.6)) (&& (== net45) (< net35) (>= netstandard2.0)) (&& (== net45) (>= netstandard1.6) (>= uap10.0)) (&& (== net46) (== netstandard1.4) (>= netstandard2.0)) (&& (== net46) (== netstandard1.5) (>= netstandard2.0)) (&& (== net46) (== netstandard2.0)) (&& (== net46) (< net35) (>= netstandard1.6)) (&& (== net46) (< net35) (>= netstandard2.0)) (&& (== net46) (>= netstandard1.6) (>= uap10.0)) (&& (== netstandard1.0) (== netstandard2.0)) (&& (== netstandard1.0) (>= netstandard1.6)) (&& (== netstandard1.0) (>= netstandard2.0)) (&& (== netstandard1.1) (== netstandard2.0)) (&& (== netstandard1.1) (>= netstandard1.6)) (&& (== netstandard1.1) (>= netstandard2.0)) (&& (== netstandard1.2) (== netstandard2.0)) (&& (== netstandard1.2) (>= netstandard1.6)) (&& (== netstandard1.2) (>= netstandard2.0)) (&& (== netstandard1.3) (== netstandard2.0)) (&& (== netstandard1.3) (>= netstandard1.6)) (&& (== netstandard1.3) (>= netstandard2.0)) (&& (== netstandard1.4) (== netstandard2.0)) (&& (== netstandard1.4) (>= netstandard1.6)) (&& (== netstandard1.5) (== netstandard2.0)) (&& (== netstandard1.5) (>= netstandard1.6)) (== netstandard1.6) (&& (== netstandard2.0) (< netstandard1.2)) (&& (== netstandard2.0) (< netstandard1.3)) (&& (== netstandard2.0) (< netstandard1.4)) (&& (== netstandard2.0) (< netstandard1.5)) (&& (== netstandard2.0) (< netstandard1.6)) (&& (== netstandard2.0) (>= uap10.0))
    runtime.native.System (4.3.1) - restriction: || (&& (== net20) (== netstandard2.0)) (&& (== net20) (>= netstandard1.4)) (&& (== net20) (>= netstandard1.5)) (&& (== net20) (>= netstandard1.6)) (&& (== net20) (>= netstandard2.0)) (&& (== net20) (>= uap10.0)) (&& (== net35) (== netstandard2.0)) (&& (== net40) (== netstandard2.0)) (&& (== net40) (< net35) (>= netstandard1.4)) (&& (== net40) (< net35) (>= netstandard1.5)) (&& (== net40) (< net35) (>= netstandard1.6)) (&& (== net40) (< net35) (>= netstandard2.0)) (&& (== net40) (>= uap10.0)) (&& (== net45) (== netstandard2.0)) (&& (== net45) (< net35) (>= netstandard1.4)) (&& (== net45) (< net35) (>= netstandard1.5)) (&& (== net45) (< net35) (>= netstandard1.6)) (&& (== net45) (< net35) (>= netstandard2.0)) (&& (== net45) (>= uap10.0)) (&& (== net46) (== netstandard2.0)) (&& (== net46) (< net35) (>= netstandard1.4)) (&& (== net46) (< net35) (>= netstandard1.5)) (&& (== net46) (< net35) (>= netstandard1.6)) (&& (== net46) (< net35) (>= netstandard2.0)) (&& (== net46) (>= uap10.0)) (&& (== netstandard1.0) (== netstandard2.0)) (&& (== netstandard1.0) (>= netstandard1.4)) (&& (== netstandard1.0) (>= netstandard1.5)) (&& (== netstandard1.0) (>= netstandard1.6)) (&& (== netstandard1.0) (>= netstandard2.0)) (&& (== netstandard1.0) (>= uap10.0)) (&& (== netstandard1.1) (== netstandard2.0)) (&& (== netstandard1.1) (>= netstandard1.4)) (&& (== netstandard1.1) (>= netstandard1.5)) (&& (== netstandard1.1) (>= netstandard1.6)) (&& (== netstandard1.1) (>= netstandard2.0)) (&& (== netstandard1.1) (>= uap10.0)) (&& (== netstandard1.2) (== netstandard2.0)) (&& (== netstandard1.2) (>= netstandard1.4)) (&& (== netstandard1.2) (>= netstandard1.5)) (&& (== netstandard1.2) (>= netstandard1.6)) (&& (== netstandard1.2) (>= netstandard2.0)) (&& (== netstandard1.2) (>= uap10.0)) (&& (== netstandard1.3) (== netstandard2.0)) (&& (== netstandard1.3) (>= netstandard1.4)) (&& (== netstandard1.3) (>= netstandard1.5)) (&& (== netstandard1.3) (>= netstandard1.6)) (&& (== netstandard1.3) (>= netstandard2.0)) (&& (== netstandard1.3) (>= uap10.0)) (== netstandard1.4) (== netstandard1.5) (== netstandard1.6) (&& (== netstandard2.0) (< netstandard1.2)) (&& (== netstandard2.0) (< netstandard1.3)) (&& (== netstandard2.0) (< netstandard1.4)) (&& (== netstandard2.0) (< netstandard1.5)) (&& (== netstandard2.0) (< netstandard1.6)) (&& (== netstandard2.0) (>= uap10.0))
      Microsoft.NETCore.Platforms (>= 1.1.1)
      Microsoft.NETCore.Targets (>= 1.1.3)
    runtime.native.System.IO.Compression (4.3.2) - restriction: || (&& (== net20) (== netstandard2.0)) (&& (== net20) (>= netstandard1.4)) (&& (== net20) (>= netstandard1.5)) (&& (== net20) (>= netstandard1.6)) (&& (== net20) (>= netstandard2.0)) (&& (== net20) (>= uap10.0)) (&& (== net35) (== netstandard2.0)) (&& (== net40) (== netstandard2.0)) (&& (== net40) (< net35) (>= netstandard1.4)) (&& (== net40) (< net35) (>= netstandard1.5)) (&& (== net40) (< net35) (>= netstandard1.6)) (&& (== net40) (< net35) (>= netstandard2.0)) (&& (== net40) (>= uap10.0)) (&& (== net45) (== netstandard2.0)) (&& (== net45) (< net35) (>= netstandard1.4)) (&& (== net45) (< net35) (>= netstandard1.5)) (&& (== net45) (< net35) (>= netstandard1.6)) (&& (== net45) (< net35) (>= netstandard2.0)) (&& (== net45) (>= uap10.0)) (&& (== net46) (== netstandard2.0)) (&& (== net46) (< net35) (>= netstandard1.4)) (&& (== net46) (< net35) (>= netstandard1.5)) (&& (== net46) (< net35) (>= netstandard1.6)) (&& (== net46) (< net35) (>= netstandard2.0)) (&& (== net46) (>= uap10.0)) (&& (== netstandard1.0) (== netstandard2.0)) (&& (== netstandard1.0) (>= netstandard1.4)) (&& (== netstandard1.0) (>= netstandard1.5)) (&& (== netstandard1.0) (>= netstandard1.6)) (&& (== netstandard1.0) (>= netstandard2.0)) (&& (== netstandard1.0) (>= uap10.0)) (&& (== netstandard1.1) (== netstandard2.0)) (&& (== netstandard1.1) (>= netstandard1.4)) (&& (== netstandard1.1) (>= netstandard1.5)) (&& (== netstandard1.1) (>= netstandard1.6)) (&& (== netstandard1.1) (>= netstandard2.0)) (&& (== netstandard1.1) (>= uap10.0)) (&& (== netstandard1.2) (== netstandard2.0)) (&& (== netstandard1.2) (>= netstandard1.4)) (&& (== netstandard1.2) (>= netstandard1.5)) (&& (== netstandard1.2) (>= netstandard1.6)) (&& (== netstandard1.2) (>= netstandard2.0)) (&& (== netstandard1.2) (>= uap10.0)) (&& (== netstandard1.3) (== netstandard2.0)) (&& (== netstandard1.3) (>= netstandard1.4)) (&& (== netstandard1.3) (>= netstandard1.5)) (&& (== netstandard1.3) (>= netstandard1.6)) (&& (== netstandard1.3) (>= netstandard2.0)) (&& (== netstandard1.3) (>= uap10.0)) (== netstandard1.4) (== netstandard1.5) (== netstandard1.6) (&& (== netstandard2.0) (< netstandard1.2)) (&& (== netstandard2.0) (< netstandard1.3)) (&& (== netstandard2.0) (< netstandard1.4)) (&& (== netstandard2.0) (< netstandard1.5)) (&& (== netstandard2.0) (< netstandard1.6)) (&& (== netstandard2.0) (>= uap10.0))
      Microsoft.NETCore.Platforms (>= 1.1.1)
      Microsoft.NETCore.Targets (>= 1.1.3)
    runtime.native.System.Net.Http (4.3.1) - restriction: || (&& (== net20) (== netstandard2.0)) (&& (== net20) (>= netstandard1.6)) (&& (== net20) (>= netstandard2.0)) (&& (== net35) (== netstandard2.0)) (&& (== net40) (== netstandard1.4) (>= netstandard2.0)) (&& (== net40) (== netstandard1.5) (>= netstandard2.0)) (&& (== net40) (== netstandard2.0)) (&& (== net40) (< net35) (>= netstandard1.6)) (&& (== net40) (< net35) (>= netstandard2.0)) (&& (== net40) (>= netstandard1.6) (>= uap10.0)) (&& (== net45) (== netstandard1.4) (>= netstandard2.0)) (&& (== net45) (== netstandard1.5) (>= netstandard2.0)) (&& (== net45) (== netstandard2.0)) (&& (== net45) (< net35) (>= netstandard1.6)) (&& (== net45) (< net35) (>= netstandard2.0)) (&& (== net45) (>= netstandard1.6) (>= uap10.0)) (&& (== net46) (== netstandard1.4) (>= netstandard2.0)) (&& (== net46) (== netstandard1.5) (>= netstandard2.0)) (&& (== net46) (== netstandard2.0)) (&& (== net46) (< net35) (>= netstandard1.6)) (&& (== net46) (< net35) (>= netstandard2.0)) (&& (== net46) (>= netstandard1.6) (>= uap10.0)) (&& (== netstandard1.0) (== netstandard2.0)) (&& (== netstandard1.0) (>= netstandard1.6)) (&& (== netstandard1.0) (>= netstandard2.0)) (&& (== netstandard1.1) (== netstandard2.0)) (&& (== netstandard1.1) (>= netstandard1.6)) (&& (== netstandard1.1) (>= netstandard2.0)) (&& (== netstandard1.2) (== netstandard2.0)) (&& (== netstandard1.2) (>= netstandard1.6)) (&& (== netstandard1.2) (>= netstandard2.0)) (&& (== netstandard1.3) (== netstandard2.0)) (&& (== netstandard1.3) (>= netstandard1.6)) (&& (== netstandard1.3) (>= netstandard2.0)) (&& (== netstandard1.4) (== netstandard2.0)) (&& (== netstandard1.4) (>= netstandard1.6)) (&& (== netstandard1.5) (== netstandard2.0)) (&& (== netstandard1.5) (>= netstandard1.6)) (== netstandard1.6) (&& (== netstandard2.0) (< netstandard1.2)) (&& (== netstandard2.0) (< netstandard1.3)) (&& (== netstandard2.0) (< netstandard1.4)) (&& (== netstandard2.0) (< netstandard1.5)) (&& (== netstandard2.0) (< netstandard1.6)) (&& (== netstandard2.0) (>= uap10.0))
      Microsoft.NETCore.Platforms (>= 1.1.1)
      Microsoft.NETCore.Targets (>= 1.1.3)
    runtime.native.System.Security.Cryptography.Apple (4.3.1) - restriction: || (&& (== net20) (== netstandard2.0)) (&& (== net20) (>= netstandard1.6)) (&& (== net20) (>= netstandard2.0)) (&& (== net35) (== netstandard2.0)) (&& (== net40) (== netstandard1.4) (>= netstandard2.0)) (&& (== net40) (== netstandard1.5) (>= netstandard2.0)) (&& (== net40) (== netstandard2.0)) (&& (== net40) (< net35) (>= netstandard1.6)) (&& (== net40) (< net35) (>= netstandard2.0)) (&& (== net40) (>= netstandard1.6) (>= uap10.0)) (&& (== net45) (== netstandard1.4) (>= netstandard2.0)) (&& (== net45) (== netstandard1.5) (>= netstandard2.0)) (&& (== net45) (== netstandard2.0)) (&& (== net45) (< net35) (>= netstandard1.6)) (&& (== net45) (< net35) (>= netstandard2.0)) (&& (== net45) (>= netstandard1.6) (>= uap10.0)) (&& (== net46) (== netstandard1.4) (>= netstandard2.0)) (&& (== net46) (== netstandard1.5) (>= netstandard2.0)) (&& (== net46) (== netstandard2.0)) (&& (== net46) (< net35) (>= netstandard1.6)) (&& (== net46) (< net35) (>= netstandard2.0)) (&& (== net46) (>= netstandard1.6) (>= uap10.0)) (&& (== netstandard1.0) (== netstandard2.0)) (&& (== netstandard1.0) (>= netstandard1.6)) (&& (== netstandard1.0) (>= netstandard2.0)) (&& (== netstandard1.1) (== netstandard2.0)) (&& (== netstandard1.1) (>= netstandard1.6)) (&& (== netstandard1.1) (>= netstandard2.0)) (&& (== netstandard1.2) (== netstandard2.0)) (&& (== netstandard1.2) (>= netstandard1.6)) (&& (== netstandard1.2) (>= netstandard2.0)) (&& (== netstandard1.3) (== netstandard2.0)) (&& (== netstandard1.3) (>= netstandard1.6)) (&& (== netstandard1.3) (>= netstandard2.0)) (&& (== netstandard1.4) (== netstandard2.0)) (&& (== netstandard1.4) (>= netstandard1.6)) (&& (== netstandard1.5) (== netstandard2.0)) (&& (== netstandard1.5) (>= netstandard1.6)) (== netstandard1.6) (&& (== netstandard2.0) (< netstandard1.4)) (&& (== netstandard2.0) (< netstandard1.5)) (&& (== netstandard2.0) (< netstandard1.6)) (&& (== netstandard2.0) (>= uap10.0))
      runtime.osx.10.10-x64.runtime.native.System.Security.Cryptography.Apple (>= 4.3.1)
    runtime.native.System.Security.Cryptography.OpenSsl (4.3.3) - restriction: || (&& (== net20) (== netstandard2.0)) (&& (== net20) (>= netstandard1.4)) (&& (== net20) (>= netstandard1.5)) (&& (== net20) (>= netstandard1.6)) (&& (== net20) (>= netstandard2.0)) (&& (== net20) (>= uap10.0)) (&& (== net35) (== netstandard2.0)) (&& (== net40) (== netstandard2.0)) (&& (== net40) (< net35) (>= netstandard1.4)) (&& (== net40) (< net35) (>= netstandard1.5)) (&& (== net40) (< net35) (>= netstandard1.6)) (&& (== net40) (< net35) (>= netstandard2.0)) (&& (== net40) (>= uap10.0)) (&& (== net45) (== netstandard2.0)) (&& (== net45) (< net35) (>= netstandard1.4)) (&& (== net45) (< net35) (>= netstandard1.5)) (&& (== net45) (< net35) (>= netstandard1.6)) (&& (== net45) (< net35) (>= netstandard2.0)) (&& (== net45) (>= uap10.0)) (&& (== net46) (== netstandard2.0)) (&& (== net46) (< net35) (>= netstandard1.4)) (&& (== net46) (< net35) (>= netstandard1.5)) (&& (== net46) (< net35) (>= netstandard1.6)) (&& (== net46) (< net35) (>= netstandard2.0)) (&& (== net46) (>= uap10.0)) (&& (== netstandard1.0) (== netstandard2.0)) (&& (== netstandard1.0) (>= netstandard1.4)) (&& (== netstandard1.0) (>= netstandard1.5)) (&& (== netstandard1.0) (>= netstandard1.6)) (&& (== netstandard1.0) (>= netstandard2.0)) (&& (== netstandard1.0) (>= uap10.0)) (&& (== netstandard1.1) (== netstandard2.0)) (&& (== netstandard1.1) (>= netstandard1.4)) (&& (== netstandard1.1) (>= netstandard1.5)) (&& (== netstandard1.1) (>= netstandard1.6)) (&& (== netstandard1.1) (>= netstandard2.0)) (&& (== netstandard1.1) (>= uap10.0)) (&& (== netstandard1.2) (== netstandard2.0)) (&& (== netstandard1.2) (>= netstandard1.4)) (&& (== netstandard1.2) (>= netstandard1.5)) (&& (== netstandard1.2) (>= netstandard1.6)) (&& (== netstandard1.2) (>= netstandard2.0)) (&& (== netstandard1.2) (>= uap10.0)) (&& (== netstandard1.3) (== netstandard2.0)) (&& (== netstandard1.3) (>= netstandard1.4)) (&& (== netstandard1.3) (>= netstandard1.5)) (&& (== netstandard1.3) (>= netstandard1.6)) (&& (== netstandard1.3) (>= netstandard2.0)) (&& (== netstandard1.3) (>= uap10.0)) (== netstandard1.4) (== netstandard1.5) (== netstandard1.6) (&& (== netstandard2.0) (< netstandard1.2)) (&& (== netstandard2.0) (< netstandard1.3)) (&& (== netstandard2.0) (< netstandard1.4)) (&& (== netstandard2.0) (< netstandard1.5)) (&& (== netstandard2.0) (< netstandard1.6)) (&& (== netstandard2.0) (>= uap10.0))
      runtime.debian.8-x64.runtime.native.System.Security.Cryptography.OpenSsl (>= 4.3.3)
      runtime.debian.9-x64.runtime.native.System.Security.Cryptography.OpenSsl (>= 4.3.3)
      runtime.fedora.23-x64.runtime.native.System.Security.Cryptography.OpenSsl (>= 4.3.3)
      runtime.fedora.24-x64.runtime.native.System.Security.Cryptography.OpenSsl (>= 4.3.3)
      runtime.fedora.27-x64.runtime.native.System.Security.Cryptography.OpenSsl (>= 4.3.3)
      runtime.fedora.28-x64.runtime.native.System.Security.Cryptography.OpenSsl (>= 4.3.3)
      runtime.opensuse.13.2-x64.runtime.native.System.Security.Cryptography.OpenSsl (>= 4.3.3)
      runtime.opensuse.42.1-x64.runtime.native.System.Security.Cryptography.OpenSsl (>= 4.3.3)
      runtime.opensuse.42.3-x64.runtime.native.System.Security.Cryptography.OpenSsl (>= 4.3.3)
      runtime.osx.10.10-x64.runtime.native.System.Security.Cryptography.OpenSsl (>= 4.3.3)
      runtime.rhel.7-x64.runtime.native.System.Security.Cryptography.OpenSsl (>= 4.3.3)
      runtime.ubuntu.14.04-x64.runtime.native.System.Security.Cryptography.OpenSsl (>= 4.3.3)
      runtime.ubuntu.16.04-x64.runtime.native.System.Security.Cryptography.OpenSsl (>= 4.3.3)
      runtime.ubuntu.16.10-x64.runtime.native.System.Security.Cryptography.OpenSsl (>= 4.3.3)
      runtime.ubuntu.18.04-x64.runtime.native.System.Security.Cryptography.OpenSsl (>= 4.3.3)
    runtime.opensuse.13.2-x64.runtime.native.System.Security.Cryptography.OpenSsl (4.3.3) - restriction: || (&& (== net20) (== netstandard2.0)) (&& (== net20) (>= netstandard1.6)) (&& (== net20) (>= netstandard2.0)) (&& (== net35) (== netstandard2.0)) (&& (== net40) (== netstandard1.4) (>= netstandard2.0)) (&& (== net40) (== netstandard1.5) (>= netstandard2.0)) (&& (== net40) (== netstandard2.0)) (&& (== net40) (< net35) (>= netstandard1.6)) (&& (== net40) (< net35) (>= netstandard2.0)) (&& (== net40) (>= netstandard1.6) (>= uap10.0)) (&& (== net45) (== netstandard1.4) (>= netstandard2.0)) (&& (== net45) (== netstandard1.5) (>= netstandard2.0)) (&& (== net45) (== netstandard2.0)) (&& (== net45) (< net35) (>= netstandard1.6)) (&& (== net45) (< net35) (>= netstandard2.0)) (&& (== net45) (>= netstandard1.6) (>= uap10.0)) (&& (== net46) (== netstandard1.4) (>= netstandard2.0)) (&& (== net46) (== netstandard1.5) (>= netstandard2.0)) (&& (== net46) (== netstandard2.0)) (&& (== net46) (< net35) (>= netstandard1.6)) (&& (== net46) (< net35) (>= netstandard2.0)) (&& (== net46) (>= netstandard1.6) (>= uap10.0)) (&& (== netstandard1.0) (== netstandard2.0)) (&& (== netstandard1.0) (>= netstandard1.6)) (&& (== netstandard1.0) (>= netstandard2.0)) (&& (== netstandard1.1) (== netstandard2.0)) (&& (== netstandard1.1) (>= netstandard1.6)) (&& (== netstandard1.1) (>= netstandard2.0)) (&& (== netstandard1.2) (== netstandard2.0)) (&& (== netstandard1.2) (>= netstandard1.6)) (&& (== netstandard1.2) (>= netstandard2.0)) (&& (== netstandard1.3) (== netstandard2.0)) (&& (== netstandard1.3) (>= netstandard1.6)) (&& (== netstandard1.3) (>= netstandard2.0)) (&& (== netstandard1.4) (== netstandard2.0)) (&& (== netstandard1.4) (>= netstandard1.6)) (&& (== netstandard1.5) (== netstandard2.0)) (&& (== netstandard1.5) (>= netstandard1.6)) (== netstandard1.6) (&& (== netstandard2.0) (< netstandard1.2)) (&& (== netstandard2.0) (< netstandard1.3)) (&& (== netstandard2.0) (< netstandard1.4)) (&& (== netstandard2.0) (< netstandard1.5)) (&& (== netstandard2.0) (< netstandard1.6)) (&& (== netstandard2.0) (>= uap10.0))
    runtime.opensuse.42.1-x64.runtime.native.System.Security.Cryptography.OpenSsl (4.3.3) - restriction: || (&& (== net20) (== netstandard2.0)) (&& (== net20) (>= netstandard1.6)) (&& (== net20) (>= netstandard2.0)) (&& (== net35) (== netstandard2.0)) (&& (== net40) (== netstandard1.4) (>= netstandard2.0)) (&& (== net40) (== netstandard1.5) (>= netstandard2.0)) (&& (== net40) (== netstandard2.0)) (&& (== net40) (< net35) (>= netstandard1.6)) (&& (== net40) (< net35) (>= netstandard2.0)) (&& (== net40) (>= netstandard1.6) (>= uap10.0)) (&& (== net45) (== netstandard1.4) (>= netstandard2.0)) (&& (== net45) (== netstandard1.5) (>= netstandard2.0)) (&& (== net45) (== netstandard2.0)) (&& (== net45) (< net35) (>= netstandard1.6)) (&& (== net45) (< net35) (>= netstandard2.0)) (&& (== net45) (>= netstandard1.6) (>= uap10.0)) (&& (== net46) (== netstandard1.4) (>= netstandard2.0)) (&& (== net46) (== netstandard1.5) (>= netstandard2.0)) (&& (== net46) (== netstandard2.0)) (&& (== net46) (< net35) (>= netstandard1.6)) (&& (== net46) (< net35) (>= netstandard2.0)) (&& (== net46) (>= netstandard1.6) (>= uap10.0)) (&& (== netstandard1.0) (== netstandard2.0)) (&& (== netstandard1.0) (>= netstandard1.6)) (&& (== netstandard1.0) (>= netstandard2.0)) (&& (== netstandard1.1) (== netstandard2.0)) (&& (== netstandard1.1) (>= netstandard1.6)) (&& (== netstandard1.1) (>= netstandard2.0)) (&& (== netstandard1.2) (== netstandard2.0)) (&& (== netstandard1.2) (>= netstandard1.6)) (&& (== netstandard1.2) (>= netstandard2.0)) (&& (== netstandard1.3) (== netstandard2.0)) (&& (== netstandard1.3) (>= netstandard1.6)) (&& (== netstandard1.3) (>= netstandard2.0)) (&& (== netstandard1.4) (== netstandard2.0)) (&& (== netstandard1.4) (>= netstandard1.6)) (&& (== netstandard1.5) (== netstandard2.0)) (&& (== netstandard1.5) (>= netstandard1.6)) (== netstandard1.6) (&& (== netstandard2.0) (< netstandard1.2)) (&& (== netstandard2.0) (< netstandard1.3)) (&& (== netstandard2.0) (< netstandard1.4)) (&& (== netstandard2.0) (< netstandard1.5)) (&& (== netstandard2.0) (< netstandard1.6)) (&& (== netstandard2.0) (>= uap10.0))
    runtime.opensuse.42.3-x64.runtime.native.System.Security.Cryptography.OpenSsl (4.3.3) - restriction: || (&& (== net20) (== netstandard2.0)) (&& (== net20) (>= netstandard1.6)) (&& (== net20) (>= netstandard2.0)) (&& (== net35) (== netstandard2.0)) (&& (== net40) (== netstandard1.4) (>= netstandard2.0)) (&& (== net40) (== netstandard1.5) (>= netstandard2.0)) (&& (== net40) (== netstandard2.0)) (&& (== net40) (< net35) (>= netstandard1.6)) (&& (== net40) (< net35) (>= netstandard2.0)) (&& (== net40) (>= netstandard1.6) (>= uap10.0)) (&& (== net45) (== netstandard1.4) (>= netstandard2.0)) (&& (== net45) (== netstandard1.5) (>= netstandard2.0)) (&& (== net45) (== netstandard2.0)) (&& (== net45) (< net35) (>= netstandard1.6)) (&& (== net45) (< net35) (>= netstandard2.0)) (&& (== net45) (>= netstandard1.6) (>= uap10.0)) (&& (== net46) (== netstandard1.4) (>= netstandard2.0)) (&& (== net46) (== netstandard1.5) (>= netstandard2.0)) (&& (== net46) (== netstandard2.0)) (&& (== net46) (< net35) (>= netstandard1.6)) (&& (== net46) (< net35) (>= netstandard2.0)) (&& (== net46) (>= netstandard1.6) (>= uap10.0)) (&& (== netstandard1.0) (== netstandard2.0)) (&& (== netstandard1.0) (>= netstandard1.6)) (&& (== netstandard1.0) (>= netstandard2.0)) (&& (== netstandard1.1) (== netstandard2.0)) (&& (== netstandard1.1) (>= netstandard1.6)) (&& (== netstandard1.1) (>= netstandard2.0)) (&& (== netstandard1.2) (== netstandard2.0)) (&& (== netstandard1.2) (>= netstandard1.6)) (&& (== netstandard1.2) (>= netstandard2.0)) (&& (== netstandard1.3) (== netstandard2.0)) (&& (== netstandard1.3) (>= netstandard1.6)) (&& (== netstandard1.3) (>= netstandard2.0)) (&& (== netstandard1.4) (== netstandard2.0)) (&& (== netstandard1.4) (>= netstandard1.6)) (&& (== netstandard1.5) (== netstandard2.0)) (&& (== netstandard1.5) (>= netstandard1.6)) (== netstandard1.6) (&& (== netstandard2.0) (< netstandard1.2)) (&& (== netstandard2.0) (< netstandard1.3)) (&& (== netstandard2.0) (< netstandard1.4)) (&& (== netstandard2.0) (< netstandard1.5)) (&& (== netstandard2.0) (< netstandard1.6)) (&& (== netstandard2.0) (>= uap10.0))
    runtime.osx.10.10-x64.runtime.native.System.Security.Cryptography.Apple (4.3.1) - restriction: || (&& (== net20) (== netstandard2.0)) (&& (== net20) (>= netstandard1.6)) (&& (== net20) (>= netstandard2.0)) (&& (== net35) (== netstandard2.0)) (&& (== net40) (== netstandard1.4) (>= netstandard2.0)) (&& (== net40) (== netstandard1.5) (>= netstandard2.0)) (&& (== net40) (== netstandard2.0)) (&& (== net40) (< net35) (>= netstandard1.6)) (&& (== net40) (< net35) (>= netstandard2.0)) (&& (== net40) (>= netstandard1.6) (>= uap10.0)) (&& (== net45) (== netstandard1.4) (>= netstandard2.0)) (&& (== net45) (== netstandard1.5) (>= netstandard2.0)) (&& (== net45) (== netstandard2.0)) (&& (== net45) (< net35) (>= netstandard1.6)) (&& (== net45) (< net35) (>= netstandard2.0)) (&& (== net45) (>= netstandard1.6) (>= uap10.0)) (&& (== net46) (== netstandard1.4) (>= netstandard2.0)) (&& (== net46) (== netstandard1.5) (>= netstandard2.0)) (&& (== net46) (== netstandard2.0)) (&& (== net46) (< net35) (>= netstandard1.6)) (&& (== net46) (< net35) (>= netstandard2.0)) (&& (== net46) (>= netstandard1.6) (>= uap10.0)) (&& (== netstandard1.0) (== netstandard2.0)) (&& (== netstandard1.0) (>= netstandard1.6)) (&& (== netstandard1.0) (>= netstandard2.0)) (&& (== netstandard1.1) (== netstandard2.0)) (&& (== netstandard1.1) (>= netstandard1.6)) (&& (== netstandard1.1) (>= netstandard2.0)) (&& (== netstandard1.2) (== netstandard2.0)) (&& (== netstandard1.2) (>= netstandard1.6)) (&& (== netstandard1.2) (>= netstandard2.0)) (&& (== netstandard1.3) (== netstandard2.0)) (&& (== netstandard1.3) (>= netstandard1.6)) (&& (== netstandard1.3) (>= netstandard2.0)) (&& (== netstandard1.4) (== netstandard2.0)) (&& (== netstandard1.4) (>= netstandard1.6)) (&& (== netstandard1.5) (== netstandard2.0)) (&& (== netstandard1.5) (>= netstandard1.6)) (== netstandard1.6) (&& (== netstandard2.0) (< netstandard1.4)) (&& (== netstandard2.0) (< netstandard1.5)) (&& (== netstandard2.0) (< netstandard1.6)) (&& (== netstandard2.0) (>= uap10.0))
    runtime.osx.10.10-x64.runtime.native.System.Security.Cryptography.OpenSsl (4.3.3) - restriction: || (&& (== net20) (== netstandard2.0)) (&& (== net20) (>= netstandard1.6)) (&& (== net20) (>= netstandard2.0)) (&& (== net35) (== netstandard2.0)) (&& (== net40) (== netstandard1.4) (>= netstandard2.0)) (&& (== net40) (== netstandard1.5) (>= netstandard2.0)) (&& (== net40) (== netstandard2.0)) (&& (== net40) (< net35) (>= netstandard1.6)) (&& (== net40) (< net35) (>= netstandard2.0)) (&& (== net40) (>= netstandard1.6) (>= uap10.0)) (&& (== net45) (== netstandard1.4) (>= netstandard2.0)) (&& (== net45) (== netstandard1.5) (>= netstandard2.0)) (&& (== net45) (== netstandard2.0)) (&& (== net45) (< net35) (>= netstandard1.6)) (&& (== net45) (< net35) (>= netstandard2.0)) (&& (== net45) (>= netstandard1.6) (>= uap10.0)) (&& (== net46) (== netstandard1.4) (>= netstandard2.0)) (&& (== net46) (== netstandard1.5) (>= netstandard2.0)) (&& (== net46) (== netstandard2.0)) (&& (== net46) (< net35) (>= netstandard1.6)) (&& (== net46) (< net35) (>= netstandard2.0)) (&& (== net46) (>= netstandard1.6) (>= uap10.0)) (&& (== netstandard1.0) (== netstandard2.0)) (&& (== netstandard1.0) (>= netstandard1.6)) (&& (== netstandard1.0) (>= netstandard2.0)) (&& (== netstandard1.1) (== netstandard2.0)) (&& (== netstandard1.1) (>= netstandard1.6)) (&& (== netstandard1.1) (>= netstandard2.0)) (&& (== netstandard1.2) (== netstandard2.0)) (&& (== netstandard1.2) (>= netstandard1.6)) (&& (== netstandard1.2) (>= netstandard2.0)) (&& (== netstandard1.3) (== netstandard2.0)) (&& (== netstandard1.3) (>= netstandard1.6)) (&& (== netstandard1.3) (>= netstandard2.0)) (&& (== netstandard1.4) (== netstandard2.0)) (&& (== netstandard1.4) (>= netstandard1.6)) (&& (== netstandard1.5) (== netstandard2.0)) (&& (== netstandard1.5) (>= netstandard1.6)) (== netstandard1.6) (&& (== netstandard2.0) (< netstandard1.2)) (&& (== netstandard2.0) (< netstandard1.3)) (&& (== netstandard2.0) (< netstandard1.4)) (&& (== netstandard2.0) (< netstandard1.5)) (&& (== netstandard2.0) (< netstandard1.6)) (&& (== netstandard2.0) (>= uap10.0))
    runtime.rhel.7-x64.runtime.native.System.Security.Cryptography.OpenSsl (4.3.3) - restriction: || (&& (== net20) (== netstandard2.0)) (&& (== net20) (>= netstandard1.6)) (&& (== net20) (>= netstandard2.0)) (&& (== net35) (== netstandard2.0)) (&& (== net40) (== netstandard1.4) (>= netstandard2.0)) (&& (== net40) (== netstandard1.5) (>= netstandard2.0)) (&& (== net40) (== netstandard2.0)) (&& (== net40) (< net35) (>= netstandard1.6)) (&& (== net40) (< net35) (>= netstandard2.0)) (&& (== net40) (>= netstandard1.6) (>= uap10.0)) (&& (== net45) (== netstandard1.4) (>= netstandard2.0)) (&& (== net45) (== netstandard1.5) (>= netstandard2.0)) (&& (== net45) (== netstandard2.0)) (&& (== net45) (< net35) (>= netstandard1.6)) (&& (== net45) (< net35) (>= netstandard2.0)) (&& (== net45) (>= netstandard1.6) (>= uap10.0)) (&& (== net46) (== netstandard1.4) (>= netstandard2.0)) (&& (== net46) (== netstandard1.5) (>= netstandard2.0)) (&& (== net46) (== netstandard2.0)) (&& (== net46) (< net35) (>= netstandard1.6)) (&& (== net46) (< net35) (>= netstandard2.0)) (&& (== net46) (>= netstandard1.6) (>= uap10.0)) (&& (== netstandard1.0) (== netstandard2.0)) (&& (== netstandard1.0) (>= netstandard1.6)) (&& (== netstandard1.0) (>= netstandard2.0)) (&& (== netstandard1.1) (== netstandard2.0)) (&& (== netstandard1.1) (>= netstandard1.6)) (&& (== netstandard1.1) (>= netstandard2.0)) (&& (== netstandard1.2) (== netstandard2.0)) (&& (== netstandard1.2) (>= netstandard1.6)) (&& (== netstandard1.2) (>= netstandard2.0)) (&& (== netstandard1.3) (== netstandard2.0)) (&& (== netstandard1.3) (>= netstandard1.6)) (&& (== netstandard1.3) (>= netstandard2.0)) (&& (== netstandard1.4) (== netstandard2.0)) (&& (== netstandard1.4) (>= netstandard1.6)) (&& (== netstandard1.5) (== netstandard2.0)) (&& (== netstandard1.5) (>= netstandard1.6)) (== netstandard1.6) (&& (== netstandard2.0) (< netstandard1.2)) (&& (== netstandard2.0) (< netstandard1.3)) (&& (== netstandard2.0) (< netstandard1.4)) (&& (== netstandard2.0) (< netstandard1.5)) (&& (== netstandard2.0) (< netstandard1.6)) (&& (== netstandard2.0) (>= uap10.0))
    runtime.ubuntu.14.04-x64.runtime.native.System.Security.Cryptography.OpenSsl (4.3.3) - restriction: || (&& (== net20) (== netstandard2.0)) (&& (== net20) (>= netstandard1.6)) (&& (== net20) (>= netstandard2.0)) (&& (== net35) (== netstandard2.0)) (&& (== net40) (== netstandard1.4) (>= netstandard2.0)) (&& (== net40) (== netstandard1.5) (>= netstandard2.0)) (&& (== net40) (== netstandard2.0)) (&& (== net40) (< net35) (>= netstandard1.6)) (&& (== net40) (< net35) (>= netstandard2.0)) (&& (== net40) (>= netstandard1.6) (>= uap10.0)) (&& (== net45) (== netstandard1.4) (>= netstandard2.0)) (&& (== net45) (== netstandard1.5) (>= netstandard2.0)) (&& (== net45) (== netstandard2.0)) (&& (== net45) (< net35) (>= netstandard1.6)) (&& (== net45) (< net35) (>= netstandard2.0)) (&& (== net45) (>= netstandard1.6) (>= uap10.0)) (&& (== net46) (== netstandard1.4) (>= netstandard2.0)) (&& (== net46) (== netstandard1.5) (>= netstandard2.0)) (&& (== net46) (== netstandard2.0)) (&& (== net46) (< net35) (>= netstandard1.6)) (&& (== net46) (< net35) (>= netstandard2.0)) (&& (== net46) (>= netstandard1.6) (>= uap10.0)) (&& (== netstandard1.0) (== netstandard2.0)) (&& (== netstandard1.0) (>= netstandard1.6)) (&& (== netstandard1.0) (>= netstandard2.0)) (&& (== netstandard1.1) (== netstandard2.0)) (&& (== netstandard1.1) (>= netstandard1.6)) (&& (== netstandard1.1) (>= netstandard2.0)) (&& (== netstandard1.2) (== netstandard2.0)) (&& (== netstandard1.2) (>= netstandard1.6)) (&& (== netstandard1.2) (>= netstandard2.0)) (&& (== netstandard1.3) (== netstandard2.0)) (&& (== netstandard1.3) (>= netstandard1.6)) (&& (== netstandard1.3) (>= netstandard2.0)) (&& (== netstandard1.4) (== netstandard2.0)) (&& (== netstandard1.4) (>= netstandard1.6)) (&& (== netstandard1.5) (== netstandard2.0)) (&& (== netstandard1.5) (>= netstandard1.6)) (== netstandard1.6) (&& (== netstandard2.0) (< netstandard1.2)) (&& (== netstandard2.0) (< netstandard1.3)) (&& (== netstandard2.0) (< netstandard1.4)) (&& (== netstandard2.0) (< netstandard1.5)) (&& (== netstandard2.0) (< netstandard1.6)) (&& (== netstandard2.0) (>= uap10.0))
    runtime.ubuntu.16.04-x64.runtime.native.System.Security.Cryptography.OpenSsl (4.3.3) - restriction: || (&& (== net20) (== netstandard2.0)) (&& (== net20) (>= netstandard1.6)) (&& (== net20) (>= netstandard2.0)) (&& (== net35) (== netstandard2.0)) (&& (== net40) (== netstandard1.4) (>= netstandard2.0)) (&& (== net40) (== netstandard1.5) (>= netstandard2.0)) (&& (== net40) (== netstandard2.0)) (&& (== net40) (< net35) (>= netstandard1.6)) (&& (== net40) (< net35) (>= netstandard2.0)) (&& (== net40) (>= netstandard1.6) (>= uap10.0)) (&& (== net45) (== netstandard1.4) (>= netstandard2.0)) (&& (== net45) (== netstandard1.5) (>= netstandard2.0)) (&& (== net45) (== netstandard2.0)) (&& (== net45) (< net35) (>= netstandard1.6)) (&& (== net45) (< net35) (>= netstandard2.0)) (&& (== net45) (>= netstandard1.6) (>= uap10.0)) (&& (== net46) (== netstandard1.4) (>= netstandard2.0)) (&& (== net46) (== netstandard1.5) (>= netstandard2.0)) (&& (== net46) (== netstandard2.0)) (&& (== net46) (< net35) (>= netstandard1.6)) (&& (== net46) (< net35) (>= netstandard2.0)) (&& (== net46) (>= netstandard1.6) (>= uap10.0)) (&& (== netstandard1.0) (== netstandard2.0)) (&& (== netstandard1.0) (>= netstandard1.6)) (&& (== netstandard1.0) (>= netstandard2.0)) (&& (== netstandard1.1) (== netstandard2.0)) (&& (== netstandard1.1) (>= netstandard1.6)) (&& (== netstandard1.1) (>= netstandard2.0)) (&& (== netstandard1.2) (== netstandard2.0)) (&& (== netstandard1.2) (>= netstandard1.6)) (&& (== netstandard1.2) (>= netstandard2.0)) (&& (== netstandard1.3) (== netstandard2.0)) (&& (== netstandard1.3) (>= netstandard1.6)) (&& (== netstandard1.3) (>= netstandard2.0)) (&& (== netstandard1.4) (== netstandard2.0)) (&& (== netstandard1.4) (>= netstandard1.6)) (&& (== netstandard1.5) (== netstandard2.0)) (&& (== netstandard1.5) (>= netstandard1.6)) (== netstandard1.6) (&& (== netstandard2.0) (< netstandard1.2)) (&& (== netstandard2.0) (< netstandard1.3)) (&& (== netstandard2.0) (< netstandard1.4)) (&& (== netstandard2.0) (< netstandard1.5)) (&& (== netstandard2.0) (< netstandard1.6)) (&& (== netstandard2.0) (>= uap10.0))
    runtime.ubuntu.16.10-x64.runtime.native.System.Security.Cryptography.OpenSsl (4.3.3) - restriction: || (&& (== net20) (== netstandard2.0)) (&& (== net20) (>= netstandard1.6)) (&& (== net20) (>= netstandard2.0)) (&& (== net35) (== netstandard2.0)) (&& (== net40) (== netstandard1.4) (>= netstandard2.0)) (&& (== net40) (== netstandard1.5) (>= netstandard2.0)) (&& (== net40) (== netstandard2.0)) (&& (== net40) (< net35) (>= netstandard1.6)) (&& (== net40) (< net35) (>= netstandard2.0)) (&& (== net40) (>= netstandard1.6) (>= uap10.0)) (&& (== net45) (== netstandard1.4) (>= netstandard2.0)) (&& (== net45) (== netstandard1.5) (>= netstandard2.0)) (&& (== net45) (== netstandard2.0)) (&& (== net45) (< net35) (>= netstandard1.6)) (&& (== net45) (< net35) (>= netstandard2.0)) (&& (== net45) (>= netstandard1.6) (>= uap10.0)) (&& (== net46) (== netstandard1.4) (>= netstandard2.0)) (&& (== net46) (== netstandard1.5) (>= netstandard2.0)) (&& (== net46) (== netstandard2.0)) (&& (== net46) (< net35) (>= netstandard1.6)) (&& (== net46) (< net35) (>= netstandard2.0)) (&& (== net46) (>= netstandard1.6) (>= uap10.0)) (&& (== netstandard1.0) (== netstandard2.0)) (&& (== netstandard1.0) (>= netstandard1.6)) (&& (== netstandard1.0) (>= netstandard2.0)) (&& (== netstandard1.1) (== netstandard2.0)) (&& (== netstandard1.1) (>= netstandard1.6)) (&& (== netstandard1.1) (>= netstandard2.0)) (&& (== netstandard1.2) (== netstandard2.0)) (&& (== netstandard1.2) (>= netstandard1.6)) (&& (== netstandard1.2) (>= netstandard2.0)) (&& (== netstandard1.3) (== netstandard2.0)) (&& (== netstandard1.3) (>= netstandard1.6)) (&& (== netstandard1.3) (>= netstandard2.0)) (&& (== netstandard1.4) (== netstandard2.0)) (&& (== netstandard1.4) (>= netstandard1.6)) (&& (== netstandard1.5) (== netstandard2.0)) (&& (== netstandard1.5) (>= netstandard1.6)) (== netstandard1.6) (&& (== netstandard2.0) (< netstandard1.2)) (&& (== netstandard2.0) (< netstandard1.3)) (&& (== netstandard2.0) (< netstandard1.4)) (&& (== netstandard2.0) (< netstandard1.5)) (&& (== netstandard2.0) (< netstandard1.6)) (&& (== netstandard2.0) (>= uap10.0))
    runtime.ubuntu.18.04-x64.runtime.native.System.Security.Cryptography.OpenSsl (4.3.3) - restriction: || (&& (== net20) (== netstandard2.0)) (&& (== net20) (>= netstandard1.6)) (&& (== net20) (>= netstandard2.0)) (&& (== net35) (== netstandard2.0)) (&& (== net40) (== netstandard1.4) (>= netstandard2.0)) (&& (== net40) (== netstandard1.5) (>= netstandard2.0)) (&& (== net40) (== netstandard2.0)) (&& (== net40) (< net35) (>= netstandard1.6)) (&& (== net40) (< net35) (>= netstandard2.0)) (&& (== net40) (>= netstandard1.6) (>= uap10.0)) (&& (== net45) (== netstandard1.4) (>= netstandard2.0)) (&& (== net45) (== netstandard1.5) (>= netstandard2.0)) (&& (== net45) (== netstandard2.0)) (&& (== net45) (< net35) (>= netstandard1.6)) (&& (== net45) (< net35) (>= netstandard2.0)) (&& (== net45) (>= netstandard1.6) (>= uap10.0)) (&& (== net46) (== netstandard1.4) (>= netstandard2.0)) (&& (== net46) (== netstandard1.5) (>= netstandard2.0)) (&& (== net46) (== netstandard2.0)) (&& (== net46) (< net35) (>= netstandard1.6)) (&& (== net46) (< net35) (>= netstandard2.0)) (&& (== net46) (>= netstandard1.6) (>= uap10.0)) (&& (== netstandard1.0) (== netstandard2.0)) (&& (== netstandard1.0) (>= netstandard1.6)) (&& (== netstandard1.0) (>= netstandard2.0)) (&& (== netstandard1.1) (== netstandard2.0)) (&& (== netstandard1.1) (>= netstandard1.6)) (&& (== netstandard1.1) (>= netstandard2.0)) (&& (== netstandard1.2) (== netstandard2.0)) (&& (== netstandard1.2) (>= netstandard1.6)) (&& (== netstandard1.2) (>= netstandard2.0)) (&& (== netstandard1.3) (== netstandard2.0)) (&& (== netstandard1.3) (>= netstandard1.6)) (&& (== netstandard1.3) (>= netstandard2.0)) (&& (== netstandard1.4) (== netstandard2.0)) (&& (== netstandard1.4) (>= netstandard1.6)) (&& (== netstandard1.5) (== netstandard2.0)) (&& (== netstandard1.5) (>= netstandard1.6)) (== netstandard1.6) (&& (== netstandard2.0) (< netstandard1.2)) (&& (== netstandard2.0) (< netstandard1.3)) (&& (== netstandard2.0) (< netstandard1.4)) (&& (== netstandard2.0) (< netstandard1.5)) (&& (== netstandard2.0) (< netstandard1.6)) (&& (== netstandard2.0) (>= uap10.0))
    System.AppContext (4.3) - restriction: || (&& (== net20) (== netstandard2.0)) (&& (== net20) (>= netstandard1.4)) (&& (== net20) (>= netstandard1.5)) (&& (== net20) (>= netstandard1.6)) (&& (== net20) (>= netstandard2.0)) (&& (== net20) (>= uap10.0)) (&& (== net35) (== netstandard2.0)) (&& (== net40) (== netstandard2.0)) (&& (== net40) (< net35) (>= netstandard1.4)) (&& (== net40) (< net35) (>= netstandard1.5)) (&& (== net40) (< net35) (>= netstandard1.6)) (&& (== net40) (< net35) (>= netstandard2.0)) (&& (== net40) (>= uap10.0)) (&& (== net45) (== netstandard2.0)) (&& (== net45) (< net35) (>= netstandard1.4)) (&& (== net45) (< net35) (>= netstandard1.5)) (&& (== net45) (< net35) (>= netstandard1.6)) (&& (== net45) (< net35) (>= netstandard2.0)) (&& (== net45) (>= uap10.0)) (&& (== net46) (== netstandard2.0)) (&& (== net46) (< net35) (>= netstandard1.4)) (&& (== net46) (< net35) (>= netstandard1.5)) (&& (== net46) (< net35) (>= netstandard1.6)) (&& (== net46) (< net35) (>= netstandard2.0)) (&& (== net46) (>= uap10.0)) (&& (== netstandard1.0) (== netstandard2.0)) (&& (== netstandard1.0) (>= netstandard1.4)) (&& (== netstandard1.0) (>= netstandard1.5)) (&& (== netstandard1.0) (>= netstandard1.6)) (&& (== netstandard1.0) (>= netstandard2.0)) (&& (== netstandard1.0) (>= uap10.0)) (&& (== netstandard1.1) (== netstandard2.0)) (&& (== netstandard1.1) (>= netstandard1.4)) (&& (== netstandard1.1) (>= netstandard1.5)) (&& (== netstandard1.1) (>= netstandard1.6)) (&& (== netstandard1.1) (>= netstandard2.0)) (&& (== netstandard1.1) (>= uap10.0)) (&& (== netstandard1.2) (== netstandard2.0)) (&& (== netstandard1.2) (>= netstandard1.4)) (&& (== netstandard1.2) (>= netstandard1.5)) (&& (== netstandard1.2) (>= netstandard1.6)) (&& (== netstandard1.2) (>= netstandard2.0)) (&& (== netstandard1.2) (>= uap10.0)) (&& (== netstandard1.3) (== netstandard2.0)) (&& (== netstandard1.3) (>= netstandard1.4)) (&& (== netstandard1.3) (>= netstandard1.5)) (&& (== netstandard1.3) (>= netstandard1.6)) (&& (== netstandard1.3) (>= netstandard2.0)) (&& (== netstandard1.3) (>= uap10.0)) (== netstandard1.4) (== netstandard1.5) (== netstandard1.6) (&& (== netstandard2.0) (< netstandard1.4)) (&& (== netstandard2.0) (< netstandard1.5)) (&& (== netstandard2.0) (< netstandard1.6)) (&& (== netstandard2.0) (>= uap10.0))
      System.Runtime (>= 4.3) - restriction: || (&& (== net20) (>= netstandard1.3)) (&& (== net20) (>= netstandard1.6)) (&& (== net35) (>= netstandard1.3)) (&& (== net35) (>= netstandard1.6)) (&& (== net40) (>= netstandard1.3)) (&& (== net40) (>= netstandard1.6)) (&& (== net45) (>= netstandard1.3)) (&& (== net45) (>= netstandard1.6)) (&& (== netstandard1.0) (>= netstandard1.3)) (&& (== netstandard1.0) (>= netstandard1.6)) (&& (== netstandard1.1) (>= netstandard1.3)) (&& (== netstandard1.1) (>= netstandard1.6)) (&& (== netstandard1.2) (>= netstandard1.3)) (&& (== netstandard1.2) (>= netstandard1.6)) (== netstandard1.3) (== netstandard1.4) (== netstandard1.5) (== netstandard1.6) (== netstandard2.0)
    System.Buffers (4.5) - restriction: || (&& (== net20) (== netstandard2.0)) (&& (== net20) (>= netstandard1.4)) (&& (== net20) (>= netstandard1.5)) (&& (== net20) (>= netstandard1.6)) (&& (== net20) (>= netstandard2.0)) (&& (== net20) (>= uap10.0)) (&& (== net35) (== netstandard2.0)) (&& (== net40) (== netstandard2.0)) (&& (== net40) (< net35) (>= netstandard1.4)) (&& (== net40) (< net35) (>= netstandard1.5)) (&& (== net40) (< net35) (>= netstandard1.6)) (&& (== net40) (< net35) (>= netstandard2.0)) (&& (== net40) (>= uap10.0)) (&& (== net45) (== netstandard2.0)) (&& (== net45) (< net35) (>= netstandard1.4)) (&& (== net45) (< net35) (>= netstandard1.5)) (&& (== net45) (< net35) (>= netstandard1.6)) (&& (== net45) (< net35) (>= netstandard2.0)) (&& (== net45) (>= uap10.0)) (&& (== net46) (== netstandard2.0)) (&& (== net46) (< net35) (>= netstandard1.4)) (&& (== net46) (< net35) (>= netstandard1.5)) (&& (== net46) (< net35) (>= netstandard1.6)) (&& (== net46) (< net35) (>= netstandard2.0)) (&& (== net46) (>= uap10.0)) (&& (== netstandard1.0) (== netstandard2.0)) (&& (== netstandard1.0) (>= netstandard1.4)) (&& (== netstandard1.0) (>= netstandard1.5)) (&& (== netstandard1.0) (>= netstandard1.6)) (&& (== netstandard1.0) (>= netstandard2.0)) (&& (== netstandard1.0) (>= uap10.0)) (&& (== netstandard1.1) (== netstandard2.0)) (&& (== netstandard1.1) (>= netstandard1.4)) (&& (== netstandard1.1) (>= netstandard1.5)) (&& (== netstandard1.1) (>= netstandard1.6)) (&& (== netstandard1.1) (>= netstandard2.0)) (&& (== netstandard1.1) (>= uap10.0)) (&& (== netstandard1.2) (== netstandard2.0)) (&& (== netstandard1.2) (>= netstandard1.4)) (&& (== netstandard1.2) (>= netstandard1.5)) (&& (== netstandard1.2) (>= netstandard1.6)) (&& (== netstandard1.2) (>= netstandard2.0)) (&& (== netstandard1.2) (>= uap10.0)) (&& (== netstandard1.3) (== netstandard2.0)) (&& (== netstandard1.3) (>= netstandard1.4)) (&& (== netstandard1.3) (>= netstandard1.5)) (&& (== netstandard1.3) (>= netstandard1.6)) (&& (== netstandard1.3) (>= netstandard2.0)) (&& (== netstandard1.3) (>= uap10.0)) (== netstandard1.4) (== netstandard1.5) (== netstandard1.6) (&& (== netstandard2.0) (< netstandard1.2)) (&& (== netstandard2.0) (< netstandard1.3)) (&& (== netstandard2.0) (< netstandard1.4)) (&& (== netstandard2.0) (< netstandard1.5)) (&& (== netstandard2.0) (< netstandard1.6)) (&& (== netstandard2.0) (>= uap10.0))
      System.Diagnostics.Debug (>= 4.3) - restriction: || (&& (== net20) (>= netstandard1.1)) (&& (== net35) (>= netstandard1.1)) (&& (== net40) (>= netstandard1.1)) (&& (== net46) (< net45)) (&& (== netstandard1.0) (>= netstandard1.1)) (== netstandard1.1) (== netstandard1.2) (== netstandard1.3) (== netstandard1.4) (== netstandard1.5) (== netstandard1.6)
      System.Diagnostics.Tracing (>= 4.3) - restriction: || (&& (== net20) (>= netstandard1.1)) (&& (== net35) (>= netstandard1.1)) (&& (== net40) (>= netstandard1.1)) (&& (== net46) (< net45)) (&& (== netstandard1.0) (>= netstandard1.1)) (== netstandard1.1) (== netstandard1.2) (== netstandard1.3) (== netstandard1.4) (== netstandard1.5) (== netstandard1.6)
      System.Resources.ResourceManager (>= 4.3) - restriction: || (&& (== net20) (>= netstandard1.1)) (&& (== net35) (>= netstandard1.1)) (&& (== net40) (>= netstandard1.1)) (&& (== net46) (< net45)) (&& (== netstandard1.0) (>= netstandard1.1)) (== netstandard1.1) (== netstandard1.2) (== netstandard1.3) (== netstandard1.4) (== netstandard1.5) (== netstandard1.6)
      System.Runtime (>= 4.3) - restriction: || (&& (== net20) (>= netstandard1.1)) (&& (== net35) (>= netstandard1.1)) (&& (== net40) (>= netstandard1.1)) (&& (== net46) (< net45)) (&& (== netstandard1.0) (>= netstandard1.1)) (== netstandard1.1) (== netstandard1.2) (== netstandard1.3) (== netstandard1.4) (== netstandard1.5) (== netstandard1.6)
      System.Threading (>= 4.3) - restriction: || (&& (== net20) (>= netstandard1.1)) (&& (== net35) (>= netstandard1.1)) (&& (== net40) (>= netstandard1.1)) (&& (== net46) (< net45)) (&& (== netstandard1.0) (>= netstandard1.1)) (== netstandard1.1) (== netstandard1.2) (== netstandard1.3) (== netstandard1.4) (== netstandard1.5) (== netstandard1.6)
    System.Collections (4.3) - restriction: || (&& (== net20) (== netstandard2.0)) (&& (== net20) (>= netstandard1.4)) (&& (== net20) (>= netstandard1.5)) (&& (== net20) (>= netstandard1.6)) (&& (== net20) (>= netstandard2.0)) (&& (== net35) (== netstandard2.0)) (&& (== net40) (== netstandard2.0)) (&& (== net40) (< net35) (>= netstandard1.4)) (&& (== net40) (< net35) (>= netstandard1.5)) (&& (== net40) (< net35) (>= netstandard1.6)) (&& (== net40) (< net35) (>= netstandard2.0)) (&& (== net40) (>= netstandard1.6) (>= uap10.0)) (&& (== net45) (== netstandard2.0)) (&& (== net45) (< net35) (>= netstandard1.4)) (&& (== net45) (< net35) (>= netstandard1.5)) (&& (== net45) (< net35) (>= netstandard1.6)) (&& (== net45) (< net35) (>= netstandard2.0)) (&& (== net45) (>= netstandard1.6) (>= uap10.0)) (&& (== net46) (== netstandard2.0)) (&& (== net46) (< net35) (>= netstandard1.4)) (&& (== net46) (< net35) (>= netstandard1.5)) (&& (== net46) (< net35) (>= netstandard1.6)) (&& (== net46) (< net35) (>= netstandard2.0)) (&& (== net46) (>= netstandard1.6) (>= uap10.0)) (&& (== netstandard1.0) (== netstandard2.0)) (&& (== netstandard1.0) (>= netstandard1.4)) (&& (== netstandard1.0) (>= netstandard1.5)) (&& (== netstandard1.0) (>= netstandard1.6)) (&& (== netstandard1.0) (>= netstandard2.0)) (&& (== netstandard1.1) (== netstandard2.0)) (&& (== netstandard1.1) (>= netstandard1.4)) (&& (== netstandard1.1) (>= netstandard1.5)) (&& (== netstandard1.1) (>= netstandard1.6)) (&& (== netstandard1.1) (>= netstandard2.0)) (&& (== netstandard1.2) (== netstandard2.0)) (&& (== netstandard1.2) (>= netstandard1.4)) (&& (== netstandard1.2) (>= netstandard1.5)) (&& (== netstandard1.2) (>= netstandard1.6)) (&& (== netstandard1.2) (>= netstandard2.0)) (&& (== netstandard1.3) (== netstandard2.0)) (&& (== netstandard1.3) (>= netstandard1.4)) (&& (== netstandard1.3) (>= netstandard1.5)) (&& (== netstandard1.3) (>= netstandard1.6)) (&& (== netstandard1.3) (>= netstandard2.0)) (== netstandard1.4) (== netstandard1.5) (== netstandard1.6) (&& (== netstandard2.0) (< netstandard1.2)) (&& (== netstandard2.0) (< netstandard1.3)) (&& (== netstandard2.0) (< netstandard1.4)) (&& (== netstandard2.0) (< netstandard1.5)) (&& (== netstandard2.0) (< netstandard1.6)) (&& (== netstandard2.0) (< portable-net45+win8+wpa81)) (&& (== netstandard2.0) (>= uap10.0))
      Microsoft.NETCore.Platforms (>= 1.1) - restriction: || (&& (== net20) (>= netstandard1.0)) (&& (== net20) (>= netstandard1.3)) (&& (== net35) (>= netstandard1.0)) (&& (== net35) (>= netstandard1.3)) (&& (== net40) (>= netstandard1.0)) (&& (== net40) (>= netstandard1.3)) (&& (== net46) (< net45)) (== netstandard1.0) (== netstandard1.1) (== netstandard1.2) (== netstandard1.3) (== netstandard1.4) (== netstandard1.5) (== netstandard1.6) (== netstandard2.0)
      Microsoft.NETCore.Targets (>= 1.1) - restriction: || (&& (== net20) (>= netstandard1.0)) (&& (== net20) (>= netstandard1.3)) (&& (== net35) (>= netstandard1.0)) (&& (== net35) (>= netstandard1.3)) (&& (== net40) (>= netstandard1.0)) (&& (== net40) (>= netstandard1.3)) (&& (== net46) (< net45)) (== netstandard1.0) (== netstandard1.1) (== netstandard1.2) (== netstandard1.3) (== netstandard1.4) (== netstandard1.5) (== netstandard1.6) (== netstandard2.0)
      System.Runtime (>= 4.3) - restriction: || (&& (== net20) (>= netstandard1.0)) (&& (== net20) (>= netstandard1.3)) (&& (== net35) (>= netstandard1.0)) (&& (== net35) (>= netstandard1.3)) (&& (== net40) (>= netstandard1.0)) (&& (== net40) (>= netstandard1.3)) (&& (== net46) (< net45)) (== netstandard1.0) (== netstandard1.1) (== netstandard1.2) (== netstandard1.3) (== netstandard1.4) (== netstandard1.5) (== netstandard1.6) (== netstandard2.0)
    System.Collections.Concurrent (4.3) - restriction: || (&& (== net20) (== netstandard2.0)) (&& (== net20) (>= netstandard1.4)) (&& (== net20) (>= netstandard1.5)) (&& (== net20) (>= netstandard1.6)) (&& (== net20) (>= netstandard2.0)) (&& (== net20) (>= uap10.0)) (&& (== net35) (== netstandard2.0)) (&& (== net40) (== netstandard2.0)) (&& (== net40) (< net35) (>= netstandard1.4)) (&& (== net40) (< net35) (>= netstandard1.5)) (&& (== net40) (< net35) (>= netstandard1.6)) (&& (== net40) (< net35) (>= netstandard2.0)) (&& (== net40) (>= uap10.0)) (&& (== net45) (== netstandard2.0)) (&& (== net45) (< net35) (>= netstandard1.4)) (&& (== net45) (< net35) (>= netstandard1.5)) (&& (== net45) (< net35) (>= netstandard1.6)) (&& (== net45) (< net35) (>= netstandard2.0)) (&& (== net45) (>= uap10.0)) (&& (== net46) (== netstandard2.0)) (&& (== net46) (< net35) (>= netstandard1.4)) (&& (== net46) (< net35) (>= netstandard1.5)) (&& (== net46) (< net35) (>= netstandard1.6)) (&& (== net46) (< net35) (>= netstandard2.0)) (&& (== net46) (>= uap10.0)) (&& (== netstandard1.0) (== netstandard2.0)) (&& (== netstandard1.0) (>= netstandard1.4)) (&& (== netstandard1.0) (>= netstandard1.5)) (&& (== netstandard1.0) (>= netstandard1.6)) (&& (== netstandard1.0) (>= netstandard2.0)) (&& (== netstandard1.0) (>= uap10.0)) (&& (== netstandard1.1) (== netstandard2.0)) (&& (== netstandard1.1) (>= netstandard1.4)) (&& (== netstandard1.1) (>= netstandard1.5)) (&& (== netstandard1.1) (>= netstandard1.6)) (&& (== netstandard1.1) (>= netstandard2.0)) (&& (== netstandard1.1) (>= uap10.0)) (&& (== netstandard1.2) (== netstandard2.0)) (&& (== netstandard1.2) (>= netstandard1.4)) (&& (== netstandard1.2) (>= netstandard1.5)) (&& (== netstandard1.2) (>= netstandard1.6)) (&& (== netstandard1.2) (>= netstandard2.0)) (&& (== netstandard1.2) (>= uap10.0)) (&& (== netstandard1.3) (== netstandard2.0)) (&& (== netstandard1.3) (>= netstandard1.4)) (&& (== netstandard1.3) (>= netstandard1.5)) (&& (== netstandard1.3) (>= netstandard1.6)) (&& (== netstandard1.3) (>= netstandard2.0)) (&& (== netstandard1.3) (>= uap10.0)) (== netstandard1.4) (== netstandard1.5) (== netstandard1.6) (&& (== netstandard2.0) (< netstandard1.2)) (&& (== netstandard2.0) (< netstandard1.3)) (&& (== netstandard2.0) (< netstandard1.4)) (&& (== netstandard2.0) (< netstandard1.5)) (&& (== netstandard2.0) (< netstandard1.6)) (&& (== netstandard2.0) (>= uap10.0))
      System.Collections (>= 4.3) - restriction: || (&& (== net20) (>= netstandard1.3)) (&& (== net35) (>= netstandard1.3)) (&& (== net40) (>= netstandard1.3)) (&& (== net46) (< net45)) (&& (== netstandard1.0) (>= netstandard1.3)) (&& (== netstandard1.1) (>= netstandard1.3)) (&& (== netstandard1.2) (>= netstandard1.3)) (== netstandard1.3) (== netstandard1.4) (== netstandard1.5) (== netstandard1.6) (== netstandard2.0)
      System.Diagnostics.Debug (>= 4.3) - restriction: || (&& (== net20) (>= netstandard1.3)) (&& (== net35) (>= netstandard1.3)) (&& (== net40) (>= netstandard1.3)) (&& (== net46) (< net45)) (&& (== netstandard1.0) (>= netstandard1.3)) (&& (== netstandard1.1) (>= netstandard1.3)) (&& (== netstandard1.2) (>= netstandard1.3)) (== netstandard1.3) (== netstandard1.4) (== netstandard1.5) (== netstandard1.6) (== netstandard2.0)
      System.Diagnostics.Tracing (>= 4.3) - restriction: || (&& (== net20) (>= netstandard1.3)) (&& (== net35) (>= netstandard1.3)) (&& (== net40) (>= netstandard1.3)) (&& (== net46) (< net45)) (&& (== netstandard1.0) (>= netstandard1.3)) (&& (== netstandard1.1) (>= netstandard1.3)) (&& (== netstandard1.2) (>= netstandard1.3)) (== netstandard1.3) (== netstandard1.4) (== netstandard1.5) (== netstandard1.6) (== netstandard2.0)
      System.Globalization (>= 4.3) - restriction: || (&& (== net20) (>= netstandard1.3)) (&& (== net35) (>= netstandard1.3)) (&& (== net40) (>= netstandard1.3)) (&& (== net46) (< net45)) (&& (== netstandard1.0) (>= netstandard1.3)) (&& (== netstandard1.1) (>= netstandard1.3)) (&& (== netstandard1.2) (>= netstandard1.3)) (== netstandard1.3) (== netstandard1.4) (== netstandard1.5) (== netstandard1.6) (== netstandard2.0)
      System.Reflection (>= 4.3) - restriction: || (&& (== net20) (>= netstandard1.3)) (&& (== net35) (>= netstandard1.3)) (&& (== net40) (>= netstandard1.3)) (&& (== net46) (< net45)) (&& (== netstandard1.0) (>= netstandard1.3)) (&& (== netstandard1.1) (>= netstandard1.3)) (&& (== netstandard1.2) (>= netstandard1.3)) (== netstandard1.3) (== netstandard1.4) (== netstandard1.5) (== netstandard1.6) (== netstandard2.0)
      System.Resources.ResourceManager (>= 4.3) - restriction: || (&& (== net20) (>= netstandard1.3)) (&& (== net35) (>= netstandard1.3)) (&& (== net40) (>= netstandard1.3)) (&& (== net46) (< net45)) (&& (== netstandard1.0) (>= netstandard1.3)) (&& (== netstandard1.1) (>= netstandard1.3)) (&& (== netstandard1.2) (>= netstandard1.3)) (== netstandard1.3) (== netstandard1.4) (== netstandard1.5) (== netstandard1.6) (== netstandard2.0)
      System.Runtime (>= 4.3) - restriction: || (&& (== net20) (>= netstandard1.1)) (&& (== net20) (>= netstandard1.3)) (&& (== net35) (>= netstandard1.1)) (&& (== net35) (>= netstandard1.3)) (&& (== net40) (>= netstandard1.1)) (&& (== net40) (>= netstandard1.3)) (&& (== net46) (< net45)) (&& (== netstandard1.0) (>= netstandard1.1)) (&& (== netstandard1.0) (>= netstandard1.3)) (== netstandard1.1) (== netstandard1.2) (== netstandard1.3) (== netstandard1.4) (== netstandard1.5) (== netstandard1.6) (== netstandard2.0)
      System.Runtime.Extensions (>= 4.3) - restriction: || (&& (== net20) (>= netstandard1.3)) (&& (== net35) (>= netstandard1.3)) (&& (== net40) (>= netstandard1.3)) (&& (== net46) (< net45)) (&& (== netstandard1.0) (>= netstandard1.3)) (&& (== netstandard1.1) (>= netstandard1.3)) (&& (== netstandard1.2) (>= netstandard1.3)) (== netstandard1.3) (== netstandard1.4) (== netstandard1.5) (== netstandard1.6) (== netstandard2.0)
      System.Threading (>= 4.3) - restriction: || (&& (== net20) (>= netstandard1.3)) (&& (== net35) (>= netstandard1.3)) (&& (== net40) (>= netstandard1.3)) (&& (== net46) (< net45)) (&& (== netstandard1.0) (>= netstandard1.3)) (&& (== netstandard1.1) (>= netstandard1.3)) (&& (== netstandard1.2) (>= netstandard1.3)) (== netstandard1.3) (== netstandard1.4) (== netstandard1.5) (== netstandard1.6) (== netstandard2.0)
      System.Threading.Tasks (>= 4.3) - restriction: || (&& (== net20) (>= netstandard1.1)) (&& (== net20) (>= netstandard1.3)) (&& (== net35) (>= netstandard1.1)) (&& (== net35) (>= netstandard1.3)) (&& (== net40) (>= netstandard1.1)) (&& (== net40) (>= netstandard1.3)) (&& (== net46) (< net45)) (&& (== netstandard1.0) (>= netstandard1.1)) (&& (== netstandard1.0) (>= netstandard1.3)) (== netstandard1.1) (== netstandard1.2) (== netstandard1.3) (== netstandard1.4) (== netstandard1.5) (== netstandard1.6) (== netstandard2.0)
    System.Collections.NonGeneric (4.3) - restriction: || (&& (== net20) (== netstandard2.0)) (&& (== net20) (>= net462)) (&& (== net20) (>= netstandard1.5)) (&& (== net40) (== netstandard2.0)) (&& (== net40) (< net35) (>= net462)) (&& (== net40) (< net35) (>= netstandard1.5)) (&& (== net45) (== netstandard2.0)) (&& (== net45) (< net35) (>= net462)) (&& (== net45) (< net35) (>= netstandard1.5)) (&& (== net46) (== netstandard2.0)) (&& (== net46) (< net35) (>= net462)) (&& (== net46) (< net35) (>= netstandard1.5)) (&& (== netstandard1.0) (== netstandard2.0)) (&& (== netstandard1.0) (>= net462)) (&& (== netstandard1.0) (>= netstandard1.5)) (&& (== netstandard1.1) (== netstandard2.0)) (&& (== netstandard1.1) (>= net462)) (&& (== netstandard1.1) (>= netstandard1.5)) (&& (== netstandard1.2) (== netstandard2.0)) (&& (== netstandard1.2) (>= net462)) (&& (== netstandard1.2) (>= netstandard1.5)) (&& (== netstandard1.3) (== netstandard2.0)) (&& (== netstandard1.3) (>= net462)) (&& (== netstandard1.3) (>= netstandard1.5)) (&& (== netstandard1.4) (== netstandard2.0)) (&& (== netstandard1.4) (>= net462)) (&& (== netstandard1.4) (>= netstandard1.5)) (== netstandard1.5) (== netstandard1.6)
      System.Diagnostics.Debug (>= 4.3) - restriction: || (&& (== net20) (>= netstandard1.3)) (&& (== net35) (>= netstandard1.3)) (&& (== net40) (>= netstandard1.3)) (&& (== net45) (>= netstandard1.3)) (&& (== netstandard1.0) (>= netstandard1.3)) (&& (== netstandard1.1) (>= netstandard1.3)) (&& (== netstandard1.2) (>= netstandard1.3)) (== netstandard1.3) (== netstandard1.4) (== netstandard1.5) (== netstandard1.6) (== netstandard2.0)
      System.Globalization (>= 4.3) - restriction: || (&& (== net20) (>= netstandard1.3)) (&& (== net35) (>= netstandard1.3)) (&& (== net40) (>= netstandard1.3)) (&& (== net45) (>= netstandard1.3)) (&& (== netstandard1.0) (>= netstandard1.3)) (&& (== netstandard1.1) (>= netstandard1.3)) (&& (== netstandard1.2) (>= netstandard1.3)) (== netstandard1.3) (== netstandard1.4) (== netstandard1.5) (== netstandard1.6) (== netstandard2.0)
      System.Resources.ResourceManager (>= 4.3) - restriction: || (&& (== net20) (>= netstandard1.3)) (&& (== net35) (>= netstandard1.3)) (&& (== net40) (>= netstandard1.3)) (&& (== net45) (>= netstandard1.3)) (&& (== netstandard1.0) (>= netstandard1.3)) (&& (== netstandard1.1) (>= netstandard1.3)) (&& (== netstandard1.2) (>= netstandard1.3)) (== netstandard1.3) (== netstandard1.4) (== netstandard1.5) (== netstandard1.6) (== netstandard2.0)
      System.Runtime (>= 4.3) - restriction: || (&& (== net20) (>= netstandard1.3)) (&& (== net35) (>= netstandard1.3)) (&& (== net40) (>= netstandard1.3)) (&& (== net45) (>= netstandard1.3)) (&& (== netstandard1.0) (>= netstandard1.3)) (&& (== netstandard1.1) (>= netstandard1.3)) (&& (== netstandard1.2) (>= netstandard1.3)) (== netstandard1.3) (== netstandard1.4) (== netstandard1.5) (== netstandard1.6) (== netstandard2.0)
      System.Runtime.Extensions (>= 4.3) - restriction: || (&& (== net20) (>= netstandard1.3)) (&& (== net35) (>= netstandard1.3)) (&& (== net40) (>= netstandard1.3)) (&& (== net45) (>= netstandard1.3)) (&& (== netstandard1.0) (>= netstandard1.3)) (&& (== netstandard1.1) (>= netstandard1.3)) (&& (== netstandard1.2) (>= netstandard1.3)) (== netstandard1.3) (== netstandard1.4) (== netstandard1.5) (== netstandard1.6) (== netstandard2.0)
      System.Threading (>= 4.3) - restriction: || (&& (== net20) (>= netstandard1.3)) (&& (== net35) (>= netstandard1.3)) (&& (== net40) (>= netstandard1.3)) (&& (== net45) (>= netstandard1.3)) (&& (== netstandard1.0) (>= netstandard1.3)) (&& (== netstandard1.1) (>= netstandard1.3)) (&& (== netstandard1.2) (>= netstandard1.3)) (== netstandard1.3) (== netstandard1.4) (== netstandard1.5) (== netstandard1.6) (== netstandard2.0)
    System.Collections.Specialized (4.3) - restriction: || (&& (== net20) (== netstandard2.0)) (&& (== net20) (>= netstandard1.5)) (&& (== net40) (== netstandard2.0)) (&& (== net40) (< net35) (>= netstandard1.5)) (&& (== net45) (== netstandard2.0)) (&& (== net45) (< net35) (>= netstandard1.5)) (&& (== net46) (== netstandard2.0)) (&& (== net46) (< net35) (>= netstandard1.5)) (&& (== netstandard1.0) (== netstandard2.0)) (&& (== netstandard1.0) (>= netstandard1.5)) (&& (== netstandard1.1) (== netstandard2.0)) (&& (== netstandard1.1) (>= netstandard1.5)) (&& (== netstandard1.2) (== netstandard2.0)) (&& (== netstandard1.2) (>= netstandard1.5)) (&& (== netstandard1.3) (== netstandard2.0)) (&& (== netstandard1.3) (>= netstandard1.5)) (&& (== netstandard1.4) (== netstandard2.0)) (&& (== netstandard1.4) (>= netstandard1.5)) (== netstandard1.5) (== netstandard1.6)
      System.Collections.NonGeneric (>= 4.3) - restriction: || (&& (== net20) (>= netstandard1.3)) (&& (== net35) (>= netstandard1.3)) (&& (== net40) (>= netstandard1.3)) (&& (== net45) (>= netstandard1.3)) (&& (== netstandard1.0) (>= netstandard1.3)) (&& (== netstandard1.1) (>= netstandard1.3)) (&& (== netstandard1.2) (>= netstandard1.3)) (== netstandard1.3) (== netstandard1.4) (== netstandard1.5) (== netstandard1.6) (== netstandard2.0)
      System.Globalization (>= 4.3) - restriction: || (&& (== net20) (>= netstandard1.3)) (&& (== net35) (>= netstandard1.3)) (&& (== net40) (>= netstandard1.3)) (&& (== net45) (>= netstandard1.3)) (&& (== netstandard1.0) (>= netstandard1.3)) (&& (== netstandard1.1) (>= netstandard1.3)) (&& (== netstandard1.2) (>= netstandard1.3)) (== netstandard1.3) (== netstandard1.4) (== netstandard1.5) (== netstandard1.6) (== netstandard2.0)
      System.Globalization.Extensions (>= 4.3) - restriction: || (&& (== net20) (>= netstandard1.3)) (&& (== net35) (>= netstandard1.3)) (&& (== net40) (>= netstandard1.3)) (&& (== net45) (>= netstandard1.3)) (&& (== netstandard1.0) (>= netstandard1.3)) (&& (== netstandard1.1) (>= netstandard1.3)) (&& (== netstandard1.2) (>= netstandard1.3)) (== netstandard1.3) (== netstandard1.4) (== netstandard1.5) (== netstandard1.6) (== netstandard2.0)
      System.Resources.ResourceManager (>= 4.3) - restriction: || (&& (== net20) (>= netstandard1.3)) (&& (== net35) (>= netstandard1.3)) (&& (== net40) (>= netstandard1.3)) (&& (== net45) (>= netstandard1.3)) (&& (== netstandard1.0) (>= netstandard1.3)) (&& (== netstandard1.1) (>= netstandard1.3)) (&& (== netstandard1.2) (>= netstandard1.3)) (== netstandard1.3) (== netstandard1.4) (== netstandard1.5) (== netstandard1.6) (== netstandard2.0)
      System.Runtime (>= 4.3) - restriction: || (&& (== net20) (>= netstandard1.3)) (&& (== net35) (>= netstandard1.3)) (&& (== net40) (>= netstandard1.3)) (&& (== net45) (>= netstandard1.3)) (&& (== netstandard1.0) (>= netstandard1.3)) (&& (== netstandard1.1) (>= netstandard1.3)) (&& (== netstandard1.2) (>= netstandard1.3)) (== netstandard1.3) (== netstandard1.4) (== netstandard1.5) (== netstandard1.6) (== netstandard2.0)
      System.Runtime.Extensions (>= 4.3) - restriction: || (&& (== net20) (>= netstandard1.3)) (&& (== net35) (>= netstandard1.3)) (&& (== net40) (>= netstandard1.3)) (&& (== net45) (>= netstandard1.3)) (&& (== netstandard1.0) (>= netstandard1.3)) (&& (== netstandard1.1) (>= netstandard1.3)) (&& (== netstandard1.2) (>= netstandard1.3)) (== netstandard1.3) (== netstandard1.4) (== netstandard1.5) (== netstandard1.6) (== netstandard2.0)
      System.Threading (>= 4.3) - restriction: || (&& (== net20) (>= netstandard1.3)) (&& (== net35) (>= netstandard1.3)) (&& (== net40) (>= netstandard1.3)) (&& (== net45) (>= netstandard1.3)) (&& (== netstandard1.0) (>= netstandard1.3)) (&& (== netstandard1.1) (>= netstandard1.3)) (&& (== netstandard1.2) (>= netstandard1.3)) (== netstandard1.3) (== netstandard1.4) (== netstandard1.5) (== netstandard1.6) (== netstandard2.0)
    System.ComponentModel (4.3) - restriction: || (&& (== net20) (== netstandard2.0)) (&& (== net20) (>= netstandard1.4)) (&& (== net20) (>= netstandard1.5)) (&& (== net40) (== netstandard2.0)) (&& (== net40) (< net35) (>= netstandard1.4)) (&& (== net40) (< net35) (>= netstandard1.5)) (&& (== net45) (== netstandard2.0)) (&& (== net45) (< net35) (>= netstandard1.4)) (&& (== net45) (< net35) (>= netstandard1.5)) (&& (== net46) (== netstandard2.0)) (&& (== net46) (< net35) (>= netstandard1.4)) (&& (== net46) (< net35) (>= netstandard1.5)) (&& (== netstandard1.0) (== netstandard2.0)) (&& (== netstandard1.0) (>= netstandard1.4)) (&& (== netstandard1.0) (>= netstandard1.5)) (&& (== netstandard1.1) (== netstandard2.0)) (&& (== netstandard1.1) (>= netstandard1.4)) (&& (== netstandard1.1) (>= netstandard1.5)) (&& (== netstandard1.2) (== netstandard2.0)) (&& (== netstandard1.2) (>= netstandard1.4)) (&& (== netstandard1.2) (>= netstandard1.5)) (&& (== netstandard1.3) (== netstandard2.0)) (&& (== netstandard1.3) (>= netstandard1.4)) (&& (== netstandard1.3) (>= netstandard1.5)) (== netstandard1.4) (== netstandard1.5) (== netstandard1.6)
      System.Runtime (>= 4.3) - restriction: || (&& (== net20) (>= netstandard1.0)) (&& (== net20) (>= netstandard1.3)) (&& (== net35) (>= netstandard1.0)) (&& (== net35) (>= netstandard1.3)) (&& (== net40) (>= netstandard1.0)) (&& (== net40) (>= netstandard1.3)) (&& (== net46) (< net45)) (== netstandard1.0) (== netstandard1.1) (== netstandard1.2) (== netstandard1.3) (== netstandard1.4) (== netstandard1.5) (== netstandard1.6) (== netstandard2.0)
    System.ComponentModel.Primitives (4.3) - restriction: || (&& (== net20) (== netstandard2.0)) (&& (== net20) (>= net462)) (&& (== net20) (>= netstandard1.4)) (&& (== net20) (>= netstandard1.5)) (&& (== net35) (== net45) (>= netstandard1.4) (>= win8)) (&& (== net35) (== net46) (>= netstandard1.4) (>= win8)) (&& (== net40) (== netstandard2.0)) (&& (== net40) (< net35) (>= net462)) (&& (== net40) (< net35) (>= netstandard1.4)) (&& (== net40) (< net35) (>= netstandard1.5)) (&& (== net40) (>= netstandard1.4) (>= win8)) (&& (== net40) (>= netstandard1.4) (>= wp8)) (&& (== net40) (>= netstandard1.4) (>= wpa81)) (&& (== net45) (== netstandard2.0)) (&& (== net45) (< net35) (>= net462)) (&& (== net45) (< net35) (>= netstandard1.4)) (&& (== net45) (< net35) (>= netstandard1.5)) (&& (== net45) (< netstandard1.0) (>= netstandard1.4) (>= win8)) (&& (== net45) (>= netstandard1.4) (>= wp8)) (&& (== net45) (>= netstandard1.4) (>= wpa81)) (&& (== net46) (== netstandard2.0)) (&& (== net46) (< net35) (>= net462)) (&& (== net46) (< net35) (>= netstandard1.4)) (&& (== net46) (< net35) (>= netstandard1.5)) (&& (== net46) (< netstandard1.0) (>= netstandard1.4) (>= win8)) (&& (== net46) (>= netstandard1.4) (>= wp8)) (&& (== net46) (>= netstandard1.4) (>= wpa81)) (&& (== netstandard1.0) (== netstandard2.0)) (&& (== netstandard1.0) (>= net462)) (&& (== netstandard1.0) (>= netstandard1.4)) (&& (== netstandard1.0) (>= netstandard1.5)) (&& (== netstandard1.1) (== netstandard2.0)) (&& (== netstandard1.1) (>= net462)) (&& (== netstandard1.1) (>= netstandard1.4)) (&& (== netstandard1.1) (>= netstandard1.5)) (&& (== netstandard1.2) (== netstandard2.0)) (&& (== netstandard1.2) (>= net462)) (&& (== netstandard1.2) (>= netstandard1.4)) (&& (== netstandard1.2) (>= netstandard1.5)) (&& (== netstandard1.3) (== netstandard2.0)) (&& (== netstandard1.3) (>= net462)) (&& (== netstandard1.3) (>= netstandard1.4)) (&& (== netstandard1.3) (>= netstandard1.5)) (== netstandard1.4) (== netstandard1.5) (== netstandard1.6)
      System.ComponentModel (>= 4.3) - restriction: || (&& (== net20) (>= netstandard1.0)) (&& (== net35) (>= netstandard1.0)) (&& (== net40) (>= netstandard1.0)) (&& (== net46) (< net45)) (== netstandard1.0) (== netstandard1.1) (== netstandard1.2) (== netstandard1.3) (== netstandard1.4) (== netstandard1.5) (== netstandard1.6) (== netstandard2.0)
      System.Resources.ResourceManager (>= 4.3) - restriction: || (&& (== net20) (>= netstandard1.0)) (&& (== net35) (>= netstandard1.0)) (&& (== net40) (>= netstandard1.0)) (&& (== net46) (< net45)) (== netstandard1.0) (== netstandard1.1) (== netstandard1.2) (== netstandard1.3) (== netstandard1.4) (== netstandard1.5) (== netstandard1.6) (== netstandard2.0)
      System.Runtime (>= 4.3) - restriction: || (&& (== net20) (>= netstandard1.0)) (&& (== net35) (>= netstandard1.0)) (&& (== net40) (>= netstandard1.0)) (&& (== net46) (< net45)) (== netstandard1.0) (== netstandard1.1) (== netstandard1.2) (== netstandard1.3) (== netstandard1.4) (== netstandard1.5) (== netstandard1.6) (== netstandard2.0)
    System.ComponentModel.TypeConverter (4.3) - restriction: || (&& (== net20) (== netstandard2.0)) (&& (== net20) (>= netstandard1.4)) (&& (== net40) (== netstandard2.0)) (&& (== net40) (< net35) (>= netstandard1.4)) (&& (== net45) (== netstandard2.0)) (&& (== net45) (< net35) (>= netstandard1.4)) (&& (== net46) (== netstandard2.0)) (&& (== net46) (< net35) (>= netstandard1.4)) (&& (== netstandard1.0) (== netstandard2.0)) (&& (== netstandard1.0) (>= netstandard1.4)) (&& (== netstandard1.1) (== netstandard2.0)) (&& (== netstandard1.1) (>= netstandard1.4)) (&& (== netstandard1.2) (== netstandard2.0)) (&& (== netstandard1.2) (>= netstandard1.4)) (&& (== netstandard1.3) (== netstandard2.0)) (&& (== netstandard1.3) (>= netstandard1.4)) (== netstandard1.4) (== netstandard1.5) (== netstandard1.6)
      System.Collections (>= 4.3) - restriction: || (&& (== net20) (>= netstandard1.0)) (&& (== net20) (>= netstandard1.5)) (&& (== net35) (>= netstandard1.0)) (&& (== net35) (>= netstandard1.5)) (&& (== net40) (>= netstandard1.0)) (&& (== net40) (>= netstandard1.5)) (&& (== net46) (< net45)) (== netstandard1.0) (== netstandard1.1) (== netstandard1.2) (== netstandard1.3) (== netstandard1.4) (== netstandard1.5) (== netstandard1.6) (== netstandard2.0)
      System.Collections.NonGeneric (>= 4.3) - restriction: || (&& (== net20) (>= net462)) (&& (== net20) (>= netstandard1.5)) (&& (== net35) (>= net462)) (&& (== net35) (>= netstandard1.5)) (&& (== net40) (>= net462)) (&& (== net40) (>= netstandard1.5)) (&& (== net45) (>= net462)) (&& (== net46) (< net45) (>= netstandard1.5)) (&& (== net46) (>= net462)) (&& (== netstandard1.0) (>= net462)) (&& (== netstandard1.0) (>= netstandard1.5)) (&& (== netstandard1.1) (>= net462)) (&& (== netstandard1.1) (>= netstandard1.5)) (&& (== netstandard1.2) (>= net462)) (&& (== netstandard1.2) (>= netstandard1.5)) (&& (== netstandard1.3) (>= net462)) (&& (== netstandard1.3) (>= netstandard1.5)) (&& (== netstandard1.4) (>= net462)) (&& (== netstandard1.4) (>= netstandard1.5)) (== netstandard1.5) (== netstandard1.6) (== netstandard2.0)
      System.Collections.Specialized (>= 4.3) - restriction: || (&& (== net20) (>= netstandard1.5)) (&& (== net35) (>= netstandard1.5)) (&& (== net40) (>= netstandard1.5)) (&& (== net46) (< net45) (>= netstandard1.5)) (&& (== netstandard1.0) (>= netstandard1.5)) (&& (== netstandard1.1) (>= netstandard1.5)) (&& (== netstandard1.2) (>= netstandard1.5)) (&& (== netstandard1.3) (>= netstandard1.5)) (&& (== netstandard1.4) (>= netstandard1.5)) (== netstandard1.5) (== netstandard1.6) (== netstandard2.0)
      System.ComponentModel (>= 4.3) - restriction: || (&& (== net20) (>= netstandard1.0)) (&& (== net20) (>= netstandard1.5)) (&& (== net35) (>= netstandard1.0)) (&& (== net35) (>= netstandard1.5)) (&& (== net40) (>= netstandard1.0)) (&& (== net40) (>= netstandard1.5)) (&& (== net46) (< net45)) (== netstandard1.0) (== netstandard1.1) (== netstandard1.2) (== netstandard1.3) (== netstandard1.4) (== netstandard1.5) (== netstandard1.6) (== netstandard2.0)
      System.ComponentModel.Primitives (>= 4.3) - restriction: || (&& (== net20) (>= net45)) (&& (== net20) (>= net462)) (&& (== net20) (>= netstandard1.0)) (&& (== net20) (>= netstandard1.5)) (&& (== net20) (>= win8)) (&& (== net20) (>= wp8)) (&& (== net20) (>= wpa81)) (&& (== net35) (>= net45)) (&& (== net35) (>= net462)) (&& (== net35) (>= netstandard1.0)) (&& (== net35) (>= netstandard1.5)) (&& (== net35) (>= win8)) (&& (== net35) (>= wp8)) (&& (== net35) (>= wpa81)) (&& (== net40) (>= net45)) (&& (== net40) (>= net462)) (&& (== net40) (>= netstandard1.0)) (&& (== net40) (>= netstandard1.5)) (&& (== net40) (>= win8)) (&& (== net40) (>= wp8)) (&& (== net40) (>= wpa81)) (== net45) (== net46) (== netstandard1.0) (== netstandard1.1) (== netstandard1.2) (== netstandard1.3) (== netstandard1.4) (== netstandard1.5) (== netstandard1.6) (== netstandard2.0)
      System.Globalization (>= 4.3) - restriction: || (&& (== net20) (>= netstandard1.0)) (&& (== net20) (>= netstandard1.5)) (&& (== net35) (>= netstandard1.0)) (&& (== net35) (>= netstandard1.5)) (&& (== net40) (>= netstandard1.0)) (&& (== net40) (>= netstandard1.5)) (&& (== net46) (< net45)) (== netstandard1.0) (== netstandard1.1) (== netstandard1.2) (== netstandard1.3) (== netstandard1.4) (== netstandard1.5) (== netstandard1.6) (== netstandard2.0)
      System.Linq (>= 4.3) - restriction: || (&& (== net20) (>= netstandard1.5)) (&& (== net35) (>= netstandard1.5)) (&& (== net40) (>= netstandard1.5)) (&& (== net46) (< net45) (>= netstandard1.5)) (&& (== netstandard1.0) (>= netstandard1.5)) (&& (== netstandard1.1) (>= netstandard1.5)) (&& (== netstandard1.2) (>= netstandard1.5)) (&& (== netstandard1.3) (>= netstandard1.5)) (&& (== netstandard1.4) (>= netstandard1.5)) (== netstandard1.5) (== netstandard1.6) (== netstandard2.0)
      System.Reflection (>= 4.3) - restriction: || (&& (== net20) (>= netstandard1.0)) (&& (== net20) (>= netstandard1.5)) (&& (== net35) (>= netstandard1.0)) (&& (== net35) (>= netstandard1.5)) (&& (== net40) (>= netstandard1.0)) (&& (== net40) (>= netstandard1.5)) (&& (== net46) (< net45)) (== netstandard1.0) (== netstandard1.1) (== netstandard1.2) (== netstandard1.3) (== netstandard1.4) (== netstandard1.5) (== netstandard1.6) (== netstandard2.0)
      System.Reflection.Extensions (>= 4.3) - restriction: || (&& (== net20) (>= netstandard1.0)) (&& (== net20) (>= netstandard1.5)) (&& (== net35) (>= netstandard1.0)) (&& (== net35) (>= netstandard1.5)) (&& (== net40) (>= netstandard1.0)) (&& (== net40) (>= netstandard1.5)) (&& (== net46) (< net45)) (== netstandard1.0) (== netstandard1.1) (== netstandard1.2) (== netstandard1.3) (== netstandard1.4) (== netstandard1.5) (== netstandard1.6) (== netstandard2.0)
      System.Reflection.Primitives (>= 4.3) - restriction: || (&& (== net20) (>= netstandard1.0)) (&& (== net20) (>= netstandard1.5)) (&& (== net35) (>= netstandard1.0)) (&& (== net35) (>= netstandard1.5)) (&& (== net40) (>= netstandard1.0)) (&& (== net40) (>= netstandard1.5)) (&& (== net46) (< net45)) (== netstandard1.0) (== netstandard1.1) (== netstandard1.2) (== netstandard1.3) (== netstandard1.4) (== netstandard1.5) (== netstandard1.6) (== netstandard2.0)
      System.Reflection.TypeExtensions (>= 4.3) - restriction: || (&& (== net20) (>= netstandard1.5)) (&& (== net35) (>= netstandard1.5)) (&& (== net40) (>= netstandard1.5)) (&& (== net46) (< net45) (>= netstandard1.5)) (&& (== netstandard1.0) (>= netstandard1.5)) (&& (== netstandard1.1) (>= netstandard1.5)) (&& (== netstandard1.2) (>= netstandard1.5)) (&& (== netstandard1.3) (>= netstandard1.5)) (&& (== netstandard1.4) (>= netstandard1.5)) (== netstandard1.5) (== netstandard1.6) (== netstandard2.0)
      System.Resources.ResourceManager (>= 4.3) - restriction: || (&& (== net20) (>= netstandard1.0)) (&& (== net20) (>= netstandard1.5)) (&& (== net35) (>= netstandard1.0)) (&& (== net35) (>= netstandard1.5)) (&& (== net40) (>= netstandard1.0)) (&& (== net40) (>= netstandard1.5)) (&& (== net46) (< net45)) (== netstandard1.0) (== netstandard1.1) (== netstandard1.2) (== netstandard1.3) (== netstandard1.4) (== netstandard1.5) (== netstandard1.6) (== netstandard2.0)
      System.Runtime (>= 4.3) - restriction: || (&& (== net20) (>= netstandard1.0)) (&& (== net20) (>= netstandard1.5)) (&& (== net35) (>= netstandard1.0)) (&& (== net35) (>= netstandard1.5)) (&& (== net40) (>= netstandard1.0)) (&& (== net40) (>= netstandard1.5)) (&& (== net46) (< net45)) (== netstandard1.0) (== netstandard1.1) (== netstandard1.2) (== netstandard1.3) (== netstandard1.4) (== netstandard1.5) (== netstandard1.6) (== netstandard2.0)
      System.Runtime.Extensions (>= 4.3) - restriction: || (&& (== net20) (>= netstandard1.0)) (&& (== net20) (>= netstandard1.5)) (&& (== net35) (>= netstandard1.0)) (&& (== net35) (>= netstandard1.5)) (&& (== net40) (>= netstandard1.0)) (&& (== net40) (>= netstandard1.5)) (&& (== net46) (< net45)) (== netstandard1.0) (== netstandard1.1) (== netstandard1.2) (== netstandard1.3) (== netstandard1.4) (== netstandard1.5) (== netstandard1.6) (== netstandard2.0)
      System.Threading (>= 4.3) - restriction: || (&& (== net20) (>= netstandard1.0)) (&& (== net20) (>= netstandard1.5)) (&& (== net35) (>= netstandard1.0)) (&& (== net35) (>= netstandard1.5)) (&& (== net40) (>= netstandard1.0)) (&& (== net40) (>= netstandard1.5)) (&& (== net46) (< net45)) (== netstandard1.0) (== netstandard1.1) (== netstandard1.2) (== netstandard1.3) (== netstandard1.4) (== netstandard1.5) (== netstandard1.6) (== netstandard2.0)
    System.Console (4.3.1) - restriction: || (&& (== net20) (== netstandard2.0)) (&& (== net20) (>= netstandard1.4)) (&& (== net20) (>= netstandard1.5)) (&& (== net20) (>= netstandard1.6)) (&& (== net20) (>= netstandard2.0)) (&& (== net20) (>= uap10.0)) (&& (== net35) (== netstandard2.0)) (&& (== net40) (== netstandard2.0)) (&& (== net40) (< net35) (>= netstandard1.4)) (&& (== net40) (< net35) (>= netstandard1.5)) (&& (== net40) (< net35) (>= netstandard1.6)) (&& (== net40) (< net35) (>= netstandard2.0)) (&& (== net40) (>= uap10.0)) (&& (== net45) (== netstandard2.0)) (&& (== net45) (< net35) (>= netstandard1.4)) (&& (== net45) (< net35) (>= netstandard1.5)) (&& (== net45) (< net35) (>= netstandard1.6)) (&& (== net45) (< net35) (>= netstandard2.0)) (&& (== net45) (>= uap10.0)) (&& (== net46) (== netstandard2.0)) (&& (== net46) (< net35) (>= netstandard1.4)) (&& (== net46) (< net35) (>= netstandard1.5)) (&& (== net46) (< net35) (>= netstandard1.6)) (&& (== net46) (< net35) (>= netstandard2.0)) (&& (== net46) (>= uap10.0)) (&& (== netstandard1.0) (== netstandard2.0)) (&& (== netstandard1.0) (>= netstandard1.4)) (&& (== netstandard1.0) (>= netstandard1.5)) (&& (== netstandard1.0) (>= netstandard1.6)) (&& (== netstandard1.0) (>= netstandard2.0)) (&& (== netstandard1.0) (>= uap10.0)) (&& (== netstandard1.1) (== netstandard2.0)) (&& (== netstandard1.1) (>= netstandard1.4)) (&& (== netstandard1.1) (>= netstandard1.5)) (&& (== netstandard1.1) (>= netstandard1.6)) (&& (== netstandard1.1) (>= netstandard2.0)) (&& (== netstandard1.1) (>= uap10.0)) (&& (== netstandard1.2) (== netstandard2.0)) (&& (== netstandard1.2) (>= netstandard1.4)) (&& (== netstandard1.2) (>= netstandard1.5)) (&& (== netstandard1.2) (>= netstandard1.6)) (&& (== netstandard1.2) (>= netstandard2.0)) (&& (== netstandard1.2) (>= uap10.0)) (&& (== netstandard1.3) (== netstandard2.0)) (&& (== netstandard1.3) (>= netstandard1.4)) (&& (== netstandard1.3) (>= netstandard1.5)) (&& (== netstandard1.3) (>= netstandard1.6)) (&& (== netstandard1.3) (>= netstandard2.0)) (&& (== netstandard1.3) (>= uap10.0)) (== netstandard1.4) (== netstandard1.5) (== netstandard1.6) (&& (== netstandard2.0) (< netstandard1.4)) (&& (== netstandard2.0) (< netstandard1.5)) (&& (== netstandard2.0) (< netstandard1.6)) (&& (== netstandard2.0) (>= uap10.0))
      Microsoft.NETCore.Platforms (>= 1.1) - restriction: || (&& (== net20) (>= netstandard1.3)) (&& (== net35) (>= netstandard1.3)) (&& (== net40) (>= netstandard1.3)) (&& (== net45) (>= netstandard1.3)) (&& (== netstandard1.0) (>= netstandard1.3)) (&& (== netstandard1.1) (>= netstandard1.3)) (&& (== netstandard1.2) (>= netstandard1.3)) (== netstandard1.3) (== netstandard1.4) (== netstandard1.5) (== netstandard1.6) (== netstandard2.0)
      Microsoft.NETCore.Targets (>= 1.1.2) - restriction: || (&& (== net20) (>= netstandard1.3)) (&& (== net35) (>= netstandard1.3)) (&& (== net40) (>= netstandard1.3)) (&& (== net45) (>= netstandard1.3)) (&& (== netstandard1.0) (>= netstandard1.3)) (&& (== netstandard1.1) (>= netstandard1.3)) (&& (== netstandard1.2) (>= netstandard1.3)) (== netstandard1.3) (== netstandard1.4) (== netstandard1.5) (== netstandard1.6) (== netstandard2.0)
      System.IO (>= 4.3) - restriction: || (&& (== net20) (>= netstandard1.3)) (&& (== net35) (>= netstandard1.3)) (&& (== net40) (>= netstandard1.3)) (&& (== net45) (>= netstandard1.3)) (&& (== netstandard1.0) (>= netstandard1.3)) (&& (== netstandard1.1) (>= netstandard1.3)) (&& (== netstandard1.2) (>= netstandard1.3)) (== netstandard1.3) (== netstandard1.4) (== netstandard1.5) (== netstandard1.6) (== netstandard2.0)
      System.Runtime (>= 4.3) - restriction: || (&& (== net20) (>= netstandard1.3)) (&& (== net35) (>= netstandard1.3)) (&& (== net40) (>= netstandard1.3)) (&& (== net45) (>= netstandard1.3)) (&& (== netstandard1.0) (>= netstandard1.3)) (&& (== netstandard1.1) (>= netstandard1.3)) (&& (== netstandard1.2) (>= netstandard1.3)) (== netstandard1.3) (== netstandard1.4) (== netstandard1.5) (== netstandard1.6) (== netstandard2.0)
      System.Text.Encoding (>= 4.3) - restriction: || (&& (== net20) (>= netstandard1.3)) (&& (== net35) (>= netstandard1.3)) (&& (== net40) (>= netstandard1.3)) (&& (== net45) (>= netstandard1.3)) (&& (== netstandard1.0) (>= netstandard1.3)) (&& (== netstandard1.1) (>= netstandard1.3)) (&& (== netstandard1.2) (>= netstandard1.3)) (== netstandard1.3) (== netstandard1.4) (== netstandard1.5) (== netstandard1.6) (== netstandard2.0)
    System.Diagnostics.Debug (4.3) - restriction: || (&& (== net20) (== netstandard2.0)) (&& (== net20) (>= net462)) (&& (== net20) (>= netstandard1.4)) (&& (== net20) (>= netstandard1.5)) (&& (== net20) (>= netstandard1.6)) (&& (== net20) (>= netstandard2.0)) (&& (== net20) (>= uap10.0)) (&& (== net35) (== netstandard2.0)) (&& (== net40) (== netstandard2.0)) (&& (== net40) (< net35) (>= net462)) (&& (== net40) (< net35) (>= netstandard1.4)) (&& (== net40) (< net35) (>= netstandard1.5)) (&& (== net40) (< net35) (>= netstandard1.6)) (&& (== net40) (< net35) (>= netstandard2.0)) (&& (== net40) (>= uap10.0)) (&& (== net45) (== netstandard2.0)) (&& (== net45) (< net35) (>= net462)) (&& (== net45) (< net35) (>= netstandard1.4)) (&& (== net45) (< net35) (>= netstandard1.5)) (&& (== net45) (< net35) (>= netstandard1.6)) (&& (== net45) (< net35) (>= netstandard2.0)) (&& (== net45) (>= uap10.0)) (&& (== net46) (== netstandard2.0)) (&& (== net46) (< net35) (>= net462)) (&& (== net46) (< net35) (>= netstandard1.4)) (&& (== net46) (< net35) (>= netstandard1.5)) (&& (== net46) (< net35) (>= netstandard1.6)) (&& (== net46) (< net35) (>= netstandard2.0)) (&& (== net46) (>= uap10.0)) (&& (== netstandard1.0) (== netstandard2.0)) (&& (== netstandard1.0) (>= net462)) (&& (== netstandard1.0) (>= netstandard1.4)) (&& (== netstandard1.0) (>= netstandard1.5)) (&& (== netstandard1.0) (>= netstandard1.6)) (&& (== netstandard1.0) (>= netstandard2.0)) (&& (== netstandard1.0) (>= uap10.0)) (&& (== netstandard1.1) (== netstandard2.0)) (&& (== netstandard1.1) (>= net462)) (&& (== netstandard1.1) (>= netstandard1.4)) (&& (== netstandard1.1) (>= netstandard1.5)) (&& (== netstandard1.1) (>= netstandard1.6)) (&& (== netstandard1.1) (>= netstandard2.0)) (&& (== netstandard1.1) (>= uap10.0)) (&& (== netstandard1.2) (== netstandard2.0)) (&& (== netstandard1.2) (>= net462)) (&& (== netstandard1.2) (>= netstandard1.4)) (&& (== netstandard1.2) (>= netstandard1.5)) (&& (== netstandard1.2) (>= netstandard1.6)) (&& (== netstandard1.2) (>= netstandard2.0)) (&& (== netstandard1.2) (>= uap10.0)) (&& (== netstandard1.3) (== netstandard2.0)) (&& (== netstandard1.3) (>= net462)) (&& (== netstandard1.3) (>= netstandard1.4)) (&& (== netstandard1.3) (>= netstandard1.5)) (&& (== netstandard1.3) (>= netstandard1.6)) (&& (== netstandard1.3) (>= netstandard2.0)) (&& (== netstandard1.3) (>= uap10.0)) (== netstandard1.4) (== netstandard1.5) (== netstandard1.6) (&& (== netstandard2.0) (< netstandard1.2)) (&& (== netstandard2.0) (< netstandard1.3)) (&& (== netstandard2.0) (< netstandard1.4)) (&& (== netstandard2.0) (< netstandard1.5)) (&& (== netstandard2.0) (< netstandard1.6)) (&& (== netstandard2.0) (< portable-net45+win8+wpa81)) (&& (== netstandard2.0) (>= uap10.0))
      Microsoft.NETCore.Platforms (>= 1.1) - restriction: || (&& (== net20) (>= netstandard1.0)) (&& (== net20) (>= netstandard1.3)) (&& (== net35) (>= netstandard1.0)) (&& (== net35) (>= netstandard1.3)) (&& (== net40) (>= netstandard1.0)) (&& (== net40) (>= netstandard1.3)) (&& (== net46) (< net45)) (== netstandard1.0) (== netstandard1.1) (== netstandard1.2) (== netstandard1.3) (== netstandard1.4) (== netstandard1.5) (== netstandard1.6) (== netstandard2.0)
      Microsoft.NETCore.Targets (>= 1.1) - restriction: || (&& (== net20) (>= netstandard1.0)) (&& (== net20) (>= netstandard1.3)) (&& (== net35) (>= netstandard1.0)) (&& (== net35) (>= netstandard1.3)) (&& (== net40) (>= netstandard1.0)) (&& (== net40) (>= netstandard1.3)) (&& (== net46) (< net45)) (== netstandard1.0) (== netstandard1.1) (== netstandard1.2) (== netstandard1.3) (== netstandard1.4) (== netstandard1.5) (== netstandard1.6) (== netstandard2.0)
      System.Runtime (>= 4.3) - restriction: || (&& (== net20) (>= netstandard1.0)) (&& (== net20) (>= netstandard1.3)) (&& (== net35) (>= netstandard1.0)) (&& (== net35) (>= netstandard1.3)) (&& (== net40) (>= netstandard1.0)) (&& (== net40) (>= netstandard1.3)) (&& (== net46) (< net45)) (== netstandard1.0) (== netstandard1.1) (== netstandard1.2) (== netstandard1.3) (== netstandard1.4) (== netstandard1.5) (== netstandard1.6) (== netstandard2.0)
    System.Diagnostics.DiagnosticSource (4.5.1) - restriction: || (&& (== net20) (== netstandard2.0)) (&& (== net20) (>= netstandard1.4)) (&& (== net20) (>= netstandard1.5)) (&& (== net20) (>= netstandard1.6)) (&& (== net20) (>= netstandard2.0)) (&& (== net20) (>= uap10.0)) (&& (== net35) (== netstandard2.0)) (&& (== net40) (== netstandard2.0)) (&& (== net40) (< net35) (>= netstandard1.4)) (&& (== net40) (< net35) (>= netstandard1.5)) (&& (== net40) (< net35) (>= netstandard1.6)) (&& (== net40) (< net35) (>= netstandard2.0)) (&& (== net40) (>= uap10.0)) (&& (== net45) (== netstandard2.0)) (&& (== net45) (< net35) (>= netstandard1.4)) (&& (== net45) (< net35) (>= netstandard1.5)) (&& (== net45) (< net35) (>= netstandard1.6)) (&& (== net45) (< net35) (>= netstandard2.0)) (&& (== net45) (>= uap10.0)) (&& (== net46) (== netstandard2.0)) (&& (== net46) (< net35) (>= netstandard1.4)) (&& (== net46) (< net35) (>= netstandard1.5)) (&& (== net46) (< net35) (>= netstandard1.6)) (&& (== net46) (< net35) (>= netstandard2.0)) (&& (== net46) (>= uap10.0)) (&& (== netstandard1.0) (== netstandard2.0)) (&& (== netstandard1.0) (>= netstandard1.4)) (&& (== netstandard1.0) (>= netstandard1.5)) (&& (== netstandard1.0) (>= netstandard1.6)) (&& (== netstandard1.0) (>= netstandard2.0)) (&& (== netstandard1.0) (>= uap10.0)) (&& (== netstandard1.1) (== netstandard2.0)) (&& (== netstandard1.1) (>= netstandard1.4)) (&& (== netstandard1.1) (>= netstandard1.5)) (&& (== netstandard1.1) (>= netstandard1.6)) (&& (== netstandard1.1) (>= netstandard2.0)) (&& (== netstandard1.1) (>= uap10.0)) (&& (== netstandard1.2) (== netstandard2.0)) (&& (== netstandard1.2) (>= netstandard1.4)) (&& (== netstandard1.2) (>= netstandard1.5)) (&& (== netstandard1.2) (>= netstandard1.6)) (&& (== netstandard1.2) (>= netstandard2.0)) (&& (== netstandard1.2) (>= uap10.0)) (&& (== netstandard1.3) (== netstandard2.0)) (&& (== netstandard1.3) (>= netstandard1.4)) (&& (== netstandard1.3) (>= netstandard1.5)) (&& (== netstandard1.3) (>= netstandard1.6)) (&& (== netstandard1.3) (>= netstandard2.0)) (&& (== netstandard1.3) (>= uap10.0)) (== netstandard1.4) (== netstandard1.5) (== netstandard1.6) (&& (== netstandard2.0) (< netstandard1.2)) (&& (== netstandard2.0) (< netstandard1.3)) (&& (== netstandard2.0) (< netstandard1.4)) (&& (== netstandard2.0) (< netstandard1.5)) (&& (== netstandard2.0) (< netstandard1.6)) (&& (== netstandard2.0) (>= uap10.0))
      System.Collections (>= 4.3) - restriction: || (&& (== net20) (>= netstandard1.1)) (&& (== net20) (>= netstandard1.3)) (&& (== net35) (>= netstandard1.1)) (&& (== net35) (>= netstandard1.3)) (&& (== net40) (>= netstandard1.1)) (&& (== net40) (>= netstandard1.3)) (&& (== net46) (< net45)) (&& (== netstandard1.0) (>= netstandard1.1)) (&& (== netstandard1.0) (>= netstandard1.3)) (== netstandard1.1) (== netstandard1.2) (== netstandard1.3) (== netstandard1.4) (== netstandard1.5) (== netstandard1.6) (&& (== netstandard2.0) (< netstandard1.3))
      System.Diagnostics.Debug (>= 4.3) - restriction: || (&& (== net20) (>= netstandard1.3)) (&& (== net35) (>= netstandard1.3)) (&& (== net40) (>= netstandard1.3)) (&& (== net46) (< net45)) (&& (== netstandard1.0) (>= netstandard1.3)) (&& (== netstandard1.1) (>= netstandard1.3)) (&& (== netstandard1.2) (>= netstandard1.3)) (== netstandard1.3) (== netstandard1.4) (== netstandard1.5) (== netstandard1.6)
      System.Diagnostics.Tracing (>= 4.3) - restriction: || (&& (== net20) (>= netstandard1.1)) (&& (== net20) (>= netstandard1.3)) (&& (== net35) (>= netstandard1.1)) (&& (== net35) (>= netstandard1.3)) (&& (== net40) (>= netstandard1.1)) (&& (== net40) (>= netstandard1.3)) (&& (== net46) (< net45)) (&& (== netstandard1.0) (>= netstandard1.1)) (&& (== netstandard1.0) (>= netstandard1.3)) (== netstandard1.1) (== netstandard1.2) (== netstandard1.3) (== netstandard1.4) (== netstandard1.5) (== netstandard1.6) (&& (== netstandard2.0) (< netstandard1.3))
      System.Reflection (>= 4.3) - restriction: || (&& (== net20) (>= netstandard1.1)) (&& (== net20) (>= netstandard1.3)) (&& (== net35) (>= netstandard1.1)) (&& (== net35) (>= netstandard1.3)) (&& (== net40) (>= netstandard1.1)) (&& (== net40) (>= netstandard1.3)) (&& (== net46) (< net45)) (&& (== netstandard1.0) (>= netstandard1.1)) (&& (== netstandard1.0) (>= netstandard1.3)) (== netstandard1.1) (== netstandard1.2) (== netstandard1.3) (== netstandard1.4) (== netstandard1.5) (== netstandard1.6) (&& (== netstandard2.0) (< netstandard1.3))
      System.Runtime (>= 4.3) - restriction: || (&& (== net20) (>= netstandard1.1)) (&& (== net20) (>= netstandard1.3)) (&& (== net35) (>= netstandard1.1)) (&& (== net35) (>= netstandard1.3)) (&& (== net40) (>= netstandard1.1)) (&& (== net40) (>= netstandard1.3)) (&& (== net46) (< net45)) (&& (== netstandard1.0) (>= netstandard1.1)) (&& (== netstandard1.0) (>= netstandard1.3)) (== netstandard1.1) (== netstandard1.2) (== netstandard1.3) (== netstandard1.4) (== netstandard1.5) (== netstandard1.6) (&& (== netstandard2.0) (< netstandard1.3))
      System.Runtime.Extensions (>= 4.3) - restriction: || (&& (== net20) (>= netstandard1.3)) (&& (== net35) (>= netstandard1.3)) (&& (== net40) (>= netstandard1.3)) (&& (== net46) (< net45)) (&& (== netstandard1.0) (>= netstandard1.3)) (&& (== netstandard1.1) (>= netstandard1.3)) (&& (== netstandard1.2) (>= netstandard1.3)) (== netstandard1.3) (== netstandard1.4) (== netstandard1.5) (== netstandard1.6)
      System.Threading (>= 4.3) - restriction: || (&& (== net20) (>= netstandard1.1)) (&& (== net20) (>= netstandard1.3)) (&& (== net35) (>= netstandard1.1)) (&& (== net35) (>= netstandard1.3)) (&& (== net40) (>= netstandard1.1)) (&& (== net40) (>= netstandard1.3)) (&& (== net46) (< net45)) (&& (== netstandard1.0) (>= netstandard1.1)) (&& (== netstandard1.0) (>= netstandard1.3)) (== netstandard1.1) (== netstandard1.2) (== netstandard1.3) (== netstandard1.4) (== netstandard1.5) (== netstandard1.6) (&& (== netstandard2.0) (< netstandard1.3))
    System.Diagnostics.Tools (4.3) - restriction: || (&& (== net20) (== netstandard2.0)) (&& (== net20) (>= netstandard1.4)) (&& (== net20) (>= netstandard1.5)) (&& (== net20) (>= netstandard1.6)) (&& (== net20) (>= netstandard2.0)) (&& (== net20) (>= uap10.0)) (&& (== net35) (== netstandard2.0)) (&& (== net40) (== netstandard2.0)) (&& (== net40) (< net35) (>= netstandard1.4)) (&& (== net40) (< net35) (>= netstandard1.5)) (&& (== net40) (< net35) (>= netstandard1.6)) (&& (== net40) (< net35) (>= netstandard2.0)) (&& (== net40) (>= uap10.0)) (&& (== net45) (== netstandard2.0)) (&& (== net45) (< net35) (>= netstandard1.4)) (&& (== net45) (< net35) (>= netstandard1.5)) (&& (== net45) (< net35) (>= netstandard1.6)) (&& (== net45) (< net35) (>= netstandard2.0)) (&& (== net45) (>= uap10.0)) (&& (== net46) (== netstandard2.0)) (&& (== net46) (< net35) (>= netstandard1.4)) (&& (== net46) (< net35) (>= netstandard1.5)) (&& (== net46) (< net35) (>= netstandard1.6)) (&& (== net46) (< net35) (>= netstandard2.0)) (&& (== net46) (>= uap10.0)) (&& (== netstandard1.0) (== netstandard2.0)) (&& (== netstandard1.0) (>= netstandard1.4)) (&& (== netstandard1.0) (>= netstandard1.5)) (&& (== netstandard1.0) (>= netstandard1.6)) (&& (== netstandard1.0) (>= netstandard2.0)) (&& (== netstandard1.0) (>= uap10.0)) (&& (== netstandard1.1) (== netstandard2.0)) (&& (== netstandard1.1) (>= netstandard1.4)) (&& (== netstandard1.1) (>= netstandard1.5)) (&& (== netstandard1.1) (>= netstandard1.6)) (&& (== netstandard1.1) (>= netstandard2.0)) (&& (== netstandard1.1) (>= uap10.0)) (&& (== netstandard1.2) (== netstandard2.0)) (&& (== netstandard1.2) (>= netstandard1.4)) (&& (== netstandard1.2) (>= netstandard1.5)) (&& (== netstandard1.2) (>= netstandard1.6)) (&& (== netstandard1.2) (>= netstandard2.0)) (&& (== netstandard1.2) (>= uap10.0)) (&& (== netstandard1.3) (== netstandard2.0)) (&& (== netstandard1.3) (>= netstandard1.4)) (&& (== netstandard1.3) (>= netstandard1.5)) (&& (== netstandard1.3) (>= netstandard1.6)) (&& (== netstandard1.3) (>= netstandard2.0)) (&& (== netstandard1.3) (>= uap10.0)) (== netstandard1.4) (== netstandard1.5) (== netstandard1.6) (&& (== netstandard2.0) (< netstandard1.2)) (&& (== netstandard2.0) (< netstandard1.3)) (&& (== netstandard2.0) (< netstandard1.4)) (&& (== netstandard2.0) (< netstandard1.5)) (&& (== netstandard2.0) (< netstandard1.6)) (&& (== netstandard2.0) (< portable-net45+win8+wpa81)) (&& (== netstandard2.0) (>= uap10.0))
      Microsoft.NETCore.Platforms (>= 1.1) - restriction: || (&& (== net20) (>= netstandard1.0)) (&& (== net35) (>= netstandard1.0)) (&& (== net40) (>= netstandard1.0)) (&& (== net46) (< net45)) (== netstandard1.0) (== netstandard1.1) (== netstandard1.2) (== netstandard1.3) (== netstandard1.4) (== netstandard1.5) (== netstandard1.6) (== netstandard2.0)
      Microsoft.NETCore.Targets (>= 1.1) - restriction: || (&& (== net20) (>= netstandard1.0)) (&& (== net35) (>= netstandard1.0)) (&& (== net40) (>= netstandard1.0)) (&& (== net46) (< net45)) (== netstandard1.0) (== netstandard1.1) (== netstandard1.2) (== netstandard1.3) (== netstandard1.4) (== netstandard1.5) (== netstandard1.6) (== netstandard2.0)
      System.Runtime (>= 4.3) - restriction: || (&& (== net20) (>= netstandard1.0)) (&& (== net35) (>= netstandard1.0)) (&& (== net40) (>= netstandard1.0)) (&& (== net46) (< net45)) (== netstandard1.0) (== netstandard1.1) (== netstandard1.2) (== netstandard1.3) (== netstandard1.4) (== netstandard1.5) (== netstandard1.6) (== netstandard2.0)
    System.Diagnostics.Tracing (4.3) - restriction: || (&& (== net20) (== netstandard2.0)) (&& (== net20) (>= netstandard1.4)) (&& (== net20) (>= netstandard1.5)) (&& (== net20) (>= netstandard1.6)) (&& (== net20) (>= netstandard2.0)) (&& (== net20) (>= uap10.0)) (&& (== net35) (== netstandard2.0)) (&& (== net40) (== netstandard2.0)) (&& (== net40) (< net35) (>= netstandard1.4)) (&& (== net40) (< net35) (>= netstandard1.5)) (&& (== net40) (< net35) (>= netstandard1.6)) (&& (== net40) (< net35) (>= netstandard2.0)) (&& (== net40) (>= uap10.0)) (&& (== net45) (== netstandard2.0)) (&& (== net45) (< net35) (>= netstandard1.4)) (&& (== net45) (< net35) (>= netstandard1.5)) (&& (== net45) (< net35) (>= netstandard1.6)) (&& (== net45) (< net35) (>= netstandard2.0)) (&& (== net45) (>= uap10.0)) (&& (== net46) (== netstandard2.0)) (&& (== net46) (< net35) (>= netstandard1.4)) (&& (== net46) (< net35) (>= netstandard1.5)) (&& (== net46) (< net35) (>= netstandard1.6)) (&& (== net46) (< net35) (>= netstandard2.0)) (&& (== net46) (>= uap10.0)) (&& (== netstandard1.0) (== netstandard2.0)) (&& (== netstandard1.0) (>= netstandard1.4)) (&& (== netstandard1.0) (>= netstandard1.5)) (&& (== netstandard1.0) (>= netstandard1.6)) (&& (== netstandard1.0) (>= netstandard2.0)) (&& (== netstandard1.0) (>= uap10.0)) (&& (== netstandard1.1) (== netstandard2.0)) (&& (== netstandard1.1) (>= netstandard1.4)) (&& (== netstandard1.1) (>= netstandard1.5)) (&& (== netstandard1.1) (>= netstandard1.6)) (&& (== netstandard1.1) (>= netstandard2.0)) (&& (== netstandard1.1) (>= uap10.0)) (&& (== netstandard1.2) (== netstandard2.0)) (&& (== netstandard1.2) (>= netstandard1.4)) (&& (== netstandard1.2) (>= netstandard1.5)) (&& (== netstandard1.2) (>= netstandard1.6)) (&& (== netstandard1.2) (>= netstandard2.0)) (&& (== netstandard1.2) (>= uap10.0)) (&& (== netstandard1.3) (== netstandard2.0)) (&& (== netstandard1.3) (>= netstandard1.4)) (&& (== netstandard1.3) (>= netstandard1.5)) (&& (== netstandard1.3) (>= netstandard1.6)) (&& (== netstandard1.3) (>= netstandard2.0)) (&& (== netstandard1.3) (>= uap10.0)) (== netstandard1.4) (== netstandard1.5) (== netstandard1.6) (&& (== netstandard2.0) (< netstandard1.2)) (&& (== netstandard2.0) (< netstandard1.3)) (&& (== netstandard2.0) (< netstandard1.4)) (&& (== netstandard2.0) (< netstandard1.5)) (&& (== netstandard2.0) (< netstandard1.6)) (&& (== netstandard2.0) (>= uap10.0))
      Microsoft.NETCore.Platforms (>= 1.1) - restriction: || (&& (== net20) (>= netstandard1.1)) (&& (== net20) (>= netstandard1.2)) (&& (== net20) (>= netstandard1.3)) (&& (== net20) (>= netstandard1.5)) (&& (== net35) (>= netstandard1.1)) (&& (== net35) (>= netstandard1.2)) (&& (== net35) (>= netstandard1.3)) (&& (== net35) (>= netstandard1.5)) (&& (== net40) (>= netstandard1.1)) (&& (== net40) (>= netstandard1.2)) (&& (== net40) (>= netstandard1.3)) (&& (== net40) (>= netstandard1.5)) (&& (== net46) (< net45)) (&& (== netstandard1.0) (>= netstandard1.1)) (&& (== netstandard1.0) (>= netstandard1.2)) (&& (== netstandard1.0) (>= netstandard1.3)) (&& (== netstandard1.0) (>= netstandard1.5)) (== netstandard1.1) (== netstandard1.2) (== netstandard1.3) (== netstandard1.4) (== netstandard1.5) (== netstandard1.6) (== netstandard2.0)
      Microsoft.NETCore.Targets (>= 1.1) - restriction: || (&& (== net20) (>= netstandard1.1)) (&& (== net20) (>= netstandard1.2)) (&& (== net20) (>= netstandard1.3)) (&& (== net20) (>= netstandard1.5)) (&& (== net35) (>= netstandard1.1)) (&& (== net35) (>= netstandard1.2)) (&& (== net35) (>= netstandard1.3)) (&& (== net35) (>= netstandard1.5)) (&& (== net40) (>= netstandard1.1)) (&& (== net40) (>= netstandard1.2)) (&& (== net40) (>= netstandard1.3)) (&& (== net40) (>= netstandard1.5)) (&& (== net46) (< net45)) (&& (== netstandard1.0) (>= netstandard1.1)) (&& (== netstandard1.0) (>= netstandard1.2)) (&& (== netstandard1.0) (>= netstandard1.3)) (&& (== netstandard1.0) (>= netstandard1.5)) (== netstandard1.1) (== netstandard1.2) (== netstandard1.3) (== netstandard1.4) (== netstandard1.5) (== netstandard1.6) (== netstandard2.0)
      System.Runtime (>= 4.3) - restriction: || (&& (== net20) (>= netstandard1.1)) (&& (== net20) (>= netstandard1.2)) (&& (== net20) (>= netstandard1.3)) (&& (== net20) (>= netstandard1.5)) (&& (== net35) (>= netstandard1.1)) (&& (== net35) (>= netstandard1.2)) (&& (== net35) (>= netstandard1.3)) (&& (== net35) (>= netstandard1.5)) (&& (== net40) (>= netstandard1.1)) (&& (== net40) (>= netstandard1.2)) (&& (== net40) (>= netstandard1.3)) (&& (== net40) (>= netstandard1.5)) (&& (== net46) (< net45)) (&& (== netstandard1.0) (>= netstandard1.1)) (&& (== netstandard1.0) (>= netstandard1.2)) (&& (== netstandard1.0) (>= netstandard1.3)) (&& (== netstandard1.0) (>= netstandard1.5)) (== netstandard1.1) (== netstandard1.2) (== netstandard1.3) (== netstandard1.4) (== netstandard1.5) (== netstandard1.6) (== netstandard2.0)
    System.Globalization (4.3) - restriction: || (&& (== net20) (== netstandard2.0)) (&& (== net20) (>= net462)) (&& (== net20) (>= netstandard1.4)) (&& (== net20) (>= netstandard1.5)) (&& (== net20) (>= netstandard1.6)) (&& (== net20) (>= netstandard2.0)) (&& (== net35) (== netstandard2.0)) (&& (== net40) (== netstandard2.0)) (&& (== net40) (< net35) (>= net462)) (&& (== net40) (< net35) (>= netstandard1.4)) (&& (== net40) (< net35) (>= netstandard1.5)) (&& (== net40) (< net35) (>= netstandard1.6)) (&& (== net40) (< net35) (>= netstandard2.0)) (&& (== net40) (>= netstandard1.6) (>= uap10.0)) (&& (== net45) (== netstandard2.0)) (&& (== net45) (< net35) (>= net462)) (&& (== net45) (< net35) (>= netstandard1.4)) (&& (== net45) (< net35) (>= netstandard1.5)) (&& (== net45) (< net35) (>= netstandard1.6)) (&& (== net45) (< net35) (>= netstandard2.0)) (&& (== net45) (>= netstandard1.6) (>= uap10.0)) (&& (== net46) (== netstandard2.0)) (&& (== net46) (< net35) (>= net462)) (&& (== net46) (< net35) (>= netstandard1.4)) (&& (== net46) (< net35) (>= netstandard1.5)) (&& (== net46) (< net35) (>= netstandard1.6)) (&& (== net46) (< net35) (>= netstandard2.0)) (&& (== net46) (>= netstandard1.6) (>= uap10.0)) (&& (== netstandard1.0) (== netstandard2.0)) (&& (== netstandard1.0) (>= net462)) (&& (== netstandard1.0) (>= netstandard1.4)) (&& (== netstandard1.0) (>= netstandard1.5)) (&& (== netstandard1.0) (>= netstandard1.6)) (&& (== netstandard1.0) (>= netstandard2.0)) (&& (== netstandard1.1) (== netstandard2.0)) (&& (== netstandard1.1) (>= net462)) (&& (== netstandard1.1) (>= netstandard1.4)) (&& (== netstandard1.1) (>= netstandard1.5)) (&& (== netstandard1.1) (>= netstandard1.6)) (&& (== netstandard1.1) (>= netstandard2.0)) (&& (== netstandard1.2) (== netstandard2.0)) (&& (== netstandard1.2) (>= net462)) (&& (== netstandard1.2) (>= netstandard1.4)) (&& (== netstandard1.2) (>= netstandard1.5)) (&& (== netstandard1.2) (>= netstandard1.6)) (&& (== netstandard1.2) (>= netstandard2.0)) (&& (== netstandard1.3) (== netstandard2.0)) (&& (== netstandard1.3) (>= net462)) (&& (== netstandard1.3) (>= netstandard1.4)) (&& (== netstandard1.3) (>= netstandard1.5)) (&& (== netstandard1.3) (>= netstandard1.6)) (&& (== netstandard1.3) (>= netstandard2.0)) (== netstandard1.4) (== netstandard1.5) (== netstandard1.6) (&& (== netstandard2.0) (< netstandard1.2)) (&& (== netstandard2.0) (< netstandard1.3)) (&& (== netstandard2.0) (< netstandard1.4)) (&& (== netstandard2.0) (< netstandard1.5)) (&& (== netstandard2.0) (< netstandard1.6)) (&& (== netstandard2.0) (< portable-net45+win8+wpa81)) (&& (== netstandard2.0) (>= uap10.0))
      Microsoft.NETCore.Platforms (>= 1.1) - restriction: || (&& (== net20) (>= netstandard1.0)) (&& (== net20) (>= netstandard1.3)) (&& (== net35) (>= netstandard1.0)) (&& (== net35) (>= netstandard1.3)) (&& (== net40) (>= netstandard1.0)) (&& (== net40) (>= netstandard1.3)) (&& (== net46) (< net45)) (== netstandard1.0) (== netstandard1.1) (== netstandard1.2) (== netstandard1.3) (== netstandard1.4) (== netstandard1.5) (== netstandard1.6) (== netstandard2.0)
      Microsoft.NETCore.Targets (>= 1.1) - restriction: || (&& (== net20) (>= netstandard1.0)) (&& (== net20) (>= netstandard1.3)) (&& (== net35) (>= netstandard1.0)) (&& (== net35) (>= netstandard1.3)) (&& (== net40) (>= netstandard1.0)) (&& (== net40) (>= netstandard1.3)) (&& (== net46) (< net45)) (== netstandard1.0) (== netstandard1.1) (== netstandard1.2) (== netstandard1.3) (== netstandard1.4) (== netstandard1.5) (== netstandard1.6) (== netstandard2.0)
      System.Runtime (>= 4.3) - restriction: || (&& (== net20) (>= netstandard1.0)) (&& (== net20) (>= netstandard1.3)) (&& (== net35) (>= netstandard1.0)) (&& (== net35) (>= netstandard1.3)) (&& (== net40) (>= netstandard1.0)) (&& (== net40) (>= netstandard1.3)) (&& (== net46) (< net45)) (== netstandard1.0) (== netstandard1.1) (== netstandard1.2) (== netstandard1.3) (== netstandard1.4) (== netstandard1.5) (== netstandard1.6) (== netstandard2.0)
    System.Globalization.Calendars (4.3) - restriction: || (&& (== net20) (== netstandard2.0)) (&& (== net20) (>= netstandard1.4)) (&& (== net20) (>= netstandard1.5)) (&& (== net20) (>= netstandard1.6)) (&& (== net20) (>= netstandard2.0)) (&& (== net20) (>= uap10.0)) (&& (== net35) (== netstandard2.0)) (&& (== net40) (== netstandard2.0)) (&& (== net40) (< net35) (>= netstandard1.4)) (&& (== net40) (< net35) (>= netstandard1.5)) (&& (== net40) (< net35) (>= netstandard1.6)) (&& (== net40) (< net35) (>= netstandard2.0)) (&& (== net40) (>= uap10.0)) (&& (== net45) (== netstandard2.0)) (&& (== net45) (< net35) (>= netstandard1.4)) (&& (== net45) (< net35) (>= netstandard1.5)) (&& (== net45) (< net35) (>= netstandard1.6)) (&& (== net45) (< net35) (>= netstandard2.0)) (&& (== net45) (>= uap10.0)) (&& (== net46) (== netstandard2.0)) (&& (== net46) (< net35) (>= netstandard1.4)) (&& (== net46) (< net35) (>= netstandard1.5)) (&& (== net46) (< net35) (>= netstandard1.6)) (&& (== net46) (< net35) (>= netstandard2.0)) (&& (== net46) (>= uap10.0)) (&& (== netstandard1.0) (== netstandard2.0)) (&& (== netstandard1.0) (>= netstandard1.4)) (&& (== netstandard1.0) (>= netstandard1.5)) (&& (== netstandard1.0) (>= netstandard1.6)) (&& (== netstandard1.0) (>= netstandard2.0)) (&& (== netstandard1.0) (>= uap10.0)) (&& (== netstandard1.1) (== netstandard2.0)) (&& (== netstandard1.1) (>= netstandard1.4)) (&& (== netstandard1.1) (>= netstandard1.5)) (&& (== netstandard1.1) (>= netstandard1.6)) (&& (== netstandard1.1) (>= netstandard2.0)) (&& (== netstandard1.1) (>= uap10.0)) (&& (== netstandard1.2) (== netstandard2.0)) (&& (== netstandard1.2) (>= netstandard1.4)) (&& (== netstandard1.2) (>= netstandard1.5)) (&& (== netstandard1.2) (>= netstandard1.6)) (&& (== netstandard1.2) (>= netstandard2.0)) (&& (== netstandard1.2) (>= uap10.0)) (&& (== netstandard1.3) (== netstandard2.0)) (&& (== netstandard1.3) (>= netstandard1.4)) (&& (== netstandard1.3) (>= netstandard1.5)) (&& (== netstandard1.3) (>= netstandard1.6)) (&& (== netstandard1.3) (>= netstandard2.0)) (&& (== netstandard1.3) (>= uap10.0)) (== netstandard1.4) (== netstandard1.5) (== netstandard1.6) (&& (== netstandard2.0) (< netstandard1.4)) (&& (== netstandard2.0) (< netstandard1.5)) (&& (== netstandard2.0) (< netstandard1.6)) (&& (== netstandard2.0) (>= uap10.0))
      Microsoft.NETCore.Platforms (>= 1.1) - restriction: || (&& (== net20) (>= netstandard1.3)) (&& (== net35) (>= netstandard1.3)) (&& (== net40) (>= netstandard1.3)) (&& (== net45) (>= netstandard1.3)) (&& (== netstandard1.0) (>= netstandard1.3)) (&& (== netstandard1.1) (>= netstandard1.3)) (&& (== netstandard1.2) (>= netstandard1.3)) (== netstandard1.3) (== netstandard1.4) (== netstandard1.5) (== netstandard1.6) (== netstandard2.0)
      Microsoft.NETCore.Targets (>= 1.1) - restriction: || (&& (== net20) (>= netstandard1.3)) (&& (== net35) (>= netstandard1.3)) (&& (== net40) (>= netstandard1.3)) (&& (== net45) (>= netstandard1.3)) (&& (== netstandard1.0) (>= netstandard1.3)) (&& (== netstandard1.1) (>= netstandard1.3)) (&& (== netstandard1.2) (>= netstandard1.3)) (== netstandard1.3) (== netstandard1.4) (== netstandard1.5) (== netstandard1.6) (== netstandard2.0)
      System.Globalization (>= 4.3) - restriction: || (&& (== net20) (>= netstandard1.3)) (&& (== net35) (>= netstandard1.3)) (&& (== net40) (>= netstandard1.3)) (&& (== net45) (>= netstandard1.3)) (&& (== netstandard1.0) (>= netstandard1.3)) (&& (== netstandard1.1) (>= netstandard1.3)) (&& (== netstandard1.2) (>= netstandard1.3)) (== netstandard1.3) (== netstandard1.4) (== netstandard1.5) (== netstandard1.6) (== netstandard2.0)
      System.Runtime (>= 4.3) - restriction: || (&& (== net20) (>= netstandard1.3)) (&& (== net35) (>= netstandard1.3)) (&& (== net40) (>= netstandard1.3)) (&& (== net45) (>= netstandard1.3)) (&& (== netstandard1.0) (>= netstandard1.3)) (&& (== netstandard1.1) (>= netstandard1.3)) (&& (== netstandard1.2) (>= netstandard1.3)) (== netstandard1.3) (== netstandard1.4) (== netstandard1.5) (== netstandard1.6) (== netstandard2.0)
    System.Globalization.Extensions (4.3) - restriction: || (&& (== net20) (== netstandard2.0)) (&& (== net20) (>= netstandard1.5)) (&& (== net20) (>= netstandard1.6)) (&& (== net20) (>= netstandard2.0)) (&& (== net35) (== netstandard2.0)) (&& (== net40) (== netstandard1.4) (>= netstandard2.0)) (&& (== net40) (== netstandard2.0)) (&& (== net40) (< net35) (>= netstandard1.5)) (&& (== net40) (< net35) (>= netstandard1.6)) (&& (== net40) (< net35) (>= netstandard2.0)) (&& (== net40) (>= netstandard1.6) (>= uap10.0)) (&& (== net45) (== netstandard1.4) (>= netstandard2.0)) (&& (== net45) (== netstandard2.0)) (&& (== net45) (< net35) (>= netstandard1.5)) (&& (== net45) (< net35) (>= netstandard1.6)) (&& (== net45) (< net35) (>= netstandard2.0)) (&& (== net45) (>= netstandard1.6) (>= uap10.0)) (&& (== net46) (== netstandard1.4) (>= netstandard2.0)) (&& (== net46) (== netstandard2.0)) (&& (== net46) (< net35) (>= netstandard1.5)) (&& (== net46) (< net35) (>= netstandard1.6)) (&& (== net46) (< net35) (>= netstandard2.0)) (&& (== net46) (>= netstandard1.6) (>= uap10.0)) (&& (== netstandard1.0) (== netstandard2.0)) (&& (== netstandard1.0) (>= netstandard1.5)) (&& (== netstandard1.0) (>= netstandard1.6)) (&& (== netstandard1.0) (>= netstandard2.0)) (&& (== netstandard1.1) (== netstandard2.0)) (&& (== netstandard1.1) (>= netstandard1.5)) (&& (== netstandard1.1) (>= netstandard1.6)) (&& (== netstandard1.1) (>= netstandard2.0)) (&& (== netstandard1.2) (== netstandard2.0)) (&& (== netstandard1.2) (>= netstandard1.5)) (&& (== netstandard1.2) (>= netstandard1.6)) (&& (== netstandard1.2) (>= netstandard2.0)) (&& (== netstandard1.3) (== netstandard2.0)) (&& (== netstandard1.3) (>= netstandard1.5)) (&& (== netstandard1.3) (>= netstandard1.6)) (&& (== netstandard1.3) (>= netstandard2.0)) (&& (== netstandard1.4) (== netstandard2.0)) (&& (== netstandard1.4) (>= netstandard1.5)) (&& (== netstandard1.4) (>= netstandard1.6)) (== netstandard1.5) (== netstandard1.6) (&& (== netstandard2.0) (< netstandard1.2)) (&& (== netstandard2.0) (< netstandard1.3)) (&& (== netstandard2.0) (< netstandard1.4)) (&& (== netstandard2.0) (< netstandard1.5)) (&& (== netstandard2.0) (< netstandard1.6)) (&& (== netstandard2.0) (>= uap10.0))
      Microsoft.NETCore.Platforms (>= 1.1) - restriction: || (&& (== net20) (>= netstandard1.3)) (&& (== net35) (>= netstandard1.3)) (&& (== net40) (>= netstandard1.3)) (&& (== net45) (>= netstandard1.3)) (&& (== netstandard1.0) (>= netstandard1.3)) (&& (== netstandard1.1) (>= netstandard1.3)) (&& (== netstandard1.2) (>= netstandard1.3)) (== netstandard1.3) (== netstandard1.4) (== netstandard1.5) (== netstandard1.6) (== netstandard2.0)
      System.Globalization (>= 4.3) - restriction: || (&& (== net20) (>= netstandard1.3)) (&& (== net35) (>= netstandard1.3)) (&& (== net40) (>= netstandard1.3)) (&& (== net45) (>= netstandard1.3)) (&& (== netstandard1.0) (>= netstandard1.3)) (&& (== netstandard1.1) (>= netstandard1.3)) (&& (== netstandard1.2) (>= netstandard1.3)) (== netstandard1.3) (== netstandard1.4) (== netstandard1.5) (== netstandard1.6) (== netstandard2.0)
      System.Resources.ResourceManager (>= 4.3) - restriction: || (&& (== net20) (>= netstandard1.3)) (&& (== net35) (>= netstandard1.3)) (&& (== net40) (>= netstandard1.3)) (&& (== net45) (>= netstandard1.3)) (&& (== netstandard1.0) (>= netstandard1.3)) (&& (== netstandard1.1) (>= netstandard1.3)) (&& (== netstandard1.2) (>= netstandard1.3)) (== netstandard1.3) (== netstandard1.4) (== netstandard1.5) (== netstandard1.6) (== netstandard2.0)
      System.Runtime (>= 4.3) - restriction: || (&& (== net20) (>= netstandard1.3)) (&& (== net35) (>= netstandard1.3)) (&& (== net40) (>= netstandard1.3)) (&& (== net45) (>= netstandard1.3)) (&& (== netstandard1.0) (>= netstandard1.3)) (&& (== netstandard1.1) (>= netstandard1.3)) (&& (== netstandard1.2) (>= netstandard1.3)) (== netstandard1.3) (== netstandard1.4) (== netstandard1.5) (== netstandard1.6) (== netstandard2.0)
      System.Runtime.Extensions (>= 4.3) - restriction: || (&& (== net20) (>= netstandard1.3)) (&& (== net35) (>= netstandard1.3)) (&& (== net40) (>= netstandard1.3)) (&& (== net45) (>= netstandard1.3)) (&& (== netstandard1.0) (>= netstandard1.3)) (&& (== netstandard1.1) (>= netstandard1.3)) (&& (== netstandard1.2) (>= netstandard1.3)) (== netstandard1.3) (== netstandard1.4) (== netstandard1.5) (== netstandard1.6) (== netstandard2.0)
      System.Runtime.InteropServices (>= 4.3) - restriction: || (&& (== net20) (>= netstandard1.3)) (&& (== net35) (>= netstandard1.3)) (&& (== net40) (>= netstandard1.3)) (&& (== net45) (>= netstandard1.3)) (&& (== netstandard1.0) (>= netstandard1.3)) (&& (== netstandard1.1) (>= netstandard1.3)) (&& (== netstandard1.2) (>= netstandard1.3)) (== netstandard1.3) (== netstandard1.4) (== netstandard1.5) (== netstandard1.6) (== netstandard2.0)
    System.IO (4.3) - restriction: || (&& (== net20) (== netstandard2.0)) (&& (== net20) (>= netstandard1.4)) (&& (== net20) (>= netstandard1.5)) (&& (== net20) (>= netstandard1.6)) (&& (== net20) (>= netstandard2.0)) (&& (== net20) (>= uap10.0)) (&& (== net35) (== netstandard2.0)) (&& (== net40) (== netstandard2.0)) (&& (== net40) (< net35) (>= netstandard1.4)) (&& (== net40) (< net35) (>= netstandard1.5)) (&& (== net40) (< net35) (>= netstandard1.6)) (&& (== net40) (< net35) (>= netstandard2.0)) (&& (== net40) (>= uap10.0)) (&& (== net45) (== netstandard2.0)) (&& (== net45) (< net35) (>= netstandard1.4)) (&& (== net45) (< net35) (>= netstandard1.5)) (&& (== net45) (< net35) (>= netstandard1.6)) (&& (== net45) (< net35) (>= netstandard2.0)) (&& (== net45) (>= uap10.0)) (&& (== net46) (== netstandard2.0)) (&& (== net46) (< net35) (>= netstandard1.4)) (&& (== net46) (< net35) (>= netstandard1.5)) (&& (== net46) (< net35) (>= netstandard1.6)) (&& (== net46) (< net35) (>= netstandard2.0)) (&& (== net46) (>= uap10.0)) (&& (== netstandard1.0) (== netstandard2.0)) (&& (== netstandard1.0) (>= netstandard1.4)) (&& (== netstandard1.0) (>= netstandard1.5)) (&& (== netstandard1.0) (>= netstandard1.6)) (&& (== netstandard1.0) (>= netstandard2.0)) (&& (== netstandard1.0) (>= uap10.0)) (&& (== netstandard1.1) (== netstandard2.0)) (&& (== netstandard1.1) (>= netstandard1.4)) (&& (== netstandard1.1) (>= netstandard1.5)) (&& (== netstandard1.1) (>= netstandard1.6)) (&& (== netstandard1.1) (>= netstandard2.0)) (&& (== netstandard1.1) (>= uap10.0)) (&& (== netstandard1.2) (== netstandard2.0)) (&& (== netstandard1.2) (>= netstandard1.4)) (&& (== netstandard1.2) (>= netstandard1.5)) (&& (== netstandard1.2) (>= netstandard1.6)) (&& (== netstandard1.2) (>= netstandard2.0)) (&& (== netstandard1.2) (>= uap10.0)) (&& (== netstandard1.3) (== netstandard2.0)) (&& (== netstandard1.3) (>= netstandard1.4)) (&& (== netstandard1.3) (>= netstandard1.5)) (&& (== netstandard1.3) (>= netstandard1.6)) (&& (== netstandard1.3) (>= netstandard2.0)) (&& (== netstandard1.3) (>= uap10.0)) (== netstandard1.4) (== netstandard1.5) (== netstandard1.6) (&& (== netstandard2.0) (< netstandard1.2)) (&& (== netstandard2.0) (< netstandard1.3)) (&& (== netstandard2.0) (< netstandard1.4)) (&& (== netstandard2.0) (< netstandard1.5)) (&& (== netstandard2.0) (< netstandard1.6)) (&& (== netstandard2.0) (< portable-net45+win8+wpa81)) (&& (== netstandard2.0) (>= uap10.0))
      Microsoft.NETCore.Platforms (>= 1.1) - restriction: || (&& (== net20) (>= netstandard1.0)) (&& (== net20) (>= netstandard1.3)) (&& (== net20) (>= netstandard1.5)) (&& (== net35) (>= netstandard1.0)) (&& (== net35) (>= netstandard1.3)) (&& (== net35) (>= netstandard1.5)) (&& (== net40) (>= netstandard1.0)) (&& (== net40) (>= netstandard1.3)) (&& (== net40) (>= netstandard1.5)) (&& (== net46) (< net45)) (== netstandard1.0) (== netstandard1.1) (== netstandard1.2) (== netstandard1.3) (== netstandard1.4) (== netstandard1.5) (== netstandard1.6) (== netstandard2.0)
      Microsoft.NETCore.Targets (>= 1.1) - restriction: || (&& (== net20) (>= netstandard1.0)) (&& (== net20) (>= netstandard1.3)) (&& (== net20) (>= netstandard1.5)) (&& (== net35) (>= netstandard1.0)) (&& (== net35) (>= netstandard1.3)) (&& (== net35) (>= netstandard1.5)) (&& (== net40) (>= netstandard1.0)) (&& (== net40) (>= netstandard1.3)) (&& (== net40) (>= netstandard1.5)) (&& (== net46) (< net45)) (== netstandard1.0) (== netstandard1.1) (== netstandard1.2) (== netstandard1.3) (== netstandard1.4) (== netstandard1.5) (== netstandard1.6) (== netstandard2.0)
      System.Runtime (>= 4.3) - restriction: || (&& (== net20) (>= netstandard1.0)) (&& (== net20) (>= netstandard1.3)) (&& (== net20) (>= netstandard1.5)) (&& (== net35) (>= netstandard1.0)) (&& (== net35) (>= netstandard1.3)) (&& (== net35) (>= netstandard1.5)) (&& (== net40) (>= netstandard1.0)) (&& (== net40) (>= netstandard1.3)) (&& (== net40) (>= netstandard1.5)) (&& (== net46) (< net45)) (== netstandard1.0) (== netstandard1.1) (== netstandard1.2) (== netstandard1.3) (== netstandard1.4) (== netstandard1.5) (== netstandard1.6) (== netstandard2.0)
      System.Text.Encoding (>= 4.3) - restriction: || (&& (== net20) (>= netstandard1.0)) (&& (== net20) (>= netstandard1.3)) (&& (== net20) (>= netstandard1.5)) (&& (== net35) (>= netstandard1.0)) (&& (== net35) (>= netstandard1.3)) (&& (== net35) (>= netstandard1.5)) (&& (== net40) (>= netstandard1.0)) (&& (== net40) (>= netstandard1.3)) (&& (== net40) (>= netstandard1.5)) (&& (== net46) (< net45)) (== netstandard1.0) (== netstandard1.1) (== netstandard1.2) (== netstandard1.3) (== netstandard1.4) (== netstandard1.5) (== netstandard1.6) (== netstandard2.0)
      System.Threading.Tasks (>= 4.3) - restriction: || (&& (== net20) (>= netstandard1.0)) (&& (== net20) (>= netstandard1.3)) (&& (== net20) (>= netstandard1.5)) (&& (== net35) (>= netstandard1.0)) (&& (== net35) (>= netstandard1.3)) (&& (== net35) (>= netstandard1.5)) (&& (== net40) (>= netstandard1.0)) (&& (== net40) (>= netstandard1.3)) (&& (== net40) (>= netstandard1.5)) (&& (== net46) (< net45)) (== netstandard1.0) (== netstandard1.1) (== netstandard1.2) (== netstandard1.3) (== netstandard1.4) (== netstandard1.5) (== netstandard1.6) (== netstandard2.0)
    System.IO.Compression (4.3) - restriction: || (&& (== net20) (== netstandard2.0)) (&& (== net20) (>= netstandard1.4)) (&& (== net20) (>= netstandard1.5)) (&& (== net20) (>= netstandard1.6)) (&& (== net20) (>= netstandard2.0)) (&& (== net20) (>= uap10.0)) (&& (== net35) (== netstandard2.0)) (&& (== net40) (== netstandard2.0)) (&& (== net40) (< net35) (>= netstandard1.4)) (&& (== net40) (< net35) (>= netstandard1.5)) (&& (== net40) (< net35) (>= netstandard1.6)) (&& (== net40) (< net35) (>= netstandard2.0)) (&& (== net40) (>= uap10.0)) (&& (== net45) (== netstandard2.0)) (&& (== net45) (< net35) (>= netstandard1.4)) (&& (== net45) (< net35) (>= netstandard1.5)) (&& (== net45) (< net35) (>= netstandard1.6)) (&& (== net45) (< net35) (>= netstandard2.0)) (&& (== net45) (>= uap10.0)) (&& (== net46) (== netstandard2.0)) (&& (== net46) (< net35) (>= netstandard1.4)) (&& (== net46) (< net35) (>= netstandard1.5)) (&& (== net46) (< net35) (>= netstandard1.6)) (&& (== net46) (< net35) (>= netstandard2.0)) (&& (== net46) (>= uap10.0)) (&& (== netstandard1.0) (== netstandard2.0)) (&& (== netstandard1.0) (>= netstandard1.4)) (&& (== netstandard1.0) (>= netstandard1.5)) (&& (== netstandard1.0) (>= netstandard1.6)) (&& (== netstandard1.0) (>= netstandard2.0)) (&& (== netstandard1.0) (>= uap10.0)) (&& (== netstandard1.1) (== netstandard2.0)) (&& (== netstandard1.1) (>= netstandard1.4)) (&& (== netstandard1.1) (>= netstandard1.5)) (&& (== netstandard1.1) (>= netstandard1.6)) (&& (== netstandard1.1) (>= netstandard2.0)) (&& (== netstandard1.1) (>= uap10.0)) (&& (== netstandard1.2) (== netstandard2.0)) (&& (== netstandard1.2) (>= netstandard1.4)) (&& (== netstandard1.2) (>= netstandard1.5)) (&& (== netstandard1.2) (>= netstandard1.6)) (&& (== netstandard1.2) (>= netstandard2.0)) (&& (== netstandard1.2) (>= uap10.0)) (&& (== netstandard1.3) (== netstandard2.0)) (&& (== netstandard1.3) (>= netstandard1.4)) (&& (== netstandard1.3) (>= netstandard1.5)) (&& (== netstandard1.3) (>= netstandard1.6)) (&& (== netstandard1.3) (>= netstandard2.0)) (&& (== netstandard1.3) (>= uap10.0)) (== netstandard1.4) (== netstandard1.5) (== netstandard1.6) (&& (== netstandard2.0) (< netstandard1.2)) (&& (== netstandard2.0) (< netstandard1.3)) (&& (== netstandard2.0) (< netstandard1.4)) (&& (== netstandard2.0) (< netstandard1.5)) (&& (== netstandard2.0) (< netstandard1.6)) (&& (== netstandard2.0) (>= uap10.0))
      Microsoft.NETCore.Platforms (>= 1.1) - restriction: || (&& (== net20) (>= netstandard1.3)) (&& (== net35) (>= netstandard1.3)) (&& (== net40) (>= netstandard1.3)) (&& (== net46) (< net45)) (&& (== netstandard1.0) (>= netstandard1.3)) (&& (== netstandard1.1) (>= netstandard1.3)) (&& (== netstandard1.2) (>= netstandard1.3)) (== netstandard1.3) (== netstandard1.4) (== netstandard1.5) (== netstandard1.6) (== netstandard2.0)
      runtime.native.System (>= 4.3) - restriction: || (&& (== net20) (>= netstandard1.3)) (&& (== net35) (>= netstandard1.3)) (&& (== net40) (>= netstandard1.3)) (&& (== net46) (< net45)) (&& (== netstandard1.0) (>= netstandard1.3)) (&& (== netstandard1.1) (>= netstandard1.3)) (&& (== netstandard1.2) (>= netstandard1.3)) (== netstandard1.3) (== netstandard1.4) (== netstandard1.5) (== netstandard1.6) (== netstandard2.0)
      runtime.native.System.IO.Compression (>= 4.3) - restriction: || (&& (== net20) (>= netstandard1.3)) (&& (== net35) (>= netstandard1.3)) (&& (== net40) (>= netstandard1.3)) (&& (== net46) (< net45)) (&& (== netstandard1.0) (>= netstandard1.3)) (&& (== netstandard1.1) (>= netstandard1.3)) (&& (== netstandard1.2) (>= netstandard1.3)) (== netstandard1.3) (== netstandard1.4) (== netstandard1.5) (== netstandard1.6) (== netstandard2.0)
      System.Buffers (>= 4.3) - restriction: || (&& (== net20) (>= netstandard1.3)) (&& (== net35) (>= netstandard1.3)) (&& (== net40) (>= netstandard1.3)) (&& (== net46) (< net45)) (&& (== netstandard1.0) (>= netstandard1.3)) (&& (== netstandard1.1) (>= netstandard1.3)) (&& (== netstandard1.2) (>= netstandard1.3)) (== netstandard1.3) (== netstandard1.4) (== netstandard1.5) (== netstandard1.6) (== netstandard2.0)
      System.Collections (>= 4.3) - restriction: || (&& (== net20) (>= netstandard1.3)) (&& (== net35) (>= netstandard1.3)) (&& (== net40) (>= netstandard1.3)) (&& (== net46) (< net45)) (&& (== netstandard1.0) (>= netstandard1.3)) (&& (== netstandard1.1) (>= netstandard1.3)) (&& (== netstandard1.2) (>= netstandard1.3)) (== netstandard1.3) (== netstandard1.4) (== netstandard1.5) (== netstandard1.6) (== netstandard2.0)
      System.Diagnostics.Debug (>= 4.3) - restriction: || (&& (== net20) (>= netstandard1.3)) (&& (== net35) (>= netstandard1.3)) (&& (== net40) (>= netstandard1.3)) (&& (== net46) (< net45)) (&& (== netstandard1.0) (>= netstandard1.3)) (&& (== netstandard1.1) (>= netstandard1.3)) (&& (== netstandard1.2) (>= netstandard1.3)) (== netstandard1.3) (== netstandard1.4) (== netstandard1.5) (== netstandard1.6) (== netstandard2.0)
      System.IO (>= 4.3) - restriction: || (&& (== net20) (>= netstandard1.1)) (&& (== net20) (>= netstandard1.3)) (&& (== net35) (>= netstandard1.1)) (&& (== net35) (>= netstandard1.3)) (&& (== net40) (>= netstandard1.1)) (&& (== net40) (>= netstandard1.3)) (&& (== net46) (< net45)) (&& (== netstandard1.0) (>= netstandard1.1)) (&& (== netstandard1.0) (>= netstandard1.3)) (== netstandard1.1) (== netstandard1.2) (== netstandard1.3) (== netstandard1.4) (== netstandard1.5) (== netstandard1.6) (== netstandard2.0)
      System.Resources.ResourceManager (>= 4.3) - restriction: || (&& (== net20) (>= netstandard1.3)) (&& (== net35) (>= netstandard1.3)) (&& (== net40) (>= netstandard1.3)) (&& (== net46) (< net45)) (&& (== netstandard1.0) (>= netstandard1.3)) (&& (== netstandard1.1) (>= netstandard1.3)) (&& (== netstandard1.2) (>= netstandard1.3)) (== netstandard1.3) (== netstandard1.4) (== netstandard1.5) (== netstandard1.6) (== netstandard2.0)
      System.Runtime (>= 4.3) - restriction: || (&& (== net20) (>= netstandard1.1)) (&& (== net20) (>= netstandard1.3)) (&& (== net35) (>= netstandard1.1)) (&& (== net35) (>= netstandard1.3)) (&& (== net40) (>= netstandard1.1)) (&& (== net40) (>= netstandard1.3)) (&& (== net46) (< net45)) (&& (== netstandard1.0) (>= netstandard1.1)) (&& (== netstandard1.0) (>= netstandard1.3)) (== netstandard1.1) (== netstandard1.2) (== netstandard1.3) (== netstandard1.4) (== netstandard1.5) (== netstandard1.6) (== netstandard2.0)
      System.Runtime.Extensions (>= 4.3) - restriction: || (&& (== net20) (>= netstandard1.3)) (&& (== net35) (>= netstandard1.3)) (&& (== net40) (>= netstandard1.3)) (&& (== net46) (< net45)) (&& (== netstandard1.0) (>= netstandard1.3)) (&& (== netstandard1.1) (>= netstandard1.3)) (&& (== netstandard1.2) (>= netstandard1.3)) (== netstandard1.3) (== netstandard1.4) (== netstandard1.5) (== netstandard1.6) (== netstandard2.0)
      System.Runtime.Handles (>= 4.3) - restriction: || (&& (== net20) (>= netstandard1.3)) (&& (== net35) (>= netstandard1.3)) (&& (== net40) (>= netstandard1.3)) (&& (== net46) (< net45)) (&& (== netstandard1.0) (>= netstandard1.3)) (&& (== netstandard1.1) (>= netstandard1.3)) (&& (== netstandard1.2) (>= netstandard1.3)) (== netstandard1.3) (== netstandard1.4) (== netstandard1.5) (== netstandard1.6) (== netstandard2.0)
      System.Runtime.InteropServices (>= 4.3) - restriction: || (&& (== net20) (>= netstandard1.3)) (&& (== net35) (>= netstandard1.3)) (&& (== net40) (>= netstandard1.3)) (&& (== net46) (< net45)) (&& (== netstandard1.0) (>= netstandard1.3)) (&& (== netstandard1.1) (>= netstandard1.3)) (&& (== netstandard1.2) (>= netstandard1.3)) (== netstandard1.3) (== netstandard1.4) (== netstandard1.5) (== netstandard1.6) (== netstandard2.0)
      System.Text.Encoding (>= 4.3) - restriction: || (&& (== net20) (>= netstandard1.1)) (&& (== net20) (>= netstandard1.3)) (&& (== net35) (>= netstandard1.1)) (&& (== net35) (>= netstandard1.3)) (&& (== net40) (>= netstandard1.1)) (&& (== net40) (>= netstandard1.3)) (&& (== net46) (< net45)) (&& (== netstandard1.0) (>= netstandard1.1)) (&& (== netstandard1.0) (>= netstandard1.3)) (== netstandard1.1) (== netstandard1.2) (== netstandard1.3) (== netstandard1.4) (== netstandard1.5) (== netstandard1.6) (== netstandard2.0)
      System.Threading (>= 4.3) - restriction: || (&& (== net20) (>= netstandard1.3)) (&& (== net35) (>= netstandard1.3)) (&& (== net40) (>= netstandard1.3)) (&& (== net46) (< net45)) (&& (== netstandard1.0) (>= netstandard1.3)) (&& (== netstandard1.1) (>= netstandard1.3)) (&& (== netstandard1.2) (>= netstandard1.3)) (== netstandard1.3) (== netstandard1.4) (== netstandard1.5) (== netstandard1.6) (== netstandard2.0)
      System.Threading.Tasks (>= 4.3) - restriction: || (&& (== net20) (>= netstandard1.3)) (&& (== net35) (>= netstandard1.3)) (&& (== net40) (>= netstandard1.3)) (&& (== net46) (< net45)) (&& (== netstandard1.0) (>= netstandard1.3)) (&& (== netstandard1.1) (>= netstandard1.3)) (&& (== netstandard1.2) (>= netstandard1.3)) (== netstandard1.3) (== netstandard1.4) (== netstandard1.5) (== netstandard1.6) (== netstandard2.0)
    System.IO.Compression.ZipFile (4.3) - restriction: || (&& (== net20) (== netstandard2.0)) (&& (== net20) (>= netstandard1.4)) (&& (== net20) (>= netstandard1.5)) (&& (== net20) (>= netstandard1.6)) (&& (== net20) (>= netstandard2.0)) (&& (== net20) (>= uap10.0)) (&& (== net35) (== netstandard2.0)) (&& (== net40) (== netstandard2.0)) (&& (== net40) (< net35) (>= netstandard1.4)) (&& (== net40) (< net35) (>= netstandard1.5)) (&& (== net40) (< net35) (>= netstandard1.6)) (&& (== net40) (< net35) (>= netstandard2.0)) (&& (== net40) (>= uap10.0)) (&& (== net45) (== netstandard2.0)) (&& (== net45) (< net35) (>= netstandard1.4)) (&& (== net45) (< net35) (>= netstandard1.5)) (&& (== net45) (< net35) (>= netstandard1.6)) (&& (== net45) (< net35) (>= netstandard2.0)) (&& (== net45) (>= uap10.0)) (&& (== net46) (== netstandard2.0)) (&& (== net46) (< net35) (>= netstandard1.4)) (&& (== net46) (< net35) (>= netstandard1.5)) (&& (== net46) (< net35) (>= netstandard1.6)) (&& (== net46) (< net35) (>= netstandard2.0)) (&& (== net46) (>= uap10.0)) (&& (== netstandard1.0) (== netstandard2.0)) (&& (== netstandard1.0) (>= netstandard1.4)) (&& (== netstandard1.0) (>= netstandard1.5)) (&& (== netstandard1.0) (>= netstandard1.6)) (&& (== netstandard1.0) (>= netstandard2.0)) (&& (== netstandard1.0) (>= uap10.0)) (&& (== netstandard1.1) (== netstandard2.0)) (&& (== netstandard1.1) (>= netstandard1.4)) (&& (== netstandard1.1) (>= netstandard1.5)) (&& (== netstandard1.1) (>= netstandard1.6)) (&& (== netstandard1.1) (>= netstandard2.0)) (&& (== netstandard1.1) (>= uap10.0)) (&& (== netstandard1.2) (== netstandard2.0)) (&& (== netstandard1.2) (>= netstandard1.4)) (&& (== netstandard1.2) (>= netstandard1.5)) (&& (== netstandard1.2) (>= netstandard1.6)) (&& (== netstandard1.2) (>= netstandard2.0)) (&& (== netstandard1.2) (>= uap10.0)) (&& (== netstandard1.3) (== netstandard2.0)) (&& (== netstandard1.3) (>= netstandard1.4)) (&& (== netstandard1.3) (>= netstandard1.5)) (&& (== netstandard1.3) (>= netstandard1.6)) (&& (== netstandard1.3) (>= netstandard2.0)) (&& (== netstandard1.3) (>= uap10.0)) (== netstandard1.4) (== netstandard1.5) (== netstandard1.6) (&& (== netstandard2.0) (< netstandard1.4)) (&& (== netstandard2.0) (< netstandard1.5)) (&& (== netstandard2.0) (< netstandard1.6)) (&& (== netstandard2.0) (>= uap10.0))
      System.Buffers (>= 4.3) - restriction: || (&& (== net20) (>= netstandard1.3)) (&& (== net35) (>= netstandard1.3)) (&& (== net40) (>= netstandard1.3)) (&& (== net45) (>= netstandard1.3)) (&& (== netstandard1.0) (>= netstandard1.3)) (&& (== netstandard1.1) (>= netstandard1.3)) (&& (== netstandard1.2) (>= netstandard1.3)) (== netstandard1.3) (== netstandard1.4) (== netstandard1.5) (== netstandard1.6) (== netstandard2.0)
      System.IO (>= 4.3) - restriction: || (&& (== net20) (>= netstandard1.3)) (&& (== net35) (>= netstandard1.3)) (&& (== net40) (>= netstandard1.3)) (&& (== net45) (>= netstandard1.3)) (&& (== netstandard1.0) (>= netstandard1.3)) (&& (== netstandard1.1) (>= netstandard1.3)) (&& (== netstandard1.2) (>= netstandard1.3)) (== netstandard1.3) (== netstandard1.4) (== netstandard1.5) (== netstandard1.6) (== netstandard2.0)
      System.IO.Compression (>= 4.3) - restriction: || (&& (== net20) (>= netstandard1.3)) (&& (== net35) (>= netstandard1.3)) (&& (== net40) (>= netstandard1.3)) (&& (== net45) (>= netstandard1.3)) (&& (== netstandard1.0) (>= netstandard1.3)) (&& (== netstandard1.1) (>= netstandard1.3)) (&& (== netstandard1.2) (>= netstandard1.3)) (== netstandard1.3) (== netstandard1.4) (== netstandard1.5) (== netstandard1.6) (== netstandard2.0)
      System.IO.FileSystem (>= 4.3) - restriction: || (&& (== net20) (>= netstandard1.3)) (&& (== net35) (>= netstandard1.3)) (&& (== net40) (>= netstandard1.3)) (&& (== net45) (>= netstandard1.3)) (&& (== netstandard1.0) (>= netstandard1.3)) (&& (== netstandard1.1) (>= netstandard1.3)) (&& (== netstandard1.2) (>= netstandard1.3)) (== netstandard1.3) (== netstandard1.4) (== netstandard1.5) (== netstandard1.6) (== netstandard2.0)
      System.IO.FileSystem.Primitives (>= 4.3) - restriction: || (&& (== net20) (>= netstandard1.3)) (&& (== net35) (>= netstandard1.3)) (&& (== net40) (>= netstandard1.3)) (&& (== net45) (>= netstandard1.3)) (&& (== netstandard1.0) (>= netstandard1.3)) (&& (== netstandard1.1) (>= netstandard1.3)) (&& (== netstandard1.2) (>= netstandard1.3)) (== netstandard1.3) (== netstandard1.4) (== netstandard1.5) (== netstandard1.6) (== netstandard2.0)
      System.Resources.ResourceManager (>= 4.3) - restriction: || (&& (== net20) (>= netstandard1.3)) (&& (== net35) (>= netstandard1.3)) (&& (== net40) (>= netstandard1.3)) (&& (== net45) (>= netstandard1.3)) (&& (== netstandard1.0) (>= netstandard1.3)) (&& (== netstandard1.1) (>= netstandard1.3)) (&& (== netstandard1.2) (>= netstandard1.3)) (== netstandard1.3) (== netstandard1.4) (== netstandard1.5) (== netstandard1.6) (== netstandard2.0)
      System.Runtime (>= 4.3) - restriction: || (&& (== net20) (>= netstandard1.3)) (&& (== net35) (>= netstandard1.3)) (&& (== net40) (>= netstandard1.3)) (&& (== net45) (>= netstandard1.3)) (&& (== netstandard1.0) (>= netstandard1.3)) (&& (== netstandard1.1) (>= netstandard1.3)) (&& (== netstandard1.2) (>= netstandard1.3)) (== netstandard1.3) (== netstandard1.4) (== netstandard1.5) (== netstandard1.6) (== netstandard2.0)
      System.Runtime.Extensions (>= 4.3) - restriction: || (&& (== net20) (>= netstandard1.3)) (&& (== net35) (>= netstandard1.3)) (&& (== net40) (>= netstandard1.3)) (&& (== net45) (>= netstandard1.3)) (&& (== netstandard1.0) (>= netstandard1.3)) (&& (== netstandard1.1) (>= netstandard1.3)) (&& (== netstandard1.2) (>= netstandard1.3)) (== netstandard1.3) (== netstandard1.4) (== netstandard1.5) (== netstandard1.6) (== netstandard2.0)
      System.Text.Encoding (>= 4.3) - restriction: || (&& (== net20) (>= netstandard1.3)) (&& (== net35) (>= netstandard1.3)) (&& (== net40) (>= netstandard1.3)) (&& (== net45) (>= netstandard1.3)) (&& (== netstandard1.0) (>= netstandard1.3)) (&& (== netstandard1.1) (>= netstandard1.3)) (&& (== netstandard1.2) (>= netstandard1.3)) (== netstandard1.3) (== netstandard1.4) (== netstandard1.5) (== netstandard1.6) (== netstandard2.0)
    System.IO.FileSystem (4.3) - restriction: || (&& (== net20) (== netstandard2.0)) (&& (== net20) (>= netstandard1.4)) (&& (== net20) (>= netstandard1.5)) (&& (== net20) (>= netstandard1.6)) (&& (== net20) (>= netstandard2.0)) (&& (== net20) (>= uap10.0)) (&& (== net35) (== netstandard2.0)) (&& (== net40) (== netstandard2.0)) (&& (== net40) (< net35) (>= netstandard1.4)) (&& (== net40) (< net35) (>= netstandard1.5)) (&& (== net40) (< net35) (>= netstandard1.6)) (&& (== net40) (< net35) (>= netstandard2.0)) (&& (== net40) (>= uap10.0)) (&& (== net45) (== netstandard2.0)) (&& (== net45) (< net35) (>= netstandard1.4)) (&& (== net45) (< net35) (>= netstandard1.5)) (&& (== net45) (< net35) (>= netstandard1.6)) (&& (== net45) (< net35) (>= netstandard2.0)) (&& (== net45) (>= uap10.0)) (&& (== net46) (== netstandard2.0)) (&& (== net46) (< net35) (>= netstandard1.4)) (&& (== net46) (< net35) (>= netstandard1.5)) (&& (== net46) (< net35) (>= netstandard1.6)) (&& (== net46) (< net35) (>= netstandard2.0)) (&& (== net46) (>= uap10.0)) (&& (== netstandard1.0) (== netstandard2.0)) (&& (== netstandard1.0) (>= netstandard1.4)) (&& (== netstandard1.0) (>= netstandard1.5)) (&& (== netstandard1.0) (>= netstandard1.6)) (&& (== netstandard1.0) (>= netstandard2.0)) (&& (== netstandard1.0) (>= uap10.0)) (&& (== netstandard1.1) (== netstandard2.0)) (&& (== netstandard1.1) (>= netstandard1.4)) (&& (== netstandard1.1) (>= netstandard1.5)) (&& (== netstandard1.1) (>= netstandard1.6)) (&& (== netstandard1.1) (>= netstandard2.0)) (&& (== netstandard1.1) (>= uap10.0)) (&& (== netstandard1.2) (== netstandard2.0)) (&& (== netstandard1.2) (>= netstandard1.4)) (&& (== netstandard1.2) (>= netstandard1.5)) (&& (== netstandard1.2) (>= netstandard1.6)) (&& (== netstandard1.2) (>= netstandard2.0)) (&& (== netstandard1.2) (>= uap10.0)) (&& (== netstandard1.3) (== netstandard2.0)) (&& (== netstandard1.3) (>= netstandard1.4)) (&& (== netstandard1.3) (>= netstandard1.5)) (&& (== netstandard1.3) (>= netstandard1.6)) (&& (== netstandard1.3) (>= netstandard2.0)) (&& (== netstandard1.3) (>= uap10.0)) (== netstandard1.4) (== netstandard1.5) (== netstandard1.6) (&& (== netstandard2.0) (< netstandard1.2)) (&& (== netstandard2.0) (< netstandard1.3)) (&& (== netstandard2.0) (< netstandard1.4)) (&& (== netstandard2.0) (< netstandard1.5)) (&& (== netstandard2.0) (< netstandard1.6)) (&& (== netstandard2.0) (>= uap10.0))
      Microsoft.NETCore.Platforms (>= 1.1) - restriction: || (&& (== net20) (>= netstandard1.3)) (&& (== net35) (>= netstandard1.3)) (&& (== net40) (>= netstandard1.3)) (&& (== net45) (>= netstandard1.3)) (&& (== netstandard1.0) (>= netstandard1.3)) (&& (== netstandard1.1) (>= netstandard1.3)) (&& (== netstandard1.2) (>= netstandard1.3)) (== netstandard1.3) (== netstandard1.4) (== netstandard1.5) (== netstandard1.6) (== netstandard2.0)
      Microsoft.NETCore.Targets (>= 1.1) - restriction: || (&& (== net20) (>= netstandard1.3)) (&& (== net35) (>= netstandard1.3)) (&& (== net40) (>= netstandard1.3)) (&& (== net45) (>= netstandard1.3)) (&& (== netstandard1.0) (>= netstandard1.3)) (&& (== netstandard1.1) (>= netstandard1.3)) (&& (== netstandard1.2) (>= netstandard1.3)) (== netstandard1.3) (== netstandard1.4) (== netstandard1.5) (== netstandard1.6) (== netstandard2.0)
      System.IO (>= 4.3) - restriction: || (&& (== net20) (>= netstandard1.3)) (&& (== net35) (>= netstandard1.3)) (&& (== net40) (>= netstandard1.3)) (&& (== net45) (>= netstandard1.3)) (&& (== netstandard1.0) (>= netstandard1.3)) (&& (== netstandard1.1) (>= netstandard1.3)) (&& (== netstandard1.2) (>= netstandard1.3)) (== netstandard1.3) (== netstandard1.4) (== netstandard1.5) (== netstandard1.6) (== netstandard2.0)
      System.IO.FileSystem.Primitives (>= 4.3) - restriction: || (&& (== net20) (>= net46)) (&& (== net20) (>= netstandard1.3)) (&& (== net35) (>= net46)) (&& (== net35) (>= netstandard1.3)) (&& (== net40) (>= net46)) (&& (== net40) (>= netstandard1.3)) (&& (== net45) (>= net46)) (&& (== net45) (>= netstandard1.3)) (== net46) (&& (== netstandard1.0) (>= net46)) (&& (== netstandard1.0) (>= netstandard1.3)) (&& (== netstandard1.1) (>= net46)) (&& (== netstandard1.1) (>= netstandard1.3)) (&& (== netstandard1.2) (>= net46)) (&& (== netstandard1.2) (>= netstandard1.3)) (== netstandard1.3) (== netstandard1.4) (== netstandard1.5) (== netstandard1.6) (== netstandard2.0)
      System.Runtime (>= 4.3) - restriction: || (&& (== net20) (>= netstandard1.3)) (&& (== net35) (>= netstandard1.3)) (&& (== net40) (>= netstandard1.3)) (&& (== net45) (>= netstandard1.3)) (&& (== netstandard1.0) (>= netstandard1.3)) (&& (== netstandard1.1) (>= netstandard1.3)) (&& (== netstandard1.2) (>= netstandard1.3)) (== netstandard1.3) (== netstandard1.4) (== netstandard1.5) (== netstandard1.6) (== netstandard2.0)
      System.Runtime.Handles (>= 4.3) - restriction: || (&& (== net20) (>= netstandard1.3)) (&& (== net35) (>= netstandard1.3)) (&& (== net40) (>= netstandard1.3)) (&& (== net45) (>= netstandard1.3)) (&& (== netstandard1.0) (>= netstandard1.3)) (&& (== netstandard1.1) (>= netstandard1.3)) (&& (== netstandard1.2) (>= netstandard1.3)) (== netstandard1.3) (== netstandard1.4) (== netstandard1.5) (== netstandard1.6) (== netstandard2.0)
      System.Text.Encoding (>= 4.3) - restriction: || (&& (== net20) (>= netstandard1.3)) (&& (== net35) (>= netstandard1.3)) (&& (== net40) (>= netstandard1.3)) (&& (== net45) (>= netstandard1.3)) (&& (== netstandard1.0) (>= netstandard1.3)) (&& (== netstandard1.1) (>= netstandard1.3)) (&& (== netstandard1.2) (>= netstandard1.3)) (== netstandard1.3) (== netstandard1.4) (== netstandard1.5) (== netstandard1.6) (== netstandard2.0)
      System.Threading.Tasks (>= 4.3) - restriction: || (&& (== net20) (>= netstandard1.3)) (&& (== net35) (>= netstandard1.3)) (&& (== net40) (>= netstandard1.3)) (&& (== net45) (>= netstandard1.3)) (&& (== netstandard1.0) (>= netstandard1.3)) (&& (== netstandard1.1) (>= netstandard1.3)) (&& (== netstandard1.2) (>= netstandard1.3)) (== netstandard1.3) (== netstandard1.4) (== netstandard1.5) (== netstandard1.6) (== netstandard2.0)
    System.IO.FileSystem.Primitives (4.3) - restriction: || (&& (== net20) (== netstandard2.0)) (&& (== net20) (>= netstandard1.4)) (&& (== net20) (>= netstandard1.5)) (&& (== net20) (>= netstandard1.6)) (&& (== net20) (>= netstandard2.0)) (&& (== net20) (>= uap10.0)) (&& (== net35) (== netstandard2.0)) (&& (== net40) (== netstandard2.0)) (&& (== net40) (< net35) (>= netstandard1.4)) (&& (== net40) (< net35) (>= netstandard1.5)) (&& (== net40) (< net35) (>= netstandard1.6)) (&& (== net40) (< net35) (>= netstandard2.0)) (&& (== net40) (>= uap10.0)) (&& (== net45) (== netstandard2.0)) (&& (== net45) (< net35) (>= netstandard1.4)) (&& (== net45) (< net35) (>= netstandard1.5)) (&& (== net45) (< net35) (>= netstandard1.6)) (&& (== net45) (< net35) (>= netstandard2.0)) (&& (== net45) (>= uap10.0)) (&& (== net46) (== netstandard2.0)) (&& (== net46) (< net35) (>= netstandard1.4)) (&& (== net46) (< net35) (>= netstandard1.5)) (&& (== net46) (< net35) (>= netstandard1.6)) (&& (== net46) (< net35) (>= netstandard2.0)) (&& (== net46) (>= uap10.0)) (&& (== netstandard1.0) (== netstandard2.0)) (&& (== netstandard1.0) (>= netstandard1.4)) (&& (== netstandard1.0) (>= netstandard1.5)) (&& (== netstandard1.0) (>= netstandard1.6)) (&& (== netstandard1.0) (>= netstandard2.0)) (&& (== netstandard1.0) (>= uap10.0)) (&& (== netstandard1.1) (== netstandard2.0)) (&& (== netstandard1.1) (>= netstandard1.4)) (&& (== netstandard1.1) (>= netstandard1.5)) (&& (== netstandard1.1) (>= netstandard1.6)) (&& (== netstandard1.1) (>= netstandard2.0)) (&& (== netstandard1.1) (>= uap10.0)) (&& (== netstandard1.2) (== netstandard2.0)) (&& (== netstandard1.2) (>= netstandard1.4)) (&& (== netstandard1.2) (>= netstandard1.5)) (&& (== netstandard1.2) (>= netstandard1.6)) (&& (== netstandard1.2) (>= netstandard2.0)) (&& (== netstandard1.2) (>= uap10.0)) (&& (== netstandard1.3) (== netstandard2.0)) (&& (== netstandard1.3) (>= netstandard1.4)) (&& (== netstandard1.3) (>= netstandard1.5)) (&& (== netstandard1.3) (>= netstandard1.6)) (&& (== netstandard1.3) (>= netstandard2.0)) (&& (== netstandard1.3) (>= uap10.0)) (== netstandard1.4) (== netstandard1.5) (== netstandard1.6) (&& (== netstandard2.0) (< netstandard1.4)) (&& (== netstandard2.0) (< netstandard1.5)) (&& (== netstandard2.0) (< netstandard1.6)) (&& (== netstandard2.0) (>= uap10.0))
      System.Runtime (>= 4.3) - restriction: || (&& (== net20) (>= netstandard1.3)) (&& (== net35) (>= netstandard1.3)) (&& (== net40) (>= netstandard1.3)) (&& (== net45) (>= netstandard1.3)) (&& (== netstandard1.0) (>= netstandard1.3)) (&& (== netstandard1.1) (>= netstandard1.3)) (&& (== netstandard1.2) (>= netstandard1.3)) (== netstandard1.3) (== netstandard1.4) (== netstandard1.5) (== netstandard1.6) (== netstandard2.0)
    System.Linq (4.3) - restriction: || (&& (== net20) (== netstandard2.0)) (&& (== net20) (>= netstandard1.4)) (&& (== net20) (>= netstandard1.5)) (&& (== net20) (>= netstandard1.6)) (&& (== net20) (>= netstandard2.0)) (&& (== net20) (>= uap10.0)) (&& (== net35) (== netstandard2.0)) (&& (== net40) (== netstandard2.0)) (&& (== net40) (< net35) (>= netstandard1.4)) (&& (== net40) (< net35) (>= netstandard1.5)) (&& (== net40) (< net35) (>= netstandard1.6)) (&& (== net40) (< net35) (>= netstandard2.0)) (&& (== net40) (>= uap10.0)) (&& (== net45) (== netstandard2.0)) (&& (== net45) (< net35) (>= netstandard1.4)) (&& (== net45) (< net35) (>= netstandard1.5)) (&& (== net45) (< net35) (>= netstandard1.6)) (&& (== net45) (< net35) (>= netstandard2.0)) (&& (== net45) (>= uap10.0)) (&& (== net46) (== netstandard2.0)) (&& (== net46) (< net35) (>= netstandard1.4)) (&& (== net46) (< net35) (>= netstandard1.5)) (&& (== net46) (< net35) (>= netstandard1.6)) (&& (== net46) (< net35) (>= netstandard2.0)) (&& (== net46) (>= uap10.0)) (&& (== netstandard1.0) (== netstandard2.0)) (&& (== netstandard1.0) (>= netstandard1.4)) (&& (== netstandard1.0) (>= netstandard1.5)) (&& (== netstandard1.0) (>= netstandard1.6)) (&& (== netstandard1.0) (>= netstandard2.0)) (&& (== netstandard1.0) (>= uap10.0)) (&& (== netstandard1.1) (== netstandard2.0)) (&& (== netstandard1.1) (>= netstandard1.4)) (&& (== netstandard1.1) (>= netstandard1.5)) (&& (== netstandard1.1) (>= netstandard1.6)) (&& (== netstandard1.1) (>= netstandard2.0)) (&& (== netstandard1.1) (>= uap10.0)) (&& (== netstandard1.2) (== netstandard2.0)) (&& (== netstandard1.2) (>= netstandard1.4)) (&& (== netstandard1.2) (>= netstandard1.5)) (&& (== netstandard1.2) (>= netstandard1.6)) (&& (== netstandard1.2) (>= netstandard2.0)) (&& (== netstandard1.2) (>= uap10.0)) (&& (== netstandard1.3) (== netstandard2.0)) (&& (== netstandard1.3) (>= netstandard1.4)) (&& (== netstandard1.3) (>= netstandard1.5)) (&& (== netstandard1.3) (>= netstandard1.6)) (&& (== netstandard1.3) (>= netstandard2.0)) (&& (== netstandard1.3) (>= uap10.0)) (== netstandard1.4) (== netstandard1.5) (== netstandard1.6) (&& (== netstandard2.0) (< netstandard1.2)) (&& (== netstandard2.0) (< netstandard1.3)) (&& (== netstandard2.0) (< netstandard1.4)) (&& (== netstandard2.0) (< netstandard1.5)) (&& (== netstandard2.0) (< netstandard1.6)) (&& (== netstandard2.0) (< portable-net45+win8+wpa81)) (&& (== netstandard2.0) (>= uap10.0))
      System.Collections (>= 4.3) - restriction: || (&& (== net20) (>= netstandard1.0)) (&& (== net20) (>= netstandard1.6)) (&& (== net35) (>= netstandard1.0)) (&& (== net35) (>= netstandard1.6)) (&& (== net40) (>= netstandard1.0)) (&& (== net40) (>= netstandard1.6)) (&& (== net46) (< net45)) (== netstandard1.0) (== netstandard1.1) (== netstandard1.2) (== netstandard1.3) (== netstandard1.4) (== netstandard1.5) (== netstandard1.6) (== netstandard2.0)
      System.Diagnostics.Debug (>= 4.3) - restriction: || (&& (== net20) (>= netstandard1.6)) (&& (== net35) (>= netstandard1.6)) (&& (== net40) (>= netstandard1.6)) (&& (== net46) (< net45) (>= netstandard1.6)) (&& (== netstandard1.0) (>= netstandard1.6)) (&& (== netstandard1.1) (>= netstandard1.6)) (&& (== netstandard1.2) (>= netstandard1.6)) (&& (== netstandard1.3) (>= netstandard1.6)) (&& (== netstandard1.4) (>= netstandard1.6)) (&& (== netstandard1.5) (>= netstandard1.6)) (== netstandard1.6) (== netstandard2.0)
      System.Resources.ResourceManager (>= 4.3) - restriction: || (&& (== net20) (>= netstandard1.6)) (&& (== net35) (>= netstandard1.6)) (&& (== net40) (>= netstandard1.6)) (&& (== net46) (< net45) (>= netstandard1.6)) (&& (== netstandard1.0) (>= netstandard1.6)) (&& (== netstandard1.1) (>= netstandard1.6)) (&& (== netstandard1.2) (>= netstandard1.6)) (&& (== netstandard1.3) (>= netstandard1.6)) (&& (== netstandard1.4) (>= netstandard1.6)) (&& (== netstandard1.5) (>= netstandard1.6)) (== netstandard1.6) (== netstandard2.0)
      System.Runtime (>= 4.3) - restriction: || (&& (== net20) (>= netstandard1.0)) (&& (== net20) (>= netstandard1.6)) (&& (== net35) (>= netstandard1.0)) (&& (== net35) (>= netstandard1.6)) (&& (== net40) (>= netstandard1.0)) (&& (== net40) (>= netstandard1.6)) (&& (== net46) (< net45)) (== netstandard1.0) (== netstandard1.1) (== netstandard1.2) (== netstandard1.3) (== netstandard1.4) (== netstandard1.5) (== netstandard1.6) (== netstandard2.0)
      System.Runtime.Extensions (>= 4.3) - restriction: || (&& (== net20) (>= netstandard1.6)) (&& (== net35) (>= netstandard1.6)) (&& (== net40) (>= netstandard1.6)) (&& (== net46) (< net45) (>= netstandard1.6)) (&& (== netstandard1.0) (>= netstandard1.6)) (&& (== netstandard1.1) (>= netstandard1.6)) (&& (== netstandard1.2) (>= netstandard1.6)) (&& (== netstandard1.3) (>= netstandard1.6)) (&& (== netstandard1.4) (>= netstandard1.6)) (&& (== netstandard1.5) (>= netstandard1.6)) (== netstandard1.6) (== netstandard2.0)
    System.Linq.Expressions (4.3) - restriction: || (&& (== net20) (== netstandard2.0)) (&& (== net20) (>= netstandard1.4)) (&& (== net20) (>= netstandard1.5)) (&& (== net20) (>= netstandard1.6)) (&& (== net20) (>= netstandard2.0)) (&& (== net20) (>= uap10.0)) (&& (== net35) (== netstandard2.0)) (&& (== net40) (== netstandard2.0)) (&& (== net40) (< net35) (>= netstandard1.4)) (&& (== net40) (< net35) (>= netstandard1.5)) (&& (== net40) (< net35) (>= netstandard1.6)) (&& (== net40) (< net35) (>= netstandard2.0)) (&& (== net40) (>= uap10.0)) (&& (== net45) (== netstandard2.0)) (&& (== net45) (< net35) (>= netstandard1.4)) (&& (== net45) (< net35) (>= netstandard1.5)) (&& (== net45) (< net35) (>= netstandard1.6)) (&& (== net45) (< net35) (>= netstandard2.0)) (&& (== net45) (>= uap10.0)) (&& (== net46) (== netstandard2.0)) (&& (== net46) (< net35) (>= netstandard1.4)) (&& (== net46) (< net35) (>= netstandard1.5)) (&& (== net46) (< net35) (>= netstandard1.6)) (&& (== net46) (< net35) (>= netstandard2.0)) (&& (== net46) (>= uap10.0)) (&& (== netstandard1.0) (== netstandard2.0)) (&& (== netstandard1.0) (>= netstandard1.4)) (&& (== netstandard1.0) (>= netstandard1.5)) (&& (== netstandard1.0) (>= netstandard1.6)) (&& (== netstandard1.0) (>= netstandard2.0)) (&& (== netstandard1.0) (>= uap10.0)) (&& (== netstandard1.1) (== netstandard2.0)) (&& (== netstandard1.1) (>= netstandard1.4)) (&& (== netstandard1.1) (>= netstandard1.5)) (&& (== netstandard1.1) (>= netstandard1.6)) (&& (== netstandard1.1) (>= netstandard2.0)) (&& (== netstandard1.1) (>= uap10.0)) (&& (== netstandard1.2) (== netstandard2.0)) (&& (== netstandard1.2) (>= netstandard1.4)) (&& (== netstandard1.2) (>= netstandard1.5)) (&& (== netstandard1.2) (>= netstandard1.6)) (&& (== netstandard1.2) (>= netstandard2.0)) (&& (== netstandard1.2) (>= uap10.0)) (&& (== netstandard1.3) (== netstandard2.0)) (&& (== netstandard1.3) (>= netstandard1.4)) (&& (== netstandard1.3) (>= netstandard1.5)) (&& (== netstandard1.3) (>= netstandard1.6)) (&& (== netstandard1.3) (>= netstandard2.0)) (&& (== netstandard1.3) (>= uap10.0)) (== netstandard1.4) (== netstandard1.5) (== netstandard1.6) (&& (== netstandard2.0) (< netstandard1.2)) (&& (== netstandard2.0) (< netstandard1.3)) (&& (== netstandard2.0) (< netstandard1.4)) (&& (== netstandard2.0) (< netstandard1.5)) (&& (== netstandard2.0) (< netstandard1.6)) (&& (== netstandard2.0) (< portable-net45+win8+wpa81)) (&& (== netstandard2.0) (>= uap10.0))
      System.Collections (>= 4.3) - restriction: || (&& (== net20) (>= netstandard1.6)) (&& (== net35) (>= netstandard1.6)) (&& (== net40) (>= netstandard1.6)) (&& (== net46) (< net45) (>= netstandard1.6)) (&& (== netstandard1.0) (>= netstandard1.6)) (&& (== netstandard1.1) (>= netstandard1.6)) (&& (== netstandard1.2) (>= netstandard1.6)) (&& (== netstandard1.3) (>= netstandard1.6)) (&& (== netstandard1.4) (>= netstandard1.6)) (&& (== netstandard1.5) (>= netstandard1.6)) (== netstandard1.6) (== netstandard2.0)
      System.Diagnostics.Debug (>= 4.3) - restriction: || (&& (== net20) (>= netstandard1.6)) (&& (== net35) (>= netstandard1.6)) (&& (== net40) (>= netstandard1.6)) (&& (== net46) (< net45) (>= netstandard1.6)) (&& (== netstandard1.0) (>= netstandard1.6)) (&& (== netstandard1.1) (>= netstandard1.6)) (&& (== netstandard1.2) (>= netstandard1.6)) (&& (== netstandard1.3) (>= netstandard1.6)) (&& (== netstandard1.4) (>= netstandard1.6)) (&& (== netstandard1.5) (>= netstandard1.6)) (== netstandard1.6) (== netstandard2.0)
      System.Globalization (>= 4.3) - restriction: || (&& (== net20) (>= netstandard1.6)) (&& (== net35) (>= netstandard1.6)) (&& (== net40) (>= netstandard1.6)) (&& (== net46) (< net45) (>= netstandard1.6)) (&& (== netstandard1.0) (>= netstandard1.6)) (&& (== netstandard1.1) (>= netstandard1.6)) (&& (== netstandard1.2) (>= netstandard1.6)) (&& (== netstandard1.3) (>= netstandard1.6)) (&& (== netstandard1.4) (>= netstandard1.6)) (&& (== netstandard1.5) (>= netstandard1.6)) (== netstandard1.6) (== netstandard2.0)
      System.IO (>= 4.3) - restriction: || (&& (== net20) (>= netstandard1.6)) (&& (== net35) (>= netstandard1.6)) (&& (== net40) (>= netstandard1.6)) (&& (== net46) (< net45) (>= netstandard1.6)) (&& (== netstandard1.0) (>= netstandard1.6)) (&& (== netstandard1.1) (>= netstandard1.6)) (&& (== netstandard1.2) (>= netstandard1.6)) (&& (== netstandard1.3) (>= netstandard1.6)) (&& (== netstandard1.4) (>= netstandard1.6)) (&& (== netstandard1.5) (>= netstandard1.6)) (== netstandard1.6) (== netstandard2.0)
      System.Linq (>= 4.3) - restriction: || (&& (== net20) (>= netstandard1.6)) (&& (== net35) (>= netstandard1.6)) (&& (== net40) (>= netstandard1.6)) (&& (== net46) (< net45) (>= netstandard1.6)) (&& (== netstandard1.0) (>= netstandard1.6)) (&& (== netstandard1.1) (>= netstandard1.6)) (&& (== netstandard1.2) (>= netstandard1.6)) (&& (== netstandard1.3) (>= netstandard1.6)) (&& (== netstandard1.4) (>= netstandard1.6)) (&& (== netstandard1.5) (>= netstandard1.6)) (== netstandard1.6) (== netstandard2.0)
      System.ObjectModel (>= 4.3) - restriction: || (&& (== net20) (>= netstandard1.6)) (&& (== net35) (>= netstandard1.6)) (&& (== net40) (>= netstandard1.6)) (&& (== net46) (< net45) (>= netstandard1.6)) (&& (== netstandard1.0) (>= netstandard1.6)) (&& (== netstandard1.1) (>= netstandard1.6)) (&& (== netstandard1.2) (>= netstandard1.6)) (&& (== netstandard1.3) (>= netstandard1.6)) (&& (== netstandard1.4) (>= netstandard1.6)) (&& (== netstandard1.5) (>= netstandard1.6)) (== netstandard1.6) (== netstandard2.0)
      System.Reflection (>= 4.3) - restriction: || (&& (== net20) (>= netstandard1.0)) (&& (== net20) (>= netstandard1.3)) (&& (== net20) (>= netstandard1.6)) (&& (== net35) (>= netstandard1.0)) (&& (== net35) (>= netstandard1.3)) (&& (== net35) (>= netstandard1.6)) (&& (== net40) (>= netstandard1.0)) (&& (== net40) (>= netstandard1.3)) (&& (== net40) (>= netstandard1.6)) (&& (== net46) (< net45)) (== netstandard1.0) (== netstandard1.1) (== netstandard1.2) (== netstandard1.3) (== netstandard1.4) (== netstandard1.5) (== netstandard1.6) (== netstandard2.0)
      System.Reflection.Emit (>= 4.3) - restriction: || (&& (== net20) (>= netstandard1.6)) (&& (== net35) (>= netstandard1.6)) (&& (== net40) (>= netstandard1.6)) (&& (== net46) (< net45) (>= netstandard1.6)) (&& (== netstandard1.0) (>= netstandard1.6)) (&& (== netstandard1.1) (>= netstandard1.6)) (&& (== netstandard1.2) (>= netstandard1.6)) (&& (== netstandard1.3) (>= netstandard1.6)) (&& (== netstandard1.4) (>= netstandard1.6)) (&& (== netstandard1.5) (>= netstandard1.6)) (== netstandard1.6) (== netstandard2.0)
      System.Reflection.Emit.ILGeneration (>= 4.3) - restriction: || (&& (== net20) (>= netstandard1.6)) (&& (== net35) (>= netstandard1.6)) (&& (== net40) (>= netstandard1.6)) (&& (== net46) (< net45) (>= netstandard1.6)) (&& (== netstandard1.0) (>= netstandard1.6)) (&& (== netstandard1.1) (>= netstandard1.6)) (&& (== netstandard1.2) (>= netstandard1.6)) (&& (== netstandard1.3) (>= netstandard1.6)) (&& (== netstandard1.4) (>= netstandard1.6)) (&& (== netstandard1.5) (>= netstandard1.6)) (== netstandard1.6) (== netstandard2.0)
      System.Reflection.Emit.Lightweight (>= 4.3) - restriction: || (&& (== net20) (>= netstandard1.6)) (&& (== net35) (>= netstandard1.6)) (&& (== net40) (>= netstandard1.6)) (&& (== net46) (< net45) (>= netstandard1.6)) (&& (== netstandard1.0) (>= netstandard1.6)) (&& (== netstandard1.1) (>= netstandard1.6)) (&& (== netstandard1.2) (>= netstandard1.6)) (&& (== netstandard1.3) (>= netstandard1.6)) (&& (== netstandard1.4) (>= netstandard1.6)) (&& (== netstandard1.5) (>= netstandard1.6)) (== netstandard1.6) (== netstandard2.0)
      System.Reflection.Extensions (>= 4.3) - restriction: || (&& (== net20) (>= netstandard1.6)) (&& (== net35) (>= netstandard1.6)) (&& (== net40) (>= netstandard1.6)) (&& (== net46) (< net45) (>= netstandard1.6)) (&& (== netstandard1.0) (>= netstandard1.6)) (&& (== netstandard1.1) (>= netstandard1.6)) (&& (== netstandard1.2) (>= netstandard1.6)) (&& (== netstandard1.3) (>= netstandard1.6)) (&& (== netstandard1.4) (>= netstandard1.6)) (&& (== netstandard1.5) (>= netstandard1.6)) (== netstandard1.6) (== netstandard2.0)
      System.Reflection.Primitives (>= 4.3) - restriction: || (&& (== net20) (>= netstandard1.6)) (&& (== net35) (>= netstandard1.6)) (&& (== net40) (>= netstandard1.6)) (&& (== net46) (< net45) (>= netstandard1.6)) (&& (== netstandard1.0) (>= netstandard1.6)) (&& (== netstandard1.1) (>= netstandard1.6)) (&& (== netstandard1.2) (>= netstandard1.6)) (&& (== netstandard1.3) (>= netstandard1.6)) (&& (== netstandard1.4) (>= netstandard1.6)) (&& (== netstandard1.5) (>= netstandard1.6)) (== netstandard1.6) (== netstandard2.0)
      System.Reflection.TypeExtensions (>= 4.3) - restriction: || (&& (== net20) (>= netstandard1.6)) (&& (== net35) (>= netstandard1.6)) (&& (== net40) (>= netstandard1.6)) (&& (== net46) (< net45) (>= netstandard1.6)) (&& (== netstandard1.0) (>= netstandard1.6)) (&& (== netstandard1.1) (>= netstandard1.6)) (&& (== netstandard1.2) (>= netstandard1.6)) (&& (== netstandard1.3) (>= netstandard1.6)) (&& (== netstandard1.4) (>= netstandard1.6)) (&& (== netstandard1.5) (>= netstandard1.6)) (== netstandard1.6) (== netstandard2.0)
      System.Resources.ResourceManager (>= 4.3) - restriction: || (&& (== net20) (>= netstandard1.6)) (&& (== net35) (>= netstandard1.6)) (&& (== net40) (>= netstandard1.6)) (&& (== net46) (< net45) (>= netstandard1.6)) (&& (== netstandard1.0) (>= netstandard1.6)) (&& (== netstandard1.1) (>= netstandard1.6)) (&& (== netstandard1.2) (>= netstandard1.6)) (&& (== netstandard1.3) (>= netstandard1.6)) (&& (== netstandard1.4) (>= netstandard1.6)) (&& (== netstandard1.5) (>= netstandard1.6)) (== netstandard1.6) (== netstandard2.0)
      System.Runtime (>= 4.3) - restriction: || (&& (== net20) (>= netstandard1.0)) (&& (== net20) (>= netstandard1.3)) (&& (== net20) (>= netstandard1.6)) (&& (== net35) (>= netstandard1.0)) (&& (== net35) (>= netstandard1.3)) (&& (== net35) (>= netstandard1.6)) (&& (== net40) (>= netstandard1.0)) (&& (== net40) (>= netstandard1.3)) (&& (== net40) (>= netstandard1.6)) (&& (== net46) (< net45)) (== netstandard1.0) (== netstandard1.1) (== netstandard1.2) (== netstandard1.3) (== netstandard1.4) (== netstandard1.5) (== netstandard1.6) (== netstandard2.0)
      System.Runtime.Extensions (>= 4.3) - restriction: || (&& (== net20) (>= netstandard1.6)) (&& (== net35) (>= netstandard1.6)) (&& (== net40) (>= netstandard1.6)) (&& (== net46) (< net45) (>= netstandard1.6)) (&& (== netstandard1.0) (>= netstandard1.6)) (&& (== netstandard1.1) (>= netstandard1.6)) (&& (== netstandard1.2) (>= netstandard1.6)) (&& (== netstandard1.3) (>= netstandard1.6)) (&& (== netstandard1.4) (>= netstandard1.6)) (&& (== netstandard1.5) (>= netstandard1.6)) (== netstandard1.6) (== netstandard2.0)
      System.Threading (>= 4.3) - restriction: || (&& (== net20) (>= netstandard1.6)) (&& (== net35) (>= netstandard1.6)) (&& (== net40) (>= netstandard1.6)) (&& (== net46) (< net45) (>= netstandard1.6)) (&& (== netstandard1.0) (>= netstandard1.6)) (&& (== netstandard1.1) (>= netstandard1.6)) (&& (== netstandard1.2) (>= netstandard1.6)) (&& (== netstandard1.3) (>= netstandard1.6)) (&& (== netstandard1.4) (>= netstandard1.6)) (&& (== netstandard1.5) (>= netstandard1.6)) (== netstandard1.6) (== netstandard2.0)
    System.Net.Http (4.3.4) - restriction: || (&& (== net20) (== netstandard2.0)) (&& (== net20) (>= netstandard1.4)) (&& (== net20) (>= netstandard1.5)) (&& (== net20) (>= netstandard1.6)) (&& (== net20) (>= netstandard2.0)) (&& (== net20) (>= uap10.0)) (&& (== net35) (== netstandard2.0)) (&& (== net40) (== netstandard2.0)) (&& (== net40) (< net35) (>= netstandard1.4)) (&& (== net40) (< net35) (>= netstandard1.5)) (&& (== net40) (< net35) (>= netstandard1.6)) (&& (== net40) (< net35) (>= netstandard2.0)) (&& (== net40) (>= uap10.0)) (&& (== net45) (== netstandard2.0)) (&& (== net45) (< net35) (>= netstandard1.4)) (&& (== net45) (< net35) (>= netstandard1.5)) (&& (== net45) (< net35) (>= netstandard1.6)) (&& (== net45) (< net35) (>= netstandard2.0)) (&& (== net45) (>= uap10.0)) (&& (== net46) (== netstandard2.0)) (&& (== net46) (< net35) (>= netstandard1.4)) (&& (== net46) (< net35) (>= netstandard1.5)) (&& (== net46) (< net35) (>= netstandard1.6)) (&& (== net46) (< net35) (>= netstandard2.0)) (&& (== net46) (>= uap10.0)) (&& (== netstandard1.0) (== netstandard2.0)) (&& (== netstandard1.0) (>= netstandard1.4)) (&& (== netstandard1.0) (>= netstandard1.5)) (&& (== netstandard1.0) (>= netstandard1.6)) (&& (== netstandard1.0) (>= netstandard2.0)) (&& (== netstandard1.0) (>= uap10.0)) (&& (== netstandard1.1) (== netstandard2.0)) (&& (== netstandard1.1) (>= netstandard1.4)) (&& (== netstandard1.1) (>= netstandard1.5)) (&& (== netstandard1.1) (>= netstandard1.6)) (&& (== netstandard1.1) (>= netstandard2.0)) (&& (== netstandard1.1) (>= uap10.0)) (&& (== netstandard1.2) (== netstandard2.0)) (&& (== netstandard1.2) (>= netstandard1.4)) (&& (== netstandard1.2) (>= netstandard1.5)) (&& (== netstandard1.2) (>= netstandard1.6)) (&& (== netstandard1.2) (>= netstandard2.0)) (&& (== netstandard1.2) (>= uap10.0)) (&& (== netstandard1.3) (== netstandard2.0)) (&& (== netstandard1.3) (>= netstandard1.4)) (&& (== netstandard1.3) (>= netstandard1.5)) (&& (== netstandard1.3) (>= netstandard1.6)) (&& (== netstandard1.3) (>= netstandard2.0)) (&& (== netstandard1.3) (>= uap10.0)) (== netstandard1.4) (== netstandard1.5) (== netstandard1.6) (&& (== netstandard2.0) (< netstandard1.2)) (&& (== netstandard2.0) (< netstandard1.3)) (&& (== netstandard2.0) (< netstandard1.4)) (&& (== netstandard2.0) (< netstandard1.5)) (&& (== netstandard2.0) (< netstandard1.6)) (&& (== netstandard2.0) (>= uap10.0))
      Microsoft.NETCore.Platforms (>= 1.1.1) - restriction: || (&& (== net20) (>= netstandard1.3)) (&& (== net20) (>= netstandard1.6)) (&& (== net35) (>= netstandard1.3)) (&& (== net35) (>= netstandard1.6)) (&& (== net40) (>= netstandard1.3)) (&& (== net40) (>= netstandard1.6)) (&& (== net46) (< net45)) (&& (== netstandard1.0) (>= netstandard1.3)) (&& (== netstandard1.0) (>= netstandard1.6)) (&& (== netstandard1.1) (>= netstandard1.3)) (&& (== netstandard1.1) (>= netstandard1.6)) (&& (== netstandard1.2) (>= netstandard1.3)) (&& (== netstandard1.2) (>= netstandard1.6)) (== netstandard1.3) (== netstandard1.4) (== netstandard1.5) (== netstandard1.6) (== netstandard2.0)
      Microsoft.Win32.Primitives (>= 4.3) - restriction: || (&& (== net20) (>= netstandard1.3)) (&& (== net35) (>= netstandard1.3)) (&& (== net40) (>= netstandard1.3)) (&& (== net46) (< net45)) (&& (== netstandard1.0) (>= netstandard1.3)) (&& (== netstandard1.1) (>= netstandard1.3)) (&& (== netstandard1.2) (>= netstandard1.3)) (== netstandard1.3) (== netstandard1.4) (== netstandard1.5) (&& (== netstandard2.0) (< netstandard1.6))
      runtime.native.System (>= 4.3) - restriction: || (&& (== net20) (>= netstandard1.6)) (&& (== net35) (>= netstandard1.6)) (&& (== net40) (>= netstandard1.6)) (&& (== net46) (< net45) (>= netstandard1.6)) (&& (== netstandard1.0) (>= netstandard1.6)) (&& (== netstandard1.1) (>= netstandard1.6)) (&& (== netstandard1.2) (>= netstandard1.6)) (&& (== netstandard1.3) (>= netstandard1.6)) (&& (== netstandard1.4) (>= netstandard1.6)) (&& (== netstandard1.5) (>= netstandard1.6)) (== netstandard1.6) (== netstandard2.0)
      runtime.native.System.Net.Http (>= 4.3) - restriction: || (&& (== net20) (>= netstandard1.6)) (&& (== net35) (>= netstandard1.6)) (&& (== net40) (>= netstandard1.6)) (&& (== net46) (< net45) (>= netstandard1.6)) (&& (== netstandard1.0) (>= netstandard1.6)) (&& (== netstandard1.1) (>= netstandard1.6)) (&& (== netstandard1.2) (>= netstandard1.6)) (&& (== netstandard1.3) (>= netstandard1.6)) (&& (== netstandard1.4) (>= netstandard1.6)) (&& (== netstandard1.5) (>= netstandard1.6)) (== netstandard1.6) (== netstandard2.0)
      runtime.native.System.Security.Cryptography.OpenSsl (>= 4.3.2) - restriction: || (&& (== net20) (>= netstandard1.6)) (&& (== net35) (>= netstandard1.6)) (&& (== net40) (>= netstandard1.6)) (&& (== net46) (< net45) (>= netstandard1.6)) (&& (== netstandard1.0) (>= netstandard1.6)) (&& (== netstandard1.1) (>= netstandard1.6)) (&& (== netstandard1.2) (>= netstandard1.6)) (&& (== netstandard1.3) (>= netstandard1.6)) (&& (== netstandard1.4) (>= netstandard1.6)) (&& (== netstandard1.5) (>= netstandard1.6)) (== netstandard1.6) (== netstandard2.0)
      System.Collections (>= 4.3) - restriction: || (&& (== net20) (>= netstandard1.3)) (&& (== net20) (>= netstandard1.6)) (&& (== net35) (>= netstandard1.3)) (&& (== net35) (>= netstandard1.6)) (&& (== net40) (>= netstandard1.3)) (&& (== net40) (>= netstandard1.6)) (&& (== net46) (< net45)) (&& (== netstandard1.0) (>= netstandard1.3)) (&& (== netstandard1.0) (>= netstandard1.6)) (&& (== netstandard1.1) (>= netstandard1.3)) (&& (== netstandard1.1) (>= netstandard1.6)) (&& (== netstandard1.2) (>= netstandard1.3)) (&& (== netstandard1.2) (>= netstandard1.6)) (== netstandard1.3) (== netstandard1.4) (== netstandard1.5) (== netstandard1.6) (== netstandard2.0)
      System.Diagnostics.Debug (>= 4.3) - restriction: || (&& (== net20) (>= netstandard1.3)) (&& (== net20) (>= netstandard1.6)) (&& (== net35) (>= netstandard1.3)) (&& (== net35) (>= netstandard1.6)) (&& (== net40) (>= netstandard1.3)) (&& (== net40) (>= netstandard1.6)) (&& (== net46) (< net45)) (&& (== netstandard1.0) (>= netstandard1.3)) (&& (== netstandard1.0) (>= netstandard1.6)) (&& (== netstandard1.1) (>= netstandard1.3)) (&& (== netstandard1.1) (>= netstandard1.6)) (&& (== netstandard1.2) (>= netstandard1.3)) (&& (== netstandard1.2) (>= netstandard1.6)) (== netstandard1.3) (== netstandard1.4) (== netstandard1.5) (== netstandard1.6) (== netstandard2.0)
      System.Diagnostics.DiagnosticSource (>= 4.3) - restriction: || (&& (== net20) (>= netstandard1.3)) (&& (== net20) (>= netstandard1.6)) (&& (== net35) (>= netstandard1.3)) (&& (== net35) (>= netstandard1.6)) (&& (== net40) (>= netstandard1.3)) (&& (== net40) (>= netstandard1.6)) (&& (== net46) (< net45)) (&& (== netstandard1.0) (>= netstandard1.3)) (&& (== netstandard1.0) (>= netstandard1.6)) (&& (== netstandard1.1) (>= netstandard1.3)) (&& (== netstandard1.1) (>= netstandard1.6)) (&& (== netstandard1.2) (>= netstandard1.3)) (&& (== netstandard1.2) (>= netstandard1.6)) (== netstandard1.3) (== netstandard1.4) (== netstandard1.5) (== netstandard1.6) (== netstandard2.0)
      System.Diagnostics.Tracing (>= 4.3) - restriction: || (&& (== net20) (>= netstandard1.3)) (&& (== net20) (>= netstandard1.6)) (&& (== net35) (>= netstandard1.3)) (&& (== net35) (>= netstandard1.6)) (&& (== net40) (>= netstandard1.3)) (&& (== net40) (>= netstandard1.6)) (&& (== net46) (< net45)) (&& (== netstandard1.0) (>= netstandard1.3)) (&& (== netstandard1.0) (>= netstandard1.6)) (&& (== netstandard1.1) (>= netstandard1.3)) (&& (== netstandard1.1) (>= netstandard1.6)) (&& (== netstandard1.2) (>= netstandard1.3)) (&& (== netstandard1.2) (>= netstandard1.6)) (== netstandard1.3) (== netstandard1.4) (== netstandard1.5) (== netstandard1.6) (== netstandard2.0)
      System.Globalization (>= 4.3) - restriction: || (&& (== net20) (>= netstandard1.3)) (&& (== net20) (>= netstandard1.6)) (&& (== net35) (>= netstandard1.3)) (&& (== net35) (>= netstandard1.6)) (&& (== net40) (>= netstandard1.3)) (&& (== net40) (>= netstandard1.6)) (&& (== net46) (< net45)) (&& (== netstandard1.0) (>= netstandard1.3)) (&& (== netstandard1.0) (>= netstandard1.6)) (&& (== netstandard1.1) (>= netstandard1.3)) (&& (== netstandard1.1) (>= netstandard1.6)) (&& (== netstandard1.2) (>= netstandard1.3)) (&& (== netstandard1.2) (>= netstandard1.6)) (== netstandard1.3) (== netstandard1.4) (== netstandard1.5) (== netstandard1.6) (== netstandard2.0)
      System.Globalization.Extensions (>= 4.3) - restriction: || (&& (== net20) (>= netstandard1.6)) (&& (== net35) (>= netstandard1.6)) (&& (== net40) (>= netstandard1.6)) (&& (== net46) (< net45) (>= netstandard1.6)) (&& (== netstandard1.0) (>= netstandard1.6)) (&& (== netstandard1.1) (>= netstandard1.6)) (&& (== netstandard1.2) (>= netstandard1.6)) (&& (== netstandard1.3) (>= netstandard1.6)) (&& (== netstandard1.4) (>= netstandard1.6)) (&& (== netstandard1.5) (>= netstandard1.6)) (== netstandard1.6) (== netstandard2.0)
      System.IO (>= 4.3) - restriction: || (&& (== net20) (>= netstandard1.1)) (&& (== net20) (>= netstandard1.3)) (&& (== net20) (>= netstandard1.6)) (&& (== net35) (>= netstandard1.1)) (&& (== net35) (>= netstandard1.3)) (&& (== net35) (>= netstandard1.6)) (&& (== net40) (>= netstandard1.1)) (&& (== net40) (>= netstandard1.3)) (&& (== net40) (>= netstandard1.6)) (&& (== net46) (< net45)) (&& (== netstandard1.0) (>= netstandard1.1)) (&& (== netstandard1.0) (>= netstandard1.3)) (&& (== netstandard1.0) (>= netstandard1.6)) (== netstandard1.1) (== netstandard1.2) (== netstandard1.3) (== netstandard1.4) (== netstandard1.5) (== netstandard1.6) (== netstandard2.0)
      System.IO.Compression (>= 4.3) - restriction: || (&& (== net20) (>= netstandard1.3)) (&& (== net35) (>= netstandard1.3)) (&& (== net40) (>= netstandard1.3)) (&& (== net46) (< net45)) (&& (== netstandard1.0) (>= netstandard1.3)) (&& (== netstandard1.1) (>= netstandard1.3)) (&& (== netstandard1.2) (>= netstandard1.3)) (== netstandard1.3) (== netstandard1.4) (== netstandard1.5) (&& (== netstandard2.0) (< netstandard1.6))
      System.IO.FileSystem (>= 4.3) - restriction: || (&& (== net20) (>= netstandard1.6)) (&& (== net35) (>= netstandard1.6)) (&& (== net40) (>= netstandard1.6)) (&& (== net46) (< net45) (>= netstandard1.6)) (&& (== netstandard1.0) (>= netstandard1.6)) (&& (== netstandard1.1) (>= netstandard1.6)) (&& (== netstandard1.2) (>= netstandard1.6)) (&& (== netstandard1.3) (>= netstandard1.6)) (&& (== netstandard1.4) (>= netstandard1.6)) (&& (== netstandard1.5) (>= netstandard1.6)) (== netstandard1.6) (== netstandard2.0)
      System.Net.Primitives (>= 4.3) - restriction: || (&& (== net20) (>= netstandard1.1)) (&& (== net20) (>= netstandard1.3)) (&& (== net20) (>= netstandard1.6)) (&& (== net35) (>= netstandard1.1)) (&& (== net35) (>= netstandard1.3)) (&& (== net35) (>= netstandard1.6)) (&& (== net40) (>= netstandard1.1)) (&& (== net40) (>= netstandard1.3)) (&& (== net40) (>= netstandard1.6)) (&& (== net46) (< net45)) (&& (== netstandard1.0) (>= netstandard1.1)) (&& (== netstandard1.0) (>= netstandard1.3)) (&& (== netstandard1.0) (>= netstandard1.6)) (== netstandard1.1) (== netstandard1.2) (== netstandard1.3) (== netstandard1.4) (== netstandard1.5) (== netstandard1.6) (== netstandard2.0)
      System.Resources.ResourceManager (>= 4.3) - restriction: || (&& (== net20) (>= netstandard1.3)) (&& (== net20) (>= netstandard1.6)) (&& (== net35) (>= netstandard1.3)) (&& (== net35) (>= netstandard1.6)) (&& (== net40) (>= netstandard1.3)) (&& (== net40) (>= netstandard1.6)) (&& (== net46) (< net45)) (&& (== netstandard1.0) (>= netstandard1.3)) (&& (== netstandard1.0) (>= netstandard1.6)) (&& (== netstandard1.1) (>= netstandard1.3)) (&& (== netstandard1.1) (>= netstandard1.6)) (&& (== netstandard1.2) (>= netstandard1.3)) (&& (== netstandard1.2) (>= netstandard1.6)) (== netstandard1.3) (== netstandard1.4) (== netstandard1.5) (== netstandard1.6) (== netstandard2.0)
      System.Runtime (>= 4.3) - restriction: || (&& (== net20) (>= netstandard1.1)) (&& (== net20) (>= netstandard1.3)) (&& (== net20) (>= netstandard1.6)) (&& (== net35) (>= netstandard1.1)) (&& (== net35) (>= netstandard1.3)) (&& (== net35) (>= netstandard1.6)) (&& (== net40) (>= netstandard1.1)) (&& (== net40) (>= netstandard1.3)) (&& (== net40) (>= netstandard1.6)) (&& (== net46) (< net45)) (&& (== netstandard1.0) (>= netstandard1.1)) (&& (== netstandard1.0) (>= netstandard1.3)) (&& (== netstandard1.0) (>= netstandard1.6)) (== netstandard1.1) (== netstandard1.2) (== netstandard1.3) (== netstandard1.4) (== netstandard1.5) (== netstandard1.6) (== netstandard2.0)
      System.Runtime.Extensions (>= 4.3) - restriction: || (&& (== net20) (>= netstandard1.3)) (&& (== net20) (>= netstandard1.6)) (&& (== net35) (>= netstandard1.3)) (&& (== net35) (>= netstandard1.6)) (&& (== net40) (>= netstandard1.3)) (&& (== net40) (>= netstandard1.6)) (&& (== net46) (< net45)) (&& (== netstandard1.0) (>= netstandard1.3)) (&& (== netstandard1.0) (>= netstandard1.6)) (&& (== netstandard1.1) (>= netstandard1.3)) (&& (== netstandard1.1) (>= netstandard1.6)) (&& (== netstandard1.2) (>= netstandard1.3)) (&& (== netstandard1.2) (>= netstandard1.6)) (== netstandard1.3) (== netstandard1.4) (== netstandard1.5) (== netstandard1.6) (== netstandard2.0)
      System.Runtime.Handles (>= 4.3) - restriction: || (&& (== net20) (>= netstandard1.3)) (&& (== net20) (>= netstandard1.6)) (&& (== net35) (>= netstandard1.3)) (&& (== net35) (>= netstandard1.6)) (&& (== net40) (>= netstandard1.3)) (&& (== net40) (>= netstandard1.6)) (&& (== net46) (< net45)) (&& (== netstandard1.0) (>= netstandard1.3)) (&& (== netstandard1.0) (>= netstandard1.6)) (&& (== netstandard1.1) (>= netstandard1.3)) (&& (== netstandard1.1) (>= netstandard1.6)) (&& (== netstandard1.2) (>= netstandard1.3)) (&& (== netstandard1.2) (>= netstandard1.6)) (== netstandard1.3) (== netstandard1.4) (== netstandard1.5) (== netstandard1.6) (== netstandard2.0)
      System.Runtime.InteropServices (>= 4.3) - restriction: || (&& (== net20) (>= netstandard1.3)) (&& (== net20) (>= netstandard1.6)) (&& (== net35) (>= netstandard1.3)) (&& (== net35) (>= netstandard1.6)) (&& (== net40) (>= netstandard1.3)) (&& (== net40) (>= netstandard1.6)) (&& (== net46) (< net45)) (&& (== netstandard1.0) (>= netstandard1.3)) (&& (== netstandard1.0) (>= netstandard1.6)) (&& (== netstandard1.1) (>= netstandard1.3)) (&& (== netstandard1.1) (>= netstandard1.6)) (&& (== netstandard1.2) (>= netstandard1.3)) (&& (== netstandard1.2) (>= netstandard1.6)) (== netstandard1.3) (== netstandard1.4) (== netstandard1.5) (== netstandard1.6) (== netstandard2.0)
      System.Security.Cryptography.Algorithms (>= 4.3) - restriction: || (&& (== net20) (>= netstandard1.6)) (&& (== net35) (>= netstandard1.6)) (&& (== net40) (>= netstandard1.6)) (&& (== net46) (< net45) (>= netstandard1.6)) (&& (== netstandard1.0) (>= netstandard1.6)) (&& (== netstandard1.1) (>= netstandard1.6)) (&& (== netstandard1.2) (>= netstandard1.6)) (&& (== netstandard1.3) (>= netstandard1.6)) (&& (== netstandard1.4) (>= netstandard1.6)) (&& (== netstandard1.5) (>= netstandard1.6)) (== netstandard1.6) (== netstandard2.0)
      System.Security.Cryptography.Encoding (>= 4.3) - restriction: || (&& (== net20) (>= netstandard1.3)) (&& (== net20) (>= netstandard1.6)) (&& (== net35) (>= netstandard1.3)) (&& (== net35) (>= netstandard1.6)) (&& (== net40) (>= netstandard1.3)) (&& (== net40) (>= netstandard1.6)) (&& (== net46) (< net45)) (&& (== netstandard1.0) (>= netstandard1.3)) (&& (== netstandard1.0) (>= netstandard1.6)) (&& (== netstandard1.1) (>= netstandard1.3)) (&& (== netstandard1.1) (>= netstandard1.6)) (&& (== netstandard1.2) (>= netstandard1.3)) (&& (== netstandard1.2) (>= netstandard1.6)) (== netstandard1.3) (== netstandard1.4) (== netstandard1.5) (== netstandard1.6) (== netstandard2.0)
      System.Security.Cryptography.OpenSsl (>= 4.3) - restriction: || (&& (== net20) (>= netstandard1.6)) (&& (== net35) (>= netstandard1.6)) (&& (== net40) (>= netstandard1.6)) (&& (== net46) (< net45) (>= netstandard1.6)) (&& (== netstandard1.0) (>= netstandard1.6)) (&& (== netstandard1.1) (>= netstandard1.6)) (&& (== netstandard1.2) (>= netstandard1.6)) (&& (== netstandard1.3) (>= netstandard1.6)) (&& (== netstandard1.4) (>= netstandard1.6)) (&& (== netstandard1.5) (>= netstandard1.6)) (== netstandard1.6) (== netstandard2.0)
      System.Security.Cryptography.Primitives (>= 4.3) - restriction: || (&& (== net20) (>= netstandard1.6)) (&& (== net35) (>= netstandard1.6)) (&& (== net40) (>= netstandard1.6)) (&& (== net46) (< net45) (>= netstandard1.6)) (&& (== netstandard1.0) (>= netstandard1.6)) (&& (== netstandard1.1) (>= netstandard1.6)) (&& (== netstandard1.2) (>= netstandard1.6)) (&& (== netstandard1.3) (>= netstandard1.6)) (&& (== netstandard1.4) (>= netstandard1.6)) (&& (== netstandard1.5) (>= netstandard1.6)) (== netstandard1.6) (== netstandard2.0)
      System.Security.Cryptography.X509Certificates (>= 4.3) - restriction: || (&& (== net20) (>= net46)) (&& (== net20) (>= netstandard1.3)) (&& (== net20) (>= netstandard1.6)) (&& (== net35) (>= net46)) (&& (== net35) (>= netstandard1.3)) (&& (== net35) (>= netstandard1.6)) (&& (== net40) (>= net46)) (&& (== net40) (>= netstandard1.3)) (&& (== net40) (>= netstandard1.6)) (&& (== net45) (>= net46)) (== net46) (&& (== netstandard1.0) (>= net46)) (&& (== netstandard1.0) (>= netstandard1.3)) (&& (== netstandard1.0) (>= netstandard1.6)) (&& (== netstandard1.1) (>= net46)) (&& (== netstandard1.1) (>= netstandard1.3)) (&& (== netstandard1.1) (>= netstandard1.6)) (&& (== netstandard1.2) (>= net46)) (&& (== netstandard1.2) (>= netstandard1.3)) (&& (== netstandard1.2) (>= netstandard1.6)) (== netstandard1.3) (== netstandard1.4) (== netstandard1.5) (== netstandard1.6) (== netstandard2.0)
      System.Text.Encoding (>= 4.3) - restriction: || (&& (== net20) (>= netstandard1.1)) (&& (== net20) (>= netstandard1.3)) (&& (== net20) (>= netstandard1.6)) (&& (== net35) (>= netstandard1.1)) (&& (== net35) (>= netstandard1.3)) (&& (== net35) (>= netstandard1.6)) (&& (== net40) (>= netstandard1.1)) (&& (== net40) (>= netstandard1.3)) (&& (== net40) (>= netstandard1.6)) (&& (== net46) (< net45)) (&& (== netstandard1.0) (>= netstandard1.1)) (&& (== netstandard1.0) (>= netstandard1.3)) (&& (== netstandard1.0) (>= netstandard1.6)) (== netstandard1.1) (== netstandard1.2) (== netstandard1.3) (== netstandard1.4) (== netstandard1.5) (== netstandard1.6) (== netstandard2.0)
      System.Threading (>= 4.3) - restriction: || (&& (== net20) (>= netstandard1.3)) (&& (== net20) (>= netstandard1.6)) (&& (== net35) (>= netstandard1.3)) (&& (== net35) (>= netstandard1.6)) (&& (== net40) (>= netstandard1.3)) (&& (== net40) (>= netstandard1.6)) (&& (== net46) (< net45)) (&& (== netstandard1.0) (>= netstandard1.3)) (&& (== netstandard1.0) (>= netstandard1.6)) (&& (== netstandard1.1) (>= netstandard1.3)) (&& (== netstandard1.1) (>= netstandard1.6)) (&& (== netstandard1.2) (>= netstandard1.3)) (&& (== netstandard1.2) (>= netstandard1.6)) (== netstandard1.3) (== netstandard1.4) (== netstandard1.5) (== netstandard1.6) (== netstandard2.0)
      System.Threading.Tasks (>= 4.3) - restriction: || (&& (== net20) (>= netstandard1.1)) (&& (== net20) (>= netstandard1.3)) (&& (== net20) (>= netstandard1.6)) (&& (== net35) (>= netstandard1.1)) (&& (== net35) (>= netstandard1.3)) (&& (== net35) (>= netstandard1.6)) (&& (== net40) (>= netstandard1.1)) (&& (== net40) (>= netstandard1.3)) (&& (== net40) (>= netstandard1.6)) (&& (== net46) (< net45)) (&& (== netstandard1.0) (>= netstandard1.1)) (&& (== netstandard1.0) (>= netstandard1.3)) (&& (== netstandard1.0) (>= netstandard1.6)) (== netstandard1.1) (== netstandard1.2) (== netstandard1.3) (== netstandard1.4) (== netstandard1.5) (== netstandard1.6) (== netstandard2.0)
    System.Net.Primitives (4.3.1) - restriction: || (&& (== net20) (== netstandard2.0)) (&& (== net20) (>= netstandard1.4)) (&& (== net20) (>= netstandard1.5)) (&& (== net20) (>= netstandard1.6)) (&& (== net20) (>= netstandard2.0)) (&& (== net20) (>= uap10.0)) (&& (== net35) (== netstandard2.0)) (&& (== net40) (== netstandard2.0)) (&& (== net40) (< net35) (>= netstandard1.4)) (&& (== net40) (< net35) (>= netstandard1.5)) (&& (== net40) (< net35) (>= netstandard1.6)) (&& (== net40) (< net35) (>= netstandard2.0)) (&& (== net40) (>= uap10.0)) (&& (== net45) (== netstandard2.0)) (&& (== net45) (< net35) (>= netstandard1.4)) (&& (== net45) (< net35) (>= netstandard1.5)) (&& (== net45) (< net35) (>= netstandard1.6)) (&& (== net45) (< net35) (>= netstandard2.0)) (&& (== net45) (>= uap10.0)) (&& (== net46) (== netstandard2.0)) (&& (== net46) (< net35) (>= netstandard1.4)) (&& (== net46) (< net35) (>= netstandard1.5)) (&& (== net46) (< net35) (>= netstandard1.6)) (&& (== net46) (< net35) (>= netstandard2.0)) (&& (== net46) (>= uap10.0)) (&& (== netstandard1.0) (== netstandard2.0)) (&& (== netstandard1.0) (>= netstandard1.4)) (&& (== netstandard1.0) (>= netstandard1.5)) (&& (== netstandard1.0) (>= netstandard1.6)) (&& (== netstandard1.0) (>= netstandard2.0)) (&& (== netstandard1.0) (>= uap10.0)) (&& (== netstandard1.1) (== netstandard2.0)) (&& (== netstandard1.1) (>= netstandard1.4)) (&& (== netstandard1.1) (>= netstandard1.5)) (&& (== netstandard1.1) (>= netstandard1.6)) (&& (== netstandard1.1) (>= netstandard2.0)) (&& (== netstandard1.1) (>= uap10.0)) (&& (== netstandard1.2) (== netstandard2.0)) (&& (== netstandard1.2) (>= netstandard1.4)) (&& (== netstandard1.2) (>= netstandard1.5)) (&& (== netstandard1.2) (>= netstandard1.6)) (&& (== netstandard1.2) (>= netstandard2.0)) (&& (== netstandard1.2) (>= uap10.0)) (&& (== netstandard1.3) (== netstandard2.0)) (&& (== netstandard1.3) (>= netstandard1.4)) (&& (== netstandard1.3) (>= netstandard1.5)) (&& (== netstandard1.3) (>= netstandard1.6)) (&& (== netstandard1.3) (>= netstandard2.0)) (&& (== netstandard1.3) (>= uap10.0)) (== netstandard1.4) (== netstandard1.5) (== netstandard1.6) (&& (== netstandard2.0) (< netstandard1.2)) (&& (== netstandard2.0) (< netstandard1.3)) (&& (== netstandard2.0) (< netstandard1.4)) (&& (== netstandard2.0) (< netstandard1.5)) (&& (== netstandard2.0) (< netstandard1.6)) (&& (== netstandard2.0) (< portable-net45+win8+wpa81)) (&& (== netstandard2.0) (>= uap10.0))
      Microsoft.NETCore.Platforms (>= 1.1.1) - restriction: || (&& (== net20) (>= netstandard1.0)) (&& (== net20) (>= netstandard1.1)) (&& (== net20) (>= netstandard1.3)) (&& (== net35) (>= netstandard1.0)) (&& (== net35) (>= netstandard1.1)) (&& (== net35) (>= netstandard1.3)) (&& (== net40) (>= netstandard1.0)) (&& (== net40) (>= netstandard1.1)) (&& (== net40) (>= netstandard1.3)) (&& (== net45) (< netstandard1.1)) (&& (== net46) (< net45)) (&& (== net46) (< netstandard1.1)) (== netstandard1.0) (== netstandard1.1) (== netstandard1.2) (== netstandard1.3) (== netstandard1.4) (== netstandard1.5) (== netstandard1.6) (== netstandard2.0)
      Microsoft.NETCore.Targets (>= 1.1.3) - restriction: || (&& (== net20) (>= netstandard1.0)) (&& (== net20) (>= netstandard1.1)) (&& (== net20) (>= netstandard1.3)) (&& (== net35) (>= netstandard1.0)) (&& (== net35) (>= netstandard1.1)) (&& (== net35) (>= netstandard1.3)) (&& (== net40) (>= netstandard1.0)) (&& (== net40) (>= netstandard1.1)) (&& (== net40) (>= netstandard1.3)) (&& (== net45) (< netstandard1.1)) (&& (== net46) (< net45)) (&& (== net46) (< netstandard1.1)) (== netstandard1.0) (== netstandard1.1) (== netstandard1.2) (== netstandard1.3) (== netstandard1.4) (== netstandard1.5) (== netstandard1.6) (== netstandard2.0)
      System.Runtime (>= 4.3.1) - restriction: || (&& (== net20) (>= netstandard1.0)) (&& (== net20) (>= netstandard1.1)) (&& (== net20) (>= netstandard1.3)) (&& (== net35) (>= netstandard1.0)) (&& (== net35) (>= netstandard1.1)) (&& (== net35) (>= netstandard1.3)) (&& (== net40) (>= netstandard1.0)) (&& (== net40) (>= netstandard1.1)) (&& (== net40) (>= netstandard1.3)) (&& (== net45) (< netstandard1.1)) (&& (== net46) (< net45)) (&& (== net46) (< netstandard1.1)) (== netstandard1.0) (== netstandard1.1) (== netstandard1.2) (== netstandard1.3) (== netstandard1.4) (== netstandard1.5) (== netstandard1.6) (== netstandard2.0)
      System.Runtime.Handles (>= 4.3) - restriction: || (&& (== net20) (>= netstandard1.3)) (&& (== net35) (>= netstandard1.3)) (&& (== net40) (>= netstandard1.3)) (&& (== net46) (< net45)) (&& (== netstandard1.0) (>= netstandard1.3)) (&& (== netstandard1.1) (>= netstandard1.3)) (&& (== netstandard1.2) (>= netstandard1.3)) (== netstandard1.3) (== netstandard1.4) (== netstandard1.5) (== netstandard1.6) (== netstandard2.0)
    System.Net.Sockets (4.3) - restriction: || (&& (== net20) (== netstandard2.0)) (&& (== net20) (>= netstandard1.4)) (&& (== net20) (>= netstandard1.5)) (&& (== net20) (>= netstandard1.6)) (&& (== net20) (>= netstandard2.0)) (&& (== net20) (>= uap10.0)) (&& (== net35) (== netstandard2.0)) (&& (== net40) (== netstandard2.0)) (&& (== net40) (< net35) (>= netstandard1.4)) (&& (== net40) (< net35) (>= netstandard1.5)) (&& (== net40) (< net35) (>= netstandard1.6)) (&& (== net40) (< net35) (>= netstandard2.0)) (&& (== net40) (>= uap10.0)) (&& (== net45) (== netstandard2.0)) (&& (== net45) (< net35) (>= netstandard1.4)) (&& (== net45) (< net35) (>= netstandard1.5)) (&& (== net45) (< net35) (>= netstandard1.6)) (&& (== net45) (< net35) (>= netstandard2.0)) (&& (== net45) (>= uap10.0)) (&& (== net46) (== netstandard2.0)) (&& (== net46) (< net35) (>= netstandard1.4)) (&& (== net46) (< net35) (>= netstandard1.5)) (&& (== net46) (< net35) (>= netstandard1.6)) (&& (== net46) (< net35) (>= netstandard2.0)) (&& (== net46) (>= uap10.0)) (&& (== netstandard1.0) (== netstandard2.0)) (&& (== netstandard1.0) (>= netstandard1.4)) (&& (== netstandard1.0) (>= netstandard1.5)) (&& (== netstandard1.0) (>= netstandard1.6)) (&& (== netstandard1.0) (>= netstandard2.0)) (&& (== netstandard1.0) (>= uap10.0)) (&& (== netstandard1.1) (== netstandard2.0)) (&& (== netstandard1.1) (>= netstandard1.4)) (&& (== netstandard1.1) (>= netstandard1.5)) (&& (== netstandard1.1) (>= netstandard1.6)) (&& (== netstandard1.1) (>= netstandard2.0)) (&& (== netstandard1.1) (>= uap10.0)) (&& (== netstandard1.2) (== netstandard2.0)) (&& (== netstandard1.2) (>= netstandard1.4)) (&& (== netstandard1.2) (>= netstandard1.5)) (&& (== netstandard1.2) (>= netstandard1.6)) (&& (== netstandard1.2) (>= netstandard2.0)) (&& (== netstandard1.2) (>= uap10.0)) (&& (== netstandard1.3) (== netstandard2.0)) (&& (== netstandard1.3) (>= netstandard1.4)) (&& (== netstandard1.3) (>= netstandard1.5)) (&& (== netstandard1.3) (>= netstandard1.6)) (&& (== netstandard1.3) (>= netstandard2.0)) (&& (== netstandard1.3) (>= uap10.0)) (== netstandard1.4) (== netstandard1.5) (== netstandard1.6) (&& (== netstandard2.0) (< netstandard1.4)) (&& (== netstandard2.0) (< netstandard1.5)) (&& (== netstandard2.0) (< netstandard1.6)) (&& (== netstandard2.0) (>= uap10.0))
      Microsoft.NETCore.Platforms (>= 1.1) - restriction: || (&& (== net20) (>= netstandard1.3)) (&& (== net35) (>= netstandard1.3)) (&& (== net40) (>= netstandard1.3)) (&& (== net45) (>= netstandard1.3)) (&& (== netstandard1.0) (>= netstandard1.3)) (&& (== netstandard1.1) (>= netstandard1.3)) (&& (== netstandard1.2) (>= netstandard1.3)) (== netstandard1.3) (== netstandard1.4) (== netstandard1.5) (== netstandard1.6) (== netstandard2.0)
      Microsoft.NETCore.Targets (>= 1.1) - restriction: || (&& (== net20) (>= netstandard1.3)) (&& (== net35) (>= netstandard1.3)) (&& (== net40) (>= netstandard1.3)) (&& (== net45) (>= netstandard1.3)) (&& (== netstandard1.0) (>= netstandard1.3)) (&& (== netstandard1.1) (>= netstandard1.3)) (&& (== netstandard1.2) (>= netstandard1.3)) (== netstandard1.3) (== netstandard1.4) (== netstandard1.5) (== netstandard1.6) (== netstandard2.0)
      System.IO (>= 4.3) - restriction: || (&& (== net20) (>= netstandard1.3)) (&& (== net35) (>= netstandard1.3)) (&& (== net40) (>= netstandard1.3)) (&& (== net45) (>= netstandard1.3)) (&& (== netstandard1.0) (>= netstandard1.3)) (&& (== netstandard1.1) (>= netstandard1.3)) (&& (== netstandard1.2) (>= netstandard1.3)) (== netstandard1.3) (== netstandard1.4) (== netstandard1.5) (== netstandard1.6) (== netstandard2.0)
      System.Net.Primitives (>= 4.3) - restriction: || (&& (== net20) (>= netstandard1.3)) (&& (== net35) (>= netstandard1.3)) (&& (== net40) (>= netstandard1.3)) (&& (== net45) (>= netstandard1.3)) (&& (== netstandard1.0) (>= netstandard1.3)) (&& (== netstandard1.1) (>= netstandard1.3)) (&& (== netstandard1.2) (>= netstandard1.3)) (== netstandard1.3) (== netstandard1.4) (== netstandard1.5) (== netstandard1.6) (== netstandard2.0)
      System.Runtime (>= 4.3) - restriction: || (&& (== net20) (>= netstandard1.3)) (&& (== net35) (>= netstandard1.3)) (&& (== net40) (>= netstandard1.3)) (&& (== net45) (>= netstandard1.3)) (&& (== netstandard1.0) (>= netstandard1.3)) (&& (== netstandard1.1) (>= netstandard1.3)) (&& (== netstandard1.2) (>= netstandard1.3)) (== netstandard1.3) (== netstandard1.4) (== netstandard1.5) (== netstandard1.6) (== netstandard2.0)
      System.Threading.Tasks (>= 4.3) - restriction: || (&& (== net20) (>= netstandard1.3)) (&& (== net35) (>= netstandard1.3)) (&& (== net40) (>= netstandard1.3)) (&& (== net45) (>= netstandard1.3)) (&& (== netstandard1.0) (>= netstandard1.3)) (&& (== netstandard1.1) (>= netstandard1.3)) (&& (== netstandard1.2) (>= netstandard1.3)) (== netstandard1.3) (== netstandard1.4) (== netstandard1.5) (== netstandard1.6) (== netstandard2.0)
    System.ObjectModel (4.3) - restriction: || (&& (== net20) (== netstandard2.0)) (&& (== net20) (>= netstandard1.4)) (&& (== net20) (>= netstandard1.5)) (&& (== net20) (>= netstandard1.6)) (&& (== net20) (>= netstandard2.0)) (&& (== net20) (>= uap10.0)) (&& (== net35) (== netstandard2.0)) (&& (== net40) (== netstandard2.0)) (&& (== net40) (< net35) (>= netstandard1.4)) (&& (== net40) (< net35) (>= netstandard1.5)) (&& (== net40) (< net35) (>= netstandard1.6)) (&& (== net40) (< net35) (>= netstandard2.0)) (&& (== net40) (>= uap10.0)) (&& (== net45) (== netstandard2.0)) (&& (== net45) (< net35) (>= netstandard1.4)) (&& (== net45) (< net35) (>= netstandard1.5)) (&& (== net45) (< net35) (>= netstandard1.6)) (&& (== net45) (< net35) (>= netstandard2.0)) (&& (== net45) (>= uap10.0)) (&& (== net46) (== netstandard2.0)) (&& (== net46) (< net35) (>= netstandard1.4)) (&& (== net46) (< net35) (>= netstandard1.5)) (&& (== net46) (< net35) (>= netstandard1.6)) (&& (== net46) (< net35) (>= netstandard2.0)) (&& (== net46) (>= uap10.0)) (&& (== netstandard1.0) (== netstandard2.0)) (&& (== netstandard1.0) (>= netstandard1.4)) (&& (== netstandard1.0) (>= netstandard1.5)) (&& (== netstandard1.0) (>= netstandard1.6)) (&& (== netstandard1.0) (>= netstandard2.0)) (&& (== netstandard1.0) (>= uap10.0)) (&& (== netstandard1.1) (== netstandard2.0)) (&& (== netstandard1.1) (>= netstandard1.4)) (&& (== netstandard1.1) (>= netstandard1.5)) (&& (== netstandard1.1) (>= netstandard1.6)) (&& (== netstandard1.1) (>= netstandard2.0)) (&& (== netstandard1.1) (>= uap10.0)) (&& (== netstandard1.2) (== netstandard2.0)) (&& (== netstandard1.2) (>= netstandard1.4)) (&& (== netstandard1.2) (>= netstandard1.5)) (&& (== netstandard1.2) (>= netstandard1.6)) (&& (== netstandard1.2) (>= netstandard2.0)) (&& (== netstandard1.2) (>= uap10.0)) (&& (== netstandard1.3) (== netstandard2.0)) (&& (== netstandard1.3) (>= netstandard1.4)) (&& (== netstandard1.3) (>= netstandard1.5)) (&& (== netstandard1.3) (>= netstandard1.6)) (&& (== netstandard1.3) (>= netstandard2.0)) (&& (== netstandard1.3) (>= uap10.0)) (== netstandard1.4) (== netstandard1.5) (== netstandard1.6) (&& (== netstandard2.0) (< netstandard1.2)) (&& (== netstandard2.0) (< netstandard1.3)) (&& (== netstandard2.0) (< netstandard1.4)) (&& (== netstandard2.0) (< netstandard1.5)) (&& (== netstandard2.0) (< netstandard1.6)) (&& (== netstandard2.0) (< portable-net45+win8+wpa81)) (&& (== netstandard2.0) (>= uap10.0))
      System.Collections (>= 4.3) - restriction: || (&& (== net20) (>= netstandard1.3)) (&& (== net35) (>= netstandard1.3)) (&& (== net40) (>= netstandard1.3)) (&& (== net46) (< net45)) (&& (== netstandard1.0) (>= netstandard1.3)) (&& (== netstandard1.1) (>= netstandard1.3)) (&& (== netstandard1.2) (>= netstandard1.3)) (== netstandard1.3) (== netstandard1.4) (== netstandard1.5) (== netstandard1.6) (== netstandard2.0)
      System.Diagnostics.Debug (>= 4.3) - restriction: || (&& (== net20) (>= netstandard1.3)) (&& (== net35) (>= netstandard1.3)) (&& (== net40) (>= netstandard1.3)) (&& (== net46) (< net45)) (&& (== netstandard1.0) (>= netstandard1.3)) (&& (== netstandard1.1) (>= netstandard1.3)) (&& (== netstandard1.2) (>= netstandard1.3)) (== netstandard1.3) (== netstandard1.4) (== netstandard1.5) (== netstandard1.6) (== netstandard2.0)
      System.Resources.ResourceManager (>= 4.3) - restriction: || (&& (== net20) (>= netstandard1.3)) (&& (== net35) (>= netstandard1.3)) (&& (== net40) (>= netstandard1.3)) (&& (== net46) (< net45)) (&& (== netstandard1.0) (>= netstandard1.3)) (&& (== netstandard1.1) (>= netstandard1.3)) (&& (== netstandard1.2) (>= netstandard1.3)) (== netstandard1.3) (== netstandard1.4) (== netstandard1.5) (== netstandard1.6) (== netstandard2.0)
      System.Runtime (>= 4.3) - restriction: || (&& (== net20) (>= netstandard1.0)) (&& (== net20) (>= netstandard1.3)) (&& (== net35) (>= netstandard1.0)) (&& (== net35) (>= netstandard1.3)) (&& (== net40) (>= netstandard1.0)) (&& (== net40) (>= netstandard1.3)) (&& (== net46) (< net45)) (== netstandard1.0) (== netstandard1.1) (== netstandard1.2) (== netstandard1.3) (== netstandard1.4) (== netstandard1.5) (== netstandard1.6) (== netstandard2.0)
      System.Threading (>= 4.3) - restriction: || (&& (== net20) (>= netstandard1.3)) (&& (== net35) (>= netstandard1.3)) (&& (== net40) (>= netstandard1.3)) (&& (== net46) (< net45)) (&& (== netstandard1.0) (>= netstandard1.3)) (&& (== netstandard1.1) (>= netstandard1.3)) (&& (== netstandard1.2) (>= netstandard1.3)) (== netstandard1.3) (== netstandard1.4) (== netstandard1.5) (== netstandard1.6) (== netstandard2.0)
    System.Reflection (4.3) - restriction: || (&& (== net20) (== netstandard2.0)) (&& (== net20) (>= netstandard1.4)) (&& (== net20) (>= netstandard1.5)) (&& (== net20) (>= netstandard1.6)) (&& (== net20) (>= netstandard2.0)) (&& (== net35) (== netstandard2.0)) (&& (== net40) (== netstandard2.0)) (&& (== net40) (< net35) (>= netstandard1.4)) (&& (== net40) (< net35) (>= netstandard1.5)) (&& (== net40) (< net35) (>= netstandard1.6)) (&& (== net40) (< net35) (>= netstandard2.0)) (&& (== net40) (>= netstandard1.6) (>= uap10.0)) (&& (== net45) (== netstandard2.0)) (&& (== net45) (< net35) (>= netstandard1.4)) (&& (== net45) (< net35) (>= netstandard1.5)) (&& (== net45) (< net35) (>= netstandard1.6)) (&& (== net45) (< net35) (>= netstandard2.0)) (&& (== net45) (>= netstandard1.6) (>= uap10.0)) (&& (== net46) (== netstandard2.0)) (&& (== net46) (< net35) (>= netstandard1.4)) (&& (== net46) (< net35) (>= netstandard1.5)) (&& (== net46) (< net35) (>= netstandard1.6)) (&& (== net46) (< net35) (>= netstandard2.0)) (&& (== net46) (>= netstandard1.6) (>= uap10.0)) (&& (== netstandard1.0) (== netstandard2.0)) (&& (== netstandard1.0) (>= netstandard1.4)) (&& (== netstandard1.0) (>= netstandard1.5)) (&& (== netstandard1.0) (>= netstandard1.6)) (&& (== netstandard1.0) (>= netstandard2.0)) (&& (== netstandard1.1) (== netstandard2.0)) (&& (== netstandard1.1) (>= netstandard1.4)) (&& (== netstandard1.1) (>= netstandard1.5)) (&& (== netstandard1.1) (>= netstandard1.6)) (&& (== netstandard1.1) (>= netstandard2.0)) (&& (== netstandard1.2) (== netstandard2.0)) (&& (== netstandard1.2) (>= netstandard1.4)) (&& (== netstandard1.2) (>= netstandard1.5)) (&& (== netstandard1.2) (>= netstandard1.6)) (&& (== netstandard1.2) (>= netstandard2.0)) (&& (== netstandard1.3) (== netstandard2.0)) (&& (== netstandard1.3) (>= netstandard1.4)) (&& (== netstandard1.3) (>= netstandard1.5)) (&& (== netstandard1.3) (>= netstandard1.6)) (&& (== netstandard1.3) (>= netstandard2.0)) (== netstandard1.4) (== netstandard1.5) (== netstandard1.6) (&& (== netstandard2.0) (< netstandard1.2)) (&& (== netstandard2.0) (< netstandard1.3)) (&& (== netstandard2.0) (< netstandard1.4)) (&& (== netstandard2.0) (< netstandard1.5)) (&& (== netstandard2.0) (< netstandard1.6)) (&& (== netstandard2.0) (< portable-net45+win8+wpa81)) (&& (== netstandard2.0) (>= uap10.0))
      Microsoft.NETCore.Platforms (>= 1.1) - restriction: || (&& (== net20) (>= netstandard1.0)) (&& (== net20) (>= netstandard1.3)) (&& (== net20) (>= netstandard1.5)) (&& (== net35) (>= netstandard1.0)) (&& (== net35) (>= netstandard1.3)) (&& (== net35) (>= netstandard1.5)) (&& (== net40) (>= netstandard1.0)) (&& (== net40) (>= netstandard1.3)) (&& (== net40) (>= netstandard1.5)) (&& (== net46) (< net45)) (== netstandard1.0) (== netstandard1.1) (== netstandard1.2) (== netstandard1.3) (== netstandard1.4) (== netstandard1.5) (== netstandard1.6) (== netstandard2.0)
      Microsoft.NETCore.Targets (>= 1.1) - restriction: || (&& (== net20) (>= netstandard1.0)) (&& (== net20) (>= netstandard1.3)) (&& (== net20) (>= netstandard1.5)) (&& (== net35) (>= netstandard1.0)) (&& (== net35) (>= netstandard1.3)) (&& (== net35) (>= netstandard1.5)) (&& (== net40) (>= netstandard1.0)) (&& (== net40) (>= netstandard1.3)) (&& (== net40) (>= netstandard1.5)) (&& (== net46) (< net45)) (== netstandard1.0) (== netstandard1.1) (== netstandard1.2) (== netstandard1.3) (== netstandard1.4) (== netstandard1.5) (== netstandard1.6) (== netstandard2.0)
      System.IO (>= 4.3) - restriction: || (&& (== net20) (>= netstandard1.0)) (&& (== net20) (>= netstandard1.3)) (&& (== net20) (>= netstandard1.5)) (&& (== net35) (>= netstandard1.0)) (&& (== net35) (>= netstandard1.3)) (&& (== net35) (>= netstandard1.5)) (&& (== net40) (>= netstandard1.0)) (&& (== net40) (>= netstandard1.3)) (&& (== net40) (>= netstandard1.5)) (&& (== net46) (< net45)) (== netstandard1.0) (== netstandard1.1) (== netstandard1.2) (== netstandard1.3) (== netstandard1.4) (== netstandard1.5) (== netstandard1.6) (== netstandard2.0)
      System.Reflection.Primitives (>= 4.3) - restriction: || (&& (== net20) (>= netstandard1.0)) (&& (== net20) (>= netstandard1.3)) (&& (== net20) (>= netstandard1.5)) (&& (== net35) (>= netstandard1.0)) (&& (== net35) (>= netstandard1.3)) (&& (== net35) (>= netstandard1.5)) (&& (== net40) (>= netstandard1.0)) (&& (== net40) (>= netstandard1.3)) (&& (== net40) (>= netstandard1.5)) (&& (== net46) (< net45)) (== netstandard1.0) (== netstandard1.1) (== netstandard1.2) (== netstandard1.3) (== netstandard1.4) (== netstandard1.5) (== netstandard1.6) (== netstandard2.0)
      System.Runtime (>= 4.3) - restriction: || (&& (== net20) (>= netstandard1.0)) (&& (== net20) (>= netstandard1.3)) (&& (== net20) (>= netstandard1.5)) (&& (== net35) (>= netstandard1.0)) (&& (== net35) (>= netstandard1.3)) (&& (== net35) (>= netstandard1.5)) (&& (== net40) (>= netstandard1.0)) (&& (== net40) (>= netstandard1.3)) (&& (== net40) (>= netstandard1.5)) (&& (== net46) (< net45)) (== netstandard1.0) (== netstandard1.1) (== netstandard1.2) (== netstandard1.3) (== netstandard1.4) (== netstandard1.5) (== netstandard1.6) (== netstandard2.0)
    System.Reflection.Emit (4.3) - restriction: || (&& (== net20) (== netstandard2.0)) (&& (== net20) (>= netstandard1.6)) (&& (== net20) (>= netstandard2.0)) (&& (== net35) (== netstandard2.0)) (&& (== net40) (== netstandard1.4) (>= netstandard2.0)) (&& (== net40) (== netstandard1.5) (>= netstandard2.0)) (&& (== net40) (== netstandard2.0)) (&& (== net40) (< net35) (>= netstandard1.6)) (&& (== net40) (< net35) (>= netstandard2.0)) (&& (== net40) (>= netstandard1.6) (>= uap10.0)) (&& (== net45) (== netstandard1.4) (>= netstandard2.0)) (&& (== net45) (== netstandard1.5) (>= netstandard2.0)) (&& (== net45) (== netstandard2.0)) (&& (== net45) (< net35) (>= netstandard1.6)) (&& (== net45) (< net35) (>= netstandard2.0)) (&& (== net45) (>= netstandard1.6) (>= uap10.0)) (&& (== net46) (== netstandard1.4) (>= netstandard2.0)) (&& (== net46) (== netstandard1.5) (>= netstandard2.0)) (&& (== net46) (== netstandard2.0)) (&& (== net46) (< net35) (>= netstandard1.6)) (&& (== net46) (< net35) (>= netstandard2.0)) (&& (== net46) (>= netstandard1.6) (>= uap10.0)) (&& (== netstandard1.0) (== netstandard2.0)) (&& (== netstandard1.0) (>= netstandard1.6)) (&& (== netstandard1.0) (>= netstandard2.0)) (&& (== netstandard1.1) (== netstandard2.0)) (&& (== netstandard1.1) (>= netstandard1.6)) (&& (== netstandard1.1) (>= netstandard2.0)) (&& (== netstandard1.2) (== netstandard2.0)) (&& (== netstandard1.2) (>= netstandard1.6)) (&& (== netstandard1.2) (>= netstandard2.0)) (&& (== netstandard1.3) (== netstandard2.0)) (&& (== netstandard1.3) (>= netstandard1.6)) (&& (== netstandard1.3) (>= netstandard2.0)) (&& (== netstandard1.4) (== netstandard2.0)) (&& (== netstandard1.4) (>= netstandard1.6)) (&& (== netstandard1.5) (== netstandard2.0)) (&& (== netstandard1.5) (>= netstandard1.6)) (== netstandard1.6) (&& (== netstandard2.0) (< netstandard1.2)) (&& (== netstandard2.0) (< netstandard1.3)) (&& (== netstandard2.0) (< netstandard1.4)) (&& (== netstandard2.0) (< netstandard1.5)) (&& (== netstandard2.0) (< netstandard1.6)) (&& (== netstandard2.0) (< portable-net45+win8+wpa81)) (&& (== netstandard2.0) (>= uap10.0))
      System.IO (>= 4.3) - restriction: || (&& (== net20) (>= netstandard1.1)) (&& (== net35) (>= netstandard1.1)) (&& (== net40) (>= netstandard1.1)) (&& (== net46) (< net45)) (&& (== netstandard1.0) (>= netstandard1.1)) (== netstandard1.1) (== netstandard1.2) (== netstandard1.3) (== netstandard1.4) (== netstandard1.5) (== netstandard1.6) (== netstandard2.0)
      System.Reflection (>= 4.3) - restriction: || (&& (== net20) (>= netstandard1.1)) (&& (== net35) (>= netstandard1.1)) (&& (== net40) (>= netstandard1.1)) (&& (== net46) (< net45)) (&& (== netstandard1.0) (>= netstandard1.1)) (== netstandard1.1) (== netstandard1.2) (== netstandard1.3) (== netstandard1.4) (== netstandard1.5) (== netstandard1.6) (== netstandard2.0)
      System.Reflection.Emit.ILGeneration (>= 4.3) - restriction: || (&& (== net20) (>= netstandard1.1)) (&& (== net35) (>= netstandard1.1)) (&& (== net40) (>= netstandard1.1)) (&& (== net46) (< net45)) (&& (== netstandard1.0) (>= netstandard1.1)) (== netstandard1.1) (== netstandard1.2) (== netstandard1.3) (== netstandard1.4) (== netstandard1.5) (== netstandard1.6) (== netstandard2.0)
      System.Reflection.Primitives (>= 4.3) - restriction: || (&& (== net20) (>= netstandard1.1)) (&& (== net35) (>= netstandard1.1)) (&& (== net40) (>= netstandard1.1)) (&& (== net46) (< net45)) (&& (== netstandard1.0) (>= netstandard1.1)) (== netstandard1.1) (== netstandard1.2) (== netstandard1.3) (== netstandard1.4) (== netstandard1.5) (== netstandard1.6) (== netstandard2.0)
      System.Runtime (>= 4.3) - restriction: || (&& (== net20) (>= netstandard1.1)) (&& (== net35) (>= netstandard1.1)) (&& (== net40) (>= netstandard1.1)) (&& (== net46) (< net45)) (&& (== netstandard1.0) (>= netstandard1.1)) (== netstandard1.1) (== netstandard1.2) (== netstandard1.3) (== netstandard1.4) (== netstandard1.5) (== netstandard1.6) (== netstandard2.0)
    System.Reflection.Emit.ILGeneration (4.3) - restriction: || (&& (== net20) (== netstandard2.0)) (&& (== net20) (>= netstandard1.6)) (&& (== net20) (>= netstandard2.0)) (&& (== net35) (== netstandard2.0)) (&& (== net40) (== netstandard1.4) (>= netstandard2.0)) (&& (== net40) (== netstandard1.5) (>= netstandard2.0)) (&& (== net40) (== netstandard2.0)) (&& (== net40) (< net35) (>= netstandard1.6)) (&& (== net40) (< net35) (>= netstandard2.0)) (&& (== net40) (>= netstandard1.6) (>= uap10.0)) (&& (== net45) (== netstandard1.4) (>= netstandard2.0)) (&& (== net45) (== netstandard1.5) (>= netstandard2.0)) (&& (== net45) (== netstandard2.0)) (&& (== net45) (< net35) (>= netstandard1.6)) (&& (== net45) (< net35) (>= netstandard2.0)) (&& (== net45) (>= netstandard1.6) (>= uap10.0)) (&& (== net46) (== netstandard1.4) (>= netstandard2.0)) (&& (== net46) (== netstandard1.5) (>= netstandard2.0)) (&& (== net46) (== netstandard2.0)) (&& (== net46) (< net35) (>= netstandard1.6)) (&& (== net46) (< net35) (>= netstandard2.0)) (&& (== net46) (>= netstandard1.6) (>= uap10.0)) (&& (== netstandard1.0) (== netstandard2.0)) (&& (== netstandard1.0) (>= netstandard1.6)) (&& (== netstandard1.0) (>= netstandard2.0)) (&& (== netstandard1.1) (== netstandard2.0)) (&& (== netstandard1.1) (>= netstandard1.6)) (&& (== netstandard1.1) (>= netstandard2.0)) (&& (== netstandard1.2) (== netstandard2.0)) (&& (== netstandard1.2) (>= netstandard1.6)) (&& (== netstandard1.2) (>= netstandard2.0)) (&& (== netstandard1.3) (== netstandard2.0)) (&& (== netstandard1.3) (>= netstandard1.6)) (&& (== netstandard1.3) (>= netstandard2.0)) (&& (== netstandard1.4) (== netstandard2.0)) (&& (== netstandard1.4) (>= netstandard1.6)) (&& (== netstandard1.5) (== netstandard2.0)) (&& (== netstandard1.5) (>= netstandard1.6)) (== netstandard1.6) (&& (== netstandard2.0) (< netstandard1.2)) (&& (== netstandard2.0) (< netstandard1.3)) (&& (== netstandard2.0) (< netstandard1.4)) (&& (== netstandard2.0) (< netstandard1.5)) (&& (== netstandard2.0) (< netstandard1.6)) (&& (== netstandard2.0) (< portable-net45+win8+wpa81)) (&& (== netstandard2.0) (>= uap10.0))
      System.Reflection (>= 4.3) - restriction: || (&& (== net20) (>= netstandard1.0)) (&& (== net35) (>= netstandard1.0)) (&& (== net40) (>= netstandard1.0)) (&& (== net46) (< net45)) (== netstandard1.0) (== netstandard1.1) (== netstandard1.2) (== netstandard1.3) (== netstandard1.4) (== netstandard1.5) (== netstandard1.6) (== netstandard2.0)
      System.Reflection.Primitives (>= 4.3) - restriction: || (&& (== net20) (>= netstandard1.0)) (&& (== net35) (>= netstandard1.0)) (&& (== net40) (>= netstandard1.0)) (&& (== net46) (< net45)) (== netstandard1.0) (== netstandard1.1) (== netstandard1.2) (== netstandard1.3) (== netstandard1.4) (== netstandard1.5) (== netstandard1.6) (== netstandard2.0)
      System.Runtime (>= 4.3) - restriction: || (&& (== net20) (>= netstandard1.0)) (&& (== net35) (>= netstandard1.0)) (&& (== net40) (>= netstandard1.0)) (&& (== net46) (< net45)) (== netstandard1.0) (== netstandard1.1) (== netstandard1.2) (== netstandard1.3) (== netstandard1.4) (== netstandard1.5) (== netstandard1.6) (== netstandard2.0)
    System.Reflection.Emit.Lightweight (4.3) - restriction: || (&& (== net20) (== netstandard2.0)) (&& (== net20) (>= netstandard1.6)) (&& (== net20) (>= netstandard2.0)) (&& (== net35) (== netstandard2.0)) (&& (== net40) (== netstandard1.4) (>= netstandard2.0)) (&& (== net40) (== netstandard1.5) (>= netstandard2.0)) (&& (== net40) (== netstandard2.0)) (&& (== net40) (< net35) (>= netstandard1.6)) (&& (== net40) (< net35) (>= netstandard2.0)) (&& (== net40) (>= netstandard1.6) (>= uap10.0)) (&& (== net45) (== netstandard1.4) (>= netstandard2.0)) (&& (== net45) (== netstandard1.5) (>= netstandard2.0)) (&& (== net45) (== netstandard2.0)) (&& (== net45) (< net35) (>= netstandard1.6)) (&& (== net45) (< net35) (>= netstandard2.0)) (&& (== net45) (>= netstandard1.6) (>= uap10.0)) (&& (== net46) (== netstandard1.4) (>= netstandard2.0)) (&& (== net46) (== netstandard1.5) (>= netstandard2.0)) (&& (== net46) (== netstandard2.0)) (&& (== net46) (< net35) (>= netstandard1.6)) (&& (== net46) (< net35) (>= netstandard2.0)) (&& (== net46) (>= netstandard1.6) (>= uap10.0)) (&& (== netstandard1.0) (== netstandard2.0)) (&& (== netstandard1.0) (>= netstandard1.6)) (&& (== netstandard1.0) (>= netstandard2.0)) (&& (== netstandard1.1) (== netstandard2.0)) (&& (== netstandard1.1) (>= netstandard1.6)) (&& (== netstandard1.1) (>= netstandard2.0)) (&& (== netstandard1.2) (== netstandard2.0)) (&& (== netstandard1.2) (>= netstandard1.6)) (&& (== netstandard1.2) (>= netstandard2.0)) (&& (== netstandard1.3) (== netstandard2.0)) (&& (== netstandard1.3) (>= netstandard1.6)) (&& (== netstandard1.3) (>= netstandard2.0)) (&& (== netstandard1.4) (== netstandard2.0)) (&& (== netstandard1.4) (>= netstandard1.6)) (&& (== netstandard1.5) (== netstandard2.0)) (&& (== netstandard1.5) (>= netstandard1.6)) (== netstandard1.6) (&& (== netstandard2.0) (< netstandard1.2)) (&& (== netstandard2.0) (< netstandard1.3)) (&& (== netstandard2.0) (< netstandard1.4)) (&& (== netstandard2.0) (< netstandard1.5)) (&& (== netstandard2.0) (< netstandard1.6)) (&& (== netstandard2.0) (< portable-net45+win8+wpa81)) (&& (== netstandard2.0) (>= uap10.0))
      System.Reflection (>= 4.3) - restriction: || (&& (== net20) (>= netstandard1.0)) (&& (== net35) (>= netstandard1.0)) (&& (== net40) (>= netstandard1.0)) (&& (== net46) (< net45)) (== netstandard1.0) (== netstandard1.1) (== netstandard1.2) (== netstandard1.3) (== netstandard1.4) (== netstandard1.5) (== netstandard1.6) (== netstandard2.0)
      System.Reflection.Emit.ILGeneration (>= 4.3) - restriction: || (&& (== net20) (>= netstandard1.0)) (&& (== net35) (>= netstandard1.0)) (&& (== net40) (>= netstandard1.0)) (&& (== net46) (< net45)) (== netstandard1.0) (== netstandard1.1) (== netstandard1.2) (== netstandard1.3) (== netstandard1.4) (== netstandard1.5) (== netstandard1.6) (== netstandard2.0)
      System.Reflection.Primitives (>= 4.3) - restriction: || (&& (== net20) (>= netstandard1.0)) (&& (== net35) (>= netstandard1.0)) (&& (== net40) (>= netstandard1.0)) (&& (== net46) (< net45)) (== netstandard1.0) (== netstandard1.1) (== netstandard1.2) (== netstandard1.3) (== netstandard1.4) (== netstandard1.5) (== netstandard1.6) (== netstandard2.0)
      System.Runtime (>= 4.3) - restriction: || (&& (== net20) (>= netstandard1.0)) (&& (== net35) (>= netstandard1.0)) (&& (== net40) (>= netstandard1.0)) (&& (== net46) (< net45)) (== netstandard1.0) (== netstandard1.1) (== netstandard1.2) (== netstandard1.3) (== netstandard1.4) (== netstandard1.5) (== netstandard1.6) (== netstandard2.0)
    System.Reflection.Extensions (4.3) - restriction: || (&& (== net20) (== netstandard2.0)) (&& (== net20) (>= netstandard1.4)) (&& (== net20) (>= netstandard1.5)) (&& (== net20) (>= netstandard1.6)) (&& (== net20) (>= netstandard2.0)) (&& (== net35) (== netstandard2.0)) (&& (== net40) (== netstandard2.0)) (&& (== net40) (< net35) (>= netstandard1.4)) (&& (== net40) (< net35) (>= netstandard1.5)) (&& (== net40) (< net35) (>= netstandard1.6)) (&& (== net40) (< net35) (>= netstandard2.0)) (&& (== net40) (>= netstandard1.6) (>= uap10.0)) (&& (== net45) (== netstandard2.0)) (&& (== net45) (< net35) (>= netstandard1.4)) (&& (== net45) (< net35) (>= netstandard1.5)) (&& (== net45) (< net35) (>= netstandard1.6)) (&& (== net45) (< net35) (>= netstandard2.0)) (&& (== net45) (>= netstandard1.6) (>= uap10.0)) (&& (== net46) (== netstandard2.0)) (&& (== net46) (< net35) (>= netstandard1.4)) (&& (== net46) (< net35) (>= netstandard1.5)) (&& (== net46) (< net35) (>= netstandard1.6)) (&& (== net46) (< net35) (>= netstandard2.0)) (&& (== net46) (>= netstandard1.6) (>= uap10.0)) (&& (== netstandard1.0) (== netstandard2.0)) (&& (== netstandard1.0) (>= netstandard1.4)) (&& (== netstandard1.0) (>= netstandard1.5)) (&& (== netstandard1.0) (>= netstandard1.6)) (&& (== netstandard1.0) (>= netstandard2.0)) (&& (== netstandard1.1) (== netstandard2.0)) (&& (== netstandard1.1) (>= netstandard1.4)) (&& (== netstandard1.1) (>= netstandard1.5)) (&& (== netstandard1.1) (>= netstandard1.6)) (&& (== netstandard1.1) (>= netstandard2.0)) (&& (== netstandard1.2) (== netstandard2.0)) (&& (== netstandard1.2) (>= netstandard1.4)) (&& (== netstandard1.2) (>= netstandard1.5)) (&& (== netstandard1.2) (>= netstandard1.6)) (&& (== netstandard1.2) (>= netstandard2.0)) (&& (== netstandard1.3) (== netstandard2.0)) (&& (== netstandard1.3) (>= netstandard1.4)) (&& (== netstandard1.3) (>= netstandard1.5)) (&& (== netstandard1.3) (>= netstandard1.6)) (&& (== netstandard1.3) (>= netstandard2.0)) (== netstandard1.4) (== netstandard1.5) (== netstandard1.6) (&& (== netstandard2.0) (< netstandard1.2)) (&& (== netstandard2.0) (< netstandard1.3)) (&& (== netstandard2.0) (< netstandard1.4)) (&& (== netstandard2.0) (< netstandard1.5)) (&& (== netstandard2.0) (< netstandard1.6)) (&& (== netstandard2.0) (< portable-net45+win8+wpa81)) (&& (== netstandard2.0) (>= uap10.0))
      Microsoft.NETCore.Platforms (>= 1.1) - restriction: || (&& (== net20) (>= netstandard1.0)) (&& (== net35) (>= netstandard1.0)) (&& (== net40) (>= netstandard1.0)) (&& (== net46) (< net45)) (== netstandard1.0) (== netstandard1.1) (== netstandard1.2) (== netstandard1.3) (== netstandard1.4) (== netstandard1.5) (== netstandard1.6) (== netstandard2.0)
      Microsoft.NETCore.Targets (>= 1.1) - restriction: || (&& (== net20) (>= netstandard1.0)) (&& (== net35) (>= netstandard1.0)) (&& (== net40) (>= netstandard1.0)) (&& (== net46) (< net45)) (== netstandard1.0) (== netstandard1.1) (== netstandard1.2) (== netstandard1.3) (== netstandard1.4) (== netstandard1.5) (== netstandard1.6) (== netstandard2.0)
      System.Reflection (>= 4.3) - restriction: || (&& (== net20) (>= netstandard1.0)) (&& (== net35) (>= netstandard1.0)) (&& (== net40) (>= netstandard1.0)) (&& (== net46) (< net45)) (== netstandard1.0) (== netstandard1.1) (== netstandard1.2) (== netstandard1.3) (== netstandard1.4) (== netstandard1.5) (== netstandard1.6) (== netstandard2.0)
      System.Runtime (>= 4.3) - restriction: || (&& (== net20) (>= netstandard1.0)) (&& (== net35) (>= netstandard1.0)) (&& (== net40) (>= netstandard1.0)) (&& (== net46) (< net45)) (== netstandard1.0) (== netstandard1.1) (== netstandard1.2) (== netstandard1.3) (== netstandard1.4) (== netstandard1.5) (== netstandard1.6) (== netstandard2.0)
    System.Reflection.Primitives (4.3) - restriction: || (&& (== net20) (== netstandard2.0)) (&& (== net20) (>= netstandard1.4)) (&& (== net20) (>= netstandard1.5)) (&& (== net20) (>= netstandard1.6)) (&& (== net20) (>= netstandard2.0)) (&& (== net35) (== netstandard2.0)) (&& (== net40) (== netstandard2.0)) (&& (== net40) (< net35) (>= netstandard1.4)) (&& (== net40) (< net35) (>= netstandard1.5)) (&& (== net40) (< net35) (>= netstandard1.6)) (&& (== net40) (< net35) (>= netstandard2.0)) (&& (== net40) (>= netstandard1.6) (>= uap10.0)) (&& (== net45) (== netstandard2.0)) (&& (== net45) (< net35) (>= netstandard1.4)) (&& (== net45) (< net35) (>= netstandard1.5)) (&& (== net45) (< net35) (>= netstandard1.6)) (&& (== net45) (< net35) (>= netstandard2.0)) (&& (== net45) (>= netstandard1.6) (>= uap10.0)) (&& (== net46) (== netstandard2.0)) (&& (== net46) (< net35) (>= netstandard1.4)) (&& (== net46) (< net35) (>= netstandard1.5)) (&& (== net46) (< net35) (>= netstandard1.6)) (&& (== net46) (< net35) (>= netstandard2.0)) (&& (== net46) (>= netstandard1.6) (>= uap10.0)) (&& (== netstandard1.0) (== netstandard2.0)) (&& (== netstandard1.0) (>= netstandard1.4)) (&& (== netstandard1.0) (>= netstandard1.5)) (&& (== netstandard1.0) (>= netstandard1.6)) (&& (== netstandard1.0) (>= netstandard2.0)) (&& (== netstandard1.1) (== netstandard2.0)) (&& (== netstandard1.1) (>= netstandard1.4)) (&& (== netstandard1.1) (>= netstandard1.5)) (&& (== netstandard1.1) (>= netstandard1.6)) (&& (== netstandard1.1) (>= netstandard2.0)) (&& (== netstandard1.2) (== netstandard2.0)) (&& (== netstandard1.2) (>= netstandard1.4)) (&& (== netstandard1.2) (>= netstandard1.5)) (&& (== netstandard1.2) (>= netstandard1.6)) (&& (== netstandard1.2) (>= netstandard2.0)) (&& (== netstandard1.3) (== netstandard2.0)) (&& (== netstandard1.3) (>= netstandard1.4)) (&& (== netstandard1.3) (>= netstandard1.5)) (&& (== netstandard1.3) (>= netstandard1.6)) (&& (== netstandard1.3) (>= netstandard2.0)) (== netstandard1.4) (== netstandard1.5) (== netstandard1.6) (&& (== netstandard2.0) (< netstandard1.2)) (&& (== netstandard2.0) (< netstandard1.3)) (&& (== netstandard2.0) (< netstandard1.4)) (&& (== netstandard2.0) (< netstandard1.5)) (&& (== netstandard2.0) (< netstandard1.6)) (&& (== netstandard2.0) (< portable-net45+win8+wpa81)) (&& (== netstandard2.0) (>= uap10.0))
      Microsoft.NETCore.Platforms (>= 1.1) - restriction: || (&& (== net20) (>= netstandard1.0)) (&& (== net35) (>= netstandard1.0)) (&& (== net40) (>= netstandard1.0)) (&& (== net46) (< net45)) (== netstandard1.0) (== netstandard1.1) (== netstandard1.2) (== netstandard1.3) (== netstandard1.4) (== netstandard1.5) (== netstandard1.6) (== netstandard2.0)
      Microsoft.NETCore.Targets (>= 1.1) - restriction: || (&& (== net20) (>= netstandard1.0)) (&& (== net35) (>= netstandard1.0)) (&& (== net40) (>= netstandard1.0)) (&& (== net46) (< net45)) (== netstandard1.0) (== netstandard1.1) (== netstandard1.2) (== netstandard1.3) (== netstandard1.4) (== netstandard1.5) (== netstandard1.6) (== netstandard2.0)
      System.Runtime (>= 4.3) - restriction: || (&& (== net20) (>= netstandard1.0)) (&& (== net35) (>= netstandard1.0)) (&& (== net40) (>= netstandard1.0)) (&& (== net46) (< net45)) (== netstandard1.0) (== netstandard1.1) (== netstandard1.2) (== netstandard1.3) (== netstandard1.4) (== netstandard1.5) (== netstandard1.6) (== netstandard2.0)
    System.Reflection.TypeExtensions (4.5.1) - restriction: || (&& (== net20) (== netstandard2.0)) (&& (== net20) (>= netstandard1.4)) (&& (== net20) (>= netstandard1.5)) (&& (== net20) (>= netstandard1.6)) (&& (== net20) (>= netstandard2.0)) (&& (== net35) (== netstandard2.0)) (&& (== net40) (== netstandard2.0)) (&& (== net40) (< net35) (>= netstandard1.4)) (&& (== net40) (< net35) (>= netstandard1.5)) (&& (== net40) (< net35) (>= netstandard1.6)) (&& (== net40) (< net35) (>= netstandard2.0)) (&& (== net40) (>= netstandard1.6) (>= uap10.0)) (&& (== net45) (== netstandard2.0)) (&& (== net45) (< net35) (>= netstandard1.4)) (&& (== net45) (< net35) (>= netstandard1.5)) (&& (== net45) (< net35) (>= netstandard1.6)) (&& (== net45) (< net35) (>= netstandard2.0)) (&& (== net45) (>= netstandard1.6) (>= uap10.0)) (&& (== net46) (== netstandard2.0)) (&& (== net46) (< net35) (>= netstandard1.4)) (&& (== net46) (< net35) (>= netstandard1.5)) (&& (== net46) (< net35) (>= netstandard1.6)) (&& (== net46) (< net35) (>= netstandard2.0)) (&& (== net46) (>= netstandard1.6) (>= uap10.0)) (&& (== netstandard1.0) (== netstandard2.0)) (&& (== netstandard1.0) (>= netstandard1.4)) (&& (== netstandard1.0) (>= netstandard1.5)) (&& (== netstandard1.0) (>= netstandard1.6)) (&& (== netstandard1.0) (>= netstandard2.0)) (&& (== netstandard1.1) (== netstandard2.0)) (&& (== netstandard1.1) (>= netstandard1.4)) (&& (== netstandard1.1) (>= netstandard1.5)) (&& (== netstandard1.1) (>= netstandard1.6)) (&& (== netstandard1.1) (>= netstandard2.0)) (&& (== netstandard1.2) (== netstandard2.0)) (&& (== netstandard1.2) (>= netstandard1.4)) (&& (== netstandard1.2) (>= netstandard1.5)) (&& (== netstandard1.2) (>= netstandard1.6)) (&& (== netstandard1.2) (>= netstandard2.0)) (&& (== netstandard1.3) (== netstandard2.0)) (&& (== netstandard1.3) (>= netstandard1.4)) (&& (== netstandard1.3) (>= netstandard1.5)) (&& (== netstandard1.3) (>= netstandard1.6)) (&& (== netstandard1.3) (>= netstandard2.0)) (== netstandard1.4) (== netstandard1.5) (== netstandard1.6) (&& (== netstandard2.0) (< netstandard1.2)) (&& (== netstandard2.0) (< netstandard1.3)) (&& (== netstandard2.0) (< netstandard1.4)) (&& (== netstandard2.0) (< netstandard1.5)) (&& (== netstandard2.0) (< netstandard1.6)) (&& (== netstandard2.0) (< portable-net45+win8+wpa81)) (&& (== netstandard2.0) (>= uap10.0))
      System.Reflection (>= 4.3) - restriction: || (&& (== net20) (>= netstandard1.3)) (&& (== net20) (>= netstandard1.5)) (&& (== net35) (>= netstandard1.3)) (&& (== net35) (>= netstandard1.5)) (&& (== net40) (>= netstandard1.3)) (&& (== net40) (>= netstandard1.5)) (&& (== net45) (>= netstandard1.3)) (&& (== net45) (>= netstandard1.5)) (&& (== netstandard1.0) (>= netstandard1.3)) (&& (== netstandard1.0) (>= netstandard1.5)) (&& (== netstandard1.1) (>= netstandard1.3)) (&& (== netstandard1.1) (>= netstandard1.5)) (&& (== netstandard1.2) (>= netstandard1.3)) (&& (== netstandard1.2) (>= netstandard1.5)) (== netstandard1.3) (== netstandard1.4) (== netstandard1.5) (== netstandard1.6) (&& (== netstandard2.0) (< netstandard1.5))
      System.Resources.ResourceManager (>= 4.3) - restriction: || (&& (== net20) (>= netstandard1.3)) (&& (== net20) (>= netstandard1.5)) (&& (== net35) (>= netstandard1.3)) (&& (== net35) (>= netstandard1.5)) (&& (== net40) (>= netstandard1.3)) (&& (== net40) (>= netstandard1.5)) (&& (== net45) (>= netstandard1.3)) (&& (== net45) (>= netstandard1.5)) (&& (== netstandard1.0) (>= netstandard1.3)) (&& (== netstandard1.0) (>= netstandard1.5)) (&& (== netstandard1.1) (>= netstandard1.3)) (&& (== netstandard1.1) (>= netstandard1.5)) (&& (== netstandard1.2) (>= netstandard1.3)) (&& (== netstandard1.2) (>= netstandard1.5)) (== netstandard1.3) (== netstandard1.4) (== netstandard1.5) (== netstandard1.6) (&& (== netstandard2.0) (< netstandard1.5))
      System.Runtime (>= 4.3) - restriction: || (&& (== net20) (>= netstandard1.3)) (&& (== net20) (>= netstandard1.5)) (&& (== net35) (>= netstandard1.3)) (&& (== net35) (>= netstandard1.5)) (&& (== net40) (>= netstandard1.3)) (&& (== net40) (>= netstandard1.5)) (&& (== net45) (>= netstandard1.3)) (&& (== net45) (>= netstandard1.5)) (&& (== netstandard1.0) (>= netstandard1.3)) (&& (== netstandard1.0) (>= netstandard1.5)) (&& (== netstandard1.1) (>= netstandard1.3)) (&& (== netstandard1.1) (>= netstandard1.5)) (&& (== netstandard1.2) (>= netstandard1.3)) (&& (== netstandard1.2) (>= netstandard1.5)) (== netstandard1.3) (== netstandard1.4) (== netstandard1.5) (== netstandard1.6) (&& (== netstandard2.0) (< netstandard1.5))
    System.Resources.ResourceManager (4.3) - restriction: || (&& (== net20) (== netstandard2.0)) (&& (== net20) (>= net462)) (&& (== net20) (>= netstandard1.4)) (&& (== net20) (>= netstandard1.5)) (&& (== net20) (>= netstandard1.6)) (&& (== net20) (>= netstandard2.0)) (&& (== net35) (== netstandard2.0)) (&& (== net40) (== netstandard2.0)) (&& (== net40) (< net35) (>= net462)) (&& (== net40) (< net35) (>= netstandard1.4)) (&& (== net40) (< net35) (>= netstandard1.5)) (&& (== net40) (< net35) (>= netstandard1.6)) (&& (== net40) (< net35) (>= netstandard2.0)) (&& (== net40) (>= netstandard1.6) (>= uap10.0)) (&& (== net45) (== netstandard2.0)) (&& (== net45) (< net35) (>= net462)) (&& (== net45) (< net35) (>= netstandard1.4)) (&& (== net45) (< net35) (>= netstandard1.5)) (&& (== net45) (< net35) (>= netstandard1.6)) (&& (== net45) (< net35) (>= netstandard2.0)) (&& (== net45) (>= netstandard1.6) (>= uap10.0)) (&& (== net46) (== netstandard2.0)) (&& (== net46) (< net35) (>= net462)) (&& (== net46) (< net35) (>= netstandard1.4)) (&& (== net46) (< net35) (>= netstandard1.5)) (&& (== net46) (< net35) (>= netstandard1.6)) (&& (== net46) (< net35) (>= netstandard2.0)) (&& (== net46) (>= netstandard1.6) (>= uap10.0)) (&& (== netstandard1.0) (== netstandard2.0)) (&& (== netstandard1.0) (>= net462)) (&& (== netstandard1.0) (>= netstandard1.4)) (&& (== netstandard1.0) (>= netstandard1.5)) (&& (== netstandard1.0) (>= netstandard1.6)) (&& (== netstandard1.0) (>= netstandard2.0)) (&& (== netstandard1.1) (== netstandard2.0)) (&& (== netstandard1.1) (>= net462)) (&& (== netstandard1.1) (>= netstandard1.4)) (&& (== netstandard1.1) (>= netstandard1.5)) (&& (== netstandard1.1) (>= netstandard1.6)) (&& (== netstandard1.1) (>= netstandard2.0)) (&& (== netstandard1.2) (== netstandard2.0)) (&& (== netstandard1.2) (>= net462)) (&& (== netstandard1.2) (>= netstandard1.4)) (&& (== netstandard1.2) (>= netstandard1.5)) (&& (== netstandard1.2) (>= netstandard1.6)) (&& (== netstandard1.2) (>= netstandard2.0)) (&& (== netstandard1.3) (== netstandard2.0)) (&& (== netstandard1.3) (>= net462)) (&& (== netstandard1.3) (>= netstandard1.4)) (&& (== netstandard1.3) (>= netstandard1.5)) (&& (== netstandard1.3) (>= netstandard1.6)) (&& (== netstandard1.3) (>= netstandard2.0)) (== netstandard1.4) (== netstandard1.5) (== netstandard1.6) (&& (== netstandard2.0) (< netstandard1.2)) (&& (== netstandard2.0) (< netstandard1.3)) (&& (== netstandard2.0) (< netstandard1.4)) (&& (== netstandard2.0) (< netstandard1.5)) (&& (== netstandard2.0) (< netstandard1.6)) (&& (== netstandard2.0) (< portable-net45+win8+wpa81)) (&& (== netstandard2.0) (>= uap10.0))
      Microsoft.NETCore.Platforms (>= 1.1) - restriction: || (&& (== net20) (>= netstandard1.0)) (&& (== net35) (>= netstandard1.0)) (&& (== net40) (>= netstandard1.0)) (&& (== net46) (< net45)) (== netstandard1.0) (== netstandard1.1) (== netstandard1.2) (== netstandard1.3) (== netstandard1.4) (== netstandard1.5) (== netstandard1.6) (== netstandard2.0)
      Microsoft.NETCore.Targets (>= 1.1) - restriction: || (&& (== net20) (>= netstandard1.0)) (&& (== net35) (>= netstandard1.0)) (&& (== net40) (>= netstandard1.0)) (&& (== net46) (< net45)) (== netstandard1.0) (== netstandard1.1) (== netstandard1.2) (== netstandard1.3) (== netstandard1.4) (== netstandard1.5) (== netstandard1.6) (== netstandard2.0)
      System.Globalization (>= 4.3) - restriction: || (&& (== net20) (>= netstandard1.0)) (&& (== net35) (>= netstandard1.0)) (&& (== net40) (>= netstandard1.0)) (&& (== net46) (< net45)) (== netstandard1.0) (== netstandard1.1) (== netstandard1.2) (== netstandard1.3) (== netstandard1.4) (== netstandard1.5) (== netstandard1.6) (== netstandard2.0)
      System.Reflection (>= 4.3) - restriction: || (&& (== net20) (>= netstandard1.0)) (&& (== net35) (>= netstandard1.0)) (&& (== net40) (>= netstandard1.0)) (&& (== net46) (< net45)) (== netstandard1.0) (== netstandard1.1) (== netstandard1.2) (== netstandard1.3) (== netstandard1.4) (== netstandard1.5) (== netstandard1.6) (== netstandard2.0)
      System.Runtime (>= 4.3) - restriction: || (&& (== net20) (>= netstandard1.0)) (&& (== net35) (>= netstandard1.0)) (&& (== net40) (>= netstandard1.0)) (&& (== net46) (< net45)) (== netstandard1.0) (== netstandard1.1) (== netstandard1.2) (== netstandard1.3) (== netstandard1.4) (== netstandard1.5) (== netstandard1.6) (== netstandard2.0)
    System.Runtime (4.3.1) - restriction: || (&& (== net20) (== netstandard2.0)) (&& (== net20) (>= net462)) (&& (== net20) (>= netstandard1.4)) (&& (== net20) (>= netstandard1.5)) (&& (== net20) (>= netstandard1.6)) (&& (== net20) (>= netstandard2.0)) (&& (== net20) (>= uap10.0)) (&& (== net35) (== netstandard2.0)) (&& (== net40) (== netstandard2.0)) (&& (== net40) (< net35) (>= net462)) (&& (== net40) (< net35) (>= netstandard1.4)) (&& (== net40) (< net35) (>= netstandard1.5)) (&& (== net40) (< net35) (>= netstandard1.6)) (&& (== net40) (< net35) (>= netstandard2.0)) (&& (== net40) (>= uap10.0)) (&& (== net45) (== netstandard2.0)) (&& (== net45) (< net35) (>= net462)) (&& (== net45) (< net35) (>= netstandard1.4)) (&& (== net45) (< net35) (>= netstandard1.5)) (&& (== net45) (< net35) (>= netstandard1.6)) (&& (== net45) (< net35) (>= netstandard2.0)) (&& (== net45) (>= uap10.0)) (&& (== net46) (== netstandard2.0)) (&& (== net46) (< net35) (>= net462)) (&& (== net46) (< net35) (>= netstandard1.4)) (&& (== net46) (< net35) (>= netstandard1.5)) (&& (== net46) (< net35) (>= netstandard1.6)) (&& (== net46) (< net35) (>= netstandard2.0)) (&& (== net46) (>= uap10.0)) (&& (== netstandard1.0) (== netstandard2.0)) (&& (== netstandard1.0) (>= net462)) (&& (== netstandard1.0) (>= netstandard1.4)) (&& (== netstandard1.0) (>= netstandard1.5)) (&& (== netstandard1.0) (>= netstandard1.6)) (&& (== netstandard1.0) (>= netstandard2.0)) (&& (== netstandard1.0) (>= uap10.0)) (&& (== netstandard1.1) (== netstandard2.0)) (&& (== netstandard1.1) (>= net462)) (&& (== netstandard1.1) (>= netstandard1.4)) (&& (== netstandard1.1) (>= netstandard1.5)) (&& (== netstandard1.1) (>= netstandard1.6)) (&& (== netstandard1.1) (>= netstandard2.0)) (&& (== netstandard1.1) (>= uap10.0)) (&& (== netstandard1.2) (== netstandard2.0)) (&& (== netstandard1.2) (>= net462)) (&& (== netstandard1.2) (>= netstandard1.4)) (&& (== netstandard1.2) (>= netstandard1.5)) (&& (== netstandard1.2) (>= netstandard1.6)) (&& (== netstandard1.2) (>= netstandard2.0)) (&& (== netstandard1.2) (>= uap10.0)) (&& (== netstandard1.3) (== netstandard2.0)) (&& (== netstandard1.3) (>= net462)) (&& (== netstandard1.3) (>= netstandard1.4)) (&& (== netstandard1.3) (>= netstandard1.5)) (&& (== netstandard1.3) (>= netstandard1.6)) (&& (== netstandard1.3) (>= netstandard2.0)) (&& (== netstandard1.3) (>= uap10.0)) (== netstandard1.4) (== netstandard1.5) (== netstandard1.6) (&& (== netstandard2.0) (< netstandard1.1)) (&& (== netstandard2.0) (< netstandard1.2)) (&& (== netstandard2.0) (< netstandard1.3)) (&& (== netstandard2.0) (< netstandard1.4)) (&& (== netstandard2.0) (< netstandard1.5)) (&& (== netstandard2.0) (< netstandard1.6)) (&& (== netstandard2.0) (< portable-net45+win8+wpa81)) (&& (== netstandard2.0) (>= uap10.0))
      Microsoft.NETCore.Platforms (>= 1.1.1) - restriction: || (&& (== net20) (>= netstandard1.0)) (&& (== net20) (>= netstandard1.2)) (&& (== net20) (>= netstandard1.3)) (&& (== net20) (>= netstandard1.5)) (&& (== net35) (>= netstandard1.0)) (&& (== net35) (>= netstandard1.2)) (&& (== net35) (>= netstandard1.3)) (&& (== net35) (>= netstandard1.5)) (&& (== net40) (>= netstandard1.0)) (&& (== net40) (>= netstandard1.2)) (&& (== net40) (>= netstandard1.3)) (&& (== net40) (>= netstandard1.5)) (&& (== net46) (< net45)) (== netstandard1.0) (== netstandard1.1) (== netstandard1.2) (== netstandard1.3) (== netstandard1.4) (== netstandard1.5) (== netstandard1.6) (== netstandard2.0)
      Microsoft.NETCore.Targets (>= 1.1.3) - restriction: || (&& (== net20) (>= netstandard1.0)) (&& (== net20) (>= netstandard1.2)) (&& (== net20) (>= netstandard1.3)) (&& (== net20) (>= netstandard1.5)) (&& (== net35) (>= netstandard1.0)) (&& (== net35) (>= netstandard1.2)) (&& (== net35) (>= netstandard1.3)) (&& (== net35) (>= netstandard1.5)) (&& (== net40) (>= netstandard1.0)) (&& (== net40) (>= netstandard1.2)) (&& (== net40) (>= netstandard1.3)) (&& (== net40) (>= netstandard1.5)) (&& (== net46) (< net45)) (== netstandard1.0) (== netstandard1.1) (== netstandard1.2) (== netstandard1.3) (== netstandard1.4) (== netstandard1.5) (== netstandard1.6) (== netstandard2.0)
    System.Runtime.CompilerServices.Unsafe (4.5.2) - restriction: || (&& (== net20) (== netstandard2.0)) (&& (== net20) (>= netstandard1.4)) (&& (== net20) (>= netstandard1.5)) (&& (== net20) (>= netstandard1.6)) (&& (== net20) (>= netstandard2.0)) (&& (== net20) (>= uap10.0)) (&& (== net35) (== net45) (>= netstandard1.4) (>= win8)) (&& (== net35) (== net45) (>= netstandard1.5) (>= win8)) (&& (== net35) (== net45) (>= netstandard1.6) (>= win8)) (&& (== net35) (== net45) (>= netstandard2.0) (>= win8)) (&& (== net35) (== net46) (>= netstandard1.4) (>= win8)) (&& (== net35) (== net46) (>= netstandard1.5) (>= win8)) (&& (== net35) (== net46) (>= netstandard1.6) (>= win8)) (&& (== net35) (== net46) (>= netstandard2.0) (>= win8)) (&& (== net35) (== netstandard2.0)) (&& (== net40) (== netstandard2.0)) (&& (== net40) (< net35) (>= netstandard1.4)) (&& (== net40) (< net35) (>= netstandard1.5)) (&& (== net40) (< net35) (>= netstandard1.6)) (&& (== net40) (< net35) (>= netstandard2.0)) (&& (== net40) (>= netstandard1.4) (>= win8)) (&& (== net40) (>= netstandard1.4) (>= wp8)) (&& (== net40) (>= netstandard1.4) (>= wpa81)) (&& (== net40) (>= netstandard1.5) (>= win8)) (&& (== net40) (>= netstandard1.5) (>= wp8)) (&& (== net40) (>= netstandard1.5) (>= wpa81)) (&& (== net40) (>= netstandard1.6) (>= win8)) (&& (== net40) (>= netstandard1.6) (>= wp8)) (&& (== net40) (>= netstandard1.6) (>= wpa81)) (&& (== net40) (>= netstandard2.0) (>= win8)) (&& (== net40) (>= netstandard2.0) (>= wp8)) (&& (== net40) (>= netstandard2.0) (>= wpa81)) (&& (== net40) (>= uap10.0)) (&& (== net45) (== netstandard2.0)) (&& (== net45) (< net35) (>= netstandard1.4)) (&& (== net45) (< net35) (>= netstandard1.5)) (&& (== net45) (< net35) (>= netstandard1.6)) (&& (== net45) (< net35) (>= netstandard2.0)) (&& (== net45) (< netstandard1.0) (>= netstandard1.4) (>= win8)) (&& (== net45) (< netstandard1.0) (>= netstandard1.5) (>= win8)) (&& (== net45) (< netstandard1.0) (>= netstandard1.6) (>= win8)) (&& (== net45) (< netstandard1.0) (>= netstandard2.0) (>= win8)) (&& (== net45) (>= netstandard1.4) (>= wp8)) (&& (== net45) (>= netstandard1.4) (>= wpa81)) (&& (== net45) (>= netstandard1.5) (>= wp8)) (&& (== net45) (>= netstandard1.5) (>= wpa81)) (&& (== net45) (>= netstandard1.6) (>= wp8)) (&& (== net45) (>= netstandard1.6) (>= wpa81)) (&& (== net45) (>= netstandard2.0) (>= wp8)) (&& (== net45) (>= netstandard2.0) (>= wpa81)) (&& (== net45) (>= uap10.0)) (&& (== net46) (== netstandard2.0)) (&& (== net46) (< net35) (>= netstandard1.4)) (&& (== net46) (< net35) (>= netstandard1.5)) (&& (== net46) (< net35) (>= netstandard1.6)) (&& (== net46) (< net35) (>= netstandard2.0)) (&& (== net46) (< netstandard1.0) (>= netstandard1.4) (>= win8)) (&& (== net46) (< netstandard1.0) (>= netstandard1.5) (>= win8)) (&& (== net46) (< netstandard1.0) (>= netstandard1.6) (>= win8)) (&& (== net46) (< netstandard1.0) (>= netstandard2.0) (>= win8)) (&& (== net46) (>= netstandard1.4) (>= wp8)) (&& (== net46) (>= netstandard1.4) (>= wpa81)) (&& (== net46) (>= netstandard1.5) (>= wp8)) (&& (== net46) (>= netstandard1.5) (>= wpa81)) (&& (== net46) (>= netstandard1.6) (>= wp8)) (&& (== net46) (>= netstandard1.6) (>= wpa81)) (&& (== net46) (>= netstandard2.0) (>= wp8)) (&& (== net46) (>= netstandard2.0) (>= wpa81)) (&& (== net46) (>= uap10.0)) (&& (== netstandard1.0) (== netstandard2.0)) (&& (== netstandard1.0) (>= netstandard1.4)) (&& (== netstandard1.0) (>= netstandard1.5)) (&& (== netstandard1.0) (>= netstandard1.6)) (&& (== netstandard1.0) (>= netstandard2.0)) (&& (== netstandard1.0) (>= uap10.0)) (&& (== netstandard1.1) (== netstandard2.0)) (&& (== netstandard1.1) (>= netstandard1.4)) (&& (== netstandard1.1) (>= netstandard1.5)) (&& (== netstandard1.1) (>= netstandard1.6)) (&& (== netstandard1.1) (>= netstandard2.0)) (&& (== netstandard1.1) (>= uap10.0)) (&& (== netstandard1.2) (== netstandard2.0)) (&& (== netstandard1.2) (>= netstandard1.4)) (&& (== netstandard1.2) (>= netstandard1.5)) (&& (== netstandard1.2) (>= netstandard1.6)) (&& (== netstandard1.2) (>= netstandard2.0)) (&& (== netstandard1.2) (>= uap10.0)) (&& (== netstandard1.3) (== netstandard2.0)) (&& (== netstandard1.3) (>= netstandard1.4)) (&& (== netstandard1.3) (>= netstandard1.5)) (&& (== netstandard1.3) (>= netstandard1.6)) (&& (== netstandard1.3) (>= netstandard2.0)) (&& (== netstandard1.3) (>= uap10.0)) (== netstandard1.4) (== netstandard1.5) (== netstandard1.6) (&& (== netstandard2.0) (< netstandard1.0)) (&& (== netstandard2.0) (< netstandard1.2)) (&& (== netstandard2.0) (< netstandard1.3)) (&& (== netstandard2.0) (< netstandard1.4)) (&& (== netstandard2.0) (< netstandard1.5)) (&& (== netstandard2.0) (< netstandard1.6)) (&& (== netstandard2.0) (< portable-net45+win8+wpa81)) (&& (== netstandard2.0) (>= uap10.0)) (&& (== netstandard2.0) (>= wp8))
      System.Runtime (>= 4.3) - restriction: || (&& (== net20) (>= netstandard1.0)) (&& (== net35) (>= netstandard1.0)) (&& (== net40) (>= netstandard1.0)) (&& (== net46) (< net45)) (== netstandard1.0) (== netstandard1.1) (== netstandard1.2) (== netstandard1.3) (== netstandard1.4) (== netstandard1.5) (== netstandard1.6)
    System.Runtime.Extensions (4.3.1) - restriction: || (&& (== net20) (== netstandard2.0)) (&& (== net20) (>= net462)) (&& (== net20) (>= netstandard1.4)) (&& (== net20) (>= netstandard1.5)) (&& (== net20) (>= netstandard1.6)) (&& (== net20) (>= netstandard2.0)) (&& (== net35) (== netstandard2.0)) (&& (== net40) (== netstandard2.0)) (&& (== net40) (< net35) (>= net462)) (&& (== net40) (< net35) (>= netstandard1.4)) (&& (== net40) (< net35) (>= netstandard1.5)) (&& (== net40) (< net35) (>= netstandard1.6)) (&& (== net40) (< net35) (>= netstandard2.0)) (&& (== net40) (>= netstandard1.6) (>= uap10.0)) (&& (== net45) (== netstandard2.0)) (&& (== net45) (< net35) (>= net462)) (&& (== net45) (< net35) (>= netstandard1.4)) (&& (== net45) (< net35) (>= netstandard1.5)) (&& (== net45) (< net35) (>= netstandard1.6)) (&& (== net45) (< net35) (>= netstandard2.0)) (&& (== net45) (>= netstandard1.6) (>= uap10.0)) (&& (== net46) (== netstandard2.0)) (&& (== net46) (< net35) (>= net462)) (&& (== net46) (< net35) (>= netstandard1.4)) (&& (== net46) (< net35) (>= netstandard1.5)) (&& (== net46) (< net35) (>= netstandard1.6)) (&& (== net46) (< net35) (>= netstandard2.0)) (&& (== net46) (>= netstandard1.6) (>= uap10.0)) (&& (== netstandard1.0) (== netstandard2.0)) (&& (== netstandard1.0) (>= net462)) (&& (== netstandard1.0) (>= netstandard1.4)) (&& (== netstandard1.0) (>= netstandard1.5)) (&& (== netstandard1.0) (>= netstandard1.6)) (&& (== netstandard1.0) (>= netstandard2.0)) (&& (== netstandard1.1) (== netstandard2.0)) (&& (== netstandard1.1) (>= net462)) (&& (== netstandard1.1) (>= netstandard1.4)) (&& (== netstandard1.1) (>= netstandard1.5)) (&& (== netstandard1.1) (>= netstandard1.6)) (&& (== netstandard1.1) (>= netstandard2.0)) (&& (== netstandard1.2) (== netstandard2.0)) (&& (== netstandard1.2) (>= net462)) (&& (== netstandard1.2) (>= netstandard1.4)) (&& (== netstandard1.2) (>= netstandard1.5)) (&& (== netstandard1.2) (>= netstandard1.6)) (&& (== netstandard1.2) (>= netstandard2.0)) (&& (== netstandard1.3) (== netstandard2.0)) (&& (== netstandard1.3) (>= net462)) (&& (== netstandard1.3) (>= netstandard1.4)) (&& (== netstandard1.3) (>= netstandard1.5)) (&& (== netstandard1.3) (>= netstandard1.6)) (&& (== netstandard1.3) (>= netstandard2.0)) (== netstandard1.4) (== netstandard1.5) (== netstandard1.6) (&& (== netstandard2.0) (< netstandard1.2)) (&& (== netstandard2.0) (< netstandard1.3)) (&& (== netstandard2.0) (< netstandard1.4)) (&& (== netstandard2.0) (< netstandard1.5)) (&& (== netstandard2.0) (< netstandard1.6)) (&& (== netstandard2.0) (< portable-net45+win8+wpa81)) (&& (== netstandard2.0) (>= uap10.0))
      Microsoft.NETCore.Platforms (>= 1.1.1) - restriction: || (&& (== net20) (>= netstandard1.0)) (&& (== net20) (>= netstandard1.3)) (&& (== net20) (>= netstandard1.5)) (&& (== net35) (>= netstandard1.0)) (&& (== net35) (>= netstandard1.3)) (&& (== net35) (>= netstandard1.5)) (&& (== net40) (>= netstandard1.0)) (&& (== net40) (>= netstandard1.3)) (&& (== net40) (>= netstandard1.5)) (&& (== net46) (< net45)) (== netstandard1.0) (== netstandard1.1) (== netstandard1.2) (== netstandard1.3) (== netstandard1.4) (== netstandard1.5) (== netstandard1.6) (== netstandard2.0)
      Microsoft.NETCore.Targets (>= 1.1.3) - restriction: || (&& (== net20) (>= netstandard1.0)) (&& (== net20) (>= netstandard1.3)) (&& (== net20) (>= netstandard1.5)) (&& (== net35) (>= netstandard1.0)) (&& (== net35) (>= netstandard1.3)) (&& (== net35) (>= netstandard1.5)) (&& (== net40) (>= netstandard1.0)) (&& (== net40) (>= netstandard1.3)) (&& (== net40) (>= netstandard1.5)) (&& (== net46) (< net45)) (== netstandard1.0) (== netstandard1.1) (== netstandard1.2) (== netstandard1.3) (== netstandard1.4) (== netstandard1.5) (== netstandard1.6) (== netstandard2.0)
      System.Runtime (>= 4.3.1) - restriction: || (&& (== net20) (>= netstandard1.0)) (&& (== net20) (>= netstandard1.3)) (&& (== net20) (>= netstandard1.5)) (&& (== net35) (>= netstandard1.0)) (&& (== net35) (>= netstandard1.3)) (&& (== net35) (>= netstandard1.5)) (&& (== net40) (>= netstandard1.0)) (&& (== net40) (>= netstandard1.3)) (&& (== net40) (>= netstandard1.5)) (&& (== net46) (< net45)) (== netstandard1.0) (== netstandard1.1) (== netstandard1.2) (== netstandard1.3) (== netstandard1.4) (== netstandard1.5) (== netstandard1.6) (== netstandard2.0)
    System.Runtime.Handles (4.3) - restriction: || (&& (== net20) (== netstandard2.0)) (&& (== net20) (>= netstandard1.4)) (&& (== net20) (>= netstandard1.5)) (&& (== net20) (>= netstandard1.6)) (&& (== net20) (>= netstandard2.0)) (&& (== net20) (>= uap10.0)) (&& (== net35) (== netstandard2.0)) (&& (== net40) (== netstandard2.0)) (&& (== net40) (< net35) (>= netstandard1.4)) (&& (== net40) (< net35) (>= netstandard1.5)) (&& (== net40) (< net35) (>= netstandard1.6)) (&& (== net40) (< net35) (>= netstandard2.0)) (&& (== net40) (>= uap10.0)) (&& (== net45) (== netstandard2.0)) (&& (== net45) (< net35) (>= netstandard1.4)) (&& (== net45) (< net35) (>= netstandard1.5)) (&& (== net45) (< net35) (>= netstandard1.6)) (&& (== net45) (< net35) (>= netstandard2.0)) (&& (== net45) (>= uap10.0)) (&& (== net46) (== netstandard2.0)) (&& (== net46) (< net35) (>= netstandard1.4)) (&& (== net46) (< net35) (>= netstandard1.5)) (&& (== net46) (< net35) (>= netstandard1.6)) (&& (== net46) (< net35) (>= netstandard2.0)) (&& (== net46) (>= uap10.0)) (&& (== netstandard1.0) (== netstandard2.0)) (&& (== netstandard1.0) (>= netstandard1.4)) (&& (== netstandard1.0) (>= netstandard1.5)) (&& (== netstandard1.0) (>= netstandard1.6)) (&& (== netstandard1.0) (>= netstandard2.0)) (&& (== netstandard1.0) (>= uap10.0)) (&& (== netstandard1.1) (== netstandard2.0)) (&& (== netstandard1.1) (>= netstandard1.4)) (&& (== netstandard1.1) (>= netstandard1.5)) (&& (== netstandard1.1) (>= netstandard1.6)) (&& (== netstandard1.1) (>= netstandard2.0)) (&& (== netstandard1.1) (>= uap10.0)) (&& (== netstandard1.2) (== netstandard2.0)) (&& (== netstandard1.2) (>= netstandard1.4)) (&& (== netstandard1.2) (>= netstandard1.5)) (&& (== netstandard1.2) (>= netstandard1.6)) (&& (== netstandard1.2) (>= netstandard2.0)) (&& (== netstandard1.2) (>= uap10.0)) (&& (== netstandard1.3) (== netstandard2.0)) (&& (== netstandard1.3) (>= netstandard1.4)) (&& (== netstandard1.3) (>= netstandard1.5)) (&& (== netstandard1.3) (>= netstandard1.6)) (&& (== netstandard1.3) (>= netstandard2.0)) (&& (== netstandard1.3) (>= uap10.0)) (== netstandard1.4) (== netstandard1.5) (== netstandard1.6) (&& (== netstandard2.0) (< netstandard1.4)) (&& (== netstandard2.0) (< netstandard1.5)) (&& (== netstandard2.0) (< netstandard1.6)) (&& (== netstandard2.0) (>= uap10.0))
      Microsoft.NETCore.Platforms (>= 1.1) - restriction: || (&& (== net20) (>= netstandard1.3)) (&& (== net35) (>= netstandard1.3)) (&& (== net40) (>= netstandard1.3)) (&& (== net45) (>= netstandard1.3)) (&& (== netstandard1.0) (>= netstandard1.3)) (&& (== netstandard1.1) (>= netstandard1.3)) (&& (== netstandard1.2) (>= netstandard1.3)) (== netstandard1.3) (== netstandard1.4) (== netstandard1.5) (== netstandard1.6) (== netstandard2.0)
      Microsoft.NETCore.Targets (>= 1.1) - restriction: || (&& (== net20) (>= netstandard1.3)) (&& (== net35) (>= netstandard1.3)) (&& (== net40) (>= netstandard1.3)) (&& (== net45) (>= netstandard1.3)) (&& (== netstandard1.0) (>= netstandard1.3)) (&& (== netstandard1.1) (>= netstandard1.3)) (&& (== netstandard1.2) (>= netstandard1.3)) (== netstandard1.3) (== netstandard1.4) (== netstandard1.5) (== netstandard1.6) (== netstandard2.0)
      System.Runtime (>= 4.3) - restriction: || (&& (== net20) (>= netstandard1.3)) (&& (== net35) (>= netstandard1.3)) (&& (== net40) (>= netstandard1.3)) (&& (== net45) (>= netstandard1.3)) (&& (== netstandard1.0) (>= netstandard1.3)) (&& (== netstandard1.1) (>= netstandard1.3)) (&& (== netstandard1.2) (>= netstandard1.3)) (== netstandard1.3) (== netstandard1.4) (== netstandard1.5) (== netstandard1.6) (== netstandard2.0)
    System.Runtime.InteropServices (4.3) - restriction: || (&& (== net20) (== netstandard2.0)) (&& (== net20) (>= netstandard1.4)) (&& (== net20) (>= netstandard1.5)) (&& (== net20) (>= netstandard1.6)) (&& (== net20) (>= netstandard2.0)) (&& (== net20) (>= uap10.0)) (&& (== net35) (== netstandard2.0)) (&& (== net40) (== netstandard2.0)) (&& (== net40) (< net35) (>= netstandard1.4)) (&& (== net40) (< net35) (>= netstandard1.5)) (&& (== net40) (< net35) (>= netstandard1.6)) (&& (== net40) (< net35) (>= netstandard2.0)) (&& (== net40) (>= uap10.0)) (&& (== net45) (== netstandard2.0)) (&& (== net45) (< net35) (>= netstandard1.4)) (&& (== net45) (< net35) (>= netstandard1.5)) (&& (== net45) (< net35) (>= netstandard1.6)) (&& (== net45) (< net35) (>= netstandard2.0)) (&& (== net45) (>= uap10.0)) (&& (== net46) (== netstandard2.0)) (&& (== net46) (< net35) (>= netstandard1.4)) (&& (== net46) (< net35) (>= netstandard1.5)) (&& (== net46) (< net35) (>= netstandard1.6)) (&& (== net46) (< net35) (>= netstandard2.0)) (&& (== net46) (>= uap10.0)) (&& (== netstandard1.0) (== netstandard2.0)) (&& (== netstandard1.0) (>= netstandard1.4)) (&& (== netstandard1.0) (>= netstandard1.5)) (&& (== netstandard1.0) (>= netstandard1.6)) (&& (== netstandard1.0) (>= netstandard2.0)) (&& (== netstandard1.0) (>= uap10.0)) (&& (== netstandard1.1) (== netstandard2.0)) (&& (== netstandard1.1) (>= netstandard1.4)) (&& (== netstandard1.1) (>= netstandard1.5)) (&& (== netstandard1.1) (>= netstandard1.6)) (&& (== netstandard1.1) (>= netstandard2.0)) (&& (== netstandard1.1) (>= uap10.0)) (&& (== netstandard1.2) (== netstandard2.0)) (&& (== netstandard1.2) (>= netstandard1.4)) (&& (== netstandard1.2) (>= netstandard1.5)) (&& (== netstandard1.2) (>= netstandard1.6)) (&& (== netstandard1.2) (>= netstandard2.0)) (&& (== netstandard1.2) (>= uap10.0)) (&& (== netstandard1.3) (== netstandard2.0)) (&& (== netstandard1.3) (>= netstandard1.4)) (&& (== netstandard1.3) (>= netstandard1.5)) (&& (== netstandard1.3) (>= netstandard1.6)) (&& (== netstandard1.3) (>= netstandard2.0)) (&& (== netstandard1.3) (>= uap10.0)) (== netstandard1.4) (== netstandard1.5) (== netstandard1.6) (&& (== netstandard2.0) (< netstandard1.2)) (&& (== netstandard2.0) (< netstandard1.3)) (&& (== netstandard2.0) (< netstandard1.4)) (&& (== netstandard2.0) (< netstandard1.5)) (&& (== netstandard2.0) (< netstandard1.6)) (&& (== netstandard2.0) (>= uap10.0))
      Microsoft.NETCore.Platforms (>= 1.1) - restriction: || (&& (== net20) (>= netcoreapp1.1)) (&& (== net20) (>= netstandard1.1)) (&& (== net20) (>= netstandard1.2)) (&& (== net20) (>= netstandard1.3)) (&& (== net20) (>= netstandard1.5)) (&& (== net35) (>= netcoreapp1.1)) (&& (== net35) (>= netstandard1.1)) (&& (== net35) (>= netstandard1.2)) (&& (== net35) (>= netstandard1.3)) (&& (== net35) (>= netstandard1.5)) (&& (== net40) (>= netcoreapp1.1)) (&& (== net40) (>= netstandard1.1)) (&& (== net40) (>= netstandard1.2)) (&& (== net40) (>= netstandard1.3)) (&& (== net40) (>= netstandard1.5)) (&& (== net45) (>= netcoreapp1.1)) (&& (== net46) (< net45)) (&& (== net46) (>= netcoreapp1.1)) (&& (== netstandard1.0) (>= netcoreapp1.1)) (&& (== netstandard1.0) (>= netstandard1.1)) (&& (== netstandard1.0) (>= netstandard1.2)) (&& (== netstandard1.0) (>= netstandard1.3)) (&& (== netstandard1.0) (>= netstandard1.5)) (== netstandard1.1) (== netstandard1.2) (== netstandard1.3) (== netstandard1.4) (== netstandard1.5) (== netstandard1.6) (== netstandard2.0)
      Microsoft.NETCore.Targets (>= 1.1) - restriction: || (&& (== net20) (>= netcoreapp1.1)) (&& (== net20) (>= netstandard1.1)) (&& (== net20) (>= netstandard1.2)) (&& (== net20) (>= netstandard1.3)) (&& (== net20) (>= netstandard1.5)) (&& (== net35) (>= netcoreapp1.1)) (&& (== net35) (>= netstandard1.1)) (&& (== net35) (>= netstandard1.2)) (&& (== net35) (>= netstandard1.3)) (&& (== net35) (>= netstandard1.5)) (&& (== net40) (>= netcoreapp1.1)) (&& (== net40) (>= netstandard1.1)) (&& (== net40) (>= netstandard1.2)) (&& (== net40) (>= netstandard1.3)) (&& (== net40) (>= netstandard1.5)) (&& (== net45) (>= netcoreapp1.1)) (&& (== net46) (< net45)) (&& (== net46) (>= netcoreapp1.1)) (&& (== netstandard1.0) (>= netcoreapp1.1)) (&& (== netstandard1.0) (>= netstandard1.1)) (&& (== netstandard1.0) (>= netstandard1.2)) (&& (== netstandard1.0) (>= netstandard1.3)) (&& (== netstandard1.0) (>= netstandard1.5)) (== netstandard1.1) (== netstandard1.2) (== netstandard1.3) (== netstandard1.4) (== netstandard1.5) (== netstandard1.6) (== netstandard2.0)
      System.Reflection (>= 4.3) - restriction: || (&& (== net20) (>= netcoreapp1.1)) (&& (== net20) (>= netstandard1.1)) (&& (== net20) (>= netstandard1.2)) (&& (== net20) (>= netstandard1.3)) (&& (== net20) (>= netstandard1.5)) (&& (== net35) (>= netcoreapp1.1)) (&& (== net35) (>= netstandard1.1)) (&& (== net35) (>= netstandard1.2)) (&& (== net35) (>= netstandard1.3)) (&& (== net35) (>= netstandard1.5)) (&& (== net40) (>= netcoreapp1.1)) (&& (== net40) (>= netstandard1.1)) (&& (== net40) (>= netstandard1.2)) (&& (== net40) (>= netstandard1.3)) (&& (== net40) (>= netstandard1.5)) (&& (== net45) (>= netcoreapp1.1)) (&& (== net46) (< net45)) (&& (== net46) (>= netcoreapp1.1)) (&& (== netstandard1.0) (>= netcoreapp1.1)) (&& (== netstandard1.0) (>= netstandard1.1)) (&& (== netstandard1.0) (>= netstandard1.2)) (&& (== netstandard1.0) (>= netstandard1.3)) (&& (== netstandard1.0) (>= netstandard1.5)) (== netstandard1.1) (== netstandard1.2) (== netstandard1.3) (== netstandard1.4) (== netstandard1.5) (== netstandard1.6) (== netstandard2.0)
      System.Reflection.Primitives (>= 4.3) - restriction: || (&& (== net20) (>= netcoreapp1.1)) (&& (== net20) (>= netstandard1.1)) (&& (== net20) (>= netstandard1.2)) (&& (== net20) (>= netstandard1.3)) (&& (== net20) (>= netstandard1.5)) (&& (== net35) (>= netcoreapp1.1)) (&& (== net35) (>= netstandard1.1)) (&& (== net35) (>= netstandard1.2)) (&& (== net35) (>= netstandard1.3)) (&& (== net35) (>= netstandard1.5)) (&& (== net40) (>= netcoreapp1.1)) (&& (== net40) (>= netstandard1.1)) (&& (== net40) (>= netstandard1.2)) (&& (== net40) (>= netstandard1.3)) (&& (== net40) (>= netstandard1.5)) (&& (== net45) (>= netcoreapp1.1)) (&& (== net46) (< net45)) (&& (== net46) (>= netcoreapp1.1)) (&& (== netstandard1.0) (>= netcoreapp1.1)) (&& (== netstandard1.0) (>= netstandard1.1)) (&& (== netstandard1.0) (>= netstandard1.2)) (&& (== netstandard1.0) (>= netstandard1.3)) (&& (== netstandard1.0) (>= netstandard1.5)) (== netstandard1.1) (== netstandard1.2) (== netstandard1.3) (== netstandard1.4) (== netstandard1.5) (== netstandard1.6) (== netstandard2.0)
      System.Runtime (>= 4.3) - restriction: || (&& (== net20) (>= net462)) (&& (== net20) (>= netcoreapp1.1)) (&& (== net20) (>= netstandard1.1)) (&& (== net20) (>= netstandard1.2)) (&& (== net20) (>= netstandard1.3)) (&& (== net20) (>= netstandard1.5)) (&& (== net35) (>= net462)) (&& (== net35) (>= netcoreapp1.1)) (&& (== net35) (>= netstandard1.1)) (&& (== net35) (>= netstandard1.2)) (&& (== net35) (>= netstandard1.3)) (&& (== net35) (>= netstandard1.5)) (&& (== net40) (>= net462)) (&& (== net40) (>= netcoreapp1.1)) (&& (== net40) (>= netstandard1.1)) (&& (== net40) (>= netstandard1.2)) (&& (== net40) (>= netstandard1.3)) (&& (== net40) (>= netstandard1.5)) (&& (== net45) (>= net462)) (&& (== net45) (>= netcoreapp1.1)) (&& (== net46) (< net45)) (&& (== net46) (>= net462)) (&& (== net46) (>= netcoreapp1.1)) (&& (== netstandard1.0) (>= net462)) (&& (== netstandard1.0) (>= netcoreapp1.1)) (&& (== netstandard1.0) (>= netstandard1.1)) (&& (== netstandard1.0) (>= netstandard1.2)) (&& (== netstandard1.0) (>= netstandard1.3)) (&& (== netstandard1.0) (>= netstandard1.5)) (== netstandard1.1) (== netstandard1.2) (== netstandard1.3) (== netstandard1.4) (== netstandard1.5) (== netstandard1.6) (== netstandard2.0)
      System.Runtime.Handles (>= 4.3) - restriction: || (&& (== net20) (>= netcoreapp1.1)) (&& (== net20) (>= netstandard1.3)) (&& (== net20) (>= netstandard1.5)) (&& (== net35) (>= netcoreapp1.1)) (&& (== net35) (>= netstandard1.3)) (&& (== net35) (>= netstandard1.5)) (&& (== net40) (>= netcoreapp1.1)) (&& (== net40) (>= netstandard1.3)) (&& (== net40) (>= netstandard1.5)) (&& (== net45) (>= netcoreapp1.1)) (&& (== net46) (< net45)) (&& (== net46) (>= netcoreapp1.1)) (&& (== netstandard1.0) (>= netcoreapp1.1)) (&& (== netstandard1.0) (>= netstandard1.3)) (&& (== netstandard1.0) (>= netstandard1.5)) (&& (== netstandard1.1) (>= netcoreapp1.1)) (&& (== netstandard1.1) (>= netstandard1.3)) (&& (== netstandard1.1) (>= netstandard1.5)) (&& (== netstandard1.2) (>= netcoreapp1.1)) (&& (== netstandard1.2) (>= netstandard1.3)) (&& (== netstandard1.2) (>= netstandard1.5)) (== netstandard1.3) (== netstandard1.4) (== netstandard1.5) (== netstandard1.6) (== netstandard2.0)
    System.Runtime.InteropServices.RuntimeInformation (4.3) - restriction: || (&& (== net20) (== netstandard2.0)) (&& (== net20) (>= netstandard1.4)) (&& (== net20) (>= netstandard1.5)) (&& (== net20) (>= netstandard1.6)) (&& (== net20) (>= netstandard2.0)) (&& (== net20) (>= uap10.0)) (&& (== net35) (== net45) (>= netstandard1.4) (>= win8)) (&& (== net35) (== net45) (>= netstandard2.0) (>= win8)) (&& (== net35) (== net46) (>= netstandard1.4) (>= win8)) (&& (== net35) (== net46) (>= netstandard1.4) (>= wpa81)) (&& (== net35) (== net46) (>= netstandard2.0) (>= win8)) (&& (== net35) (== net46) (>= netstandard2.0) (>= wpa81)) (&& (== net35) (== netstandard2.0)) (&& (== net40) (== netstandard2.0)) (&& (== net40) (< net35) (>= netstandard1.4)) (&& (== net40) (< net35) (>= netstandard1.5)) (&& (== net40) (< net35) (>= netstandard1.6)) (&& (== net40) (< net35) (>= netstandard2.0)) (&& (== net40) (>= netstandard1.4) (>= win8)) (&& (== net40) (>= netstandard1.4) (>= wpa81)) (&& (== net40) (>= netstandard2.0) (>= win8)) (&& (== net40) (>= netstandard2.0) (>= wpa81)) (&& (== net40) (>= uap10.0)) (&& (== net45) (== netstandard2.0)) (&& (== net45) (< net35) (>= netstandard1.4)) (&& (== net45) (< net35) (>= netstandard1.5)) (&& (== net45) (< net35) (>= netstandard1.6)) (&& (== net45) (< net35) (>= netstandard2.0)) (&& (== net45) (< netstandard1.0) (>= netstandard1.4) (>= win8)) (&& (== net45) (< netstandard1.0) (>= netstandard2.0) (>= win8)) (&& (== net45) (>= netstandard1.4) (>= wpa81)) (&& (== net45) (>= netstandard2.0) (>= wpa81)) (&& (== net45) (>= uap10.0)) (&& (== net46) (== netstandard2.0)) (&& (== net46) (< net35) (>= netstandard1.4)) (&& (== net46) (< net35) (>= netstandard1.5)) (&& (== net46) (< net35) (>= netstandard1.6)) (&& (== net46) (< net35) (>= netstandard2.0)) (&& (== net46) (< netstandard1.0) (>= netstandard1.4) (>= win8)) (&& (== net46) (< netstandard1.0) (>= netstandard2.0) (>= win8)) (&& (== net46) (< netstandard1.3) (>= netstandard1.4) (>= wpa81)) (&& (== net46) (< netstandard1.3) (>= netstandard2.0) (>= wpa81)) (&& (== net46) (>= uap10.0)) (&& (== netstandard1.0) (== netstandard2.0)) (&& (== netstandard1.0) (>= netstandard1.4)) (&& (== netstandard1.0) (>= netstandard1.5)) (&& (== netstandard1.0) (>= netstandard1.6)) (&& (== netstandard1.0) (>= netstandard2.0)) (&& (== netstandard1.0) (>= uap10.0)) (&& (== netstandard1.1) (== netstandard2.0)) (&& (== netstandard1.1) (>= netstandard1.4)) (&& (== netstandard1.1) (>= netstandard1.5)) (&& (== netstandard1.1) (>= netstandard1.6)) (&& (== netstandard1.1) (>= netstandard2.0)) (&& (== netstandard1.1) (>= uap10.0)) (&& (== netstandard1.2) (== netstandard2.0)) (&& (== netstandard1.2) (>= netstandard1.4)) (&& (== netstandard1.2) (>= netstandard1.5)) (&& (== netstandard1.2) (>= netstandard1.6)) (&& (== netstandard1.2) (>= netstandard2.0)) (&& (== netstandard1.2) (>= uap10.0)) (&& (== netstandard1.3) (== netstandard2.0)) (&& (== netstandard1.3) (>= netstandard1.4)) (&& (== netstandard1.3) (>= netstandard1.5)) (&& (== netstandard1.3) (>= netstandard1.6)) (&& (== netstandard1.3) (>= netstandard2.0)) (&& (== netstandard1.3) (>= uap10.0)) (== netstandard1.4) (== netstandard1.5) (== netstandard1.6) (&& (== netstandard2.0) (< netstandard1.0)) (&& (== netstandard2.0) (< netstandard1.2)) (&& (== netstandard2.0) (< netstandard1.3)) (&& (== netstandard2.0) (< netstandard1.4)) (&& (== netstandard2.0) (< netstandard1.5)) (&& (== netstandard2.0) (< netstandard1.6)) (&& (== netstandard2.0) (>= uap10.0))
      runtime.native.System (>= 4.3) - restriction: || (&& (== net20) (>= netstandard1.1)) (&& (== net35) (>= netstandard1.1)) (&& (== net40) (>= netstandard1.1)) (&& (== net46) (< net45)) (&& (== netstandard1.0) (>= netstandard1.1)) (== netstandard1.1) (== netstandard1.2) (== netstandard1.3) (== netstandard1.4) (== netstandard1.5) (== netstandard1.6) (== netstandard2.0)
      System.Reflection (>= 4.3) - restriction: || (&& (== net20) (>= netstandard1.1)) (&& (== net35) (>= netstandard1.1)) (&& (== net40) (>= netstandard1.1)) (&& (== net46) (< net45)) (&& (== netstandard1.0) (>= netstandard1.1)) (== netstandard1.1) (== netstandard1.2) (== netstandard1.3) (== netstandard1.4) (== netstandard1.5) (== netstandard1.6) (== netstandard2.0)
      System.Reflection.Extensions (>= 4.3) - restriction: || (&& (== net20) (>= netstandard1.1)) (&& (== net35) (>= netstandard1.1)) (&& (== net40) (>= netstandard1.1)) (&& (== net46) (< net45)) (&& (== netstandard1.0) (>= netstandard1.1)) (== netstandard1.1) (== netstandard1.2) (== netstandard1.3) (== netstandard1.4) (== netstandard1.5) (== netstandard1.6) (== netstandard2.0)
      System.Resources.ResourceManager (>= 4.3) - restriction: || (&& (== net20) (>= netstandard1.1)) (&& (== net35) (>= netstandard1.1)) (&& (== net40) (>= netstandard1.1)) (&& (== net46) (< net45)) (&& (== netstandard1.0) (>= netstandard1.1)) (== netstandard1.1) (== netstandard1.2) (== netstandard1.3) (== netstandard1.4) (== netstandard1.5) (== netstandard1.6) (== netstandard2.0)
      System.Runtime (>= 4.3) - restriction: || (&& (== net20) (>= netstandard1.1)) (&& (== net35) (>= netstandard1.1)) (&& (== net40) (>= netstandard1.1)) (&& (== net46) (< net45)) (&& (== netstandard1.0) (>= netstandard1.1)) (== netstandard1.1) (== netstandard1.2) (== netstandard1.3) (== netstandard1.4) (== netstandard1.5) (== netstandard1.6) (== netstandard2.0)
      System.Runtime.InteropServices (>= 4.3) - restriction: || (&& (== net20) (>= netstandard1.1)) (&& (== net35) (>= netstandard1.1)) (&& (== net40) (>= netstandard1.1)) (&& (== net46) (< net45)) (&& (== netstandard1.0) (>= netstandard1.1)) (== netstandard1.1) (== netstandard1.2) (== netstandard1.3) (== netstandard1.4) (== netstandard1.5) (== netstandard1.6) (== netstandard2.0)
      System.Threading (>= 4.3) - restriction: || (&& (== net20) (>= netstandard1.1)) (&& (== net35) (>= netstandard1.1)) (&& (== net40) (>= netstandard1.1)) (&& (== net46) (< net45)) (&& (== netstandard1.0) (>= netstandard1.1)) (== netstandard1.1) (== netstandard1.2) (== netstandard1.3) (== netstandard1.4) (== netstandard1.5) (== netstandard1.6) (== netstandard2.0)
    System.Runtime.Numerics (4.3) - restriction: || (&& (== net20) (== netstandard2.0)) (&& (== net20) (>= netstandard1.4)) (&& (== net20) (>= netstandard1.5)) (&& (== net20) (>= netstandard1.6)) (&& (== net20) (>= netstandard2.0)) (&& (== net20) (>= uap10.0)) (&& (== net35) (== netstandard2.0)) (&& (== net40) (== netstandard2.0)) (&& (== net40) (< net35) (>= netstandard1.4)) (&& (== net40) (< net35) (>= netstandard1.5)) (&& (== net40) (< net35) (>= netstandard1.6)) (&& (== net40) (< net35) (>= netstandard2.0)) (&& (== net40) (>= uap10.0)) (&& (== net45) (== netstandard2.0)) (&& (== net45) (< net35) (>= netstandard1.4)) (&& (== net45) (< net35) (>= netstandard1.5)) (&& (== net45) (< net35) (>= netstandard1.6)) (&& (== net45) (< net35) (>= netstandard2.0)) (&& (== net45) (>= uap10.0)) (&& (== net46) (== netstandard2.0)) (&& (== net46) (< net35) (>= netstandard1.4)) (&& (== net46) (< net35) (>= netstandard1.5)) (&& (== net46) (< net35) (>= netstandard1.6)) (&& (== net46) (< net35) (>= netstandard2.0)) (&& (== net46) (>= uap10.0)) (&& (== netstandard1.0) (== netstandard2.0)) (&& (== netstandard1.0) (>= netstandard1.4)) (&& (== netstandard1.0) (>= netstandard1.5)) (&& (== netstandard1.0) (>= netstandard1.6)) (&& (== netstandard1.0) (>= netstandard2.0)) (&& (== netstandard1.0) (>= uap10.0)) (&& (== netstandard1.1) (== netstandard2.0)) (&& (== netstandard1.1) (>= netstandard1.4)) (&& (== netstandard1.1) (>= netstandard1.5)) (&& (== netstandard1.1) (>= netstandard1.6)) (&& (== netstandard1.1) (>= netstandard2.0)) (&& (== netstandard1.1) (>= uap10.0)) (&& (== netstandard1.2) (== netstandard2.0)) (&& (== netstandard1.2) (>= netstandard1.4)) (&& (== netstandard1.2) (>= netstandard1.5)) (&& (== netstandard1.2) (>= netstandard1.6)) (&& (== netstandard1.2) (>= netstandard2.0)) (&& (== netstandard1.2) (>= uap10.0)) (&& (== netstandard1.3) (== netstandard2.0)) (&& (== netstandard1.3) (>= netstandard1.4)) (&& (== netstandard1.3) (>= netstandard1.5)) (&& (== netstandard1.3) (>= netstandard1.6)) (&& (== netstandard1.3) (>= netstandard2.0)) (&& (== netstandard1.3) (>= uap10.0)) (== netstandard1.4) (== netstandard1.5) (== netstandard1.6) (&& (== netstandard2.0) (< netstandard1.2)) (&& (== netstandard2.0) (< netstandard1.3)) (&& (== netstandard2.0) (< netstandard1.4)) (&& (== netstandard2.0) (< netstandard1.5)) (&& (== netstandard2.0) (< netstandard1.6)) (&& (== netstandard2.0) (>= uap10.0))
      System.Globalization (>= 4.3) - restriction: || (&& (== net20) (>= netstandard1.3)) (&& (== net35) (>= netstandard1.3)) (&& (== net40) (>= netstandard1.3)) (&& (== net46) (< net45)) (&& (== netstandard1.0) (>= netstandard1.3)) (&& (== netstandard1.1) (>= netstandard1.3)) (&& (== netstandard1.2) (>= netstandard1.3)) (== netstandard1.3) (== netstandard1.4) (== netstandard1.5) (== netstandard1.6) (== netstandard2.0)
      System.Resources.ResourceManager (>= 4.3) - restriction: || (&& (== net20) (>= netstandard1.3)) (&& (== net35) (>= netstandard1.3)) (&& (== net40) (>= netstandard1.3)) (&& (== net46) (< net45)) (&& (== netstandard1.0) (>= netstandard1.3)) (&& (== netstandard1.1) (>= netstandard1.3)) (&& (== netstandard1.2) (>= netstandard1.3)) (== netstandard1.3) (== netstandard1.4) (== netstandard1.5) (== netstandard1.6) (== netstandard2.0)
      System.Runtime (>= 4.3) - restriction: || (&& (== net20) (>= netstandard1.1)) (&& (== net20) (>= netstandard1.3)) (&& (== net35) (>= netstandard1.1)) (&& (== net35) (>= netstandard1.3)) (&& (== net40) (>= netstandard1.1)) (&& (== net40) (>= netstandard1.3)) (&& (== net46) (< net45)) (&& (== netstandard1.0) (>= netstandard1.1)) (&& (== netstandard1.0) (>= netstandard1.3)) (== netstandard1.1) (== netstandard1.2) (== netstandard1.3) (== netstandard1.4) (== netstandard1.5) (== netstandard1.6) (== netstandard2.0)
      System.Runtime.Extensions (>= 4.3) - restriction: || (&& (== net20) (>= netstandard1.3)) (&& (== net35) (>= netstandard1.3)) (&& (== net40) (>= netstandard1.3)) (&& (== net46) (< net45)) (&& (== netstandard1.0) (>= netstandard1.3)) (&& (== netstandard1.1) (>= netstandard1.3)) (&& (== netstandard1.2) (>= netstandard1.3)) (== netstandard1.3) (== netstandard1.4) (== netstandard1.5) (== netstandard1.6) (== netstandard2.0)
    System.Security.Cryptography.Algorithms (4.3.1) - restriction: || (&& (== net20) (== netstandard2.0)) (&& (== net20) (>= netstandard1.4)) (&& (== net20) (>= netstandard1.5)) (&& (== net20) (>= netstandard1.6)) (&& (== net20) (>= netstandard2.0)) (&& (== net20) (>= uap10.0)) (&& (== net35) (== netstandard2.0)) (&& (== net40) (== netstandard2.0)) (&& (== net40) (< net35) (>= netstandard1.4)) (&& (== net40) (< net35) (>= netstandard1.5)) (&& (== net40) (< net35) (>= netstandard1.6)) (&& (== net40) (< net35) (>= netstandard2.0)) (&& (== net40) (>= uap10.0)) (&& (== net45) (== netstandard2.0)) (&& (== net45) (< net35) (>= netstandard1.4)) (&& (== net45) (< net35) (>= netstandard1.5)) (&& (== net45) (< net35) (>= netstandard1.6)) (&& (== net45) (< net35) (>= netstandard2.0)) (&& (== net45) (>= uap10.0)) (&& (== net46) (== netstandard2.0)) (&& (== net46) (< net35) (>= netstandard1.4)) (&& (== net46) (< net35) (>= netstandard1.5)) (&& (== net46) (< net35) (>= netstandard1.6)) (&& (== net46) (< net35) (>= netstandard2.0)) (&& (== net46) (>= uap10.0)) (&& (== netstandard1.0) (== netstandard2.0)) (&& (== netstandard1.0) (>= netstandard1.4)) (&& (== netstandard1.0) (>= netstandard1.5)) (&& (== netstandard1.0) (>= netstandard1.6)) (&& (== netstandard1.0) (>= netstandard2.0)) (&& (== netstandard1.0) (>= uap10.0)) (&& (== netstandard1.1) (== netstandard2.0)) (&& (== netstandard1.1) (>= netstandard1.4)) (&& (== netstandard1.1) (>= netstandard1.5)) (&& (== netstandard1.1) (>= netstandard1.6)) (&& (== netstandard1.1) (>= netstandard2.0)) (&& (== netstandard1.1) (>= uap10.0)) (&& (== netstandard1.2) (== netstandard2.0)) (&& (== netstandard1.2) (>= netstandard1.4)) (&& (== netstandard1.2) (>= netstandard1.5)) (&& (== netstandard1.2) (>= netstandard1.6)) (&& (== netstandard1.2) (>= netstandard2.0)) (&& (== netstandard1.2) (>= uap10.0)) (&& (== netstandard1.3) (== netstandard2.0)) (&& (== netstandard1.3) (>= netstandard1.4)) (&& (== netstandard1.3) (>= netstandard1.5)) (&& (== netstandard1.3) (>= netstandard1.6)) (&& (== netstandard1.3) (>= netstandard2.0)) (&& (== netstandard1.3) (>= uap10.0)) (== netstandard1.4) (== netstandard1.5) (== netstandard1.6) (&& (== netstandard2.0) (< netstandard1.2)) (&& (== netstandard2.0) (< netstandard1.3)) (&& (== netstandard2.0) (< netstandard1.4)) (&& (== netstandard2.0) (< netstandard1.5)) (&& (== netstandard2.0) (< netstandard1.6)) (&& (== netstandard2.0) (>= uap10.0))
      Microsoft.NETCore.Platforms (>= 1.1) - restriction: || (&& (== net20) (>= netstandard1.6)) (&& (== net35) (>= netstandard1.6)) (&& (== net40) (>= netstandard1.6)) (&& (== net45) (>= netstandard1.6)) (&& (== netstandard1.0) (>= netstandard1.6)) (&& (== netstandard1.1) (>= netstandard1.6)) (&& (== netstandard1.2) (>= netstandard1.6)) (&& (== netstandard1.3) (>= netstandard1.6)) (&& (== netstandard1.4) (>= netstandard1.6)) (&& (== netstandard1.5) (>= netstandard1.6)) (== netstandard1.6) (== netstandard2.0)
      runtime.native.System.Security.Cryptography.Apple (>= 4.3.1) - restriction: || (&& (== net20) (>= netstandard1.6)) (&& (== net35) (>= netstandard1.6)) (&& (== net40) (>= netstandard1.6)) (&& (== net45) (>= netstandard1.6)) (&& (== netstandard1.0) (>= netstandard1.6)) (&& (== netstandard1.1) (>= netstandard1.6)) (&& (== netstandard1.2) (>= netstandard1.6)) (&& (== netstandard1.3) (>= netstandard1.6)) (&& (== netstandard1.4) (>= netstandard1.6)) (&& (== netstandard1.5) (>= netstandard1.6)) (== netstandard1.6) (== netstandard2.0)
      runtime.native.System.Security.Cryptography.OpenSsl (>= 4.3.2) - restriction: || (&& (== net20) (>= netstandard1.6)) (&& (== net35) (>= netstandard1.6)) (&& (== net40) (>= netstandard1.6)) (&& (== net45) (>= netstandard1.6)) (&& (== netstandard1.0) (>= netstandard1.6)) (&& (== netstandard1.1) (>= netstandard1.6)) (&& (== netstandard1.2) (>= netstandard1.6)) (&& (== netstandard1.3) (>= netstandard1.6)) (&& (== netstandard1.4) (>= netstandard1.6)) (&& (== netstandard1.5) (>= netstandard1.6)) (== netstandard1.6) (== netstandard2.0)
      System.Collections (>= 4.3) - restriction: || (&& (== net20) (>= netstandard1.6)) (&& (== net35) (>= netstandard1.6)) (&& (== net40) (>= netstandard1.6)) (&& (== net45) (>= netstandard1.6)) (&& (== netstandard1.0) (>= netstandard1.6)) (&& (== netstandard1.1) (>= netstandard1.6)) (&& (== netstandard1.2) (>= netstandard1.6)) (&& (== netstandard1.3) (>= netstandard1.6)) (&& (== netstandard1.4) (>= netstandard1.6)) (&& (== netstandard1.5) (>= netstandard1.6)) (== netstandard1.6) (== netstandard2.0)
      System.IO (>= 4.3) - restriction: || (&& (== net20) (>= net463)) (&& (== net20) (>= netstandard1.3)) (&& (== net20) (>= netstandard1.4)) (&& (== net20) (>= netstandard1.6)) (&& (== net35) (>= net463)) (&& (== net35) (>= netstandard1.3)) (&& (== net35) (>= netstandard1.4)) (&& (== net35) (>= netstandard1.6)) (&& (== net40) (>= net463)) (&& (== net40) (>= netstandard1.3)) (&& (== net40) (>= netstandard1.4)) (&& (== net40) (>= netstandard1.6)) (&& (== net45) (>= net463)) (&& (== net45) (>= netstandard1.3)) (&& (== net45) (>= netstandard1.4)) (&& (== net45) (>= netstandard1.6)) (&& (== net46) (>= net463)) (&& (== netstandard1.0) (>= net463)) (&& (== netstandard1.0) (>= netstandard1.3)) (&& (== netstandard1.0) (>= netstandard1.4)) (&& (== netstandard1.0) (>= netstandard1.6)) (&& (== netstandard1.1) (>= net463)) (&& (== netstandard1.1) (>= netstandard1.3)) (&& (== netstandard1.1) (>= netstandard1.4)) (&& (== netstandard1.1) (>= netstandard1.6)) (&& (== netstandard1.2) (>= net463)) (&& (== netstandard1.2) (>= netstandard1.3)) (&& (== netstandard1.2) (>= netstandard1.4)) (&& (== netstandard1.2) (>= netstandard1.6)) (== netstandard1.3) (== netstandard1.4) (== netstandard1.5) (== netstandard1.6) (== netstandard2.0)
      System.Resources.ResourceManager (>= 4.3) - restriction: || (&& (== net20) (>= netstandard1.6)) (&& (== net35) (>= netstandard1.6)) (&& (== net40) (>= netstandard1.6)) (&& (== net45) (>= netstandard1.6)) (&& (== netstandard1.0) (>= netstandard1.6)) (&& (== netstandard1.1) (>= netstandard1.6)) (&& (== netstandard1.2) (>= netstandard1.6)) (&& (== netstandard1.3) (>= netstandard1.6)) (&& (== netstandard1.4) (>= netstandard1.6)) (&& (== netstandard1.5) (>= netstandard1.6)) (== netstandard1.6) (== netstandard2.0)
      System.Runtime (>= 4.3) - restriction: || (&& (== net20) (>= net463)) (&& (== net20) (>= netstandard1.3)) (&& (== net20) (>= netstandard1.4)) (&& (== net20) (>= netstandard1.6)) (&& (== net35) (>= net463)) (&& (== net35) (>= netstandard1.3)) (&& (== net35) (>= netstandard1.4)) (&& (== net35) (>= netstandard1.6)) (&& (== net40) (>= net463)) (&& (== net40) (>= netstandard1.3)) (&& (== net40) (>= netstandard1.4)) (&& (== net40) (>= netstandard1.6)) (&& (== net45) (>= net463)) (&& (== net45) (>= netstandard1.3)) (&& (== net45) (>= netstandard1.4)) (&& (== net45) (>= netstandard1.6)) (&& (== net46) (>= net463)) (&& (== netstandard1.0) (>= net463)) (&& (== netstandard1.0) (>= netstandard1.3)) (&& (== netstandard1.0) (>= netstandard1.4)) (&& (== netstandard1.0) (>= netstandard1.6)) (&& (== netstandard1.1) (>= net463)) (&& (== netstandard1.1) (>= netstandard1.3)) (&& (== netstandard1.1) (>= netstandard1.4)) (&& (== netstandard1.1) (>= netstandard1.6)) (&& (== netstandard1.2) (>= net463)) (&& (== netstandard1.2) (>= netstandard1.3)) (&& (== netstandard1.2) (>= netstandard1.4)) (&& (== netstandard1.2) (>= netstandard1.6)) (== netstandard1.3) (== netstandard1.4) (== netstandard1.5) (== netstandard1.6) (== netstandard2.0)
      System.Runtime.Extensions (>= 4.3) - restriction: || (&& (== net20) (>= netstandard1.6)) (&& (== net35) (>= netstandard1.6)) (&& (== net40) (>= netstandard1.6)) (&& (== net45) (>= netstandard1.6)) (&& (== netstandard1.0) (>= netstandard1.6)) (&& (== netstandard1.1) (>= netstandard1.6)) (&& (== netstandard1.2) (>= netstandard1.6)) (&& (== netstandard1.3) (>= netstandard1.6)) (&& (== netstandard1.4) (>= netstandard1.6)) (&& (== netstandard1.5) (>= netstandard1.6)) (== netstandard1.6) (== netstandard2.0)
      System.Runtime.Handles (>= 4.3) - restriction: || (&& (== net20) (>= netstandard1.6)) (&& (== net35) (>= netstandard1.6)) (&& (== net40) (>= netstandard1.6)) (&& (== net45) (>= netstandard1.6)) (&& (== netstandard1.0) (>= netstandard1.6)) (&& (== netstandard1.1) (>= netstandard1.6)) (&& (== netstandard1.2) (>= netstandard1.6)) (&& (== netstandard1.3) (>= netstandard1.6)) (&& (== netstandard1.4) (>= netstandard1.6)) (&& (== netstandard1.5) (>= netstandard1.6)) (== netstandard1.6) (== netstandard2.0)
      System.Runtime.InteropServices (>= 4.3) - restriction: || (&& (== net20) (>= netstandard1.6)) (&& (== net35) (>= netstandard1.6)) (&& (== net40) (>= netstandard1.6)) (&& (== net45) (>= netstandard1.6)) (&& (== netstandard1.0) (>= netstandard1.6)) (&& (== netstandard1.1) (>= netstandard1.6)) (&& (== netstandard1.2) (>= netstandard1.6)) (&& (== netstandard1.3) (>= netstandard1.6)) (&& (== netstandard1.4) (>= netstandard1.6)) (&& (== netstandard1.5) (>= netstandard1.6)) (== netstandard1.6) (== netstandard2.0)
      System.Runtime.Numerics (>= 4.3) - restriction: || (&& (== net20) (>= netstandard1.6)) (&& (== net35) (>= netstandard1.6)) (&& (== net40) (>= netstandard1.6)) (&& (== net45) (>= netstandard1.6)) (&& (== netstandard1.0) (>= netstandard1.6)) (&& (== netstandard1.1) (>= netstandard1.6)) (&& (== netstandard1.2) (>= netstandard1.6)) (&& (== netstandard1.3) (>= netstandard1.6)) (&& (== netstandard1.4) (>= netstandard1.6)) (&& (== netstandard1.5) (>= netstandard1.6)) (== netstandard1.6) (== netstandard2.0)
      System.Security.Cryptography.Encoding (>= 4.3) - restriction: || (&& (== net20) (>= net463)) (&& (== net20) (>= netstandard1.6)) (&& (== net35) (>= net463)) (&& (== net35) (>= netstandard1.6)) (&& (== net40) (>= net463)) (&& (== net40) (>= netstandard1.6)) (&& (== net45) (>= net463)) (&& (== net45) (>= netstandard1.6)) (&& (== net46) (>= net463)) (&& (== netstandard1.0) (>= net463)) (&& (== netstandard1.0) (>= netstandard1.6)) (&& (== netstandard1.1) (>= net463)) (&& (== netstandard1.1) (>= netstandard1.6)) (&& (== netstandard1.2) (>= net463)) (&& (== netstandard1.2) (>= netstandard1.6)) (&& (== netstandard1.3) (>= net463)) (&& (== netstandard1.3) (>= netstandard1.6)) (&& (== netstandard1.4) (>= net463)) (&& (== netstandard1.4) (>= netstandard1.6)) (&& (== netstandard1.5) (>= net463)) (&& (== netstandard1.5) (>= netstandard1.6)) (== netstandard1.6) (== netstandard2.0)
      System.Security.Cryptography.Primitives (>= 4.3) - restriction: || (&& (== net20) (>= net46)) (&& (== net20) (>= net461)) (&& (== net20) (>= net463)) (&& (== net20) (>= netstandard1.3)) (&& (== net20) (>= netstandard1.4)) (&& (== net20) (>= netstandard1.6)) (&& (== net35) (>= net46)) (&& (== net35) (>= net461)) (&& (== net35) (>= net463)) (&& (== net35) (>= netstandard1.3)) (&& (== net35) (>= netstandard1.4)) (&& (== net35) (>= netstandard1.6)) (&& (== net40) (>= net46)) (&& (== net40) (>= net461)) (&& (== net40) (>= net463)) (&& (== net40) (>= netstandard1.3)) (&& (== net40) (>= netstandard1.4)) (&& (== net40) (>= netstandard1.6)) (&& (== net45) (>= net46)) (&& (== net45) (>= net461)) (&& (== net45) (>= net463)) (&& (== net45) (>= netstandard1.3)) (&& (== net45) (>= netstandard1.4)) (&& (== net45) (>= netstandard1.6)) (== net46) (&& (== netstandard1.0) (>= net46)) (&& (== netstandard1.0) (>= net461)) (&& (== netstandard1.0) (>= net463)) (&& (== netstandard1.0) (>= netstandard1.3)) (&& (== netstandard1.0) (>= netstandard1.4)) (&& (== netstandard1.0) (>= netstandard1.6)) (&& (== netstandard1.1) (>= net46)) (&& (== netstandard1.1) (>= net461)) (&& (== netstandard1.1) (>= net463)) (&& (== netstandard1.1) (>= netstandard1.3)) (&& (== netstandard1.1) (>= netstandard1.4)) (&& (== netstandard1.1) (>= netstandard1.6)) (&& (== netstandard1.2) (>= net46)) (&& (== netstandard1.2) (>= net461)) (&& (== netstandard1.2) (>= net463)) (&& (== netstandard1.2) (>= netstandard1.3)) (&& (== netstandard1.2) (>= netstandard1.4)) (&& (== netstandard1.2) (>= netstandard1.6)) (== netstandard1.3) (== netstandard1.4) (== netstandard1.5) (== netstandard1.6) (== netstandard2.0)
      System.Text.Encoding (>= 4.3) - restriction: || (&& (== net20) (>= netstandard1.6)) (&& (== net35) (>= netstandard1.6)) (&& (== net40) (>= netstandard1.6)) (&& (== net45) (>= netstandard1.6)) (&& (== netstandard1.0) (>= netstandard1.6)) (&& (== netstandard1.1) (>= netstandard1.6)) (&& (== netstandard1.2) (>= netstandard1.6)) (&& (== netstandard1.3) (>= netstandard1.6)) (&& (== netstandard1.4) (>= netstandard1.6)) (&& (== netstandard1.5) (>= netstandard1.6)) (== netstandard1.6) (== netstandard2.0)
    System.Security.Cryptography.Cng (4.5) - restriction: || (&& (== net20) (== netstandard2.0)) (&& (== net20) (>= netstandard1.6)) (&& (== net20) (>= netstandard2.0)) (&& (== net35) (== netstandard2.0)) (&& (== net40) (== netstandard1.4) (>= netstandard2.0)) (&& (== net40) (== netstandard1.5) (>= netstandard2.0)) (&& (== net40) (== netstandard2.0)) (&& (== net40) (< net35) (>= netstandard1.6)) (&& (== net40) (< net35) (>= netstandard2.0)) (&& (== net40) (>= netstandard1.6) (>= uap10.0)) (&& (== net45) (== netstandard1.4) (>= netstandard2.0)) (&& (== net45) (== netstandard1.5) (>= netstandard2.0)) (&& (== net45) (== netstandard2.0)) (&& (== net45) (< net35) (>= netstandard1.6)) (&& (== net45) (< net35) (>= netstandard2.0)) (&& (== net45) (>= netstandard1.6) (>= uap10.0)) (&& (== net46) (== netstandard1.4) (>= netstandard2.0)) (&& (== net46) (== netstandard1.5) (>= netstandard2.0)) (&& (== net46) (== netstandard2.0)) (&& (== net46) (< net35) (>= netstandard1.6)) (&& (== net46) (< net35) (>= netstandard2.0)) (&& (== net46) (>= netstandard1.6) (>= uap10.0)) (&& (== netstandard1.0) (== netstandard2.0)) (&& (== netstandard1.0) (>= netstandard1.6)) (&& (== netstandard1.0) (>= netstandard2.0)) (&& (== netstandard1.1) (== netstandard2.0)) (&& (== netstandard1.1) (>= netstandard1.6)) (&& (== netstandard1.1) (>= netstandard2.0)) (&& (== netstandard1.2) (== netstandard2.0)) (&& (== netstandard1.2) (>= netstandard1.6)) (&& (== netstandard1.2) (>= netstandard2.0)) (&& (== netstandard1.3) (== netstandard2.0)) (&& (== netstandard1.3) (>= netstandard1.6)) (&& (== netstandard1.3) (>= netstandard2.0)) (&& (== netstandard1.4) (== netstandard2.0)) (&& (== netstandard1.4) (>= netstandard1.6)) (&& (== netstandard1.5) (== netstandard2.0)) (&& (== netstandard1.5) (>= netstandard1.6)) (== netstandard1.6) (&& (== netstandard2.0) (< netstandard1.4)) (&& (== netstandard2.0) (< netstandard1.5)) (&& (== netstandard2.0) (< netstandard1.6)) (&& (== netstandard2.0) (>= uap10.0))
      System.IO (>= 4.3) - restriction: || (&& (== net20) (>= netstandard1.3)) (&& (== net20) (>= netstandard1.4)) (&& (== net20) (>= netstandard1.6)) (&& (== net35) (>= netstandard1.3)) (&& (== net35) (>= netstandard1.4)) (&& (== net35) (>= netstandard1.6)) (&& (== net40) (>= netstandard1.3)) (&& (== net40) (>= netstandard1.4)) (&& (== net40) (>= netstandard1.6)) (&& (== net45) (>= netstandard1.3)) (&& (== net45) (>= netstandard1.4)) (&& (== net45) (>= netstandard1.6)) (&& (== netstandard1.0) (>= netstandard1.3)) (&& (== netstandard1.0) (>= netstandard1.4)) (&& (== netstandard1.0) (>= netstandard1.6)) (&& (== netstandard1.1) (>= netstandard1.3)) (&& (== netstandard1.1) (>= netstandard1.4)) (&& (== netstandard1.1) (>= netstandard1.6)) (&& (== netstandard1.2) (>= netstandard1.3)) (&& (== netstandard1.2) (>= netstandard1.4)) (&& (== netstandard1.2) (>= netstandard1.6)) (== netstandard1.3) (== netstandard1.4) (== netstandard1.5) (== netstandard1.6) (&& (== netstandard2.0) (< netstandard1.4)) (&& (== netstandard2.0) (< netstandard1.6))
      System.Resources.ResourceManager (>= 4.3) - restriction: || (&& (== net20) (>= netstandard1.3)) (&& (== net20) (>= netstandard1.4)) (&& (== net20) (>= netstandard1.6)) (&& (== net35) (>= netstandard1.3)) (&& (== net35) (>= netstandard1.4)) (&& (== net35) (>= netstandard1.6)) (&& (== net40) (>= netstandard1.3)) (&& (== net40) (>= netstandard1.4)) (&& (== net40) (>= netstandard1.6)) (&& (== net45) (>= netstandard1.3)) (&& (== net45) (>= netstandard1.4)) (&& (== net45) (>= netstandard1.6)) (&& (== netstandard1.0) (>= netstandard1.3)) (&& (== netstandard1.0) (>= netstandard1.4)) (&& (== netstandard1.0) (>= netstandard1.6)) (&& (== netstandard1.1) (>= netstandard1.3)) (&& (== netstandard1.1) (>= netstandard1.4)) (&& (== netstandard1.1) (>= netstandard1.6)) (&& (== netstandard1.2) (>= netstandard1.3)) (&& (== netstandard1.2) (>= netstandard1.4)) (&& (== netstandard1.2) (>= netstandard1.6)) (== netstandard1.3) (== netstandard1.4) (== netstandard1.5) (== netstandard1.6) (&& (== netstandard2.0) (< netstandard1.4)) (&& (== netstandard2.0) (< netstandard1.6))
      System.Runtime (>= 4.3) - restriction: || (&& (== net20) (>= netstandard1.3)) (&& (== net20) (>= netstandard1.4)) (&& (== net20) (>= netstandard1.6)) (&& (== net35) (>= netstandard1.3)) (&& (== net35) (>= netstandard1.4)) (&& (== net35) (>= netstandard1.6)) (&& (== net40) (>= netstandard1.3)) (&& (== net40) (>= netstandard1.4)) (&& (== net40) (>= netstandard1.6)) (&& (== net45) (>= netstandard1.3)) (&& (== net45) (>= netstandard1.4)) (&& (== net45) (>= netstandard1.6)) (&& (== netstandard1.0) (>= netstandard1.3)) (&& (== netstandard1.0) (>= netstandard1.4)) (&& (== netstandard1.0) (>= netstandard1.6)) (&& (== netstandard1.1) (>= netstandard1.3)) (&& (== netstandard1.1) (>= netstandard1.4)) (&& (== netstandard1.1) (>= netstandard1.6)) (&& (== netstandard1.2) (>= netstandard1.3)) (&& (== netstandard1.2) (>= netstandard1.4)) (&& (== netstandard1.2) (>= netstandard1.6)) (== netstandard1.3) (== netstandard1.4) (== netstandard1.5) (== netstandard1.6) (&& (== netstandard2.0) (< netstandard1.4)) (&& (== netstandard2.0) (< netstandard1.6))
      System.Runtime.Extensions (>= 4.3) - restriction: || (&& (== net20) (>= netstandard1.4)) (&& (== net20) (>= netstandard1.6)) (&& (== net35) (>= netstandard1.4)) (&& (== net35) (>= netstandard1.6)) (&& (== net40) (>= netstandard1.4)) (&& (== net40) (>= netstandard1.6)) (&& (== net45) (>= netstandard1.4)) (&& (== net45) (>= netstandard1.6)) (&& (== netstandard1.0) (>= netstandard1.4)) (&& (== netstandard1.0) (>= netstandard1.6)) (&& (== netstandard1.1) (>= netstandard1.4)) (&& (== netstandard1.1) (>= netstandard1.6)) (&& (== netstandard1.2) (>= netstandard1.4)) (&& (== netstandard1.2) (>= netstandard1.6)) (&& (== netstandard1.3) (>= netstandard1.4)) (&& (== netstandard1.3) (>= netstandard1.6)) (== netstandard1.4) (== netstandard1.5) (== netstandard1.6) (&& (== netstandard2.0) (< netstandard1.6))
      System.Runtime.Handles (>= 4.3) - restriction: || (&& (== net20) (>= netstandard1.3)) (&& (== net20) (>= netstandard1.4)) (&& (== net20) (>= netstandard1.6)) (&& (== net35) (>= netstandard1.3)) (&& (== net35) (>= netstandard1.4)) (&& (== net35) (>= netstandard1.6)) (&& (== net40) (>= netstandard1.3)) (&& (== net40) (>= netstandard1.4)) (&& (== net40) (>= netstandard1.6)) (&& (== net45) (>= netstandard1.3)) (&& (== net45) (>= netstandard1.4)) (&& (== net45) (>= netstandard1.6)) (&& (== netstandard1.0) (>= netstandard1.3)) (&& (== netstandard1.0) (>= netstandard1.4)) (&& (== netstandard1.0) (>= netstandard1.6)) (&& (== netstandard1.1) (>= netstandard1.3)) (&& (== netstandard1.1) (>= netstandard1.4)) (&& (== netstandard1.1) (>= netstandard1.6)) (&& (== netstandard1.2) (>= netstandard1.3)) (&& (== netstandard1.2) (>= netstandard1.4)) (&& (== netstandard1.2) (>= netstandard1.6)) (== netstandard1.3) (== netstandard1.4) (== netstandard1.5) (== netstandard1.6) (&& (== netstandard2.0) (< netstandard1.4)) (&& (== netstandard2.0) (< netstandard1.6))
      System.Runtime.InteropServices (>= 4.3) - restriction: || (&& (== net20) (>= netstandard1.3)) (&& (== net20) (>= netstandard1.4)) (&& (== net20) (>= netstandard1.6)) (&& (== net35) (>= netstandard1.3)) (&& (== net35) (>= netstandard1.4)) (&& (== net35) (>= netstandard1.6)) (&& (== net40) (>= netstandard1.3)) (&& (== net40) (>= netstandard1.4)) (&& (== net40) (>= netstandard1.6)) (&& (== net45) (>= netstandard1.3)) (&& (== net45) (>= netstandard1.4)) (&& (== net45) (>= netstandard1.6)) (&& (== netstandard1.0) (>= netstandard1.3)) (&& (== netstandard1.0) (>= netstandard1.4)) (&& (== netstandard1.0) (>= netstandard1.6)) (&& (== netstandard1.1) (>= netstandard1.3)) (&& (== netstandard1.1) (>= netstandard1.4)) (&& (== netstandard1.1) (>= netstandard1.6)) (&& (== netstandard1.2) (>= netstandard1.3)) (&& (== netstandard1.2) (>= netstandard1.4)) (&& (== netstandard1.2) (>= netstandard1.6)) (== netstandard1.3) (== netstandard1.4) (== netstandard1.5) (== netstandard1.6) (&& (== netstandard2.0) (< netstandard1.4)) (&& (== netstandard2.0) (< netstandard1.6))
      System.Security.Cryptography.Algorithms (>= 4.3) - restriction: || (&& (== net20) (>= net46)) (&& (== net20) (>= netstandard1.3)) (&& (== net20) (>= netstandard1.4)) (&& (== net20) (>= netstandard1.6)) (&& (== net35) (>= net46)) (&& (== net35) (>= netstandard1.3)) (&& (== net35) (>= netstandard1.4)) (&& (== net35) (>= netstandard1.6)) (&& (== net40) (>= net46)) (&& (== net40) (>= netstandard1.3)) (&& (== net40) (>= netstandard1.4)) (&& (== net40) (>= netstandard1.6)) (&& (== net45) (>= net46)) (&& (== net45) (>= netstandard1.3)) (&& (== net45) (>= netstandard1.4)) (&& (== net45) (>= netstandard1.6)) (== net46) (&& (== netstandard1.0) (>= net46)) (&& (== netstandard1.0) (>= netstandard1.3)) (&& (== netstandard1.0) (>= netstandard1.4)) (&& (== netstandard1.0) (>= netstandard1.6)) (&& (== netstandard1.1) (>= net46)) (&& (== netstandard1.1) (>= netstandard1.3)) (&& (== netstandard1.1) (>= netstandard1.4)) (&& (== netstandard1.1) (>= netstandard1.6)) (&& (== netstandard1.2) (>= net46)) (&& (== netstandard1.2) (>= netstandard1.3)) (&& (== netstandard1.2) (>= netstandard1.4)) (&& (== netstandard1.2) (>= netstandard1.6)) (== netstandard1.3) (== netstandard1.4) (== netstandard1.5) (== netstandard1.6) (&& (== netstandard2.0) (< netstandard1.4)) (&& (== netstandard2.0) (< netstandard1.6))
      System.Security.Cryptography.Encoding (>= 4.3) - restriction: || (&& (== net20) (>= netstandard1.4)) (&& (== net20) (>= netstandard1.6)) (&& (== net35) (>= netstandard1.4)) (&& (== net35) (>= netstandard1.6)) (&& (== net40) (>= netstandard1.4)) (&& (== net40) (>= netstandard1.6)) (&& (== net45) (>= netstandard1.4)) (&& (== net45) (>= netstandard1.6)) (&& (== netstandard1.0) (>= netstandard1.4)) (&& (== netstandard1.0) (>= netstandard1.6)) (&& (== netstandard1.1) (>= netstandard1.4)) (&& (== netstandard1.1) (>= netstandard1.6)) (&& (== netstandard1.2) (>= netstandard1.4)) (&& (== netstandard1.2) (>= netstandard1.6)) (&& (== netstandard1.3) (>= netstandard1.4)) (&& (== netstandard1.3) (>= netstandard1.6)) (== netstandard1.4) (== netstandard1.5) (== netstandard1.6) (&& (== netstandard2.0) (< netstandard1.6))
      System.Security.Cryptography.Primitives (>= 4.3) - restriction: || (&& (== net20) (>= net46)) (&& (== net20) (>= netstandard1.3)) (&& (== net20) (>= netstandard1.4)) (&& (== net20) (>= netstandard1.6)) (&& (== net35) (>= net46)) (&& (== net35) (>= netstandard1.3)) (&& (== net35) (>= netstandard1.4)) (&& (== net35) (>= netstandard1.6)) (&& (== net40) (>= net46)) (&& (== net40) (>= netstandard1.3)) (&& (== net40) (>= netstandard1.4)) (&& (== net40) (>= netstandard1.6)) (&& (== net45) (>= net46)) (&& (== net45) (>= netstandard1.3)) (&& (== net45) (>= netstandard1.4)) (&& (== net45) (>= netstandard1.6)) (== net46) (&& (== netstandard1.0) (>= net46)) (&& (== netstandard1.0) (>= netstandard1.3)) (&& (== netstandard1.0) (>= netstandard1.4)) (&& (== netstandard1.0) (>= netstandard1.6)) (&& (== netstandard1.1) (>= net46)) (&& (== netstandard1.1) (>= netstandard1.3)) (&& (== netstandard1.1) (>= netstandard1.4)) (&& (== netstandard1.1) (>= netstandard1.6)) (&& (== netstandard1.2) (>= net46)) (&& (== netstandard1.2) (>= netstandard1.3)) (&& (== netstandard1.2) (>= netstandard1.4)) (&& (== netstandard1.2) (>= netstandard1.6)) (== netstandard1.3) (== netstandard1.4) (== netstandard1.5) (== netstandard1.6) (&& (== netstandard2.0) (< netstandard1.4)) (&& (== netstandard2.0) (< netstandard1.6))
      System.Text.Encoding (>= 4.3) - restriction: || (&& (== net20) (>= netstandard1.4)) (&& (== net20) (>= netstandard1.6)) (&& (== net35) (>= netstandard1.4)) (&& (== net35) (>= netstandard1.6)) (&& (== net40) (>= netstandard1.4)) (&& (== net40) (>= netstandard1.6)) (&& (== net45) (>= netstandard1.4)) (&& (== net45) (>= netstandard1.6)) (&& (== netstandard1.0) (>= netstandard1.4)) (&& (== netstandard1.0) (>= netstandard1.6)) (&& (== netstandard1.1) (>= netstandard1.4)) (&& (== netstandard1.1) (>= netstandard1.6)) (&& (== netstandard1.2) (>= netstandard1.4)) (&& (== netstandard1.2) (>= netstandard1.6)) (&& (== netstandard1.3) (>= netstandard1.4)) (&& (== netstandard1.3) (>= netstandard1.6)) (== netstandard1.4) (== netstandard1.5) (== netstandard1.6) (&& (== netstandard2.0) (< netstandard1.6))
    System.Security.Cryptography.Csp (4.3) - restriction: || (&& (== net20) (== netstandard2.0)) (&& (== net20) (>= netstandard1.6)) (&& (== net20) (>= netstandard2.0)) (&& (== net35) (== netstandard2.0)) (&& (== net40) (== netstandard1.4) (>= netstandard2.0)) (&& (== net40) (== netstandard1.5) (>= netstandard2.0)) (&& (== net40) (== netstandard2.0)) (&& (== net40) (< net35) (>= netstandard1.6)) (&& (== net40) (< net35) (>= netstandard2.0)) (&& (== net40) (>= netstandard1.6) (>= uap10.0)) (&& (== net45) (== netstandard1.4) (>= netstandard2.0)) (&& (== net45) (== netstandard1.5) (>= netstandard2.0)) (&& (== net45) (== netstandard2.0)) (&& (== net45) (< net35) (>= netstandard1.6)) (&& (== net45) (< net35) (>= netstandard2.0)) (&& (== net45) (>= netstandard1.6) (>= uap10.0)) (&& (== net46) (== netstandard1.4) (>= netstandard2.0)) (&& (== net46) (== netstandard1.5) (>= netstandard2.0)) (&& (== net46) (== netstandard2.0)) (&& (== net46) (< net35) (>= netstandard1.6)) (&& (== net46) (< net35) (>= netstandard2.0)) (&& (== net46) (>= netstandard1.6) (>= uap10.0)) (&& (== netstandard1.0) (== netstandard2.0)) (&& (== netstandard1.0) (>= netstandard1.6)) (&& (== netstandard1.0) (>= netstandard2.0)) (&& (== netstandard1.1) (== netstandard2.0)) (&& (== netstandard1.1) (>= netstandard1.6)) (&& (== netstandard1.1) (>= netstandard2.0)) (&& (== netstandard1.2) (== netstandard2.0)) (&& (== netstandard1.2) (>= netstandard1.6)) (&& (== netstandard1.2) (>= netstandard2.0)) (&& (== netstandard1.3) (== netstandard2.0)) (&& (== netstandard1.3) (>= netstandard1.6)) (&& (== netstandard1.3) (>= netstandard2.0)) (&& (== netstandard1.4) (== netstandard2.0)) (&& (== netstandard1.4) (>= netstandard1.6)) (&& (== netstandard1.5) (== netstandard2.0)) (&& (== netstandard1.5) (>= netstandard1.6)) (== netstandard1.6) (&& (== netstandard2.0) (< netstandard1.4)) (&& (== netstandard2.0) (< netstandard1.5)) (&& (== netstandard2.0) (< netstandard1.6)) (&& (== netstandard2.0) (>= uap10.0))
      Microsoft.NETCore.Platforms (>= 1.1) - restriction: || (&& (== net20) (>= netstandard1.3)) (&& (== net35) (>= netstandard1.3)) (&& (== net40) (>= netstandard1.3)) (&& (== net45) (>= netstandard1.3)) (&& (== netstandard1.0) (>= netstandard1.3)) (&& (== netstandard1.1) (>= netstandard1.3)) (&& (== netstandard1.2) (>= netstandard1.3)) (== netstandard1.3) (== netstandard1.4) (== netstandard1.5) (== netstandard1.6) (== netstandard2.0)
      System.IO (>= 4.3) - restriction: || (&& (== net20) (>= netstandard1.3)) (&& (== net35) (>= netstandard1.3)) (&& (== net40) (>= netstandard1.3)) (&& (== net45) (>= netstandard1.3)) (&& (== netstandard1.0) (>= netstandard1.3)) (&& (== netstandard1.1) (>= netstandard1.3)) (&& (== netstandard1.2) (>= netstandard1.3)) (== netstandard1.3) (== netstandard1.4) (== netstandard1.5) (== netstandard1.6) (== netstandard2.0)
      System.Reflection (>= 4.3) - restriction: || (&& (== net20) (>= netstandard1.3)) (&& (== net35) (>= netstandard1.3)) (&& (== net40) (>= netstandard1.3)) (&& (== net45) (>= netstandard1.3)) (&& (== netstandard1.0) (>= netstandard1.3)) (&& (== netstandard1.1) (>= netstandard1.3)) (&& (== netstandard1.2) (>= netstandard1.3)) (== netstandard1.3) (== netstandard1.4) (== netstandard1.5) (== netstandard1.6) (== netstandard2.0)
      System.Resources.ResourceManager (>= 4.3) - restriction: || (&& (== net20) (>= netstandard1.3)) (&& (== net35) (>= netstandard1.3)) (&& (== net40) (>= netstandard1.3)) (&& (== net45) (>= netstandard1.3)) (&& (== netstandard1.0) (>= netstandard1.3)) (&& (== netstandard1.1) (>= netstandard1.3)) (&& (== netstandard1.2) (>= netstandard1.3)) (== netstandard1.3) (== netstandard1.4) (== netstandard1.5) (== netstandard1.6) (== netstandard2.0)
      System.Runtime (>= 4.3) - restriction: || (&& (== net20) (>= netstandard1.3)) (&& (== net35) (>= netstandard1.3)) (&& (== net40) (>= netstandard1.3)) (&& (== net45) (>= netstandard1.3)) (&& (== netstandard1.0) (>= netstandard1.3)) (&& (== netstandard1.1) (>= netstandard1.3)) (&& (== netstandard1.2) (>= netstandard1.3)) (== netstandard1.3) (== netstandard1.4) (== netstandard1.5) (== netstandard1.6) (== netstandard2.0)
      System.Runtime.Extensions (>= 4.3) - restriction: || (&& (== net20) (>= netstandard1.3)) (&& (== net35) (>= netstandard1.3)) (&& (== net40) (>= netstandard1.3)) (&& (== net45) (>= netstandard1.3)) (&& (== netstandard1.0) (>= netstandard1.3)) (&& (== netstandard1.1) (>= netstandard1.3)) (&& (== netstandard1.2) (>= netstandard1.3)) (== netstandard1.3) (== netstandard1.4) (== netstandard1.5) (== netstandard1.6) (== netstandard2.0)
      System.Runtime.Handles (>= 4.3) - restriction: || (&& (== net20) (>= netstandard1.3)) (&& (== net35) (>= netstandard1.3)) (&& (== net40) (>= netstandard1.3)) (&& (== net45) (>= netstandard1.3)) (&& (== netstandard1.0) (>= netstandard1.3)) (&& (== netstandard1.1) (>= netstandard1.3)) (&& (== netstandard1.2) (>= netstandard1.3)) (== netstandard1.3) (== netstandard1.4) (== netstandard1.5) (== netstandard1.6) (== netstandard2.0)
      System.Runtime.InteropServices (>= 4.3) - restriction: || (&& (== net20) (>= netstandard1.3)) (&& (== net35) (>= netstandard1.3)) (&& (== net40) (>= netstandard1.3)) (&& (== net45) (>= netstandard1.3)) (&& (== netstandard1.0) (>= netstandard1.3)) (&& (== netstandard1.1) (>= netstandard1.3)) (&& (== netstandard1.2) (>= netstandard1.3)) (== netstandard1.3) (== netstandard1.4) (== netstandard1.5) (== netstandard1.6) (== netstandard2.0)
      System.Security.Cryptography.Algorithms (>= 4.3) - restriction: || (&& (== net20) (>= net46)) (&& (== net20) (>= netstandard1.3)) (&& (== net35) (>= net46)) (&& (== net35) (>= netstandard1.3)) (&& (== net40) (>= net46)) (&& (== net40) (>= netstandard1.3)) (&& (== net45) (>= net46)) (&& (== net45) (>= netstandard1.3)) (== net46) (&& (== netstandard1.0) (>= net46)) (&& (== netstandard1.0) (>= netstandard1.3)) (&& (== netstandard1.1) (>= net46)) (&& (== netstandard1.1) (>= netstandard1.3)) (&& (== netstandard1.2) (>= net46)) (&& (== netstandard1.2) (>= netstandard1.3)) (== netstandard1.3) (== netstandard1.4) (== netstandard1.5) (== netstandard1.6) (== netstandard2.0)
      System.Security.Cryptography.Encoding (>= 4.3) - restriction: || (&& (== net20) (>= netstandard1.3)) (&& (== net35) (>= netstandard1.3)) (&& (== net40) (>= netstandard1.3)) (&& (== net45) (>= netstandard1.3)) (&& (== netstandard1.0) (>= netstandard1.3)) (&& (== netstandard1.1) (>= netstandard1.3)) (&& (== netstandard1.2) (>= netstandard1.3)) (== netstandard1.3) (== netstandard1.4) (== netstandard1.5) (== netstandard1.6) (== netstandard2.0)
      System.Security.Cryptography.Primitives (>= 4.3) - restriction: || (&& (== net20) (>= net46)) (&& (== net20) (>= netstandard1.3)) (&& (== net35) (>= net46)) (&& (== net35) (>= netstandard1.3)) (&& (== net40) (>= net46)) (&& (== net40) (>= netstandard1.3)) (&& (== net45) (>= net46)) (&& (== net45) (>= netstandard1.3)) (== net46) (&& (== netstandard1.0) (>= net46)) (&& (== netstandard1.0) (>= netstandard1.3)) (&& (== netstandard1.1) (>= net46)) (&& (== netstandard1.1) (>= netstandard1.3)) (&& (== netstandard1.2) (>= net46)) (&& (== netstandard1.2) (>= netstandard1.3)) (== netstandard1.3) (== netstandard1.4) (== netstandard1.5) (== netstandard1.6) (== netstandard2.0)
      System.Text.Encoding (>= 4.3) - restriction: || (&& (== net20) (>= netstandard1.3)) (&& (== net35) (>= netstandard1.3)) (&& (== net40) (>= netstandard1.3)) (&& (== net45) (>= netstandard1.3)) (&& (== netstandard1.0) (>= netstandard1.3)) (&& (== netstandard1.1) (>= netstandard1.3)) (&& (== netstandard1.2) (>= netstandard1.3)) (== netstandard1.3) (== netstandard1.4) (== netstandard1.5) (== netstandard1.6) (== netstandard2.0)
      System.Threading (>= 4.3) - restriction: || (&& (== net20) (>= netstandard1.3)) (&& (== net35) (>= netstandard1.3)) (&& (== net40) (>= netstandard1.3)) (&& (== net45) (>= netstandard1.3)) (&& (== netstandard1.0) (>= netstandard1.3)) (&& (== netstandard1.1) (>= netstandard1.3)) (&& (== netstandard1.2) (>= netstandard1.3)) (== netstandard1.3) (== netstandard1.4) (== netstandard1.5) (== netstandard1.6) (== netstandard2.0)
    System.Security.Cryptography.Encoding (4.3) - restriction: || (&& (== net20) (== netstandard2.0)) (&& (== net20) (>= net463)) (&& (== net20) (>= netstandard1.4)) (&& (== net20) (>= netstandard1.5)) (&& (== net20) (>= netstandard1.6)) (&& (== net20) (>= netstandard2.0)) (&& (== net20) (>= uap10.0)) (&& (== net35) (== netstandard2.0)) (&& (== net40) (== netstandard2.0)) (&& (== net40) (< net35) (>= net463)) (&& (== net40) (< net35) (>= netstandard1.4)) (&& (== net40) (< net35) (>= netstandard1.5)) (&& (== net40) (< net35) (>= netstandard1.6)) (&& (== net40) (< net35) (>= netstandard2.0)) (&& (== net40) (>= uap10.0)) (&& (== net45) (== netstandard2.0)) (&& (== net45) (< net35) (>= net463)) (&& (== net45) (< net35) (>= netstandard1.4)) (&& (== net45) (< net35) (>= netstandard1.5)) (&& (== net45) (< net35) (>= netstandard1.6)) (&& (== net45) (< net35) (>= netstandard2.0)) (&& (== net45) (>= uap10.0)) (&& (== net46) (== netstandard2.0)) (&& (== net46) (< net35) (>= net463)) (&& (== net46) (< net35) (>= netstandard1.4)) (&& (== net46) (< net35) (>= netstandard1.5)) (&& (== net46) (< net35) (>= netstandard1.6)) (&& (== net46) (< net35) (>= netstandard2.0)) (&& (== net46) (>= uap10.0)) (&& (== netstandard1.0) (== netstandard2.0)) (&& (== netstandard1.0) (>= net463)) (&& (== netstandard1.0) (>= netstandard1.4)) (&& (== netstandard1.0) (>= netstandard1.5)) (&& (== netstandard1.0) (>= netstandard1.6)) (&& (== netstandard1.0) (>= netstandard2.0)) (&& (== netstandard1.0) (>= uap10.0)) (&& (== netstandard1.1) (== netstandard2.0)) (&& (== netstandard1.1) (>= net463)) (&& (== netstandard1.1) (>= netstandard1.4)) (&& (== netstandard1.1) (>= netstandard1.5)) (&& (== netstandard1.1) (>= netstandard1.6)) (&& (== netstandard1.1) (>= netstandard2.0)) (&& (== netstandard1.1) (>= uap10.0)) (&& (== netstandard1.2) (== netstandard2.0)) (&& (== netstandard1.2) (>= net463)) (&& (== netstandard1.2) (>= netstandard1.4)) (&& (== netstandard1.2) (>= netstandard1.5)) (&& (== netstandard1.2) (>= netstandard1.6)) (&& (== netstandard1.2) (>= netstandard2.0)) (&& (== netstandard1.2) (>= uap10.0)) (&& (== netstandard1.3) (== netstandard2.0)) (&& (== netstandard1.3) (>= net463)) (&& (== netstandard1.3) (>= netstandard1.4)) (&& (== netstandard1.3) (>= netstandard1.5)) (&& (== netstandard1.3) (>= netstandard1.6)) (&& (== netstandard1.3) (>= netstandard2.0)) (&& (== netstandard1.3) (>= uap10.0)) (== netstandard1.4) (== netstandard1.5) (== netstandard1.6) (&& (== netstandard2.0) (< netstandard1.4)) (&& (== netstandard2.0) (< netstandard1.5)) (&& (== netstandard2.0) (< netstandard1.6)) (&& (== netstandard2.0) (>= uap10.0))
      Microsoft.NETCore.Platforms (>= 1.1) - restriction: || (&& (== net20) (>= netstandard1.3)) (&& (== net35) (>= netstandard1.3)) (&& (== net40) (>= netstandard1.3)) (&& (== net45) (>= netstandard1.3)) (&& (== netstandard1.0) (>= netstandard1.3)) (&& (== netstandard1.1) (>= netstandard1.3)) (&& (== netstandard1.2) (>= netstandard1.3)) (== netstandard1.3) (== netstandard1.4) (== netstandard1.5) (== netstandard1.6) (== netstandard2.0)
      runtime.native.System.Security.Cryptography.OpenSsl (>= 4.3) - restriction: || (&& (== net20) (>= netstandard1.3)) (&& (== net35) (>= netstandard1.3)) (&& (== net40) (>= netstandard1.3)) (&& (== net45) (>= netstandard1.3)) (&& (== netstandard1.0) (>= netstandard1.3)) (&& (== netstandard1.1) (>= netstandard1.3)) (&& (== netstandard1.2) (>= netstandard1.3)) (== netstandard1.3) (== netstandard1.4) (== netstandard1.5) (== netstandard1.6) (== netstandard2.0)
      System.Collections (>= 4.3) - restriction: || (&& (== net20) (>= netstandard1.3)) (&& (== net35) (>= netstandard1.3)) (&& (== net40) (>= netstandard1.3)) (&& (== net45) (>= netstandard1.3)) (&& (== netstandard1.0) (>= netstandard1.3)) (&& (== netstandard1.1) (>= netstandard1.3)) (&& (== netstandard1.2) (>= netstandard1.3)) (== netstandard1.3) (== netstandard1.4) (== netstandard1.5) (== netstandard1.6) (== netstandard2.0)
      System.Collections.Concurrent (>= 4.3) - restriction: || (&& (== net20) (>= netstandard1.3)) (&& (== net35) (>= netstandard1.3)) (&& (== net40) (>= netstandard1.3)) (&& (== net45) (>= netstandard1.3)) (&& (== netstandard1.0) (>= netstandard1.3)) (&& (== netstandard1.1) (>= netstandard1.3)) (&& (== netstandard1.2) (>= netstandard1.3)) (== netstandard1.3) (== netstandard1.4) (== netstandard1.5) (== netstandard1.6) (== netstandard2.0)
      System.Linq (>= 4.3) - restriction: || (&& (== net20) (>= netstandard1.3)) (&& (== net35) (>= netstandard1.3)) (&& (== net40) (>= netstandard1.3)) (&& (== net45) (>= netstandard1.3)) (&& (== netstandard1.0) (>= netstandard1.3)) (&& (== netstandard1.1) (>= netstandard1.3)) (&& (== netstandard1.2) (>= netstandard1.3)) (== netstandard1.3) (== netstandard1.4) (== netstandard1.5) (== netstandard1.6) (== netstandard2.0)
      System.Resources.ResourceManager (>= 4.3) - restriction: || (&& (== net20) (>= netstandard1.3)) (&& (== net35) (>= netstandard1.3)) (&& (== net40) (>= netstandard1.3)) (&& (== net45) (>= netstandard1.3)) (&& (== netstandard1.0) (>= netstandard1.3)) (&& (== netstandard1.1) (>= netstandard1.3)) (&& (== netstandard1.2) (>= netstandard1.3)) (== netstandard1.3) (== netstandard1.4) (== netstandard1.5) (== netstandard1.6) (== netstandard2.0)
      System.Runtime (>= 4.3) - restriction: || (&& (== net20) (>= netstandard1.3)) (&& (== net35) (>= netstandard1.3)) (&& (== net40) (>= netstandard1.3)) (&& (== net45) (>= netstandard1.3)) (&& (== netstandard1.0) (>= netstandard1.3)) (&& (== netstandard1.1) (>= netstandard1.3)) (&& (== netstandard1.2) (>= netstandard1.3)) (== netstandard1.3) (== netstandard1.4) (== netstandard1.5) (== netstandard1.6) (== netstandard2.0)
      System.Runtime.Extensions (>= 4.3) - restriction: || (&& (== net20) (>= netstandard1.3)) (&& (== net35) (>= netstandard1.3)) (&& (== net40) (>= netstandard1.3)) (&& (== net45) (>= netstandard1.3)) (&& (== netstandard1.0) (>= netstandard1.3)) (&& (== netstandard1.1) (>= netstandard1.3)) (&& (== netstandard1.2) (>= netstandard1.3)) (== netstandard1.3) (== netstandard1.4) (== netstandard1.5) (== netstandard1.6) (== netstandard2.0)
      System.Runtime.Handles (>= 4.3) - restriction: || (&& (== net20) (>= netstandard1.3)) (&& (== net35) (>= netstandard1.3)) (&& (== net40) (>= netstandard1.3)) (&& (== net45) (>= netstandard1.3)) (&& (== netstandard1.0) (>= netstandard1.3)) (&& (== netstandard1.1) (>= netstandard1.3)) (&& (== netstandard1.2) (>= netstandard1.3)) (== netstandard1.3) (== netstandard1.4) (== netstandard1.5) (== netstandard1.6) (== netstandard2.0)
      System.Runtime.InteropServices (>= 4.3) - restriction: || (&& (== net20) (>= netstandard1.3)) (&& (== net35) (>= netstandard1.3)) (&& (== net40) (>= netstandard1.3)) (&& (== net45) (>= netstandard1.3)) (&& (== netstandard1.0) (>= netstandard1.3)) (&& (== netstandard1.1) (>= netstandard1.3)) (&& (== netstandard1.2) (>= netstandard1.3)) (== netstandard1.3) (== netstandard1.4) (== netstandard1.5) (== netstandard1.6) (== netstandard2.0)
      System.Security.Cryptography.Primitives (>= 4.3) - restriction: || (&& (== net20) (>= netstandard1.3)) (&& (== net35) (>= netstandard1.3)) (&& (== net40) (>= netstandard1.3)) (&& (== net45) (>= netstandard1.3)) (&& (== netstandard1.0) (>= netstandard1.3)) (&& (== netstandard1.1) (>= netstandard1.3)) (&& (== netstandard1.2) (>= netstandard1.3)) (== netstandard1.3) (== netstandard1.4) (== netstandard1.5) (== netstandard1.6) (== netstandard2.0)
      System.Text.Encoding (>= 4.3) - restriction: || (&& (== net20) (>= netstandard1.3)) (&& (== net35) (>= netstandard1.3)) (&& (== net40) (>= netstandard1.3)) (&& (== net45) (>= netstandard1.3)) (&& (== netstandard1.0) (>= netstandard1.3)) (&& (== netstandard1.1) (>= netstandard1.3)) (&& (== netstandard1.2) (>= netstandard1.3)) (== netstandard1.3) (== netstandard1.4) (== netstandard1.5) (== netstandard1.6) (== netstandard2.0)
    System.Security.Cryptography.OpenSsl (4.5.1) - restriction: || (&& (== net20) (== netstandard2.0)) (&& (== net20) (>= netstandard1.6)) (&& (== net20) (>= netstandard2.0)) (&& (== net35) (== netstandard2.0)) (&& (== net40) (== netstandard1.4) (>= netstandard2.0)) (&& (== net40) (== netstandard1.5) (>= netstandard2.0)) (&& (== net40) (== netstandard2.0)) (&& (== net40) (< net35) (>= netstandard1.6)) (&& (== net40) (< net35) (>= netstandard2.0)) (&& (== net40) (>= netstandard1.6) (>= uap10.0)) (&& (== net45) (== netstandard1.4) (>= netstandard2.0)) (&& (== net45) (== netstandard1.5) (>= netstandard2.0)) (&& (== net45) (== netstandard2.0)) (&& (== net45) (< net35) (>= netstandard1.6)) (&& (== net45) (< net35) (>= netstandard2.0)) (&& (== net45) (>= netstandard1.6) (>= uap10.0)) (&& (== net46) (== netstandard1.4) (>= netstandard2.0)) (&& (== net46) (== netstandard1.5) (>= netstandard2.0)) (&& (== net46) (== netstandard2.0)) (&& (== net46) (< net35) (>= netstandard1.6)) (&& (== net46) (< net35) (>= netstandard2.0)) (&& (== net46) (>= netstandard1.6) (>= uap10.0)) (&& (== netstandard1.0) (== netstandard2.0)) (&& (== netstandard1.0) (>= netstandard1.6)) (&& (== netstandard1.0) (>= netstandard2.0)) (&& (== netstandard1.1) (== netstandard2.0)) (&& (== netstandard1.1) (>= netstandard1.6)) (&& (== netstandard1.1) (>= netstandard2.0)) (&& (== netstandard1.2) (== netstandard2.0)) (&& (== netstandard1.2) (>= netstandard1.6)) (&& (== netstandard1.2) (>= netstandard2.0)) (&& (== netstandard1.3) (== netstandard2.0)) (&& (== netstandard1.3) (>= netstandard1.6)) (&& (== netstandard1.3) (>= netstandard2.0)) (&& (== netstandard1.4) (== netstandard2.0)) (&& (== netstandard1.4) (>= netstandard1.6)) (&& (== netstandard1.5) (== netstandard2.0)) (&& (== netstandard1.5) (>= netstandard1.6)) (== netstandard1.6) (&& (== netstandard2.0) (< netstandard1.2)) (&& (== netstandard2.0) (< netstandard1.3)) (&& (== netstandard2.0) (< netstandard1.4)) (&& (== netstandard2.0) (< netstandard1.5)) (&& (== netstandard2.0) (< netstandard1.6)) (&& (== netstandard2.0) (>= uap10.0))
      System.Collections (>= 4.3) - restriction: || (&& (== net20) (>= netstandard1.6)) (&& (== net35) (>= netstandard1.6)) (&& (== net40) (>= netstandard1.6)) (&& (== net45) (>= netstandard1.6)) (&& (== net46) (>= netstandard1.6)) (&& (== netstandard1.0) (>= netstandard1.6)) (&& (== netstandard1.1) (>= netstandard1.6)) (&& (== netstandard1.2) (>= netstandard1.6)) (&& (== netstandard1.3) (>= netstandard1.6)) (&& (== netstandard1.4) (>= netstandard1.6)) (&& (== netstandard1.5) (>= netstandard1.6)) (== netstandard1.6)
      System.IO (>= 4.3) - restriction: || (&& (== net20) (>= netstandard1.6)) (&& (== net35) (>= netstandard1.6)) (&& (== net40) (>= netstandard1.6)) (&& (== net45) (>= netstandard1.6)) (&& (== net46) (>= netstandard1.6)) (&& (== netstandard1.0) (>= netstandard1.6)) (&& (== netstandard1.1) (>= netstandard1.6)) (&& (== netstandard1.2) (>= netstandard1.6)) (&& (== netstandard1.3) (>= netstandard1.6)) (&& (== netstandard1.4) (>= netstandard1.6)) (&& (== netstandard1.5) (>= netstandard1.6)) (== netstandard1.6)
      System.Resources.ResourceManager (>= 4.3) - restriction: || (&& (== net20) (>= netstandard1.6)) (&& (== net35) (>= netstandard1.6)) (&& (== net40) (>= netstandard1.6)) (&& (== net45) (>= netstandard1.6)) (&& (== net46) (>= netstandard1.6)) (&& (== netstandard1.0) (>= netstandard1.6)) (&& (== netstandard1.1) (>= netstandard1.6)) (&& (== netstandard1.2) (>= netstandard1.6)) (&& (== netstandard1.3) (>= netstandard1.6)) (&& (== netstandard1.4) (>= netstandard1.6)) (&& (== netstandard1.5) (>= netstandard1.6)) (== netstandard1.6)
      System.Runtime (>= 4.3) - restriction: || (&& (== net20) (>= netstandard1.6)) (&& (== net35) (>= netstandard1.6)) (&& (== net40) (>= netstandard1.6)) (&& (== net45) (>= netstandard1.6)) (&& (== net46) (>= netstandard1.6)) (&& (== netstandard1.0) (>= netstandard1.6)) (&& (== netstandard1.1) (>= netstandard1.6)) (&& (== netstandard1.2) (>= netstandard1.6)) (&& (== netstandard1.3) (>= netstandard1.6)) (&& (== netstandard1.4) (>= netstandard1.6)) (&& (== netstandard1.5) (>= netstandard1.6)) (== netstandard1.6)
      System.Runtime.Extensions (>= 4.3) - restriction: || (&& (== net20) (>= netstandard1.6)) (&& (== net35) (>= netstandard1.6)) (&& (== net40) (>= netstandard1.6)) (&& (== net45) (>= netstandard1.6)) (&& (== net46) (>= netstandard1.6)) (&& (== netstandard1.0) (>= netstandard1.6)) (&& (== netstandard1.1) (>= netstandard1.6)) (&& (== netstandard1.2) (>= netstandard1.6)) (&& (== netstandard1.3) (>= netstandard1.6)) (&& (== netstandard1.4) (>= netstandard1.6)) (&& (== netstandard1.5) (>= netstandard1.6)) (== netstandard1.6)
      System.Runtime.Handles (>= 4.3) - restriction: || (&& (== net20) (>= netstandard1.6)) (&& (== net35) (>= netstandard1.6)) (&& (== net40) (>= netstandard1.6)) (&& (== net45) (>= netstandard1.6)) (&& (== net46) (>= netstandard1.6)) (&& (== netstandard1.0) (>= netstandard1.6)) (&& (== netstandard1.1) (>= netstandard1.6)) (&& (== netstandard1.2) (>= netstandard1.6)) (&& (== netstandard1.3) (>= netstandard1.6)) (&& (== netstandard1.4) (>= netstandard1.6)) (&& (== netstandard1.5) (>= netstandard1.6)) (== netstandard1.6)
      System.Runtime.InteropServices (>= 4.3) - restriction: || (&& (== net20) (>= netstandard1.6)) (&& (== net35) (>= netstandard1.6)) (&& (== net40) (>= netstandard1.6)) (&& (== net45) (>= netstandard1.6)) (&& (== net46) (>= netstandard1.6)) (&& (== netstandard1.0) (>= netstandard1.6)) (&& (== netstandard1.1) (>= netstandard1.6)) (&& (== netstandard1.2) (>= netstandard1.6)) (&& (== netstandard1.3) (>= netstandard1.6)) (&& (== netstandard1.4) (>= netstandard1.6)) (&& (== netstandard1.5) (>= netstandard1.6)) (== netstandard1.6)
      System.Runtime.Numerics (>= 4.3) - restriction: || (&& (== net20) (>= netstandard1.6)) (&& (== net35) (>= netstandard1.6)) (&& (== net40) (>= netstandard1.6)) (&& (== net45) (>= netstandard1.6)) (&& (== net46) (>= netstandard1.6)) (&& (== netstandard1.0) (>= netstandard1.6)) (&& (== netstandard1.1) (>= netstandard1.6)) (&& (== netstandard1.2) (>= netstandard1.6)) (&& (== netstandard1.3) (>= netstandard1.6)) (&& (== netstandard1.4) (>= netstandard1.6)) (&& (== netstandard1.5) (>= netstandard1.6)) (== netstandard1.6)
      System.Security.Cryptography.Algorithms (>= 4.3) - restriction: || (&& (== net20) (>= netstandard1.6)) (&& (== net35) (>= netstandard1.6)) (&& (== net40) (>= netstandard1.6)) (&& (== net45) (>= netstandard1.6)) (&& (== net46) (>= netstandard1.6)) (&& (== netstandard1.0) (>= netstandard1.6)) (&& (== netstandard1.1) (>= netstandard1.6)) (&& (== netstandard1.2) (>= netstandard1.6)) (&& (== netstandard1.3) (>= netstandard1.6)) (&& (== netstandard1.4) (>= netstandard1.6)) (&& (== netstandard1.5) (>= netstandard1.6)) (== netstandard1.6)
      System.Security.Cryptography.Encoding (>= 4.3) - restriction: || (&& (== net20) (>= netstandard1.6)) (&& (== net35) (>= netstandard1.6)) (&& (== net40) (>= netstandard1.6)) (&& (== net45) (>= netstandard1.6)) (&& (== net46) (>= netstandard1.6)) (&& (== netstandard1.0) (>= netstandard1.6)) (&& (== netstandard1.1) (>= netstandard1.6)) (&& (== netstandard1.2) (>= netstandard1.6)) (&& (== netstandard1.3) (>= netstandard1.6)) (&& (== netstandard1.4) (>= netstandard1.6)) (&& (== netstandard1.5) (>= netstandard1.6)) (== netstandard1.6)
      System.Security.Cryptography.Primitives (>= 4.3) - restriction: || (&& (== net20) (>= netstandard1.6)) (&& (== net35) (>= netstandard1.6)) (&& (== net40) (>= netstandard1.6)) (&& (== net45) (>= netstandard1.6)) (&& (== net46) (>= netstandard1.6)) (&& (== netstandard1.0) (>= netstandard1.6)) (&& (== netstandard1.1) (>= netstandard1.6)) (&& (== netstandard1.2) (>= netstandard1.6)) (&& (== netstandard1.3) (>= netstandard1.6)) (&& (== netstandard1.4) (>= netstandard1.6)) (&& (== netstandard1.5) (>= netstandard1.6)) (== netstandard1.6)
      System.Text.Encoding (>= 4.3) - restriction: || (&& (== net20) (>= netstandard1.6)) (&& (== net35) (>= netstandard1.6)) (&& (== net40) (>= netstandard1.6)) (&& (== net45) (>= netstandard1.6)) (&& (== net46) (>= netstandard1.6)) (&& (== netstandard1.0) (>= netstandard1.6)) (&& (== netstandard1.1) (>= netstandard1.6)) (&& (== netstandard1.2) (>= netstandard1.6)) (&& (== netstandard1.3) (>= netstandard1.6)) (&& (== netstandard1.4) (>= netstandard1.6)) (&& (== netstandard1.5) (>= netstandard1.6)) (== netstandard1.6)
    System.Security.Cryptography.Primitives (4.3) - restriction: || (&& (== net20) (== netstandard2.0)) (&& (== net20) (>= netstandard1.4)) (&& (== net20) (>= netstandard1.5)) (&& (== net20) (>= netstandard1.6)) (&& (== net20) (>= netstandard2.0)) (&& (== net20) (>= uap10.0)) (&& (== net35) (== netstandard2.0)) (&& (== net40) (== netstandard2.0)) (&& (== net40) (< net35) (>= netstandard1.4)) (&& (== net40) (< net35) (>= netstandard1.5)) (&& (== net40) (< net35) (>= netstandard1.6)) (&& (== net40) (< net35) (>= netstandard2.0)) (&& (== net40) (>= uap10.0)) (&& (== net45) (== netstandard2.0)) (&& (== net45) (< net35) (>= netstandard1.4)) (&& (== net45) (< net35) (>= netstandard1.5)) (&& (== net45) (< net35) (>= netstandard1.6)) (&& (== net45) (< net35) (>= netstandard2.0)) (&& (== net45) (>= uap10.0)) (&& (== net46) (== netstandard2.0)) (&& (== net46) (< net35) (>= netstandard1.4)) (&& (== net46) (< net35) (>= netstandard1.5)) (&& (== net46) (< net35) (>= netstandard1.6)) (&& (== net46) (< net35) (>= netstandard2.0)) (&& (== net46) (>= uap10.0)) (&& (== netstandard1.0) (== netstandard2.0)) (&& (== netstandard1.0) (>= netstandard1.4)) (&& (== netstandard1.0) (>= netstandard1.5)) (&& (== netstandard1.0) (>= netstandard1.6)) (&& (== netstandard1.0) (>= netstandard2.0)) (&& (== netstandard1.0) (>= uap10.0)) (&& (== netstandard1.1) (== netstandard2.0)) (&& (== netstandard1.1) (>= netstandard1.4)) (&& (== netstandard1.1) (>= netstandard1.5)) (&& (== netstandard1.1) (>= netstandard1.6)) (&& (== netstandard1.1) (>= netstandard2.0)) (&& (== netstandard1.1) (>= uap10.0)) (&& (== netstandard1.2) (== netstandard2.0)) (&& (== netstandard1.2) (>= netstandard1.4)) (&& (== netstandard1.2) (>= netstandard1.5)) (&& (== netstandard1.2) (>= netstandard1.6)) (&& (== netstandard1.2) (>= netstandard2.0)) (&& (== netstandard1.2) (>= uap10.0)) (&& (== netstandard1.3) (== netstandard2.0)) (&& (== netstandard1.3) (>= netstandard1.4)) (&& (== netstandard1.3) (>= netstandard1.5)) (&& (== netstandard1.3) (>= netstandard1.6)) (&& (== netstandard1.3) (>= netstandard2.0)) (&& (== netstandard1.3) (>= uap10.0)) (== netstandard1.4) (== netstandard1.5) (== netstandard1.6) (&& (== netstandard2.0) (< netstandard1.2)) (&& (== netstandard2.0) (< netstandard1.3)) (&& (== netstandard2.0) (< netstandard1.4)) (&& (== netstandard2.0) (< netstandard1.5)) (&& (== netstandard2.0) (< netstandard1.6)) (&& (== netstandard2.0) (>= uap10.0))
      System.Diagnostics.Debug (>= 4.3) - restriction: || (&& (== net20) (>= netstandard1.3)) (&& (== net35) (>= netstandard1.3)) (&& (== net40) (>= netstandard1.3)) (&& (== net45) (>= netstandard1.3)) (&& (== netstandard1.0) (>= netstandard1.3)) (&& (== netstandard1.1) (>= netstandard1.3)) (&& (== netstandard1.2) (>= netstandard1.3)) (== netstandard1.3) (== netstandard1.4) (== netstandard1.5) (== netstandard1.6) (== netstandard2.0)
      System.Globalization (>= 4.3) - restriction: || (&& (== net20) (>= netstandard1.3)) (&& (== net35) (>= netstandard1.3)) (&& (== net40) (>= netstandard1.3)) (&& (== net45) (>= netstandard1.3)) (&& (== netstandard1.0) (>= netstandard1.3)) (&& (== netstandard1.1) (>= netstandard1.3)) (&& (== netstandard1.2) (>= netstandard1.3)) (== netstandard1.3) (== netstandard1.4) (== netstandard1.5) (== netstandard1.6) (== netstandard2.0)
      System.IO (>= 4.3) - restriction: || (&& (== net20) (>= netstandard1.3)) (&& (== net35) (>= netstandard1.3)) (&& (== net40) (>= netstandard1.3)) (&& (== net45) (>= netstandard1.3)) (&& (== netstandard1.0) (>= netstandard1.3)) (&& (== netstandard1.1) (>= netstandard1.3)) (&& (== netstandard1.2) (>= netstandard1.3)) (== netstandard1.3) (== netstandard1.4) (== netstandard1.5) (== netstandard1.6) (== netstandard2.0)
      System.Resources.ResourceManager (>= 4.3) - restriction: || (&& (== net20) (>= netstandard1.3)) (&& (== net35) (>= netstandard1.3)) (&& (== net40) (>= netstandard1.3)) (&& (== net45) (>= netstandard1.3)) (&& (== netstandard1.0) (>= netstandard1.3)) (&& (== netstandard1.1) (>= netstandard1.3)) (&& (== netstandard1.2) (>= netstandard1.3)) (== netstandard1.3) (== netstandard1.4) (== netstandard1.5) (== netstandard1.6) (== netstandard2.0)
      System.Runtime (>= 4.3) - restriction: || (&& (== net20) (>= netstandard1.3)) (&& (== net35) (>= netstandard1.3)) (&& (== net40) (>= netstandard1.3)) (&& (== net45) (>= netstandard1.3)) (&& (== netstandard1.0) (>= netstandard1.3)) (&& (== netstandard1.1) (>= netstandard1.3)) (&& (== netstandard1.2) (>= netstandard1.3)) (== netstandard1.3) (== netstandard1.4) (== netstandard1.5) (== netstandard1.6) (== netstandard2.0)
      System.Threading (>= 4.3) - restriction: || (&& (== net20) (>= netstandard1.3)) (&& (== net35) (>= netstandard1.3)) (&& (== net40) (>= netstandard1.3)) (&& (== net45) (>= netstandard1.3)) (&& (== netstandard1.0) (>= netstandard1.3)) (&& (== netstandard1.1) (>= netstandard1.3)) (&& (== netstandard1.2) (>= netstandard1.3)) (== netstandard1.3) (== netstandard1.4) (== netstandard1.5) (== netstandard1.6) (== netstandard2.0)
      System.Threading.Tasks (>= 4.3) - restriction: || (&& (== net20) (>= netstandard1.3)) (&& (== net35) (>= netstandard1.3)) (&& (== net40) (>= netstandard1.3)) (&& (== net45) (>= netstandard1.3)) (&& (== netstandard1.0) (>= netstandard1.3)) (&& (== netstandard1.1) (>= netstandard1.3)) (&& (== netstandard1.2) (>= netstandard1.3)) (== netstandard1.3) (== netstandard1.4) (== netstandard1.5) (== netstandard1.6) (== netstandard2.0)
    System.Security.Cryptography.X509Certificates (4.3.2) - restriction: || (&& (== net20) (== netstandard2.0)) (&& (== net20) (>= netstandard1.4)) (&& (== net20) (>= netstandard1.5)) (&& (== net20) (>= netstandard1.6)) (&& (== net20) (>= netstandard2.0)) (&& (== net20) (>= uap10.0)) (&& (== net35) (== netstandard2.0)) (&& (== net40) (== netstandard2.0)) (&& (== net40) (< net35) (>= netstandard1.4)) (&& (== net40) (< net35) (>= netstandard1.5)) (&& (== net40) (< net35) (>= netstandard1.6)) (&& (== net40) (< net35) (>= netstandard2.0)) (&& (== net40) (>= uap10.0)) (&& (== net45) (== netstandard2.0)) (&& (== net45) (< net35) (>= netstandard1.4)) (&& (== net45) (< net35) (>= netstandard1.5)) (&& (== net45) (< net35) (>= netstandard1.6)) (&& (== net45) (< net35) (>= netstandard2.0)) (&& (== net45) (>= uap10.0)) (&& (== net46) (== netstandard2.0)) (&& (== net46) (< net35) (>= netstandard1.4)) (&& (== net46) (< net35) (>= netstandard1.5)) (&& (== net46) (< net35) (>= netstandard1.6)) (&& (== net46) (< net35) (>= netstandard2.0)) (&& (== net46) (>= uap10.0)) (&& (== netstandard1.0) (== netstandard2.0)) (&& (== netstandard1.0) (>= netstandard1.4)) (&& (== netstandard1.0) (>= netstandard1.5)) (&& (== netstandard1.0) (>= netstandard1.6)) (&& (== netstandard1.0) (>= netstandard2.0)) (&& (== netstandard1.0) (>= uap10.0)) (&& (== netstandard1.1) (== netstandard2.0)) (&& (== netstandard1.1) (>= netstandard1.4)) (&& (== netstandard1.1) (>= netstandard1.5)) (&& (== netstandard1.1) (>= netstandard1.6)) (&& (== netstandard1.1) (>= netstandard2.0)) (&& (== netstandard1.1) (>= uap10.0)) (&& (== netstandard1.2) (== netstandard2.0)) (&& (== netstandard1.2) (>= netstandard1.4)) (&& (== netstandard1.2) (>= netstandard1.5)) (&& (== netstandard1.2) (>= netstandard1.6)) (&& (== netstandard1.2) (>= netstandard2.0)) (&& (== netstandard1.2) (>= uap10.0)) (&& (== netstandard1.3) (== netstandard2.0)) (&& (== netstandard1.3) (>= netstandard1.4)) (&& (== netstandard1.3) (>= netstandard1.5)) (&& (== netstandard1.3) (>= netstandard1.6)) (&& (== netstandard1.3) (>= netstandard2.0)) (&& (== netstandard1.3) (>= uap10.0)) (== netstandard1.4) (== netstandard1.5) (== netstandard1.6) (&& (== netstandard2.0) (< netstandard1.4)) (&& (== netstandard2.0) (< netstandard1.5)) (&& (== netstandard2.0) (< netstandard1.6)) (&& (== netstandard2.0) (>= uap10.0))
      Microsoft.NETCore.Platforms (>= 1.1) - restriction: || (&& (== net20) (>= netstandard1.6)) (&& (== net35) (>= netstandard1.6)) (&& (== net40) (>= netstandard1.6)) (&& (== net45) (>= netstandard1.6)) (&& (== netstandard1.0) (>= netstandard1.6)) (&& (== netstandard1.1) (>= netstandard1.6)) (&& (== netstandard1.2) (>= netstandard1.6)) (&& (== netstandard1.3) (>= netstandard1.6)) (&& (== netstandard1.4) (>= netstandard1.6)) (&& (== netstandard1.5) (>= netstandard1.6)) (== netstandard1.6) (== netstandard2.0)
      runtime.native.System (>= 4.3) - restriction: || (&& (== net20) (>= netstandard1.6)) (&& (== net35) (>= netstandard1.6)) (&& (== net40) (>= netstandard1.6)) (&& (== net45) (>= netstandard1.6)) (&& (== netstandard1.0) (>= netstandard1.6)) (&& (== netstandard1.1) (>= netstandard1.6)) (&& (== netstandard1.2) (>= netstandard1.6)) (&& (== netstandard1.3) (>= netstandard1.6)) (&& (== netstandard1.4) (>= netstandard1.6)) (&& (== netstandard1.5) (>= netstandard1.6)) (== netstandard1.6) (== netstandard2.0)
      runtime.native.System.Net.Http (>= 4.3) - restriction: || (&& (== net20) (>= netstandard1.6)) (&& (== net35) (>= netstandard1.6)) (&& (== net40) (>= netstandard1.6)) (&& (== net45) (>= netstandard1.6)) (&& (== netstandard1.0) (>= netstandard1.6)) (&& (== netstandard1.1) (>= netstandard1.6)) (&& (== netstandard1.2) (>= netstandard1.6)) (&& (== netstandard1.3) (>= netstandard1.6)) (&& (== netstandard1.4) (>= netstandard1.6)) (&& (== netstandard1.5) (>= netstandard1.6)) (== netstandard1.6) (== netstandard2.0)
      runtime.native.System.Security.Cryptography.OpenSsl (>= 4.3.2) - restriction: || (&& (== net20) (>= netstandard1.6)) (&& (== net35) (>= netstandard1.6)) (&& (== net40) (>= netstandard1.6)) (&& (== net45) (>= netstandard1.6)) (&& (== netstandard1.0) (>= netstandard1.6)) (&& (== netstandard1.1) (>= netstandard1.6)) (&& (== netstandard1.2) (>= netstandard1.6)) (&& (== netstandard1.3) (>= netstandard1.6)) (&& (== netstandard1.4) (>= netstandard1.6)) (&& (== netstandard1.5) (>= netstandard1.6)) (== netstandard1.6) (== netstandard2.0)
      System.Collections (>= 4.3) - restriction: || (&& (== net20) (>= netstandard1.6)) (&& (== net35) (>= netstandard1.6)) (&& (== net40) (>= netstandard1.6)) (&& (== net45) (>= netstandard1.6)) (&& (== netstandard1.0) (>= netstandard1.6)) (&& (== netstandard1.1) (>= netstandard1.6)) (&& (== netstandard1.2) (>= netstandard1.6)) (&& (== netstandard1.3) (>= netstandard1.6)) (&& (== netstandard1.4) (>= netstandard1.6)) (&& (== netstandard1.5) (>= netstandard1.6)) (== netstandard1.6) (== netstandard2.0)
      System.Diagnostics.Debug (>= 4.3) - restriction: || (&& (== net20) (>= netstandard1.6)) (&& (== net35) (>= netstandard1.6)) (&& (== net40) (>= netstandard1.6)) (&& (== net45) (>= netstandard1.6)) (&& (== netstandard1.0) (>= netstandard1.6)) (&& (== netstandard1.1) (>= netstandard1.6)) (&& (== netstandard1.2) (>= netstandard1.6)) (&& (== netstandard1.3) (>= netstandard1.6)) (&& (== netstandard1.4) (>= netstandard1.6)) (&& (== netstandard1.5) (>= netstandard1.6)) (== netstandard1.6) (== netstandard2.0)
      System.Globalization (>= 4.3) - restriction: || (&& (== net20) (>= netstandard1.6)) (&& (== net35) (>= netstandard1.6)) (&& (== net40) (>= netstandard1.6)) (&& (== net45) (>= netstandard1.6)) (&& (== netstandard1.0) (>= netstandard1.6)) (&& (== netstandard1.1) (>= netstandard1.6)) (&& (== netstandard1.2) (>= netstandard1.6)) (&& (== netstandard1.3) (>= netstandard1.6)) (&& (== netstandard1.4) (>= netstandard1.6)) (&& (== netstandard1.5) (>= netstandard1.6)) (== netstandard1.6) (== netstandard2.0)
      System.Globalization.Calendars (>= 4.3) - restriction: || (&& (== net20) (>= netstandard1.6)) (&& (== net35) (>= netstandard1.6)) (&& (== net40) (>= netstandard1.6)) (&& (== net45) (>= netstandard1.6)) (&& (== netstandard1.0) (>= netstandard1.6)) (&& (== netstandard1.1) (>= netstandard1.6)) (&& (== netstandard1.2) (>= netstandard1.6)) (&& (== netstandard1.3) (>= netstandard1.6)) (&& (== netstandard1.4) (>= netstandard1.6)) (&& (== netstandard1.5) (>= netstandard1.6)) (== netstandard1.6) (== netstandard2.0)
      System.IO (>= 4.3) - restriction: || (&& (== net20) (>= netstandard1.6)) (&& (== net35) (>= netstandard1.6)) (&& (== net40) (>= netstandard1.6)) (&& (== net45) (>= netstandard1.6)) (&& (== netstandard1.0) (>= netstandard1.6)) (&& (== netstandard1.1) (>= netstandard1.6)) (&& (== netstandard1.2) (>= netstandard1.6)) (&& (== netstandard1.3) (>= netstandard1.6)) (&& (== netstandard1.4) (>= netstandard1.6)) (&& (== netstandard1.5) (>= netstandard1.6)) (== netstandard1.6) (== netstandard2.0)
      System.IO.FileSystem (>= 4.3) - restriction: || (&& (== net20) (>= netstandard1.6)) (&& (== net35) (>= netstandard1.6)) (&& (== net40) (>= netstandard1.6)) (&& (== net45) (>= netstandard1.6)) (&& (== netstandard1.0) (>= netstandard1.6)) (&& (== netstandard1.1) (>= netstandard1.6)) (&& (== netstandard1.2) (>= netstandard1.6)) (&& (== netstandard1.3) (>= netstandard1.6)) (&& (== netstandard1.4) (>= netstandard1.6)) (&& (== netstandard1.5) (>= netstandard1.6)) (== netstandard1.6) (== netstandard2.0)
      System.IO.FileSystem.Primitives (>= 4.3) - restriction: || (&& (== net20) (>= netstandard1.6)) (&& (== net35) (>= netstandard1.6)) (&& (== net40) (>= netstandard1.6)) (&& (== net45) (>= netstandard1.6)) (&& (== netstandard1.0) (>= netstandard1.6)) (&& (== netstandard1.1) (>= netstandard1.6)) (&& (== netstandard1.2) (>= netstandard1.6)) (&& (== netstandard1.3) (>= netstandard1.6)) (&& (== netstandard1.4) (>= netstandard1.6)) (&& (== netstandard1.5) (>= netstandard1.6)) (== netstandard1.6) (== netstandard2.0)
      System.Resources.ResourceManager (>= 4.3) - restriction: || (&& (== net20) (>= netstandard1.6)) (&& (== net35) (>= netstandard1.6)) (&& (== net40) (>= netstandard1.6)) (&& (== net45) (>= netstandard1.6)) (&& (== netstandard1.0) (>= netstandard1.6)) (&& (== netstandard1.1) (>= netstandard1.6)) (&& (== netstandard1.2) (>= netstandard1.6)) (&& (== netstandard1.3) (>= netstandard1.6)) (&& (== netstandard1.4) (>= netstandard1.6)) (&& (== netstandard1.5) (>= netstandard1.6)) (== netstandard1.6) (== netstandard2.0)
      System.Runtime (>= 4.3) - restriction: || (&& (== net20) (>= netstandard1.3)) (&& (== net20) (>= netstandard1.4)) (&& (== net20) (>= netstandard1.6)) (&& (== net35) (>= netstandard1.3)) (&& (== net35) (>= netstandard1.4)) (&& (== net35) (>= netstandard1.6)) (&& (== net40) (>= netstandard1.3)) (&& (== net40) (>= netstandard1.4)) (&& (== net40) (>= netstandard1.6)) (&& (== net45) (>= netstandard1.3)) (&& (== net45) (>= netstandard1.4)) (&& (== net45) (>= netstandard1.6)) (&& (== netstandard1.0) (>= netstandard1.3)) (&& (== netstandard1.0) (>= netstandard1.4)) (&& (== netstandard1.0) (>= netstandard1.6)) (&& (== netstandard1.1) (>= netstandard1.3)) (&& (== netstandard1.1) (>= netstandard1.4)) (&& (== netstandard1.1) (>= netstandard1.6)) (&& (== netstandard1.2) (>= netstandard1.3)) (&& (== netstandard1.2) (>= netstandard1.4)) (&& (== netstandard1.2) (>= netstandard1.6)) (== netstandard1.3) (== netstandard1.4) (== netstandard1.5) (== netstandard1.6) (== netstandard2.0)
      System.Runtime.Extensions (>= 4.3) - restriction: || (&& (== net20) (>= netstandard1.6)) (&& (== net35) (>= netstandard1.6)) (&& (== net40) (>= netstandard1.6)) (&& (== net45) (>= netstandard1.6)) (&& (== netstandard1.0) (>= netstandard1.6)) (&& (== netstandard1.1) (>= netstandard1.6)) (&& (== netstandard1.2) (>= netstandard1.6)) (&& (== netstandard1.3) (>= netstandard1.6)) (&& (== netstandard1.4) (>= netstandard1.6)) (&& (== netstandard1.5) (>= netstandard1.6)) (== netstandard1.6) (== netstandard2.0)
      System.Runtime.Handles (>= 4.3) - restriction: || (&& (== net20) (>= netstandard1.3)) (&& (== net20) (>= netstandard1.4)) (&& (== net20) (>= netstandard1.6)) (&& (== net35) (>= netstandard1.3)) (&& (== net35) (>= netstandard1.4)) (&& (== net35) (>= netstandard1.6)) (&& (== net40) (>= netstandard1.3)) (&& (== net40) (>= netstandard1.4)) (&& (== net40) (>= netstandard1.6)) (&& (== net45) (>= netstandard1.3)) (&& (== net45) (>= netstandard1.4)) (&& (== net45) (>= netstandard1.6)) (&& (== netstandard1.0) (>= netstandard1.3)) (&& (== netstandard1.0) (>= netstandard1.4)) (&& (== netstandard1.0) (>= netstandard1.6)) (&& (== netstandard1.1) (>= netstandard1.3)) (&& (== netstandard1.1) (>= netstandard1.4)) (&& (== netstandard1.1) (>= netstandard1.6)) (&& (== netstandard1.2) (>= netstandard1.3)) (&& (== netstandard1.2) (>= netstandard1.4)) (&& (== netstandard1.2) (>= netstandard1.6)) (== netstandard1.3) (== netstandard1.4) (== netstandard1.5) (== netstandard1.6) (== netstandard2.0)
      System.Runtime.InteropServices (>= 4.3) - restriction: || (&& (== net20) (>= netstandard1.6)) (&& (== net35) (>= netstandard1.6)) (&& (== net40) (>= netstandard1.6)) (&& (== net45) (>= netstandard1.6)) (&& (== netstandard1.0) (>= netstandard1.6)) (&& (== netstandard1.1) (>= netstandard1.6)) (&& (== netstandard1.2) (>= netstandard1.6)) (&& (== netstandard1.3) (>= netstandard1.6)) (&& (== netstandard1.4) (>= netstandard1.6)) (&& (== netstandard1.5) (>= netstandard1.6)) (== netstandard1.6) (== netstandard2.0)
      System.Runtime.Numerics (>= 4.3) - restriction: || (&& (== net20) (>= netstandard1.6)) (&& (== net35) (>= netstandard1.6)) (&& (== net40) (>= netstandard1.6)) (&& (== net45) (>= netstandard1.6)) (&& (== netstandard1.0) (>= netstandard1.6)) (&& (== netstandard1.1) (>= netstandard1.6)) (&& (== netstandard1.2) (>= netstandard1.6)) (&& (== netstandard1.3) (>= netstandard1.6)) (&& (== netstandard1.4) (>= netstandard1.6)) (&& (== netstandard1.5) (>= netstandard1.6)) (== netstandard1.6) (== netstandard2.0)
      System.Security.Cryptography.Algorithms (>= 4.3) - restriction: || (&& (== net20) (>= net46)) (&& (== net20) (>= net461)) (&& (== net20) (>= netstandard1.3)) (&& (== net20) (>= netstandard1.4)) (&& (== net20) (>= netstandard1.6)) (&& (== net35) (>= net46)) (&& (== net35) (>= net461)) (&& (== net35) (>= netstandard1.3)) (&& (== net35) (>= netstandard1.4)) (&& (== net35) (>= netstandard1.6)) (&& (== net40) (>= net46)) (&& (== net40) (>= net461)) (&& (== net40) (>= netstandard1.3)) (&& (== net40) (>= netstandard1.4)) (&& (== net40) (>= netstandard1.6)) (&& (== net45) (>= net46)) (&& (== net45) (>= net461)) (&& (== net45) (>= netstandard1.3)) (&& (== net45) (>= netstandard1.4)) (&& (== net45) (>= netstandard1.6)) (== net46) (&& (== netstandard1.0) (>= net46)) (&& (== netstandard1.0) (>= net461)) (&& (== netstandard1.0) (>= netstandard1.3)) (&& (== netstandard1.0) (>= netstandard1.4)) (&& (== netstandard1.0) (>= netstandard1.6)) (&& (== netstandard1.1) (>= net46)) (&& (== netstandard1.1) (>= net461)) (&& (== netstandard1.1) (>= netstandard1.3)) (&& (== netstandard1.1) (>= netstandard1.4)) (&& (== netstandard1.1) (>= netstandard1.6)) (&& (== netstandard1.2) (>= net46)) (&& (== netstandard1.2) (>= net461)) (&& (== netstandard1.2) (>= netstandard1.3)) (&& (== netstandard1.2) (>= netstandard1.4)) (&& (== netstandard1.2) (>= netstandard1.6)) (== netstandard1.3) (== netstandard1.4) (== netstandard1.5) (== netstandard1.6) (== netstandard2.0)
      System.Security.Cryptography.Cng (>= 4.3) - restriction: || (&& (== net20) (>= netstandard1.6)) (&& (== net35) (>= netstandard1.6)) (&& (== net40) (>= netstandard1.6)) (&& (== net45) (>= netstandard1.6)) (&& (== netstandard1.0) (>= netstandard1.6)) (&& (== netstandard1.1) (>= netstandard1.6)) (&& (== netstandard1.2) (>= netstandard1.6)) (&& (== netstandard1.3) (>= netstandard1.6)) (&& (== netstandard1.4) (>= netstandard1.6)) (&& (== netstandard1.5) (>= netstandard1.6)) (== netstandard1.6) (== netstandard2.0)
      System.Security.Cryptography.Csp (>= 4.3) - restriction: || (&& (== net20) (>= netstandard1.6)) (&& (== net35) (>= netstandard1.6)) (&& (== net40) (>= netstandard1.6)) (&& (== net45) (>= netstandard1.6)) (&& (== netstandard1.0) (>= netstandard1.6)) (&& (== netstandard1.1) (>= netstandard1.6)) (&& (== netstandard1.2) (>= netstandard1.6)) (&& (== netstandard1.3) (>= netstandard1.6)) (&& (== netstandard1.4) (>= netstandard1.6)) (&& (== netstandard1.5) (>= netstandard1.6)) (== netstandard1.6) (== netstandard2.0)
      System.Security.Cryptography.Encoding (>= 4.3) - restriction: || (&& (== net20) (>= net46)) (&& (== net20) (>= net461)) (&& (== net20) (>= netstandard1.3)) (&& (== net20) (>= netstandard1.4)) (&& (== net20) (>= netstandard1.6)) (&& (== net35) (>= net46)) (&& (== net35) (>= net461)) (&& (== net35) (>= netstandard1.3)) (&& (== net35) (>= netstandard1.4)) (&& (== net35) (>= netstandard1.6)) (&& (== net40) (>= net46)) (&& (== net40) (>= net461)) (&& (== net40) (>= netstandard1.3)) (&& (== net40) (>= netstandard1.4)) (&& (== net40) (>= netstandard1.6)) (&& (== net45) (>= net46)) (&& (== net45) (>= net461)) (&& (== net45) (>= netstandard1.3)) (&& (== net45) (>= netstandard1.4)) (&& (== net45) (>= netstandard1.6)) (== net46) (&& (== netstandard1.0) (>= net46)) (&& (== netstandard1.0) (>= net461)) (&& (== netstandard1.0) (>= netstandard1.3)) (&& (== netstandard1.0) (>= netstandard1.4)) (&& (== netstandard1.0) (>= netstandard1.6)) (&& (== netstandard1.1) (>= net46)) (&& (== netstandard1.1) (>= net461)) (&& (== netstandard1.1) (>= netstandard1.3)) (&& (== netstandard1.1) (>= netstandard1.4)) (&& (== netstandard1.1) (>= netstandard1.6)) (&& (== netstandard1.2) (>= net46)) (&& (== netstandard1.2) (>= net461)) (&& (== netstandard1.2) (>= netstandard1.3)) (&& (== netstandard1.2) (>= netstandard1.4)) (&& (== netstandard1.2) (>= netstandard1.6)) (== netstandard1.3) (== netstandard1.4) (== netstandard1.5) (== netstandard1.6) (== netstandard2.0)
      System.Security.Cryptography.OpenSsl (>= 4.3) - restriction: || (&& (== net20) (>= netstandard1.6)) (&& (== net35) (>= netstandard1.6)) (&& (== net40) (>= netstandard1.6)) (&& (== net45) (>= netstandard1.6)) (&& (== netstandard1.0) (>= netstandard1.6)) (&& (== netstandard1.1) (>= netstandard1.6)) (&& (== netstandard1.2) (>= netstandard1.6)) (&& (== netstandard1.3) (>= netstandard1.6)) (&& (== netstandard1.4) (>= netstandard1.6)) (&& (== netstandard1.5) (>= netstandard1.6)) (== netstandard1.6) (== netstandard2.0)
      System.Security.Cryptography.Primitives (>= 4.3) - restriction: || (&& (== net20) (>= netstandard1.6)) (&& (== net35) (>= netstandard1.6)) (&& (== net40) (>= netstandard1.6)) (&& (== net45) (>= netstandard1.6)) (&& (== netstandard1.0) (>= netstandard1.6)) (&& (== netstandard1.1) (>= netstandard1.6)) (&& (== netstandard1.2) (>= netstandard1.6)) (&& (== netstandard1.3) (>= netstandard1.6)) (&& (== netstandard1.4) (>= netstandard1.6)) (&& (== netstandard1.5) (>= netstandard1.6)) (== netstandard1.6) (== netstandard2.0)
      System.Text.Encoding (>= 4.3) - restriction: || (&& (== net20) (>= netstandard1.6)) (&& (== net35) (>= netstandard1.6)) (&& (== net40) (>= netstandard1.6)) (&& (== net45) (>= netstandard1.6)) (&& (== netstandard1.0) (>= netstandard1.6)) (&& (== netstandard1.1) (>= netstandard1.6)) (&& (== netstandard1.2) (>= netstandard1.6)) (&& (== netstandard1.3) (>= netstandard1.6)) (&& (== netstandard1.4) (>= netstandard1.6)) (&& (== netstandard1.5) (>= netstandard1.6)) (== netstandard1.6) (== netstandard2.0)
      System.Threading (>= 4.3) - restriction: || (&& (== net20) (>= netstandard1.6)) (&& (== net35) (>= netstandard1.6)) (&& (== net40) (>= netstandard1.6)) (&& (== net45) (>= netstandard1.6)) (&& (== netstandard1.0) (>= netstandard1.6)) (&& (== netstandard1.1) (>= netstandard1.6)) (&& (== netstandard1.2) (>= netstandard1.6)) (&& (== netstandard1.3) (>= netstandard1.6)) (&& (== netstandard1.4) (>= netstandard1.6)) (&& (== netstandard1.5) (>= netstandard1.6)) (== netstandard1.6) (== netstandard2.0)
    System.Text.Encoding (4.3) - restriction: || (&& (== net20) (== netstandard2.0)) (&& (== net20) (>= netstandard1.4)) (&& (== net20) (>= netstandard1.5)) (&& (== net20) (>= netstandard1.6)) (&& (== net20) (>= netstandard2.0)) (&& (== net20) (>= uap10.0)) (&& (== net35) (== netstandard2.0)) (&& (== net40) (== netstandard2.0)) (&& (== net40) (< net35) (>= netstandard1.4)) (&& (== net40) (< net35) (>= netstandard1.5)) (&& (== net40) (< net35) (>= netstandard1.6)) (&& (== net40) (< net35) (>= netstandard2.0)) (&& (== net40) (>= uap10.0)) (&& (== net45) (== netstandard2.0)) (&& (== net45) (< net35) (>= netstandard1.4)) (&& (== net45) (< net35) (>= netstandard1.5)) (&& (== net45) (< net35) (>= netstandard1.6)) (&& (== net45) (< net35) (>= netstandard2.0)) (&& (== net45) (>= uap10.0)) (&& (== net46) (== netstandard2.0)) (&& (== net46) (< net35) (>= netstandard1.4)) (&& (== net46) (< net35) (>= netstandard1.5)) (&& (== net46) (< net35) (>= netstandard1.6)) (&& (== net46) (< net35) (>= netstandard2.0)) (&& (== net46) (>= uap10.0)) (&& (== netstandard1.0) (== netstandard2.0)) (&& (== netstandard1.0) (>= netstandard1.4)) (&& (== netstandard1.0) (>= netstandard1.5)) (&& (== netstandard1.0) (>= netstandard1.6)) (&& (== netstandard1.0) (>= netstandard2.0)) (&& (== netstandard1.0) (>= uap10.0)) (&& (== netstandard1.1) (== netstandard2.0)) (&& (== netstandard1.1) (>= netstandard1.4)) (&& (== netstandard1.1) (>= netstandard1.5)) (&& (== netstandard1.1) (>= netstandard1.6)) (&& (== netstandard1.1) (>= netstandard2.0)) (&& (== netstandard1.1) (>= uap10.0)) (&& (== netstandard1.2) (== netstandard2.0)) (&& (== netstandard1.2) (>= netstandard1.4)) (&& (== netstandard1.2) (>= netstandard1.5)) (&& (== netstandard1.2) (>= netstandard1.6)) (&& (== netstandard1.2) (>= netstandard2.0)) (&& (== netstandard1.2) (>= uap10.0)) (&& (== netstandard1.3) (== netstandard2.0)) (&& (== netstandard1.3) (>= netstandard1.4)) (&& (== netstandard1.3) (>= netstandard1.5)) (&& (== netstandard1.3) (>= netstandard1.6)) (&& (== netstandard1.3) (>= netstandard2.0)) (&& (== netstandard1.3) (>= uap10.0)) (== netstandard1.4) (== netstandard1.5) (== netstandard1.6) (&& (== netstandard2.0) (< netstandard1.2)) (&& (== netstandard2.0) (< netstandard1.3)) (&& (== netstandard2.0) (< netstandard1.4)) (&& (== netstandard2.0) (< netstandard1.5)) (&& (== netstandard2.0) (< netstandard1.6)) (&& (== netstandard2.0) (< portable-net45+win8+wpa81)) (&& (== netstandard2.0) (>= uap10.0))
      Microsoft.NETCore.Platforms (>= 1.1) - restriction: || (&& (== net20) (>= netstandard1.0)) (&& (== net20) (>= netstandard1.3)) (&& (== net35) (>= netstandard1.0)) (&& (== net35) (>= netstandard1.3)) (&& (== net40) (>= netstandard1.0)) (&& (== net40) (>= netstandard1.3)) (&& (== net46) (< net45)) (== netstandard1.0) (== netstandard1.1) (== netstandard1.2) (== netstandard1.3) (== netstandard1.4) (== netstandard1.5) (== netstandard1.6) (== netstandard2.0)
      Microsoft.NETCore.Targets (>= 1.1) - restriction: || (&& (== net20) (>= netstandard1.0)) (&& (== net20) (>= netstandard1.3)) (&& (== net35) (>= netstandard1.0)) (&& (== net35) (>= netstandard1.3)) (&& (== net40) (>= netstandard1.0)) (&& (== net40) (>= netstandard1.3)) (&& (== net46) (< net45)) (== netstandard1.0) (== netstandard1.1) (== netstandard1.2) (== netstandard1.3) (== netstandard1.4) (== netstandard1.5) (== netstandard1.6) (== netstandard2.0)
      System.Runtime (>= 4.3) - restriction: || (&& (== net20) (>= netstandard1.0)) (&& (== net20) (>= netstandard1.3)) (&& (== net35) (>= netstandard1.0)) (&& (== net35) (>= netstandard1.3)) (&& (== net40) (>= netstandard1.0)) (&& (== net40) (>= netstandard1.3)) (&& (== net46) (< net45)) (== netstandard1.0) (== netstandard1.1) (== netstandard1.2) (== netstandard1.3) (== netstandard1.4) (== netstandard1.5) (== netstandard1.6) (== netstandard2.0)
    System.Text.Encoding.Extensions (4.3) - restriction: || (&& (== net20) (== netstandard2.0)) (&& (== net20) (>= netstandard1.4)) (&& (== net20) (>= netstandard1.5)) (&& (== net20) (>= netstandard1.6)) (&& (== net20) (>= netstandard2.0)) (&& (== net20) (>= uap10.0)) (&& (== net35) (== netstandard2.0)) (&& (== net40) (== netstandard2.0)) (&& (== net40) (< net35) (>= netstandard1.4)) (&& (== net40) (< net35) (>= netstandard1.5)) (&& (== net40) (< net35) (>= netstandard1.6)) (&& (== net40) (< net35) (>= netstandard2.0)) (&& (== net40) (>= uap10.0)) (&& (== net45) (== netstandard2.0)) (&& (== net45) (< net35) (>= netstandard1.4)) (&& (== net45) (< net35) (>= netstandard1.5)) (&& (== net45) (< net35) (>= netstandard1.6)) (&& (== net45) (< net35) (>= netstandard2.0)) (&& (== net45) (>= uap10.0)) (&& (== net46) (== netstandard2.0)) (&& (== net46) (< net35) (>= netstandard1.4)) (&& (== net46) (< net35) (>= netstandard1.5)) (&& (== net46) (< net35) (>= netstandard1.6)) (&& (== net46) (< net35) (>= netstandard2.0)) (&& (== net46) (>= uap10.0)) (&& (== netstandard1.0) (== netstandard2.0)) (&& (== netstandard1.0) (>= netstandard1.4)) (&& (== netstandard1.0) (>= netstandard1.5)) (&& (== netstandard1.0) (>= netstandard1.6)) (&& (== netstandard1.0) (>= netstandard2.0)) (&& (== netstandard1.0) (>= uap10.0)) (&& (== netstandard1.1) (== netstandard2.0)) (&& (== netstandard1.1) (>= netstandard1.4)) (&& (== netstandard1.1) (>= netstandard1.5)) (&& (== netstandard1.1) (>= netstandard1.6)) (&& (== netstandard1.1) (>= netstandard2.0)) (&& (== netstandard1.1) (>= uap10.0)) (&& (== netstandard1.2) (== netstandard2.0)) (&& (== netstandard1.2) (>= netstandard1.4)) (&& (== netstandard1.2) (>= netstandard1.5)) (&& (== netstandard1.2) (>= netstandard1.6)) (&& (== netstandard1.2) (>= netstandard2.0)) (&& (== netstandard1.2) (>= uap10.0)) (&& (== netstandard1.3) (== netstandard2.0)) (&& (== netstandard1.3) (>= netstandard1.4)) (&& (== netstandard1.3) (>= netstandard1.5)) (&& (== netstandard1.3) (>= netstandard1.6)) (&& (== netstandard1.3) (>= netstandard2.0)) (&& (== netstandard1.3) (>= uap10.0)) (== netstandard1.4) (== netstandard1.5) (== netstandard1.6) (&& (== netstandard2.0) (< netstandard1.2)) (&& (== netstandard2.0) (< netstandard1.3)) (&& (== netstandard2.0) (< netstandard1.4)) (&& (== netstandard2.0) (< netstandard1.5)) (&& (== netstandard2.0) (< netstandard1.6)) (&& (== netstandard2.0) (< portable-net45+win8+wpa81)) (&& (== netstandard2.0) (>= uap10.0))
      Microsoft.NETCore.Platforms (>= 1.1) - restriction: || (&& (== net20) (>= netstandard1.0)) (&& (== net20) (>= netstandard1.3)) (&& (== net35) (>= netstandard1.0)) (&& (== net35) (>= netstandard1.3)) (&& (== net40) (>= netstandard1.0)) (&& (== net40) (>= netstandard1.3)) (&& (== net46) (< net45)) (== netstandard1.0) (== netstandard1.1) (== netstandard1.2) (== netstandard1.3) (== netstandard1.4) (== netstandard1.5) (== netstandard1.6) (== netstandard2.0)
      Microsoft.NETCore.Targets (>= 1.1) - restriction: || (&& (== net20) (>= netstandard1.0)) (&& (== net20) (>= netstandard1.3)) (&& (== net35) (>= netstandard1.0)) (&& (== net35) (>= netstandard1.3)) (&& (== net40) (>= netstandard1.0)) (&& (== net40) (>= netstandard1.3)) (&& (== net46) (< net45)) (== netstandard1.0) (== netstandard1.1) (== netstandard1.2) (== netstandard1.3) (== netstandard1.4) (== netstandard1.5) (== netstandard1.6) (== netstandard2.0)
      System.Runtime (>= 4.3) - restriction: || (&& (== net20) (>= netstandard1.0)) (&& (== net20) (>= netstandard1.3)) (&& (== net35) (>= netstandard1.0)) (&& (== net35) (>= netstandard1.3)) (&& (== net40) (>= netstandard1.0)) (&& (== net40) (>= netstandard1.3)) (&& (== net46) (< net45)) (== netstandard1.0) (== netstandard1.1) (== netstandard1.2) (== netstandard1.3) (== netstandard1.4) (== netstandard1.5) (== netstandard1.6) (== netstandard2.0)
      System.Text.Encoding (>= 4.3) - restriction: || (&& (== net20) (>= netstandard1.0)) (&& (== net20) (>= netstandard1.3)) (&& (== net35) (>= netstandard1.0)) (&& (== net35) (>= netstandard1.3)) (&& (== net40) (>= netstandard1.0)) (&& (== net40) (>= netstandard1.3)) (&& (== net46) (< net45)) (== netstandard1.0) (== netstandard1.1) (== netstandard1.2) (== netstandard1.3) (== netstandard1.4) (== netstandard1.5) (== netstandard1.6) (== netstandard2.0)
    System.Text.RegularExpressions (4.3.1) - restriction: || (&& (== net20) (== netstandard2.0)) (&& (== net20) (>= netstandard1.4)) (&& (== net20) (>= netstandard1.5)) (&& (== net20) (>= netstandard1.6)) (&& (== net20) (>= netstandard2.0)) (&& (== net20) (>= uap10.0)) (&& (== net35) (== netstandard2.0)) (&& (== net40) (== netstandard2.0)) (&& (== net40) (< net35) (>= netstandard1.4)) (&& (== net40) (< net35) (>= netstandard1.5)) (&& (== net40) (< net35) (>= netstandard1.6)) (&& (== net40) (< net35) (>= netstandard2.0)) (&& (== net40) (>= uap10.0)) (&& (== net45) (== netstandard2.0)) (&& (== net45) (< net35) (>= netstandard1.4)) (&& (== net45) (< net35) (>= netstandard1.5)) (&& (== net45) (< net35) (>= netstandard1.6)) (&& (== net45) (< net35) (>= netstandard2.0)) (&& (== net45) (>= uap10.0)) (&& (== net46) (== netstandard2.0)) (&& (== net46) (< net35) (>= netstandard1.4)) (&& (== net46) (< net35) (>= netstandard1.5)) (&& (== net46) (< net35) (>= netstandard1.6)) (&& (== net46) (< net35) (>= netstandard2.0)) (&& (== net46) (>= uap10.0)) (&& (== netstandard1.0) (== netstandard2.0)) (&& (== netstandard1.0) (>= netstandard1.4)) (&& (== netstandard1.0) (>= netstandard1.5)) (&& (== netstandard1.0) (>= netstandard1.6)) (&& (== netstandard1.0) (>= netstandard2.0)) (&& (== netstandard1.0) (>= uap10.0)) (&& (== netstandard1.1) (== netstandard2.0)) (&& (== netstandard1.1) (>= netstandard1.4)) (&& (== netstandard1.1) (>= netstandard1.5)) (&& (== netstandard1.1) (>= netstandard1.6)) (&& (== netstandard1.1) (>= netstandard2.0)) (&& (== netstandard1.1) (>= uap10.0)) (&& (== netstandard1.2) (== netstandard2.0)) (&& (== netstandard1.2) (>= netstandard1.4)) (&& (== netstandard1.2) (>= netstandard1.5)) (&& (== netstandard1.2) (>= netstandard1.6)) (&& (== netstandard1.2) (>= netstandard2.0)) (&& (== netstandard1.2) (>= uap10.0)) (&& (== netstandard1.3) (== netstandard2.0)) (&& (== netstandard1.3) (>= netstandard1.4)) (&& (== netstandard1.3) (>= netstandard1.5)) (&& (== netstandard1.3) (>= netstandard1.6)) (&& (== netstandard1.3) (>= netstandard2.0)) (&& (== netstandard1.3) (>= uap10.0)) (== netstandard1.4) (== netstandard1.5) (== netstandard1.6) (&& (== netstandard2.0) (< netstandard1.2)) (&& (== netstandard2.0) (< netstandard1.3)) (&& (== netstandard2.0) (< netstandard1.4)) (&& (== netstandard2.0) (< netstandard1.5)) (&& (== netstandard2.0) (< netstandard1.6)) (&& (== netstandard2.0) (< portable-net45+win8+wpa81)) (&& (== netstandard2.0) (>= uap10.0))
      System.Collections (>= 4.3) - restriction: || (&& (== net20) (>= netstandard1.6)) (&& (== net35) (>= netstandard1.6)) (&& (== net40) (>= netstandard1.6)) (&& (== net46) (< net45) (>= netstandard1.6)) (&& (== netstandard1.0) (>= netstandard1.6)) (&& (== netstandard1.1) (>= netstandard1.6)) (&& (== netstandard1.2) (>= netstandard1.6)) (&& (== netstandard1.3) (>= netstandard1.6)) (&& (== netstandard1.4) (>= netstandard1.6)) (&& (== netstandard1.5) (>= netstandard1.6)) (== netstandard1.6) (== netstandard2.0)
      System.Globalization (>= 4.3) - restriction: || (&& (== net20) (>= netstandard1.6)) (&& (== net35) (>= netstandard1.6)) (&& (== net40) (>= netstandard1.6)) (&& (== net46) (< net45) (>= netstandard1.6)) (&& (== netstandard1.0) (>= netstandard1.6)) (&& (== netstandard1.1) (>= netstandard1.6)) (&& (== netstandard1.2) (>= netstandard1.6)) (&& (== netstandard1.3) (>= netstandard1.6)) (&& (== netstandard1.4) (>= netstandard1.6)) (&& (== netstandard1.5) (>= netstandard1.6)) (== netstandard1.6) (== netstandard2.0)
      System.Resources.ResourceManager (>= 4.3) - restriction: || (&& (== net20) (>= netstandard1.6)) (&& (== net35) (>= netstandard1.6)) (&& (== net40) (>= netstandard1.6)) (&& (== net46) (< net45) (>= netstandard1.6)) (&& (== netstandard1.0) (>= netstandard1.6)) (&& (== netstandard1.1) (>= netstandard1.6)) (&& (== netstandard1.2) (>= netstandard1.6)) (&& (== netstandard1.3) (>= netstandard1.6)) (&& (== netstandard1.4) (>= netstandard1.6)) (&& (== netstandard1.5) (>= netstandard1.6)) (== netstandard1.6) (== netstandard2.0)
      System.Runtime (>= 4.3.1) - restriction: || (&& (== net20) (>= netcoreapp1.1)) (&& (== net20) (>= netstandard1.0)) (&& (== net20) (>= netstandard1.3)) (&& (== net20) (>= netstandard1.6)) (&& (== net35) (>= netcoreapp1.1)) (&& (== net35) (>= netstandard1.0)) (&& (== net35) (>= netstandard1.3)) (&& (== net35) (>= netstandard1.6)) (&& (== net40) (>= netcoreapp1.1)) (&& (== net40) (>= netstandard1.0)) (&& (== net40) (>= netstandard1.3)) (&& (== net40) (>= netstandard1.6)) (&& (== net45) (>= netcoreapp1.1)) (&& (== net46) (< net45)) (&& (== net46) (>= netcoreapp1.1)) (== netstandard1.0) (== netstandard1.1) (== netstandard1.2) (== netstandard1.3) (== netstandard1.4) (== netstandard1.5) (== netstandard1.6) (== netstandard2.0)
      System.Runtime.Extensions (>= 4.3.1) - restriction: || (&& (== net20) (>= netstandard1.6)) (&& (== net35) (>= netstandard1.6)) (&& (== net40) (>= netstandard1.6)) (&& (== net46) (< net45) (>= netstandard1.6)) (&& (== netstandard1.0) (>= netstandard1.6)) (&& (== netstandard1.1) (>= netstandard1.6)) (&& (== netstandard1.2) (>= netstandard1.6)) (&& (== netstandard1.3) (>= netstandard1.6)) (&& (== netstandard1.4) (>= netstandard1.6)) (&& (== netstandard1.5) (>= netstandard1.6)) (== netstandard1.6) (== netstandard2.0)
      System.Threading (>= 4.3) - restriction: || (&& (== net20) (>= netstandard1.6)) (&& (== net35) (>= netstandard1.6)) (&& (== net40) (>= netstandard1.6)) (&& (== net46) (< net45) (>= netstandard1.6)) (&& (== netstandard1.0) (>= netstandard1.6)) (&& (== netstandard1.1) (>= netstandard1.6)) (&& (== netstandard1.2) (>= netstandard1.6)) (&& (== netstandard1.3) (>= netstandard1.6)) (&& (== netstandard1.4) (>= netstandard1.6)) (&& (== netstandard1.5) (>= netstandard1.6)) (== netstandard1.6) (== netstandard2.0)
    System.Threading (4.3) - restriction: || (&& (== net20) (== netstandard2.0)) (&& (== net20) (>= net462)) (&& (== net20) (>= netstandard1.4)) (&& (== net20) (>= netstandard1.5)) (&& (== net20) (>= netstandard1.6)) (&& (== net20) (>= netstandard2.0)) (&& (== net35) (== netstandard2.0)) (&& (== net40) (== netstandard2.0)) (&& (== net40) (< net35) (>= net462)) (&& (== net40) (< net35) (>= netstandard1.4)) (&& (== net40) (< net35) (>= netstandard1.5)) (&& (== net40) (< net35) (>= netstandard1.6)) (&& (== net40) (< net35) (>= netstandard2.0)) (&& (== net40) (>= netstandard1.6) (>= uap10.0)) (&& (== net45) (== netstandard2.0)) (&& (== net45) (< net35) (>= net462)) (&& (== net45) (< net35) (>= netstandard1.4)) (&& (== net45) (< net35) (>= netstandard1.5)) (&& (== net45) (< net35) (>= netstandard1.6)) (&& (== net45) (< net35) (>= netstandard2.0)) (&& (== net45) (>= netstandard1.6) (>= uap10.0)) (&& (== net46) (== netstandard2.0)) (&& (== net46) (< net35) (>= net462)) (&& (== net46) (< net35) (>= netstandard1.4)) (&& (== net46) (< net35) (>= netstandard1.5)) (&& (== net46) (< net35) (>= netstandard1.6)) (&& (== net46) (< net35) (>= netstandard2.0)) (&& (== net46) (>= netstandard1.6) (>= uap10.0)) (&& (== netstandard1.0) (== netstandard2.0)) (&& (== netstandard1.0) (>= net462)) (&& (== netstandard1.0) (>= netstandard1.4)) (&& (== netstandard1.0) (>= netstandard1.5)) (&& (== netstandard1.0) (>= netstandard1.6)) (&& (== netstandard1.0) (>= netstandard2.0)) (&& (== netstandard1.1) (== netstandard2.0)) (&& (== netstandard1.1) (>= net462)) (&& (== netstandard1.1) (>= netstandard1.4)) (&& (== netstandard1.1) (>= netstandard1.5)) (&& (== netstandard1.1) (>= netstandard1.6)) (&& (== netstandard1.1) (>= netstandard2.0)) (&& (== netstandard1.2) (== netstandard2.0)) (&& (== netstandard1.2) (>= net462)) (&& (== netstandard1.2) (>= netstandard1.4)) (&& (== netstandard1.2) (>= netstandard1.5)) (&& (== netstandard1.2) (>= netstandard1.6)) (&& (== netstandard1.2) (>= netstandard2.0)) (&& (== netstandard1.3) (== netstandard2.0)) (&& (== netstandard1.3) (>= net462)) (&& (== netstandard1.3) (>= netstandard1.4)) (&& (== netstandard1.3) (>= netstandard1.5)) (&& (== netstandard1.3) (>= netstandard1.6)) (&& (== netstandard1.3) (>= netstandard2.0)) (== netstandard1.4) (== netstandard1.5) (== netstandard1.6) (&& (== netstandard2.0) (< netstandard1.2)) (&& (== netstandard2.0) (< netstandard1.3)) (&& (== netstandard2.0) (< netstandard1.4)) (&& (== netstandard2.0) (< netstandard1.5)) (&& (== netstandard2.0) (< netstandard1.6)) (&& (== netstandard2.0) (< portable-net45+win8+wpa81)) (&& (== netstandard2.0) (>= uap10.0))
      System.Runtime (>= 4.3) - restriction: || (&& (== net20) (>= netstandard1.0)) (&& (== net20) (>= netstandard1.3)) (&& (== net35) (>= netstandard1.0)) (&& (== net35) (>= netstandard1.3)) (&& (== net40) (>= netstandard1.0)) (&& (== net40) (>= netstandard1.3)) (&& (== net46) (< net45)) (== netstandard1.0) (== netstandard1.1) (== netstandard1.2) (== netstandard1.3) (== netstandard1.4) (== netstandard1.5) (== netstandard1.6) (== netstandard2.0)
      System.Threading.Tasks (>= 4.3) - restriction: || (&& (== net20) (>= netstandard1.0)) (&& (== net20) (>= netstandard1.3)) (&& (== net35) (>= netstandard1.0)) (&& (== net35) (>= netstandard1.3)) (&& (== net40) (>= netstandard1.0)) (&& (== net40) (>= netstandard1.3)) (&& (== net46) (< net45)) (== netstandard1.0) (== netstandard1.1) (== netstandard1.2) (== netstandard1.3) (== netstandard1.4) (== netstandard1.5) (== netstandard1.6) (== netstandard2.0)
    System.Threading.Tasks (4.3) - restriction: || (&& (== net20) (== netstandard2.0)) (&& (== net20) (>= netstandard1.4)) (&& (== net20) (>= netstandard1.5)) (&& (== net20) (>= netstandard1.6)) (&& (== net20) (>= netstandard2.0)) (&& (== net20) (>= uap10.0)) (&& (== net35) (== netstandard2.0)) (&& (== net40) (== netstandard2.0)) (&& (== net40) (< net35) (>= netstandard1.4)) (&& (== net40) (< net35) (>= netstandard1.5)) (&& (== net40) (< net35) (>= netstandard1.6)) (&& (== net40) (< net35) (>= netstandard2.0)) (&& (== net40) (>= uap10.0)) (&& (== net45) (== netstandard2.0)) (&& (== net45) (< net35) (>= netstandard1.4)) (&& (== net45) (< net35) (>= netstandard1.5)) (&& (== net45) (< net35) (>= netstandard1.6)) (&& (== net45) (< net35) (>= netstandard2.0)) (&& (== net45) (>= uap10.0)) (&& (== net46) (== netstandard2.0)) (&& (== net46) (< net35) (>= netstandard1.4)) (&& (== net46) (< net35) (>= netstandard1.5)) (&& (== net46) (< net35) (>= netstandard1.6)) (&& (== net46) (< net35) (>= netstandard2.0)) (&& (== net46) (>= uap10.0)) (&& (== netstandard1.0) (== netstandard2.0)) (&& (== netstandard1.0) (>= netstandard1.4)) (&& (== netstandard1.0) (>= netstandard1.5)) (&& (== netstandard1.0) (>= netstandard1.6)) (&& (== netstandard1.0) (>= netstandard2.0)) (&& (== netstandard1.0) (>= uap10.0)) (&& (== netstandard1.1) (== netstandard2.0)) (&& (== netstandard1.1) (>= netstandard1.4)) (&& (== netstandard1.1) (>= netstandard1.5)) (&& (== netstandard1.1) (>= netstandard1.6)) (&& (== netstandard1.1) (>= netstandard2.0)) (&& (== netstandard1.1) (>= uap10.0)) (&& (== netstandard1.2) (== netstandard2.0)) (&& (== netstandard1.2) (>= netstandard1.4)) (&& (== netstandard1.2) (>= netstandard1.5)) (&& (== netstandard1.2) (>= netstandard1.6)) (&& (== netstandard1.2) (>= netstandard2.0)) (&& (== netstandard1.2) (>= uap10.0)) (&& (== netstandard1.3) (== netstandard2.0)) (&& (== netstandard1.3) (>= netstandard1.4)) (&& (== netstandard1.3) (>= netstandard1.5)) (&& (== netstandard1.3) (>= netstandard1.6)) (&& (== netstandard1.3) (>= netstandard2.0)) (&& (== netstandard1.3) (>= uap10.0)) (== netstandard1.4) (== netstandard1.5) (== netstandard1.6) (&& (== netstandard2.0) (< netstandard1.2)) (&& (== netstandard2.0) (< netstandard1.3)) (&& (== netstandard2.0) (< netstandard1.4)) (&& (== netstandard2.0) (< netstandard1.5)) (&& (== netstandard2.0) (< netstandard1.6)) (&& (== netstandard2.0) (< portable-net45+win8+wpa81)) (&& (== netstandard2.0) (>= uap10.0))
      Microsoft.NETCore.Platforms (>= 1.1) - restriction: || (&& (== net20) (>= netstandard1.0)) (&& (== net20) (>= netstandard1.3)) (&& (== net35) (>= netstandard1.0)) (&& (== net35) (>= netstandard1.3)) (&& (== net40) (>= netstandard1.0)) (&& (== net40) (>= netstandard1.3)) (&& (== net46) (< net45)) (== netstandard1.0) (== netstandard1.1) (== netstandard1.2) (== netstandard1.3) (== netstandard1.4) (== netstandard1.5) (== netstandard1.6) (== netstandard2.0)
      Microsoft.NETCore.Targets (>= 1.1) - restriction: || (&& (== net20) (>= netstandard1.0)) (&& (== net20) (>= netstandard1.3)) (&& (== net35) (>= netstandard1.0)) (&& (== net35) (>= netstandard1.3)) (&& (== net40) (>= netstandard1.0)) (&& (== net40) (>= netstandard1.3)) (&& (== net46) (< net45)) (== netstandard1.0) (== netstandard1.1) (== netstandard1.2) (== netstandard1.3) (== netstandard1.4) (== netstandard1.5) (== netstandard1.6) (== netstandard2.0)
      System.Runtime (>= 4.3) - restriction: || (&& (== net20) (>= netstandard1.0)) (&& (== net20) (>= netstandard1.3)) (&& (== net35) (>= netstandard1.0)) (&& (== net35) (>= netstandard1.3)) (&& (== net40) (>= netstandard1.0)) (&& (== net40) (>= netstandard1.3)) (&& (== net46) (< net45)) (== netstandard1.0) (== netstandard1.1) (== netstandard1.2) (== netstandard1.3) (== netstandard1.4) (== netstandard1.5) (== netstandard1.6) (== netstandard2.0)
    System.Threading.Tasks.Extensions (4.5.3) - restriction: || (&& (== net20) (== netstandard2.0)) (&& (== net20) (>= netstandard1.4)) (&& (== net20) (>= netstandard1.5)) (&& (== net20) (>= netstandard1.6)) (&& (== net20) (>= netstandard2.0)) (&& (== net20) (>= uap10.0)) (&& (== net35) (== netstandard2.0)) (&& (== net40) (== netstandard2.0)) (&& (== net40) (< net35) (>= netstandard1.4)) (&& (== net40) (< net35) (>= netstandard1.5)) (&& (== net40) (< net35) (>= netstandard1.6)) (&& (== net40) (< net35) (>= netstandard2.0)) (&& (== net40) (>= uap10.0)) (&& (== net45) (== netstandard2.0)) (&& (== net45) (< net35) (>= netstandard1.4)) (&& (== net45) (< net35) (>= netstandard1.5)) (&& (== net45) (< net35) (>= netstandard1.6)) (&& (== net45) (< net35) (>= netstandard2.0)) (&& (== net45) (>= uap10.0)) (&& (== net46) (== netstandard2.0)) (&& (== net46) (< net35) (>= netstandard1.4)) (&& (== net46) (< net35) (>= netstandard1.5)) (&& (== net46) (< net35) (>= netstandard1.6)) (&& (== net46) (< net35) (>= netstandard2.0)) (&& (== net46) (>= uap10.0)) (&& (== netstandard1.0) (== netstandard2.0)) (&& (== netstandard1.0) (>= netstandard1.4)) (&& (== netstandard1.0) (>= netstandard1.5)) (&& (== netstandard1.0) (>= netstandard1.6)) (&& (== netstandard1.0) (>= netstandard2.0)) (&& (== netstandard1.0) (>= uap10.0)) (&& (== netstandard1.1) (== netstandard2.0)) (&& (== netstandard1.1) (>= netstandard1.4)) (&& (== netstandard1.1) (>= netstandard1.5)) (&& (== netstandard1.1) (>= netstandard1.6)) (&& (== netstandard1.1) (>= netstandard2.0)) (&& (== netstandard1.1) (>= uap10.0)) (&& (== netstandard1.2) (== netstandard2.0)) (&& (== netstandard1.2) (>= netstandard1.4)) (&& (== netstandard1.2) (>= netstandard1.5)) (&& (== netstandard1.2) (>= netstandard1.6)) (&& (== netstandard1.2) (>= netstandard2.0)) (&& (== netstandard1.2) (>= uap10.0)) (&& (== netstandard1.3) (== netstandard2.0)) (&& (== netstandard1.3) (>= netstandard1.4)) (&& (== netstandard1.3) (>= netstandard1.5)) (&& (== netstandard1.3) (>= netstandard1.6)) (&& (== netstandard1.3) (>= netstandard2.0)) (&& (== netstandard1.3) (>= uap10.0)) (== netstandard1.4) (== netstandard1.5) (== netstandard1.6) (&& (== netstandard2.0) (< netstandard1.2)) (&& (== netstandard2.0) (< netstandard1.3)) (&& (== netstandard2.0) (< netstandard1.4)) (&& (== netstandard2.0) (< netstandard1.5)) (&& (== netstandard2.0) (< netstandard1.6)) (&& (== netstandard2.0) (< portable-net45+win8+wpa81)) (&& (== netstandard2.0) (>= uap10.0))
      System.Collections (>= 4.3) - restriction: || (&& (== net20) (>= netstandard1.0)) (&& (== net35) (>= netstandard1.0)) (&& (== net40) (>= netstandard1.0)) (&& (== net46) (< net45)) (== netstandard1.0) (== netstandard1.1) (== netstandard1.2) (== netstandard1.3) (== netstandard1.4) (== netstandard1.5) (== netstandard1.6)
      System.Runtime (>= 4.3) - restriction: || (&& (== net20) (>= netstandard1.0)) (&& (== net35) (>= netstandard1.0)) (&& (== net40) (>= netstandard1.0)) (&& (== net46) (< net45)) (== netstandard1.0) (== netstandard1.1) (== netstandard1.2) (== netstandard1.3) (== netstandard1.4) (== netstandard1.5) (== netstandard1.6)
      System.Runtime.CompilerServices.Unsafe (>= 4.5.2) - restriction: || (&& (== net20) (>= net45)) (&& (== net20) (>= netstandard1.0)) (&& (== net20) (>= netstandard2.0)) (&& (== net20) (>= portable-net45+win8+wp8+wpa81)) (&& (== net20) (>= win8)) (&& (== net20) (>= wp8)) (&& (== net20) (>= wpa81)) (&& (== net35) (>= net45)) (&& (== net35) (>= netstandard1.0)) (&& (== net35) (>= netstandard2.0)) (&& (== net35) (>= portable-net45+win8+wp8+wpa81)) (&& (== net35) (>= win8)) (&& (== net35) (>= wp8)) (&& (== net35) (>= wpa81)) (&& (== net40) (>= net45)) (&& (== net40) (>= netstandard1.0)) (&& (== net40) (>= netstandard2.0)) (&& (== net40) (>= portable-net45+win8+wp8+wpa81)) (&& (== net40) (>= win8)) (&& (== net40) (>= wp8)) (&& (== net40) (>= wpa81)) (== net45) (== net46) (== netstandard1.0) (== netstandard1.1) (== netstandard1.2) (== netstandard1.3) (== netstandard1.4) (== netstandard1.5) (== netstandard1.6) (== netstandard2.0)
      System.Threading.Tasks (>= 4.3) - restriction: || (&& (== net20) (>= netstandard1.0)) (&& (== net35) (>= netstandard1.0)) (&& (== net40) (>= netstandard1.0)) (&& (== net46) (< net45)) (== netstandard1.0) (== netstandard1.1) (== netstandard1.2) (== netstandard1.3) (== netstandard1.4) (== netstandard1.5) (== netstandard1.6)
    System.Threading.Timer (4.3) - restriction: || (&& (== net20) (== netstandard2.0)) (&& (== net20) (>= netstandard1.4)) (&& (== net20) (>= netstandard1.5)) (&& (== net20) (>= netstandard1.6)) (&& (== net20) (>= netstandard2.0)) (&& (== net20) (>= uap10.0)) (&& (== net35) (== netstandard2.0)) (&& (== net40) (== netstandard2.0)) (&& (== net40) (< net35) (>= netstandard1.4)) (&& (== net40) (< net35) (>= netstandard1.5)) (&& (== net40) (< net35) (>= netstandard1.6)) (&& (== net40) (< net35) (>= netstandard2.0)) (&& (== net40) (>= uap10.0)) (&& (== net45) (== netstandard2.0)) (&& (== net45) (< net35) (>= netstandard1.4)) (&& (== net45) (< net35) (>= netstandard1.5)) (&& (== net45) (< net35) (>= netstandard1.6)) (&& (== net45) (< net35) (>= netstandard2.0)) (&& (== net45) (>= uap10.0)) (&& (== net46) (== netstandard2.0)) (&& (== net46) (< net35) (>= netstandard1.4)) (&& (== net46) (< net35) (>= netstandard1.5)) (&& (== net46) (< net35) (>= netstandard1.6)) (&& (== net46) (< net35) (>= netstandard2.0)) (&& (== net46) (>= uap10.0)) (&& (== netstandard1.0) (== netstandard2.0)) (&& (== netstandard1.0) (>= netstandard1.4)) (&& (== netstandard1.0) (>= netstandard1.5)) (&& (== netstandard1.0) (>= netstandard1.6)) (&& (== netstandard1.0) (>= netstandard2.0)) (&& (== netstandard1.0) (>= uap10.0)) (&& (== netstandard1.1) (== netstandard2.0)) (&& (== netstandard1.1) (>= netstandard1.4)) (&& (== netstandard1.1) (>= netstandard1.5)) (&& (== netstandard1.1) (>= netstandard1.6)) (&& (== netstandard1.1) (>= netstandard2.0)) (&& (== netstandard1.1) (>= uap10.0)) (&& (== netstandard1.2) (== netstandard2.0)) (&& (== netstandard1.2) (>= netstandard1.4)) (&& (== netstandard1.2) (>= netstandard1.5)) (&& (== netstandard1.2) (>= netstandard1.6)) (&& (== netstandard1.2) (>= netstandard2.0)) (&& (== netstandard1.2) (>= uap10.0)) (&& (== netstandard1.3) (== netstandard2.0)) (&& (== netstandard1.3) (>= netstandard1.4)) (&& (== netstandard1.3) (>= netstandard1.5)) (&& (== netstandard1.3) (>= netstandard1.6)) (&& (== netstandard1.3) (>= netstandard2.0)) (&& (== netstandard1.3) (>= uap10.0)) (== netstandard1.4) (== netstandard1.5) (== netstandard1.6) (&& (== netstandard2.0) (< netstandard1.3)) (&& (== netstandard2.0) (< netstandard1.4)) (&& (== netstandard2.0) (< netstandard1.5)) (&& (== netstandard2.0) (< netstandard1.6)) (&& (== netstandard2.0) (>= uap10.0))
      Microsoft.NETCore.Platforms (>= 1.1) - restriction: || (&& (== net20) (>= netstandard1.2)) (&& (== net35) (>= netstandard1.2)) (&& (== net40) (>= netstandard1.2)) (&& (== net45) (>= netstandard1.2)) (&& (== net46) (< net451)) (&& (== netstandard1.0) (>= netstandard1.2)) (&& (== netstandard1.1) (>= netstandard1.2)) (== netstandard1.2) (== netstandard1.3) (== netstandard1.4) (== netstandard1.5) (== netstandard1.6) (== netstandard2.0)
      Microsoft.NETCore.Targets (>= 1.1) - restriction: || (&& (== net20) (>= netstandard1.2)) (&& (== net35) (>= netstandard1.2)) (&& (== net40) (>= netstandard1.2)) (&& (== net45) (>= netstandard1.2)) (&& (== net46) (< net451)) (&& (== netstandard1.0) (>= netstandard1.2)) (&& (== netstandard1.1) (>= netstandard1.2)) (== netstandard1.2) (== netstandard1.3) (== netstandard1.4) (== netstandard1.5) (== netstandard1.6) (== netstandard2.0)
      System.Runtime (>= 4.3) - restriction: || (&& (== net20) (>= netstandard1.2)) (&& (== net35) (>= netstandard1.2)) (&& (== net40) (>= netstandard1.2)) (&& (== net45) (>= netstandard1.2)) (&& (== net46) (< net451)) (&& (== netstandard1.0) (>= netstandard1.2)) (&& (== netstandard1.1) (>= netstandard1.2)) (== netstandard1.2) (== netstandard1.3) (== netstandard1.4) (== netstandard1.5) (== netstandard1.6) (== netstandard2.0)
    System.Xml.ReaderWriter (4.3.1) - restriction: || (&& (== net20) (== netstandard2.0)) (&& (== net20) (>= netstandard1.4)) (&& (== net20) (>= netstandard1.5)) (&& (== net20) (>= netstandard1.6)) (&& (== net20) (>= netstandard2.0)) (&& (== net20) (>= uap10.0)) (&& (== net35) (== netstandard2.0)) (&& (== net40) (== netstandard2.0)) (&& (== net40) (< net35) (>= netstandard1.4)) (&& (== net40) (< net35) (>= netstandard1.5)) (&& (== net40) (< net35) (>= netstandard1.6)) (&& (== net40) (< net35) (>= netstandard2.0)) (&& (== net40) (>= uap10.0)) (&& (== net45) (== netstandard2.0)) (&& (== net45) (< net35) (>= netstandard1.4)) (&& (== net45) (< net35) (>= netstandard1.5)) (&& (== net45) (< net35) (>= netstandard1.6)) (&& (== net45) (< net35) (>= netstandard2.0)) (&& (== net45) (>= uap10.0)) (&& (== net46) (== netstandard2.0)) (&& (== net46) (< net35) (>= netstandard1.4)) (&& (== net46) (< net35) (>= netstandard1.5)) (&& (== net46) (< net35) (>= netstandard1.6)) (&& (== net46) (< net35) (>= netstandard2.0)) (&& (== net46) (>= uap10.0)) (&& (== netstandard1.0) (== netstandard2.0)) (&& (== netstandard1.0) (>= netstandard1.4)) (&& (== netstandard1.0) (>= netstandard1.5)) (&& (== netstandard1.0) (>= netstandard1.6)) (&& (== netstandard1.0) (>= netstandard2.0)) (&& (== netstandard1.0) (>= uap10.0)) (&& (== netstandard1.1) (== netstandard2.0)) (&& (== netstandard1.1) (>= netstandard1.4)) (&& (== netstandard1.1) (>= netstandard1.5)) (&& (== netstandard1.1) (>= netstandard1.6)) (&& (== netstandard1.1) (>= netstandard2.0)) (&& (== netstandard1.1) (>= uap10.0)) (&& (== netstandard1.2) (== netstandard2.0)) (&& (== netstandard1.2) (>= netstandard1.4)) (&& (== netstandard1.2) (>= netstandard1.5)) (&& (== netstandard1.2) (>= netstandard1.6)) (&& (== netstandard1.2) (>= netstandard2.0)) (&& (== netstandard1.2) (>= uap10.0)) (&& (== netstandard1.3) (== netstandard2.0)) (&& (== netstandard1.3) (>= netstandard1.4)) (&& (== netstandard1.3) (>= netstandard1.5)) (&& (== netstandard1.3) (>= netstandard1.6)) (&& (== netstandard1.3) (>= netstandard2.0)) (&& (== netstandard1.3) (>= uap10.0)) (== netstandard1.4) (== netstandard1.5) (== netstandard1.6) (&& (== netstandard2.0) (< netstandard1.2)) (&& (== netstandard2.0) (< netstandard1.3)) (&& (== netstandard2.0) (< netstandard1.4)) (&& (== netstandard2.0) (< netstandard1.5)) (&& (== netstandard2.0) (< netstandard1.6)) (&& (== netstandard2.0) (< portable-net45+win8+wpa81)) (&& (== netstandard2.0) (>= uap10.0))
      System.Collections (>= 4.3) - restriction: || (&& (== net20) (>= netstandard1.3)) (&& (== net35) (>= netstandard1.3)) (&& (== net40) (>= netstandard1.3)) (&& (== net46) (< net45)) (&& (== netstandard1.0) (>= netstandard1.3)) (&& (== netstandard1.1) (>= netstandard1.3)) (&& (== netstandard1.2) (>= netstandard1.3)) (== netstandard1.3) (== netstandard1.4) (== netstandard1.5) (== netstandard1.6) (== netstandard2.0)
      System.Diagnostics.Debug (>= 4.3) - restriction: || (&& (== net20) (>= netstandard1.3)) (&& (== net35) (>= netstandard1.3)) (&& (== net40) (>= netstandard1.3)) (&& (== net46) (< net45)) (&& (== netstandard1.0) (>= netstandard1.3)) (&& (== netstandard1.1) (>= netstandard1.3)) (&& (== netstandard1.2) (>= netstandard1.3)) (== netstandard1.3) (== netstandard1.4) (== netstandard1.5) (== netstandard1.6) (== netstandard2.0)
      System.Globalization (>= 4.3) - restriction: || (&& (== net20) (>= netstandard1.3)) (&& (== net35) (>= netstandard1.3)) (&& (== net40) (>= netstandard1.3)) (&& (== net46) (< net45)) (&& (== netstandard1.0) (>= netstandard1.3)) (&& (== netstandard1.1) (>= netstandard1.3)) (&& (== netstandard1.2) (>= netstandard1.3)) (== netstandard1.3) (== netstandard1.4) (== netstandard1.5) (== netstandard1.6) (== netstandard2.0)
      System.IO (>= 4.3) - restriction: || (&& (== net20) (>= netstandard1.0)) (&& (== net20) (>= netstandard1.3)) (&& (== net35) (>= netstandard1.0)) (&& (== net35) (>= netstandard1.3)) (&& (== net40) (>= netstandard1.0)) (&& (== net40) (>= netstandard1.3)) (&& (== net46) (< net45)) (== netstandard1.0) (== netstandard1.1) (== netstandard1.2) (== netstandard1.3) (== netstandard1.4) (== netstandard1.5) (== netstandard1.6) (== netstandard2.0)
      System.IO.FileSystem (>= 4.3) - restriction: || (&& (== net20) (>= netstandard1.3)) (&& (== net35) (>= netstandard1.3)) (&& (== net40) (>= netstandard1.3)) (&& (== net46) (< net45)) (&& (== netstandard1.0) (>= netstandard1.3)) (&& (== netstandard1.1) (>= netstandard1.3)) (&& (== netstandard1.2) (>= netstandard1.3)) (== netstandard1.3) (== netstandard1.4) (== netstandard1.5) (== netstandard1.6) (== netstandard2.0)
      System.IO.FileSystem.Primitives (>= 4.3) - restriction: || (&& (== net20) (>= netstandard1.3)) (&& (== net35) (>= netstandard1.3)) (&& (== net40) (>= netstandard1.3)) (&& (== net46) (< net45)) (&& (== netstandard1.0) (>= netstandard1.3)) (&& (== netstandard1.1) (>= netstandard1.3)) (&& (== netstandard1.2) (>= netstandard1.3)) (== netstandard1.3) (== netstandard1.4) (== netstandard1.5) (== netstandard1.6) (== netstandard2.0)
      System.Resources.ResourceManager (>= 4.3) - restriction: || (&& (== net20) (>= netstandard1.3)) (&& (== net35) (>= netstandard1.3)) (&& (== net40) (>= netstandard1.3)) (&& (== net46) (< net45)) (&& (== netstandard1.0) (>= netstandard1.3)) (&& (== netstandard1.1) (>= netstandard1.3)) (&& (== netstandard1.2) (>= netstandard1.3)) (== netstandard1.3) (== netstandard1.4) (== netstandard1.5) (== netstandard1.6) (== netstandard2.0)
      System.Runtime (>= 4.3) - restriction: || (&& (== net20) (>= netstandard1.0)) (&& (== net20) (>= netstandard1.3)) (&& (== net35) (>= netstandard1.0)) (&& (== net35) (>= netstandard1.3)) (&& (== net40) (>= netstandard1.0)) (&& (== net40) (>= netstandard1.3)) (&& (== net46) (< net45)) (== netstandard1.0) (== netstandard1.1) (== netstandard1.2) (== netstandard1.3) (== netstandard1.4) (== netstandard1.5) (== netstandard1.6) (== netstandard2.0)
      System.Runtime.Extensions (>= 4.3) - restriction: || (&& (== net20) (>= netstandard1.3)) (&& (== net35) (>= netstandard1.3)) (&& (== net40) (>= netstandard1.3)) (&& (== net46) (< net45)) (&& (== netstandard1.0) (>= netstandard1.3)) (&& (== netstandard1.1) (>= netstandard1.3)) (&& (== netstandard1.2) (>= netstandard1.3)) (== netstandard1.3) (== netstandard1.4) (== netstandard1.5) (== netstandard1.6) (== netstandard2.0)
      System.Runtime.InteropServices (>= 4.3) - restriction: || (&& (== net20) (>= netstandard1.3)) (&& (== net35) (>= netstandard1.3)) (&& (== net40) (>= netstandard1.3)) (&& (== net46) (< net45)) (&& (== netstandard1.0) (>= netstandard1.3)) (&& (== netstandard1.1) (>= netstandard1.3)) (&& (== netstandard1.2) (>= netstandard1.3)) (== netstandard1.3) (== netstandard1.4) (== netstandard1.5) (== netstandard1.6) (== netstandard2.0)
      System.Text.Encoding (>= 4.3) - restriction: || (&& (== net20) (>= netstandard1.0)) (&& (== net20) (>= netstandard1.3)) (&& (== net35) (>= netstandard1.0)) (&& (== net35) (>= netstandard1.3)) (&& (== net40) (>= netstandard1.0)) (&& (== net40) (>= netstandard1.3)) (&& (== net46) (< net45)) (== netstandard1.0) (== netstandard1.1) (== netstandard1.2) (== netstandard1.3) (== netstandard1.4) (== netstandard1.5) (== netstandard1.6) (== netstandard2.0)
      System.Text.Encoding.Extensions (>= 4.3) - restriction: || (&& (== net20) (>= netstandard1.3)) (&& (== net35) (>= netstandard1.3)) (&& (== net40) (>= netstandard1.3)) (&& (== net46) (< net45)) (&& (== netstandard1.0) (>= netstandard1.3)) (&& (== netstandard1.1) (>= netstandard1.3)) (&& (== netstandard1.2) (>= netstandard1.3)) (== netstandard1.3) (== netstandard1.4) (== netstandard1.5) (== netstandard1.6) (== netstandard2.0)
      System.Text.RegularExpressions (>= 4.3) - restriction: || (&& (== net20) (>= netstandard1.3)) (&& (== net35) (>= netstandard1.3)) (&& (== net40) (>= netstandard1.3)) (&& (== net46) (< net45)) (&& (== netstandard1.0) (>= netstandard1.3)) (&& (== netstandard1.1) (>= netstandard1.3)) (&& (== netstandard1.2) (>= netstandard1.3)) (== netstandard1.3) (== netstandard1.4) (== netstandard1.5) (== netstandard1.6) (== netstandard2.0)
      System.Threading.Tasks (>= 4.3) - restriction: || (&& (== net20) (>= netstandard1.0)) (&& (== net20) (>= netstandard1.3)) (&& (== net35) (>= netstandard1.0)) (&& (== net35) (>= netstandard1.3)) (&& (== net40) (>= netstandard1.0)) (&& (== net40) (>= netstandard1.3)) (&& (== net46) (< net45)) (== netstandard1.0) (== netstandard1.1) (== netstandard1.2) (== netstandard1.3) (== netstandard1.4) (== netstandard1.5) (== netstandard1.6) (== netstandard2.0)
      System.Threading.Tasks.Extensions (>= 4.3) - restriction: || (&& (== net20) (>= netstandard1.3)) (&& (== net35) (>= netstandard1.3)) (&& (== net40) (>= netstandard1.3)) (&& (== net46) (< net45)) (&& (== netstandard1.0) (>= netstandard1.3)) (&& (== netstandard1.1) (>= netstandard1.3)) (&& (== netstandard1.2) (>= netstandard1.3)) (== netstandard1.3) (== netstandard1.4) (== netstandard1.5) (== netstandard1.6) (== netstandard2.0)
    System.Xml.XDocument (4.3) - restriction: || (&& (== net20) (== netstandard2.0)) (&& (== net20) (>= netstandard1.4)) (&& (== net20) (>= netstandard1.5)) (&& (== net20) (>= netstandard1.6)) (&& (== net20) (>= netstandard2.0)) (&& (== net20) (>= uap10.0)) (&& (== net35) (== netstandard2.0)) (&& (== net40) (== netstandard2.0)) (&& (== net40) (< net35) (>= netstandard1.4)) (&& (== net40) (< net35) (>= netstandard1.5)) (&& (== net40) (< net35) (>= netstandard1.6)) (&& (== net40) (< net35) (>= netstandard2.0)) (&& (== net40) (>= uap10.0)) (&& (== net45) (== netstandard2.0)) (&& (== net45) (< net35) (>= netstandard1.4)) (&& (== net45) (< net35) (>= netstandard1.5)) (&& (== net45) (< net35) (>= netstandard1.6)) (&& (== net45) (< net35) (>= netstandard2.0)) (&& (== net45) (>= uap10.0)) (&& (== net46) (== netstandard2.0)) (&& (== net46) (< net35) (>= netstandard1.4)) (&& (== net46) (< net35) (>= netstandard1.5)) (&& (== net46) (< net35) (>= netstandard1.6)) (&& (== net46) (< net35) (>= netstandard2.0)) (&& (== net46) (>= uap10.0)) (&& (== netstandard1.0) (== netstandard2.0)) (&& (== netstandard1.0) (>= netstandard1.4)) (&& (== netstandard1.0) (>= netstandard1.5)) (&& (== netstandard1.0) (>= netstandard1.6)) (&& (== netstandard1.0) (>= netstandard2.0)) (&& (== netstandard1.0) (>= uap10.0)) (&& (== netstandard1.1) (== netstandard2.0)) (&& (== netstandard1.1) (>= netstandard1.4)) (&& (== netstandard1.1) (>= netstandard1.5)) (&& (== netstandard1.1) (>= netstandard1.6)) (&& (== netstandard1.1) (>= netstandard2.0)) (&& (== netstandard1.1) (>= uap10.0)) (&& (== netstandard1.2) (== netstandard2.0)) (&& (== netstandard1.2) (>= netstandard1.4)) (&& (== netstandard1.2) (>= netstandard1.5)) (&& (== netstandard1.2) (>= netstandard1.6)) (&& (== netstandard1.2) (>= netstandard2.0)) (&& (== netstandard1.2) (>= uap10.0)) (&& (== netstandard1.3) (== netstandard2.0)) (&& (== netstandard1.3) (>= netstandard1.4)) (&& (== netstandard1.3) (>= netstandard1.5)) (&& (== netstandard1.3) (>= netstandard1.6)) (&& (== netstandard1.3) (>= netstandard2.0)) (&& (== netstandard1.3) (>= uap10.0)) (== netstandard1.4) (== netstandard1.5) (== netstandard1.6) (&& (== netstandard2.0) (< netstandard1.2)) (&& (== netstandard2.0) (< netstandard1.3)) (&& (== netstandard2.0) (< netstandard1.4)) (&& (== netstandard2.0) (< netstandard1.5)) (&& (== netstandard2.0) (< netstandard1.6)) (&& (== netstandard2.0) (< portable-net45+win8+wpa81)) (&& (== netstandard2.0) (>= uap10.0))
      System.Collections (>= 4.3) - restriction: || (&& (== net20) (>= netstandard1.3)) (&& (== net35) (>= netstandard1.3)) (&& (== net40) (>= netstandard1.3)) (&& (== net46) (< net45)) (&& (== netstandard1.0) (>= netstandard1.3)) (&& (== netstandard1.1) (>= netstandard1.3)) (&& (== netstandard1.2) (>= netstandard1.3)) (== netstandard1.3) (== netstandard1.4) (== netstandard1.5) (== netstandard1.6) (== netstandard2.0)
      System.Diagnostics.Debug (>= 4.3) - restriction: || (&& (== net20) (>= netstandard1.3)) (&& (== net35) (>= netstandard1.3)) (&& (== net40) (>= netstandard1.3)) (&& (== net46) (< net45)) (&& (== netstandard1.0) (>= netstandard1.3)) (&& (== netstandard1.1) (>= netstandard1.3)) (&& (== netstandard1.2) (>= netstandard1.3)) (== netstandard1.3) (== netstandard1.4) (== netstandard1.5) (== netstandard1.6) (== netstandard2.0)
      System.Diagnostics.Tools (>= 4.3) - restriction: || (&& (== net20) (>= netstandard1.3)) (&& (== net35) (>= netstandard1.3)) (&& (== net40) (>= netstandard1.3)) (&& (== net46) (< net45)) (&& (== netstandard1.0) (>= netstandard1.3)) (&& (== netstandard1.1) (>= netstandard1.3)) (&& (== netstandard1.2) (>= netstandard1.3)) (== netstandard1.3) (== netstandard1.4) (== netstandard1.5) (== netstandard1.6) (== netstandard2.0)
      System.Globalization (>= 4.3) - restriction: || (&& (== net20) (>= netstandard1.3)) (&& (== net35) (>= netstandard1.3)) (&& (== net40) (>= netstandard1.3)) (&& (== net46) (< net45)) (&& (== netstandard1.0) (>= netstandard1.3)) (&& (== netstandard1.1) (>= netstandard1.3)) (&& (== netstandard1.2) (>= netstandard1.3)) (== netstandard1.3) (== netstandard1.4) (== netstandard1.5) (== netstandard1.6) (== netstandard2.0)
      System.IO (>= 4.3) - restriction: || (&& (== net20) (>= netstandard1.0)) (&& (== net20) (>= netstandard1.3)) (&& (== net35) (>= netstandard1.0)) (&& (== net35) (>= netstandard1.3)) (&& (== net40) (>= netstandard1.0)) (&& (== net40) (>= netstandard1.3)) (&& (== net46) (< net45)) (== netstandard1.0) (== netstandard1.1) (== netstandard1.2) (== netstandard1.3) (== netstandard1.4) (== netstandard1.5) (== netstandard1.6) (== netstandard2.0)
      System.Reflection (>= 4.3) - restriction: || (&& (== net20) (>= netstandard1.3)) (&& (== net35) (>= netstandard1.3)) (&& (== net40) (>= netstandard1.3)) (&& (== net46) (< net45)) (&& (== netstandard1.0) (>= netstandard1.3)) (&& (== netstandard1.1) (>= netstandard1.3)) (&& (== netstandard1.2) (>= netstandard1.3)) (== netstandard1.3) (== netstandard1.4) (== netstandard1.5) (== netstandard1.6) (== netstandard2.0)
      System.Resources.ResourceManager (>= 4.3) - restriction: || (&& (== net20) (>= netstandard1.3)) (&& (== net35) (>= netstandard1.3)) (&& (== net40) (>= netstandard1.3)) (&& (== net46) (< net45)) (&& (== netstandard1.0) (>= netstandard1.3)) (&& (== netstandard1.1) (>= netstandard1.3)) (&& (== netstandard1.2) (>= netstandard1.3)) (== netstandard1.3) (== netstandard1.4) (== netstandard1.5) (== netstandard1.6) (== netstandard2.0)
      System.Runtime (>= 4.3) - restriction: || (&& (== net20) (>= netstandard1.0)) (&& (== net20) (>= netstandard1.3)) (&& (== net35) (>= netstandard1.0)) (&& (== net35) (>= netstandard1.3)) (&& (== net40) (>= netstandard1.0)) (&& (== net40) (>= netstandard1.3)) (&& (== net46) (< net45)) (== netstandard1.0) (== netstandard1.1) (== netstandard1.2) (== netstandard1.3) (== netstandard1.4) (== netstandard1.5) (== netstandard1.6) (== netstandard2.0)
      System.Runtime.Extensions (>= 4.3) - restriction: || (&& (== net20) (>= netstandard1.3)) (&& (== net35) (>= netstandard1.3)) (&& (== net40) (>= netstandard1.3)) (&& (== net46) (< net45)) (&& (== netstandard1.0) (>= netstandard1.3)) (&& (== netstandard1.1) (>= netstandard1.3)) (&& (== netstandard1.2) (>= netstandard1.3)) (== netstandard1.3) (== netstandard1.4) (== netstandard1.5) (== netstandard1.6) (== netstandard2.0)
      System.Text.Encoding (>= 4.3) - restriction: || (&& (== net20) (>= netstandard1.3)) (&& (== net35) (>= netstandard1.3)) (&& (== net40) (>= netstandard1.3)) (&& (== net46) (< net45)) (&& (== netstandard1.0) (>= netstandard1.3)) (&& (== netstandard1.1) (>= netstandard1.3)) (&& (== netstandard1.2) (>= netstandard1.3)) (== netstandard1.3) (== netstandard1.4) (== netstandard1.5) (== netstandard1.6) (== netstandard2.0)
      System.Threading (>= 4.3) - restriction: || (&& (== net20) (>= netstandard1.3)) (&& (== net35) (>= netstandard1.3)) (&& (== net40) (>= netstandard1.3)) (&& (== net46) (< net45)) (&& (== netstandard1.0) (>= netstandard1.3)) (&& (== netstandard1.1) (>= netstandard1.3)) (&& (== netstandard1.2) (>= netstandard1.3)) (== netstandard1.3) (== netstandard1.4) (== netstandard1.5) (== netstandard1.6) (== netstandard2.0)
      System.Xml.ReaderWriter (>= 4.3) - restriction: || (&& (== net20) (>= netstandard1.0)) (&& (== net20) (>= netstandard1.3)) (&& (== net35) (>= netstandard1.0)) (&& (== net35) (>= netstandard1.3)) (&& (== net40) (>= netstandard1.0)) (&& (== net40) (>= netstandard1.3)) (&& (== net46) (< net45)) (== netstandard1.0) (== netstandard1.1) (== netstandard1.2) (== netstandard1.3) (== netstandard1.4) (== netstandard1.5) (== netstandard1.6) (== netstandard2.0)
